STORAGE: NONE
RESTRICTION: || (== net46) (== netcoreapp1.1) (== netstandard1.6)
NUGET
  remote: https://www.nuget.org/api/v2
    Microsoft.CodeCoverage (1.0.3)
    Microsoft.CSharp (4.3) - restriction: || (&& (== net46) (< net20)) (== netcoreapp1.1) (== netstandard1.6)
      System.Collections (>= 4.3) - restriction: || (&& (== net46) (< net45)) (&& (== net46) (< portable-net45+win8+wp8+wpa81)) (== netcoreapp1.1) (== netstandard1.6)
      System.Diagnostics.Debug (>= 4.3) - restriction: || (&& (== net46) (< net45)) (&& (== net46) (< portable-net45+win8+wp8+wpa81)) (== netcoreapp1.1) (== netstandard1.6)
      System.Dynamic.Runtime (>= 4.3) - restriction: || (&& (== net46) (< net45)) (&& (== net46) (< portable-net45+win8+wp8+wpa81)) (== netcoreapp1.1) (== netstandard1.6)
      System.Globalization (>= 4.3) - restriction: || (&& (== net46) (< net45)) (&& (== net46) (< portable-net45+win8+wp8+wpa81)) (== netcoreapp1.1) (== netstandard1.6)
      System.Linq (>= 4.3) - restriction: || (&& (== net46) (< net45)) (&& (== net46) (< portable-net45+win8+wp8+wpa81)) (== netcoreapp1.1) (== netstandard1.6)
      System.Linq.Expressions (>= 4.3) - restriction: || (&& (== net46) (< net45)) (&& (== net46) (< portable-net45+win8+wp8+wpa81)) (== netcoreapp1.1) (== netstandard1.6)
      System.ObjectModel (>= 4.3) - restriction: || (&& (== net46) (< net45)) (&& (== net46) (< portable-net45+win8+wp8+wpa81)) (== netcoreapp1.1) (== netstandard1.6)
      System.Reflection (>= 4.3) - restriction: || (&& (== net46) (< net45)) (&& (== net46) (< portable-net45+win8+wp8+wpa81)) (== netcoreapp1.1) (== netstandard1.6)
      System.Reflection.Extensions (>= 4.3) - restriction: || (&& (== net46) (< net45)) (&& (== net46) (< portable-net45+win8+wp8+wpa81)) (== netcoreapp1.1) (== netstandard1.6)
      System.Reflection.Primitives (>= 4.3) - restriction: || (&& (== net46) (< net45)) (&& (== net46) (< portable-net45+win8+wp8+wpa81)) (== netcoreapp1.1) (== netstandard1.6)
      System.Reflection.TypeExtensions (>= 4.3) - restriction: || (&& (== net46) (< net45)) (&& (== net46) (< portable-net45+win8+wp8+wpa81)) (== netcoreapp1.1) (== netstandard1.6)
      System.Resources.ResourceManager (>= 4.3) - restriction: || (&& (== net46) (< net45)) (&& (== net46) (< portable-net45+win8+wp8+wpa81)) (== netcoreapp1.1) (== netstandard1.6)
      System.Runtime (>= 4.3) - restriction: || (&& (== net46) (< net45)) (&& (== net46) (< portable-net45+win8+wp8+wpa81)) (== netcoreapp1.1) (== netstandard1.6)
      System.Runtime.Extensions (>= 4.3) - restriction: || (&& (== net46) (< net45)) (&& (== net46) (< portable-net45+win8+wp8+wpa81)) (== netcoreapp1.1) (== netstandard1.6)
      System.Runtime.InteropServices (>= 4.3) - restriction: || (&& (== net46) (< net45)) (&& (== net46) (< portable-net45+win8+wp8+wpa81)) (== netcoreapp1.1) (== netstandard1.6)
      System.Threading (>= 4.3) - restriction: || (&& (== net46) (< net45)) (&& (== net46) (< portable-net45+win8+wp8+wpa81)) (== netcoreapp1.1) (== netstandard1.6)
    Microsoft.DotNet.PlatformAbstractions (2.0.4) - restriction: || (&& (== net46) (>= netcoreapp1.0)) (== netcoreapp1.1) (&& (== netstandard1.6) (>= netcoreapp1.0))
      System.AppContext (>= 4.1) - restriction: || (&& (== net46) (< net45)) (== netcoreapp1.1) (== netstandard1.6)
      System.Collections (>= 4.0.11) - restriction: || (&& (== net46) (< net45)) (== netcoreapp1.1) (== netstandard1.6)
      System.IO (>= 4.1) - restriction: || (&& (== net46) (< net45)) (== netcoreapp1.1) (== netstandard1.6)
      System.IO.FileSystem (>= 4.0.1) - restriction: || (&& (== net46) (< net45)) (== netcoreapp1.1) (== netstandard1.6)
      System.Reflection.TypeExtensions (>= 4.1) - restriction: || (&& (== net46) (< net45)) (== netcoreapp1.1) (== netstandard1.6)
      System.Runtime.Extensions (>= 4.1) - restriction: || (&& (== net46) (< net45)) (== netcoreapp1.1) (== netstandard1.6)
      System.Runtime.InteropServices (>= 4.1) - restriction: || (&& (== net46) (< net45)) (== netcoreapp1.1) (== netstandard1.6)
      System.Runtime.InteropServices.RuntimeInformation (>= 4.0) - restriction: || (&& (== net46) (< net45)) (== netcoreapp1.1) (== netstandard1.6)
    Microsoft.Extensions.DependencyModel (2.0.4) - restriction: || (&& (== net46) (>= netcoreapp1.0)) (== netcoreapp1.1) (&& (== netstandard1.6) (>= netcoreapp1.0))
      Microsoft.DotNet.PlatformAbstractions (>= 2.0.4)
      Newtonsoft.Json (>= 9.0.1)
      System.Diagnostics.Debug (>= 4.0.11) - restriction: || (&& (== net46) (< net451)) (== netcoreapp1.1) (== netstandard1.6)
      System.Dynamic.Runtime (>= 4.0.11) - restriction: || (&& (== net46) (< net451)) (== netcoreapp1.1) (== netstandard1.6)
      System.Linq (>= 4.1) - restriction: || (&& (== net46) (< net451)) (== netcoreapp1.1) (== netstandard1.6)
    Microsoft.NET.Test.Sdk (15.5)
      Microsoft.CodeCoverage (>= 1.0.3)
      Microsoft.TestPlatform.TestHost (>= 15.5)
    Microsoft.NETCore.Platforms (1.1) - restriction: || (&& (== net46) (< net20)) (&& (== net46) (>= netcoreapp1.0)) (&& (== net46) (>= netcoreapp1.1)) (&& (== net46) (>= netstandard1.5) (>= uap10.0)) (== netcoreapp1.1) (== netstandard1.6)
    Microsoft.NETCore.Targets (2.0) - restriction: || (&& (== net46) (< net20)) (&& (== net46) (>= netcoreapp1.1)) (== netcoreapp1.1) (== netstandard1.6)
    Microsoft.TestPlatform.ObjectModel (15.5) - restriction: || (&& (== net46) (>= netcoreapp1.0)) (&& (== net46) (>= uap10.0)) (== netcoreapp1.1) (&& (== netstandard1.6) (>= netcoreapp1.0)) (&& (== netstandard1.6) (>= uap10.0))
      NETStandard.Library (>= 1.6) - restriction: || (&& (== net46) (< net451) (>= netstandard1.5)) (== netcoreapp1.1) (== netstandard1.6)
      System.ComponentModel.EventBasedAsync (>= 4.0.11) - restriction: || (&& (== net46) (< net451) (>= netstandard1.5)) (== netcoreapp1.1) (== netstandard1.6)
      System.ComponentModel.TypeConverter (>= 4.1) - restriction: || (&& (== net46) (< net451) (>= netstandard1.4)) (&& (== net46) (< net451) (>= netstandard1.5)) (== netcoreapp1.1) (== netstandard1.6)
      System.Diagnostics.Process (>= 4.1) - restriction: || (&& (== net46) (< net451) (>= netstandard1.5)) (== netcoreapp1.1) (== netstandard1.6)
      System.Diagnostics.TextWriterTraceListener (>= 4.0) - restriction: || (&& (== net46) (< net451) (>= netstandard1.5)) (== netcoreapp1.1) (== netstandard1.6)
      System.Diagnostics.TraceSource (>= 4.0) - restriction: || (&& (== net46) (< net451) (>= netstandard1.5)) (== netcoreapp1.1) (== netstandard1.6)
      System.Reflection.Metadata (>= 1.3)
      System.Reflection.TypeExtensions (>= 4.1) - restriction: || (&& (== net46) (< net451) (>= netstandard1.5)) (== netcoreapp1.1) (== netstandard1.6)
      System.Runtime.InteropServices.RuntimeInformation (>= 4.0) - restriction: || (&& (== net46) (< net451) (>= netstandard1.4)) (&& (== net46) (< net451) (>= netstandard1.5)) (== netcoreapp1.1) (== netstandard1.6)
      System.Runtime.Loader (>= 4.0) - restriction: || (&& (== net46) (< net451) (>= netstandard1.5)) (== netcoreapp1.1) (== netstandard1.6)
      System.Runtime.Serialization.Json (>= 4.0.2) - restriction: || (&& (== net46) (< net451) (>= netstandard1.5)) (== netcoreapp1.1) (== netstandard1.6)
      System.Runtime.Serialization.Primitives (>= 4.1.1) - restriction: || (&& (== net46) (< net451) (>= netstandard1.5)) (== netcoreapp1.1) (== netstandard1.6)
      System.Threading.Thread (>= 4.0) - restriction: || (&& (== net46) (< net451) (>= netstandard1.5)) (== netcoreapp1.1) (== netstandard1.6)
      System.Xml.XPath.XmlDocument (>= 4.0.1) - restriction: || (&& (== net46) (< net451) (>= netstandard1.5)) (== netcoreapp1.1) (== netstandard1.6)
    Microsoft.TestPlatform.TestHost (15.5)
      Microsoft.Extensions.DependencyModel (>= 1.0.3) - restriction: || (&& (== net46) (>= netcoreapp1.0)) (== netcoreapp1.1) (&& (== netstandard1.6) (>= netcoreapp1.0))
      Microsoft.TestPlatform.ObjectModel (>= 15.5) - restriction: || (&& (== net46) (>= netcoreapp1.0)) (&& (== net46) (>= uap10.0)) (== netcoreapp1.1) (&& (== netstandard1.6) (>= netcoreapp1.0)) (&& (== netstandard1.6) (>= uap10.0))
      Newtonsoft.Json (>= 9.0.1) - restriction: || (&& (== net46) (>= netcoreapp1.0)) (&& (== net46) (>= uap10.0)) (== netcoreapp1.1) (&& (== netstandard1.6) (>= netcoreapp1.0)) (&& (== netstandard1.6) (>= uap10.0))
    Microsoft.Win32.Primitives (4.3) - restriction: || (&& (== net46) (< net20)) (&& (== net46) (>= netcoreapp1.0)) (&& (== net46) (>= netstandard1.5) (>= uap10.0)) (== netcoreapp1.1) (== netstandard1.6)
      Microsoft.NETCore.Platforms (>= 1.1) - restriction: || (== netcoreapp1.1) (== netstandard1.6)
      Microsoft.NETCore.Targets (>= 1.1) - restriction: || (== netcoreapp1.1) (== netstandard1.6)
      System.Runtime (>= 4.3) - restriction: || (== netcoreapp1.1) (== netstandard1.6)
    Microsoft.Win32.Registry (4.3) - restriction: || (&& (== net46) (>= netcoreapp1.0)) (&& (== net46) (>= netstandard1.5) (>= uap10.0)) (== netcoreapp1.1) (&& (== netstandard1.6) (>= netcoreapp1.0)) (&& (== netstandard1.6) (>= uap10.0))
      Microsoft.NETCore.Platforms (>= 1.1) - restriction: || (== netcoreapp1.1) (== netstandard1.6)
      System.Collections (>= 4.3) - restriction: || (== netcoreapp1.1) (== netstandard1.6)
      System.Globalization (>= 4.3) - restriction: || (== netcoreapp1.1) (== netstandard1.6)
      System.Resources.ResourceManager (>= 4.3) - restriction: || (== netcoreapp1.1) (== netstandard1.6)
      System.Runtime (>= 4.3) - restriction: || (== netcoreapp1.1) (== netstandard1.6)
      System.Runtime.Extensions (>= 4.3) - restriction: || (== netcoreapp1.1) (== netstandard1.6)
      System.Runtime.Handles (>= 4.3) - restriction: || (== netcoreapp1.1) (== netstandard1.6)
      System.Runtime.InteropServices (>= 4.3) - restriction: || (== netcoreapp1.1) (== netstandard1.6)
    NETStandard.Library (1.6.1) - restriction: || (&& (== net46) (< net20)) (&& (== net46) (< net452)) (&& (== net46) (>= netcoreapp1.0)) (&& (== net46) (>= uap10.0)) (== netcoreapp1.1) (== netstandard1.6)
      Microsoft.NETCore.Platforms (>= 1.1)
      Microsoft.Win32.Primitives (>= 4.3)
      System.AppContext (>= 4.3)
      System.Collections (>= 4.3)
      System.Collections.Concurrent (>= 4.3)
      System.Console (>= 4.3)
      System.Diagnostics.Debug (>= 4.3)
      System.Diagnostics.Tools (>= 4.3)
      System.Diagnostics.Tracing (>= 4.3)
      System.Globalization (>= 4.3)
      System.Globalization.Calendars (>= 4.3)
      System.IO (>= 4.3)
      System.IO.Compression (>= 4.3)
      System.IO.Compression.ZipFile (>= 4.3)
      System.IO.FileSystem (>= 4.3)
      System.IO.FileSystem.Primitives (>= 4.3)
      System.Linq (>= 4.3)
      System.Linq.Expressions (>= 4.3)
      System.Net.Http (>= 4.3)
      System.Net.Primitives (>= 4.3)
      System.Net.Sockets (>= 4.3)
      System.ObjectModel (>= 4.3)
      System.Reflection (>= 4.3)
      System.Reflection.Extensions (>= 4.3)
      System.Reflection.Primitives (>= 4.3)
      System.Resources.ResourceManager (>= 4.3)
      System.Runtime (>= 4.3)
      System.Runtime.Extensions (>= 4.3)
      System.Runtime.Handles (>= 4.3)
      System.Runtime.InteropServices (>= 4.3)
      System.Runtime.InteropServices.RuntimeInformation (>= 4.3)
      System.Runtime.Numerics (>= 4.3)
      System.Security.Cryptography.Algorithms (>= 4.3)
      System.Security.Cryptography.Encoding (>= 4.3)
      System.Security.Cryptography.Primitives (>= 4.3)
      System.Security.Cryptography.X509Certificates (>= 4.3)
      System.Text.Encoding (>= 4.3)
      System.Text.Encoding.Extensions (>= 4.3)
      System.Text.RegularExpressions (>= 4.3)
      System.Threading (>= 4.3)
      System.Threading.Tasks (>= 4.3)
      System.Threading.Timer (>= 4.3)
      System.Xml.ReaderWriter (>= 4.3)
      System.Xml.XDocument (>= 4.3)
    Newtonsoft.Json (10.0.3)
      Microsoft.CSharp (>= 4.3) - restriction: || (&& (== net46) (< net20)) (== netcoreapp1.1) (== netstandard1.6)
      NETStandard.Library (>= 1.6.1) - restriction: || (&& (== net46) (< net20)) (== netcoreapp1.1) (== netstandard1.6)
      System.ComponentModel.TypeConverter (>= 4.3) - restriction: || (&& (== net46) (< net20)) (== netcoreapp1.1) (== netstandard1.6)
      System.Runtime.Serialization.Formatters (>= 4.3) - restriction: || (&& (== net46) (< net20)) (== netcoreapp1.1) (== netstandard1.6)
      System.Runtime.Serialization.Primitives (>= 4.3) - restriction: || (&& (== net46) (< net20)) (== netcoreapp1.1) (== netstandard1.6)
      System.Xml.XmlDocument (>= 4.3) - restriction: || (&& (== net46) (< net20)) (== netcoreapp1.1) (== netstandard1.6)
    runtime.debian.8-x64.runtime.native.System.Security.Cryptography.OpenSsl (4.3.2) - restriction: || (&& (== net46) (< net20) (>= netstandard1.6)) (== netcoreapp1.1) (== netstandard1.6)
    runtime.fedora.23-x64.runtime.native.System.Security.Cryptography.OpenSsl (4.3.2) - restriction: || (&& (== net46) (< net20) (>= netstandard1.6)) (== netcoreapp1.1) (== netstandard1.6)
    runtime.fedora.24-x64.runtime.native.System.Security.Cryptography.OpenSsl (4.3.2) - restriction: || (&& (== net46) (< net20) (>= netstandard1.6)) (== netcoreapp1.1) (== netstandard1.6)
    runtime.native.System (4.3) - restriction: || (&& (== net46) (< net20)) (&& (== net46) (>= netcoreapp1.0)) (&& (== net46) (>= netstandard1.5) (>= uap10.0)) (== netcoreapp1.1) (== netstandard1.6)
      Microsoft.NETCore.Platforms (>= 1.1)
      Microsoft.NETCore.Targets (>= 1.1)
    runtime.native.System.IO.Compression (4.3.1) - restriction: || (&& (== net46) (< net20)) (== netcoreapp1.1) (== netstandard1.6)
      Microsoft.NETCore.Platforms (>= 1.1)
      Microsoft.NETCore.Targets (>= 1.1.1)
    runtime.native.System.Net.Http (4.3) - restriction: || (&& (== net46) (< net20) (>= netstandard1.6)) (== netcoreapp1.1) (== netstandard1.6)
      Microsoft.NETCore.Platforms (>= 1.1)
      Microsoft.NETCore.Targets (>= 1.1)
    runtime.native.System.Security.Cryptography.Apple (4.3.1) - restriction: || (&& (== net46) (< net20) (>= netstandard1.6)) (== netcoreapp1.1) (== netstandard1.6)
      runtime.osx.10.10-x64.runtime.native.System.Security.Cryptography.Apple (>= 4.3.1)
    runtime.native.System.Security.Cryptography.OpenSsl (4.3.2) - restriction: || (&& (== net46) (< net20)) (== netcoreapp1.1) (== netstandard1.6)
      runtime.debian.8-x64.runtime.native.System.Security.Cryptography.OpenSsl (>= 4.3.2)
      runtime.fedora.23-x64.runtime.native.System.Security.Cryptography.OpenSsl (>= 4.3.2)
      runtime.fedora.24-x64.runtime.native.System.Security.Cryptography.OpenSsl (>= 4.3.2)
      runtime.opensuse.13.2-x64.runtime.native.System.Security.Cryptography.OpenSsl (>= 4.3.2)
      runtime.opensuse.42.1-x64.runtime.native.System.Security.Cryptography.OpenSsl (>= 4.3.2)
      runtime.osx.10.10-x64.runtime.native.System.Security.Cryptography.OpenSsl (>= 4.3.2)
      runtime.rhel.7-x64.runtime.native.System.Security.Cryptography.OpenSsl (>= 4.3.2)
      runtime.ubuntu.14.04-x64.runtime.native.System.Security.Cryptography.OpenSsl (>= 4.3.2)
      runtime.ubuntu.16.04-x64.runtime.native.System.Security.Cryptography.OpenSsl (>= 4.3.2)
      runtime.ubuntu.16.10-x64.runtime.native.System.Security.Cryptography.OpenSsl (>= 4.3.2)
    runtime.opensuse.13.2-x64.runtime.native.System.Security.Cryptography.OpenSsl (4.3.2) - restriction: || (&& (== net46) (< net20) (>= netstandard1.6)) (== netcoreapp1.1) (== netstandard1.6)
    runtime.opensuse.42.1-x64.runtime.native.System.Security.Cryptography.OpenSsl (4.3.2) - restriction: || (&& (== net46) (< net20) (>= netstandard1.6)) (== netcoreapp1.1) (== netstandard1.6)
    runtime.osx.10.10-x64.runtime.native.System.Security.Cryptography.Apple (4.3.1) - restriction: || (&& (== net46) (< net20) (>= netstandard1.6)) (== netcoreapp1.1) (== netstandard1.6)
    runtime.osx.10.10-x64.runtime.native.System.Security.Cryptography.OpenSsl (4.3.2) - restriction: || (&& (== net46) (< net20) (>= netstandard1.6)) (== netcoreapp1.1) (== netstandard1.6)
    runtime.rhel.7-x64.runtime.native.System.Security.Cryptography.OpenSsl (4.3.2) - restriction: || (&& (== net46) (< net20) (>= netstandard1.6)) (== netcoreapp1.1) (== netstandard1.6)
    runtime.ubuntu.14.04-x64.runtime.native.System.Security.Cryptography.OpenSsl (4.3.2) - restriction: || (&& (== net46) (< net20) (>= netstandard1.6)) (== netcoreapp1.1) (== netstandard1.6)
    runtime.ubuntu.16.04-x64.runtime.native.System.Security.Cryptography.OpenSsl (4.3.2) - restriction: || (&& (== net46) (< net20) (>= netstandard1.6)) (== netcoreapp1.1) (== netstandard1.6)
    runtime.ubuntu.16.10-x64.runtime.native.System.Security.Cryptography.OpenSsl (4.3.2) - restriction: || (&& (== net46) (< net20) (>= netstandard1.6)) (== netcoreapp1.1) (== netstandard1.6)
    System.AppContext (4.3) - restriction: || (&& (== net46) (< net20)) (&& (== net46) (>= netcoreapp1.0)) (== netcoreapp1.1) (== netstandard1.6)
      System.Runtime (>= 4.3) - restriction: || (&& (== net46) (< netstandard1.3)) (== netcoreapp1.1) (== netstandard1.6)
    System.Buffers (4.4) - restriction: || (&& (== net46) (< net20)) (== netcoreapp1.1) (== netstandard1.6)
      System.Diagnostics.Debug (>= 4.3)
      System.Diagnostics.Tracing (>= 4.3)
      System.Resources.ResourceManager (>= 4.3)
      System.Runtime (>= 4.3)
      System.Threading (>= 4.3)
    System.Collections (4.3) - restriction: || (&& (== net46) (< net20)) (&& (== net46) (>= netcoreapp1.0)) (&& (== net46) (>= netstandard1.5) (>= uap10.0)) (== netcoreapp1.1) (== netstandard1.6)
      Microsoft.NETCore.Platforms (>= 1.1) - restriction: || (&& (== net46) (< net45)) (&& (== net46) (< portable-net45+win8+wp8+wpa81)) (== netcoreapp1.1) (== netstandard1.6)
      Microsoft.NETCore.Targets (>= 1.1) - restriction: || (&& (== net46) (< net45)) (&& (== net46) (< portable-net45+win8+wp8+wpa81)) (== netcoreapp1.1) (== netstandard1.6)
      System.Runtime (>= 4.3) - restriction: || (&& (== net46) (< net45)) (&& (== net46) (< portable-net45+win8+wp8+wpa81)) (== netcoreapp1.1) (== netstandard1.6)
    System.Collections.Concurrent (4.3) - restriction: || (&& (== net46) (< net20)) (&& (== net46) (>= netcoreapp1.0)) (&& (== net46) (>= netstandard1.5) (>= uap10.0)) (== netcoreapp1.1) (== netstandard1.6)
      System.Collections (>= 4.3) - restriction: || (&& (== net46) (< net45)) (&& (== net46) (< portable-net45+win8+wpa81)) (== netcoreapp1.1) (== netstandard1.6)
      System.Diagnostics.Debug (>= 4.3) - restriction: || (&& (== net46) (< net45)) (&& (== net46) (< portable-net45+win8+wpa81)) (== netcoreapp1.1) (== netstandard1.6)
      System.Diagnostics.Tracing (>= 4.3) - restriction: || (&& (== net46) (< net45)) (&& (== net46) (< portable-net45+win8+wpa81)) (== netcoreapp1.1) (== netstandard1.6)
      System.Globalization (>= 4.3) - restriction: || (&& (== net46) (< net45)) (&& (== net46) (< portable-net45+win8+wpa81)) (== netcoreapp1.1) (== netstandard1.6)
      System.Reflection (>= 4.3) - restriction: || (&& (== net46) (< net45)) (== netcoreapp1.1) (== netstandard1.6)
      System.Resources.ResourceManager (>= 4.3) - restriction: || (&& (== net46) (< net45)) (&& (== net46) (< portable-net45+win8+wpa81)) (== netcoreapp1.1) (== netstandard1.6)
      System.Runtime (>= 4.3) - restriction: || (&& (== net46) (< net45)) (&& (== net46) (< portable-net45+win8+wpa81)) (== netcoreapp1.1) (== netstandard1.6)
      System.Runtime.Extensions (>= 4.3) - restriction: || (&& (== net46) (< net45)) (&& (== net46) (< portable-net45+win8+wpa81)) (== netcoreapp1.1) (== netstandard1.6)
      System.Threading (>= 4.3) - restriction: || (&& (== net46) (< net45)) (&& (== net46) (< portable-net45+win8+wpa81)) (== netcoreapp1.1) (== netstandard1.6)
      System.Threading.Tasks (>= 4.3) - restriction: || (&& (== net46) (< net45)) (&& (== net46) (< portable-net45+win8+wpa81)) (== netcoreapp1.1) (== netstandard1.6)
    System.Collections.Immutable (1.4) - restriction: || (&& (== net46) (>= netcoreapp1.0)) (&& (== net46) (>= uap10.0)) (== netcoreapp1.1) (&& (== netstandard1.6) (>= netcoreapp1.0)) (&& (== netstandard1.6) (>= uap10.0))
      NETStandard.Library (>= 1.6.1)
    System.Collections.NonGeneric (4.3) - restriction: || (&& (== net46) (< net20) (>= net462)) (&& (== net46) (< net20) (>= netstandard1.5)) (== netcoreapp1.1) (== netstandard1.6)
      System.Diagnostics.Debug (>= 4.3) - restriction: || (== netcoreapp1.1) (== netstandard1.6)
      System.Globalization (>= 4.3) - restriction: || (== netcoreapp1.1) (== netstandard1.6)
      System.Resources.ResourceManager (>= 4.3) - restriction: || (== netcoreapp1.1) (== netstandard1.6)
      System.Runtime (>= 4.3) - restriction: || (== netcoreapp1.1) (== netstandard1.6)
      System.Runtime.Extensions (>= 4.3) - restriction: || (== netcoreapp1.1) (== netstandard1.6)
      System.Threading (>= 4.3) - restriction: || (== netcoreapp1.1) (== netstandard1.6)
    System.Collections.Specialized (4.3) - restriction: || (&& (== net46) (< net20) (>= netstandard1.5)) (== netcoreapp1.1) (== netstandard1.6)
      System.Collections.NonGeneric (>= 4.3) - restriction: || (== netcoreapp1.1) (== netstandard1.6)
      System.Globalization (>= 4.3) - restriction: || (== netcoreapp1.1) (== netstandard1.6)
      System.Globalization.Extensions (>= 4.3) - restriction: || (== netcoreapp1.1) (== netstandard1.6)
      System.Resources.ResourceManager (>= 4.3) - restriction: || (== netcoreapp1.1) (== netstandard1.6)
      System.Runtime (>= 4.3) - restriction: || (== netcoreapp1.1) (== netstandard1.6)
      System.Runtime.Extensions (>= 4.3) - restriction: || (== netcoreapp1.1) (== netstandard1.6)
      System.Threading (>= 4.3) - restriction: || (== netcoreapp1.1) (== netstandard1.6)
    System.ComponentModel (4.3) - restriction: || (&& (== net46) (< net20)) (== netcoreapp1.1) (== netstandard1.6)
      System.Runtime (>= 4.3) - restriction: || (&& (== net46) (< net45)) (&& (== net46) (< portable-net45+win8+wp8+wpa81)) (== netcoreapp1.1) (== netstandard1.6)
    System.ComponentModel.EventBasedAsync (4.3) - restriction: || (&& (== net46) (>= netcoreapp1.0)) (&& (== net46) (>= netstandard1.5) (>= uap10.0)) (== netcoreapp1.1) (&& (== netstandard1.6) (>= netcoreapp1.0)) (&& (== netstandard1.6) (>= uap10.0))
      System.Resources.ResourceManager (>= 4.3) - restriction: || (&& (== net46) (< net45)) (&& (== net46) (< portable-net45+win8+wp8+wpa81)) (== netcoreapp1.1) (== netstandard1.6)
      System.Runtime (>= 4.3) - restriction: || (&& (== net46) (< net45)) (&& (== net46) (< portable-net45+win8+wp8+wpa81)) (== netcoreapp1.1) (== netstandard1.6)
      System.Threading (>= 4.3) - restriction: || (&& (== net46) (< net45)) (&& (== net46) (< portable-net45+win8+wp8+wpa81)) (== netcoreapp1.1) (== netstandard1.6)
      System.Threading.Tasks (>= 4.3) - restriction: || (&& (== net46) (< net45)) (&& (== net46) (< portable-net45+win8+wp8+wpa81)) (== netcoreapp1.1) (== netstandard1.6)
    System.ComponentModel.Primitives (4.3) - restriction: || (&& (== net46) (< net20)) (&& (== net46) (< netstandard1.0) (>= win8)) (&& (== net46) (>= wp8)) (&& (== net46) (>= wpa81)) (== netcoreapp1.1) (== netstandard1.6)
      System.ComponentModel (>= 4.3) - restriction: || (&& (== net46) (< net45)) (== netcoreapp1.1) (== netstandard1.6)
      System.Resources.ResourceManager (>= 4.3) - restriction: || (&& (== net46) (< net45)) (== netcoreapp1.1) (== netstandard1.6)
      System.Runtime (>= 4.3) - restriction: || (&& (== net46) (< net45)) (== netcoreapp1.1) (== netstandard1.6)
    System.ComponentModel.TypeConverter (4.3) - restriction: || (&& (== net46) (< net20)) (&& (== net46) (>= netcoreapp1.0)) (&& (== net46) (>= uap10.0)) (== netcoreapp1.1) (== netstandard1.6)
      System.Collections (>= 4.3) - restriction: || (&& (== net46) (< net45)) (== netcoreapp1.1) (== netstandard1.6)
      System.Collections.NonGeneric (>= 4.3) - restriction: || (&& (== net46) (< net45) (>= netstandard1.5)) (&& (== net46) (>= net462)) (== netcoreapp1.1) (== netstandard1.6)
      System.Collections.Specialized (>= 4.3) - restriction: || (&& (== net46) (< net45) (>= netstandard1.5)) (== netcoreapp1.1) (== netstandard1.6)
      System.ComponentModel (>= 4.3) - restriction: || (&& (== net46) (< net45)) (== netcoreapp1.1) (== netstandard1.6)
      System.ComponentModel.Primitives (>= 4.3)
      System.Globalization (>= 4.3) - restriction: || (&& (== net46) (< net45)) (== netcoreapp1.1) (== netstandard1.6)
      System.Linq (>= 4.3) - restriction: || (&& (== net46) (< net45) (>= netstandard1.5)) (== netcoreapp1.1) (== netstandard1.6)
      System.Reflection (>= 4.3) - restriction: || (&& (== net46) (< net45)) (== netcoreapp1.1) (== netstandard1.6)
      System.Reflection.Extensions (>= 4.3) - restriction: || (&& (== net46) (< net45)) (== netcoreapp1.1) (== netstandard1.6)
      System.Reflection.Primitives (>= 4.3) - restriction: || (&& (== net46) (< net45)) (== netcoreapp1.1) (== netstandard1.6)
      System.Reflection.TypeExtensions (>= 4.3) - restriction: || (&& (== net46) (< net45) (>= netstandard1.5)) (== netcoreapp1.1) (== netstandard1.6)
      System.Resources.ResourceManager (>= 4.3) - restriction: || (&& (== net46) (< net45)) (== netcoreapp1.1) (== netstandard1.6)
      System.Runtime (>= 4.3) - restriction: || (&& (== net46) (< net45)) (== netcoreapp1.1) (== netstandard1.6)
      System.Runtime.Extensions (>= 4.3) - restriction: || (&& (== net46) (< net45)) (== netcoreapp1.1) (== netstandard1.6)
      System.Threading (>= 4.3) - restriction: || (&& (== net46) (< net45)) (== netcoreapp1.1) (== netstandard1.6)
    System.Console (4.3) - restriction: || (&& (== net46) (< net20)) (== netcoreapp1.1) (== netstandard1.6)
      Microsoft.NETCore.Platforms (>= 1.1) - restriction: || (== netcoreapp1.1) (== netstandard1.6)
      Microsoft.NETCore.Targets (>= 1.1) - restriction: || (== netcoreapp1.1) (== netstandard1.6)
      System.IO (>= 4.3) - restriction: || (== netcoreapp1.1) (== netstandard1.6)
      System.Runtime (>= 4.3) - restriction: || (== netcoreapp1.1) (== netstandard1.6)
      System.Text.Encoding (>= 4.3) - restriction: || (== netcoreapp1.1) (== netstandard1.6)
    System.Diagnostics.Debug (4.3) - restriction: || (&& (== net46) (< net20)) (&& (== net46) (>= netcoreapp1.0)) (&& (== net46) (>= netstandard1.5) (>= uap10.0)) (== netcoreapp1.1) (== netstandard1.6)
      Microsoft.NETCore.Platforms (>= 1.1) - restriction: || (&& (== net46) (< net45)) (&& (== net46) (< portable-net45+win8+wp8+wpa81)) (== netcoreapp1.1) (== netstandard1.6)
      Microsoft.NETCore.Targets (>= 1.1) - restriction: || (&& (== net46) (< net45)) (&& (== net46) (< portable-net45+win8+wp8+wpa81)) (== netcoreapp1.1) (== netstandard1.6)
      System.Runtime (>= 4.3) - restriction: || (&& (== net46) (< net45)) (&& (== net46) (< portable-net45+win8+wp8+wpa81)) (== netcoreapp1.1) (== netstandard1.6)
    System.Diagnostics.DiagnosticSource (4.4.1) - restriction: || (&& (== net46) (< net20)) (== netcoreapp1.1) (== netstandard1.6)
      System.Collections (>= 4.3) - restriction: || (&& (== net46) (< net45)) (== netcoreapp1.1) (== netstandard1.6)
      System.Diagnostics.Debug (>= 4.3) - restriction: || (&& (== net46) (< net45)) (== netcoreapp1.1) (== netstandard1.6)
      System.Diagnostics.Tracing (>= 4.3) - restriction: || (&& (== net46) (< net45)) (== netcoreapp1.1) (== netstandard1.6)
      System.Reflection (>= 4.3) - restriction: || (&& (== net46) (< net45)) (== netcoreapp1.1) (== netstandard1.6)
      System.Runtime (>= 4.3) - restriction: || (&& (== net46) (< net45)) (== netcoreapp1.1) (== netstandard1.6)
      System.Runtime.Extensions (>= 4.3) - restriction: || (&& (== net46) (< net45)) (== netcoreapp1.1) (== netstandard1.6)
      System.Threading (>= 4.3) - restriction: || (&& (== net46) (< net45)) (== netcoreapp1.1) (== netstandard1.6)
    System.Diagnostics.Process (4.3) - restriction: || (&& (== net46) (>= netcoreapp1.0)) (&& (== net46) (>= netstandard1.5) (>= uap10.0)) (== netcoreapp1.1) (&& (== netstandard1.6) (>= netcoreapp1.0)) (&& (== netstandard1.6) (>= uap10.0))
      Microsoft.NETCore.Platforms (>= 1.1) - restriction: || (== netcoreapp1.1) (== netstandard1.6)
      Microsoft.Win32.Primitives (>= 4.3) - restriction: || (== netcoreapp1.1) (== netstandard1.6)
      Microsoft.Win32.Registry (>= 4.3) - restriction: || (== netcoreapp1.1) (== netstandard1.6)
      runtime.native.System (>= 4.3) - restriction: || (== netcoreapp1.1) (== netstandard1.6)
      System.Collections (>= 4.3) - restriction: || (== netcoreapp1.1) (== netstandard1.6)
      System.Diagnostics.Debug (>= 4.3) - restriction: || (== netcoreapp1.1) (== netstandard1.6)
      System.Globalization (>= 4.3) - restriction: || (== netcoreapp1.1) (== netstandard1.6)
      System.IO (>= 4.3) - restriction: || (== netcoreapp1.1) (== netstandard1.6)
      System.IO.FileSystem (>= 4.3) - restriction: || (== netcoreapp1.1) (== netstandard1.6)
      System.IO.FileSystem.Primitives (>= 4.3) - restriction: || (== netcoreapp1.1) (== netstandard1.6)
      System.Resources.ResourceManager (>= 4.3) - restriction: || (== netcoreapp1.1) (== netstandard1.6)
      System.Runtime (>= 4.3) - restriction: || (== netcoreapp1.1) (== netstandard1.6)
      System.Runtime.Extensions (>= 4.3) - restriction: || (== netcoreapp1.1) (== netstandard1.6)
      System.Runtime.Handles (>= 4.3) - restriction: || (== netcoreapp1.1) (== netstandard1.6)
      System.Runtime.InteropServices (>= 4.3) - restriction: || (== netcoreapp1.1) (== netstandard1.6)
      System.Text.Encoding (>= 4.3) - restriction: || (== netcoreapp1.1) (== netstandard1.6)
      System.Text.Encoding.Extensions (>= 4.3) - restriction: || (== netcoreapp1.1) (== netstandard1.6)
      System.Threading (>= 4.3) - restriction: || (== netcoreapp1.1) (== netstandard1.6)
      System.Threading.Tasks (>= 4.3) - restriction: || (== netcoreapp1.1) (== netstandard1.6)
      System.Threading.Thread (>= 4.3) - restriction: || (== netcoreapp1.1) (== netstandard1.6)
      System.Threading.ThreadPool (>= 4.3) - restriction: || (== netcoreapp1.1) (== netstandard1.6)
    System.Diagnostics.TextWriterTraceListener (4.3) - restriction: || (&& (== net46) (>= netcoreapp1.0)) (&& (== net46) (>= netstandard1.5) (>= uap10.0)) (== netcoreapp1.1) (&& (== netstandard1.6) (>= netcoreapp1.0)) (&& (== netstandard1.6) (>= uap10.0))
      System.Diagnostics.TraceSource (>= 4.3)
      System.Globalization (>= 4.3) - restriction: || (== netcoreapp1.1) (== netstandard1.6)
      System.IO (>= 4.3) - restriction: || (== netcoreapp1.1) (== netstandard1.6)
      System.Resources.ResourceManager (>= 4.3) - restriction: || (== netcoreapp1.1) (== netstandard1.6)
      System.Runtime (>= 4.3) - restriction: || (== netcoreapp1.1) (== netstandard1.6)
      System.Threading (>= 4.3) - restriction: || (== netcoreapp1.1) (== netstandard1.6)
    System.Diagnostics.Tools (4.3) - restriction: || (&& (== net46) (< net20)) (== netcoreapp1.1) (== netstandard1.6)
      Microsoft.NETCore.Platforms (>= 1.1) - restriction: || (&& (== net46) (< net45)) (&& (== net46) (< portable-net45+win8+wp8+wpa81)) (== netcoreapp1.1) (== netstandard1.6)
      Microsoft.NETCore.Targets (>= 1.1) - restriction: || (&& (== net46) (< net45)) (&& (== net46) (< portable-net45+win8+wp8+wpa81)) (== netcoreapp1.1) (== netstandard1.6)
      System.Runtime (>= 4.3) - restriction: || (&& (== net46) (< net45)) (&& (== net46) (< portable-net45+win8+wp8+wpa81)) (== netcoreapp1.1) (== netstandard1.6)
    System.Diagnostics.TraceSource (4.3) - restriction: || (&& (== net46) (>= netcoreapp1.0)) (&& (== net46) (>= netstandard1.5) (>= uap10.0)) (== netcoreapp1.1) (&& (== netstandard1.6) (>= netcoreapp1.0)) (&& (== netstandard1.6) (>= uap10.0))
      Microsoft.NETCore.Platforms (>= 1.1) - restriction: || (== netcoreapp1.1) (== netstandard1.6)
      runtime.native.System (>= 4.3) - restriction: || (== netcoreapp1.1) (== netstandard1.6)
      System.Collections (>= 4.3) - restriction: || (== netcoreapp1.1) (== netstandard1.6)
      System.Diagnostics.Debug (>= 4.3) - restriction: || (== netcoreapp1.1) (== netstandard1.6)
      System.Globalization (>= 4.3) - restriction: || (== netcoreapp1.1) (== netstandard1.6)
      System.Resources.ResourceManager (>= 4.3) - restriction: || (== netcoreapp1.1) (== netstandard1.6)
      System.Runtime (>= 4.3) - restriction: || (== netcoreapp1.1) (== netstandard1.6)
      System.Runtime.Extensions (>= 4.3) - restriction: || (== netcoreapp1.1) (== netstandard1.6)
      System.Threading (>= 4.3) - restriction: || (== netcoreapp1.1) (== netstandard1.6)
    System.Diagnostics.Tracing (4.3) - restriction: || (&& (== net46) (< net20)) (== netcoreapp1.1) (== netstandard1.6)
      Microsoft.NETCore.Platforms (>= 1.1) - restriction: || (&& (== net46) (< net45)) (&& (== net46) (< portable-net45+win8+wpa81)) (== netcoreapp1.1) (== netstandard1.6)
      Microsoft.NETCore.Targets (>= 1.1) - restriction: || (&& (== net46) (< net45)) (&& (== net46) (< portable-net45+win8+wpa81)) (== netcoreapp1.1) (== netstandard1.6)
      System.Runtime (>= 4.3) - restriction: || (&& (== net46) (< net45)) (&& (== net46) (< portable-net45+win8+wpa81)) (== netcoreapp1.1) (== netstandard1.6)
    System.Dynamic.Runtime (4.3) - restriction: || (&& (== net46) (< net20)) (&& (== net46) (>= netcoreapp1.0)) (== netcoreapp1.1) (== netstandard1.6)
      System.Collections (>= 4.3) - restriction: || (&& (== net46) (< net45)) (&& (== net46) (< portable-net45+win8+wp8+wpa81)) (== netcoreapp1.1) (== netstandard1.6)
      System.Diagnostics.Debug (>= 4.3) - restriction: || (&& (== net46) (< net45)) (&& (== net46) (< portable-net45+win8+wp8+wpa81)) (== netcoreapp1.1) (== netstandard1.6)
      System.Linq (>= 4.3) - restriction: || (&& (== net46) (< net45)) (&& (== net46) (< portable-net45+win8+wp8+wpa81)) (== netcoreapp1.1) (== netstandard1.6)
      System.Linq.Expressions (>= 4.3) - restriction: || (&& (== net46) (< net45)) (&& (== net46) (< portable-net45+win8+wp8+wpa81)) (== netcoreapp1.1) (== netstandard1.6)
      System.ObjectModel (>= 4.3) - restriction: || (&& (== net46) (< net45)) (&& (== net46) (< portable-net45+win8+wp8+wpa81)) (== netcoreapp1.1) (== netstandard1.6)
      System.Reflection (>= 4.3) - restriction: || (&& (== net46) (< net45)) (&& (== net46) (< portable-net45+win8+wp8+wpa81)) (== netcoreapp1.1) (== netstandard1.6)
      System.Reflection.Emit (>= 4.3) - restriction: || (&& (== net46) (< net45)) (== netcoreapp1.1) (== netstandard1.6)
      System.Reflection.Emit.ILGeneration (>= 4.3) - restriction: || (&& (== net46) (< net45)) (== netcoreapp1.1) (== netstandard1.6)
      System.Reflection.Primitives (>= 4.3) - restriction: || (&& (== net46) (< net45)) (== netcoreapp1.1) (== netstandard1.6)
      System.Reflection.TypeExtensions (>= 4.3) - restriction: || (&& (== net46) (< net45)) (&& (== net46) (< portable-net45+win8+wp8+wpa81)) (== netcoreapp1.1) (== netstandard1.6)
      System.Resources.ResourceManager (>= 4.3) - restriction: || (&& (== net46) (< net45)) (&& (== net46) (< portable-net45+win8+wp8+wpa81)) (== netcoreapp1.1) (== netstandard1.6)
      System.Runtime (>= 4.3) - restriction: || (&& (== net46) (< net45)) (&& (== net46) (< portable-net45+win8+wp8+wpa81)) (== netcoreapp1.1) (== netstandard1.6)
      System.Runtime.Extensions (>= 4.3) - restriction: || (&& (== net46) (< net45)) (&& (== net46) (< portable-net45+win8+wp8+wpa81)) (== netcoreapp1.1) (== netstandard1.6)
      System.Threading (>= 4.3) - restriction: || (&& (== net46) (< net45)) (&& (== net46) (< portable-net45+win8+wp8+wpa81)) (== netcoreapp1.1) (== netstandard1.6)
    System.Globalization (4.3) - restriction: || (&& (== net46) (< net20)) (&& (== net46) (>= netcoreapp1.0)) (&& (== net46) (>= netstandard1.5) (>= uap10.0)) (== netcoreapp1.1) (== netstandard1.6)
      Microsoft.NETCore.Platforms (>= 1.1) - restriction: || (&& (== net46) (< net45)) (&& (== net46) (< portable-net45+win8+wp8+wpa81)) (== netcoreapp1.1) (== netstandard1.6)
      Microsoft.NETCore.Targets (>= 1.1) - restriction: || (&& (== net46) (< net45)) (&& (== net46) (< portable-net45+win8+wp8+wpa81)) (== netcoreapp1.1) (== netstandard1.6)
      System.Runtime (>= 4.3) - restriction: || (&& (== net46) (< net45)) (&& (== net46) (< portable-net45+win8+wp8+wpa81)) (== netcoreapp1.1) (== netstandard1.6)
    System.Globalization.Calendars (4.3) - restriction: || (&& (== net46) (< net20)) (== netcoreapp1.1) (== netstandard1.6)
      Microsoft.NETCore.Platforms (>= 1.1) - restriction: || (== netcoreapp1.1) (== netstandard1.6)
      Microsoft.NETCore.Targets (>= 1.1) - restriction: || (== netcoreapp1.1) (== netstandard1.6)
      System.Globalization (>= 4.3) - restriction: || (== netcoreapp1.1) (== netstandard1.6)
      System.Runtime (>= 4.3) - restriction: || (== netcoreapp1.1) (== netstandard1.6)
    System.Globalization.Extensions (4.3) - restriction: || (&& (== net46) (< net20) (>= netstandard1.5)) (&& (== net46) (< net20) (>= netstandard1.6)) (== netcoreapp1.1) (== netstandard1.6)
      Microsoft.NETCore.Platforms (>= 1.1) - restriction: || (== netcoreapp1.1) (== netstandard1.6)
      System.Globalization (>= 4.3) - restriction: || (== netcoreapp1.1) (== netstandard1.6)
      System.Resources.ResourceManager (>= 4.3) - restriction: || (== netcoreapp1.1) (== netstandard1.6)
      System.Runtime (>= 4.3) - restriction: || (== netcoreapp1.1) (== netstandard1.6)
      System.Runtime.Extensions (>= 4.3) - restriction: || (== netcoreapp1.1) (== netstandard1.6)
      System.Runtime.InteropServices (>= 4.3) - restriction: || (== netcoreapp1.1) (== netstandard1.6)
    System.IO (4.3) - restriction: || (&& (== net46) (< net20)) (&& (== net46) (>= netcoreapp1.0)) (&& (== net46) (>= netstandard1.5) (>= uap10.0)) (== netcoreapp1.1) (== netstandard1.6)
      Microsoft.NETCore.Platforms (>= 1.1) - restriction: || (&& (== net46) (< net45)) (&& (== net46) (< portable-net45+win8+wp8+wpa81)) (== netcoreapp1.1) (== netstandard1.6)
      Microsoft.NETCore.Targets (>= 1.1) - restriction: || (&& (== net46) (< net45)) (&& (== net46) (< portable-net45+win8+wp8+wpa81)) (== netcoreapp1.1) (== netstandard1.6)
      System.Runtime (>= 4.3) - restriction: || (&& (== net46) (< net45)) (&& (== net46) (< portable-net45+win8+wp8+wpa81)) (== netcoreapp1.1) (== netstandard1.6)
      System.Text.Encoding (>= 4.3) - restriction: || (&& (== net46) (< net45)) (&& (== net46) (< portable-net45+win8+wp8+wpa81)) (== netcoreapp1.1) (== netstandard1.6)
      System.Threading.Tasks (>= 4.3) - restriction: || (&& (== net46) (< net45)) (&& (== net46) (< portable-net45+win8+wp8+wpa81)) (== netcoreapp1.1) (== netstandard1.6)
    System.IO.Compression (4.3) - restriction: || (&& (== net46) (< net20)) (== netcoreapp1.1) (== netstandard1.6)
      Microsoft.NETCore.Platforms (>= 1.1) - restriction: || (&& (== net46) (< net45)) (== netcoreapp1.1) (== netstandard1.6)
      runtime.native.System (>= 4.3) - restriction: || (&& (== net46) (< net45)) (== netcoreapp1.1) (== netstandard1.6)
      runtime.native.System.IO.Compression (>= 4.3) - restriction: || (&& (== net46) (< net45)) (&& (== net46) (< portable-net45+win8+wpa81)) (== netcoreapp1.1) (== netstandard1.6)
      System.Buffers (>= 4.3) - restriction: || (&& (== net46) (< net45)) (&& (== net46) (< portable-net45+win8+wpa81)) (== netcoreapp1.1) (== netstandard1.6)
      System.Collections (>= 4.3) - restriction: || (&& (== net46) (< net45)) (&& (== net46) (< portable-net45+win8+wpa81)) (== netcoreapp1.1) (== netstandard1.6)
      System.Diagnostics.Debug (>= 4.3) - restriction: || (&& (== net46) (< net45)) (&& (== net46) (< portable-net45+win8+wpa81)) (== netcoreapp1.1) (== netstandard1.6)
      System.IO (>= 4.3) - restriction: || (&& (== net46) (< net45)) (&& (== net46) (< portable-net45+win8+wpa81)) (== netcoreapp1.1) (== netstandard1.6)
      System.Resources.ResourceManager (>= 4.3) - restriction: || (&& (== net46) (< net45)) (&& (== net46) (< portable-net45+win8+wpa81)) (== netcoreapp1.1) (== netstandard1.6)
      System.Runtime (>= 4.3) - restriction: || (&& (== net46) (< net45)) (&& (== net46) (< portable-net45+win8+wpa81)) (== netcoreapp1.1) (== netstandard1.6)
      System.Runtime.Extensions (>= 4.3) - restriction: || (&& (== net46) (< net45)) (&& (== net46) (< portable-net45+win8+wpa81)) (== netcoreapp1.1) (== netstandard1.6)
      System.Runtime.Handles (>= 4.3) - restriction: || (&& (== net46) (< net45)) (&& (== net46) (< portable-net45+win8+wpa81)) (== netcoreapp1.1) (== netstandard1.6)
      System.Runtime.InteropServices (>= 4.3) - restriction: || (&& (== net46) (< net45)) (&& (== net46) (< portable-net45+win8+wpa81)) (== netcoreapp1.1) (== netstandard1.6)
      System.Text.Encoding (>= 4.3) - restriction: || (&& (== net46) (< net45)) (&& (== net46) (< portable-net45+win8+wpa81)) (== netcoreapp1.1) (== netstandard1.6)
      System.Threading (>= 4.3) - restriction: || (&& (== net46) (< net45)) (&& (== net46) (< portable-net45+win8+wpa81)) (== netcoreapp1.1) (== netstandard1.6)
      System.Threading.Tasks (>= 4.3) - restriction: || (&& (== net46) (< net45)) (&& (== net46) (< portable-net45+win8+wpa81)) (== netcoreapp1.1) (== netstandard1.6)
    System.IO.Compression.ZipFile (4.3) - restriction: || (&& (== net46) (< net20)) (== netcoreapp1.1) (== netstandard1.6)
      System.Buffers (>= 4.3) - restriction: || (== netcoreapp1.1) (== netstandard1.6)
      System.IO (>= 4.3) - restriction: || (== netcoreapp1.1) (== netstandard1.6)
      System.IO.Compression (>= 4.3) - restriction: || (== netcoreapp1.1) (== netstandard1.6)
      System.IO.FileSystem (>= 4.3) - restriction: || (== netcoreapp1.1) (== netstandard1.6)
      System.IO.FileSystem.Primitives (>= 4.3) - restriction: || (== netcoreapp1.1) (== netstandard1.6)
      System.Resources.ResourceManager (>= 4.3) - restriction: || (== netcoreapp1.1) (== netstandard1.6)
      System.Runtime (>= 4.3) - restriction: || (== netcoreapp1.1) (== netstandard1.6)
      System.Runtime.Extensions (>= 4.3) - restriction: || (== netcoreapp1.1) (== netstandard1.6)
      System.Text.Encoding (>= 4.3) - restriction: || (== netcoreapp1.1) (== netstandard1.6)
    System.IO.FileSystem (4.3) - restriction: || (&& (== net46) (< net20)) (&& (== net46) (>= netcoreapp1.0)) (&& (== net46) (>= netstandard1.5) (>= uap10.0)) (== netcoreapp1.1) (== netstandard1.6)
      Microsoft.NETCore.Platforms (>= 1.1) - restriction: || (== netcoreapp1.1) (== netstandard1.6)
      Microsoft.NETCore.Targets (>= 1.1) - restriction: || (== netcoreapp1.1) (== netstandard1.6)
      System.IO (>= 4.3) - restriction: || (== netcoreapp1.1) (== netstandard1.6)
      System.IO.FileSystem.Primitives (>= 4.3)
      System.Runtime (>= 4.3) - restriction: || (== netcoreapp1.1) (== netstandard1.6)
      System.Runtime.Handles (>= 4.3) - restriction: || (== netcoreapp1.1) (== netstandard1.6)
      System.Text.Encoding (>= 4.3) - restriction: || (== netcoreapp1.1) (== netstandard1.6)
      System.Threading.Tasks (>= 4.3) - restriction: || (== netcoreapp1.1) (== netstandard1.6)
    System.IO.FileSystem.Primitives (4.3) - restriction: || (&& (== net46) (< net20)) (&& (== net46) (>= netcoreapp1.0)) (&& (== net46) (>= netstandard1.5) (>= uap10.0)) (== netcoreapp1.1) (== netstandard1.6)
      System.Runtime (>= 4.3) - restriction: || (== netcoreapp1.1) (== netstandard1.6)
    System.Linq (4.3) - restriction: || (&& (== net46) (< net20)) (&& (== net46) (>= netcoreapp1.0)) (&& (== net46) (>= netstandard1.5) (>= uap10.0)) (== netcoreapp1.1) (== netstandard1.6)
      System.Collections (>= 4.3) - restriction: || (&& (== net46) (< net45)) (&& (== net46) (< portable-net45+win8+wp8+wpa81)) (== netcoreapp1.1) (== netstandard1.6)
      System.Diagnostics.Debug (>= 4.3) - restriction: || (&& (== net46) (< net45) (>= netstandard1.6)) (&& (== net46) (< portable-net45+win8+wp8+wpa81)) (== netcoreapp1.1) (== netstandard1.6)
      System.Resources.ResourceManager (>= 4.3) - restriction: || (&& (== net46) (< net45) (>= netstandard1.6)) (&& (== net46) (< portable-net45+win8+wp8+wpa81)) (== netcoreapp1.1) (== netstandard1.6)
      System.Runtime (>= 4.3) - restriction: || (&& (== net46) (< net45)) (&& (== net46) (< portable-net45+win8+wp8+wpa81)) (== netcoreapp1.1) (== netstandard1.6)
      System.Runtime.Extensions (>= 4.3) - restriction: || (&& (== net46) (< net45) (>= netstandard1.6)) (&& (== net46) (< portable-net45+win8+wp8+wpa81)) (== netcoreapp1.1) (== netstandard1.6)
    System.Linq.Expressions (4.3) - restriction: || (&& (== net46) (< net20)) (== netcoreapp1.1) (== netstandard1.6)
      System.Collections (>= 4.3) - restriction: || (&& (== net46) (< net45) (>= netstandard1.6)) (&& (== net46) (< portable-net45+win8+wp8+wpa81)) (== netcoreapp1.1) (== netstandard1.6)
      System.Diagnostics.Debug (>= 4.3) - restriction: || (&& (== net46) (< net45) (>= netstandard1.6)) (&& (== net46) (< portable-net45+win8+wp8+wpa81)) (== netcoreapp1.1) (== netstandard1.6)
      System.Globalization (>= 4.3) - restriction: || (&& (== net46) (< net45) (>= netstandard1.6)) (&& (== net46) (< portable-net45+win8+wp8+wpa81)) (== netcoreapp1.1) (== netstandard1.6)
      System.IO (>= 4.3) - restriction: || (&& (== net46) (< net45) (>= netstandard1.6)) (&& (== net46) (< portable-net45+win8+wp8+wpa81)) (== netcoreapp1.1) (== netstandard1.6)
      System.Linq (>= 4.3) - restriction: || (&& (== net46) (< net45) (>= netstandard1.6)) (&& (== net46) (< portable-net45+win8+wp8+wpa81)) (== netcoreapp1.1) (== netstandard1.6)
      System.ObjectModel (>= 4.3) - restriction: || (&& (== net46) (< net45) (>= netstandard1.6)) (== netcoreapp1.1) (== netstandard1.6)
      System.Reflection (>= 4.3) - restriction: || (&& (== net46) (< net45)) (&& (== net46) (< portable-net45+win8+wp8+wpa81)) (== netcoreapp1.1) (== netstandard1.6)
      System.Reflection.Emit (>= 4.3) - restriction: || (&& (== net46) (< net45) (>= netstandard1.6)) (== netcoreapp1.1) (== netstandard1.6)
      System.Reflection.Emit.ILGeneration (>= 4.3) - restriction: || (&& (== net46) (< net45) (>= netstandard1.6)) (&& (== net46) (< portable-net45+win8+wp8+wpa81)) (== netcoreapp1.1) (== netstandard1.6)
      System.Reflection.Emit.Lightweight (>= 4.3) - restriction: || (&& (== net46) (< net45) (>= netstandard1.6)) (&& (== net46) (< portable-net45+win8+wp8+wpa81)) (== netcoreapp1.1) (== netstandard1.6)
      System.Reflection.Extensions (>= 4.3) - restriction: || (&& (== net46) (< net45) (>= netstandard1.6)) (&& (== net46) (< portable-net45+win8+wp8+wpa81)) (== netcoreapp1.1) (== netstandard1.6)
      System.Reflection.Primitives (>= 4.3) - restriction: || (&& (== net46) (< net45) (>= netstandard1.6)) (&& (== net46) (< portable-net45+win8+wp8+wpa81)) (== netcoreapp1.1) (== netstandard1.6)
      System.Reflection.TypeExtensions (>= 4.3) - restriction: || (&& (== net46) (< net45) (>= netstandard1.6)) (&& (== net46) (< portable-net45+win8+wp8+wpa81)) (== netcoreapp1.1) (== netstandard1.6)
      System.Resources.ResourceManager (>= 4.3) - restriction: || (&& (== net46) (< net45) (>= netstandard1.6)) (&& (== net46) (< portable-net45+win8+wp8+wpa81)) (== netcoreapp1.1) (== netstandard1.6)
      System.Runtime (>= 4.3) - restriction: || (&& (== net46) (< net45)) (&& (== net46) (< portable-net45+win8+wp8+wpa81)) (== netcoreapp1.1) (== netstandard1.6)
      System.Runtime.Extensions (>= 4.3) - restriction: || (&& (== net46) (< net45) (>= netstandard1.6)) (&& (== net46) (< portable-net45+win8+wp8+wpa81)) (== netcoreapp1.1) (== netstandard1.6)
      System.Threading (>= 4.3) - restriction: || (&& (== net46) (< net45) (>= netstandard1.6)) (&& (== net46) (< portable-net45+win8+wp8+wpa81)) (== netcoreapp1.1) (== netstandard1.6)
    System.Net.Http (4.3.3) - restriction: || (&& (== net46) (< net20)) (== netcoreapp1.1) (== netstandard1.6)
      Microsoft.NETCore.Platforms (>= 1.1) - restriction: || (&& (== net46) (< net45)) (&& (== net46) (< portable-net45+win8+wpa81)) (== netcoreapp1.1) (== netstandard1.6)
      runtime.native.System (>= 4.3) - restriction: || (&& (== net46) (< net45) (>= netstandard1.6)) (== netcoreapp1.1) (== netstandard1.6)
      runtime.native.System.Net.Http (>= 4.3) - restriction: || (&& (== net46) (< net45) (>= netstandard1.6)) (== netcoreapp1.1) (== netstandard1.6)
      runtime.native.System.Security.Cryptography.OpenSsl (>= 4.3.2) - restriction: || (&& (== net46) (< net45) (>= netstandard1.6)) (== netcoreapp1.1) (== netstandard1.6)
      System.Collections (>= 4.3) - restriction: || (&& (== net46) (< net45)) (&& (== net46) (< portable-net45+win8+wpa81)) (== netcoreapp1.1) (== netstandard1.6)
      System.Diagnostics.Debug (>= 4.3) - restriction: || (&& (== net46) (< net45)) (&& (== net46) (< portable-net45+win8+wpa81)) (== netcoreapp1.1) (== netstandard1.6)
      System.Diagnostics.DiagnosticSource (>= 4.3) - restriction: || (&& (== net46) (< net45)) (&& (== net46) (< portable-net45+win8+wpa81)) (== netcoreapp1.1) (== netstandard1.6)
      System.Diagnostics.Tracing (>= 4.3) - restriction: || (&& (== net46) (< net45)) (&& (== net46) (< portable-net45+win8+wpa81)) (== netcoreapp1.1) (== netstandard1.6)
      System.Globalization (>= 4.3) - restriction: || (&& (== net46) (< net45)) (&& (== net46) (< portable-net45+win8+wpa81)) (== netcoreapp1.1) (== netstandard1.6)
      System.Globalization.Extensions (>= 4.3) - restriction: || (&& (== net46) (< net45) (>= netstandard1.6)) (== netcoreapp1.1) (== netstandard1.6)
      System.IO (>= 4.3) - restriction: || (&& (== net46) (< net45)) (&& (== net46) (< portable-net45+win8+wpa81)) (== netcoreapp1.1) (== netstandard1.6)
      System.IO.FileSystem (>= 4.3) - restriction: || (&& (== net46) (< net45) (>= netstandard1.6)) (== netcoreapp1.1) (== netstandard1.6)
      System.Net.Primitives (>= 4.3) - restriction: || (&& (== net46) (< net45)) (&& (== net46) (< portable-net45+win8+wpa81)) (== netcoreapp1.1) (== netstandard1.6)
      System.Resources.ResourceManager (>= 4.3) - restriction: || (&& (== net46) (< net45)) (&& (== net46) (< portable-net45+win8+wpa81)) (== netcoreapp1.1) (== netstandard1.6)
      System.Runtime (>= 4.3) - restriction: || (&& (== net46) (< net45)) (&& (== net46) (< portable-net45+win8+wpa81)) (== netcoreapp1.1) (== netstandard1.6)
      System.Runtime.Extensions (>= 4.3) - restriction: || (&& (== net46) (< net45)) (&& (== net46) (< portable-net45+win8+wpa81)) (== netcoreapp1.1) (== netstandard1.6)
      System.Runtime.Handles (>= 4.3) - restriction: || (&& (== net46) (< net45)) (== netcoreapp1.1) (== netstandard1.6)
      System.Runtime.InteropServices (>= 4.3) - restriction: || (&& (== net46) (< net45)) (&& (== net46) (< portable-net45+win8+wpa81)) (== netcoreapp1.1) (== netstandard1.6)
      System.Security.Cryptography.Algorithms (>= 4.3) - restriction: || (&& (== net46) (< net45) (>= netstandard1.6)) (== netcoreapp1.1) (== netstandard1.6)
      System.Security.Cryptography.Encoding (>= 4.3) - restriction: || (&& (== net46) (< net45)) (== netcoreapp1.1) (== netstandard1.6)
      System.Security.Cryptography.OpenSsl (>= 4.3) - restriction: || (&& (== net46) (< net45) (>= netstandard1.6)) (== netcoreapp1.1) (== netstandard1.6)
      System.Security.Cryptography.Primitives (>= 4.3) - restriction: || (&& (== net46) (< net45) (>= netstandard1.6)) (== netcoreapp1.1) (== netstandard1.6)
      System.Security.Cryptography.X509Certificates (>= 4.3)
      System.Text.Encoding (>= 4.3) - restriction: || (&& (== net46) (< net45)) (&& (== net46) (< portable-net45+win8+wpa81)) (== netcoreapp1.1) (== netstandard1.6)
      System.Threading (>= 4.3) - restriction: || (&& (== net46) (< net45)) (&& (== net46) (< portable-net45+win8+wpa81)) (== netcoreapp1.1) (== netstandard1.6)
      System.Threading.Tasks (>= 4.3) - restriction: || (&& (== net46) (< net45)) (&& (== net46) (< portable-net45+win8+wpa81)) (== netcoreapp1.1) (== netstandard1.6)
    System.Net.Primitives (4.3) - restriction: || (&& (== net46) (< net20)) (== netcoreapp1.1) (== netstandard1.6)
      Microsoft.NETCore.Platforms (>= 1.1) - restriction: || (&& (== net46) (< net45)) (&& (== net46) (< netstandard1.1)) (&& (== net46) (< portable-net45+win8+wp8+wpa81)) (== netcoreapp1.1) (== netstandard1.6)
      Microsoft.NETCore.Targets (>= 1.1) - restriction: || (&& (== net46) (< net45)) (&& (== net46) (< netstandard1.1)) (&& (== net46) (< portable-net45+win8+wp8+wpa81)) (== netcoreapp1.1) (== netstandard1.6)
      System.Runtime (>= 4.3) - restriction: || (&& (== net46) (< net45)) (&& (== net46) (< netstandard1.1)) (&& (== net46) (< portable-net45+win8+wp8+wpa81)) (== netcoreapp1.1) (== netstandard1.6)
      System.Runtime.Handles (>= 4.3) - restriction: || (&& (== net46) (< net45)) (&& (== net46) (< portable-net45+win8+wp8+wpa81)) (== netcoreapp1.1) (== netstandard1.6)
    System.Net.Sockets (4.3) - restriction: || (&& (== net46) (< net20)) (== netcoreapp1.1) (== netstandard1.6)
      Microsoft.NETCore.Platforms (>= 1.1) - restriction: || (== netcoreapp1.1) (== netstandard1.6)
      Microsoft.NETCore.Targets (>= 1.1) - restriction: || (== netcoreapp1.1) (== netstandard1.6)
      System.IO (>= 4.3) - restriction: || (== netcoreapp1.1) (== netstandard1.6)
      System.Net.Primitives (>= 4.3) - restriction: || (== netcoreapp1.1) (== netstandard1.6)
      System.Runtime (>= 4.3) - restriction: || (== netcoreapp1.1) (== netstandard1.6)
      System.Threading.Tasks (>= 4.3) - restriction: || (== netcoreapp1.1) (== netstandard1.6)
    System.ObjectModel (4.3) - restriction: || (&& (== net46) (< net20)) (== netcoreapp1.1) (== netstandard1.6)
      System.Collections (>= 4.3) - restriction: || (&& (== net46) (< net45)) (&& (== net46) (< portable-net45+win8+wp8+wpa81)) (== netcoreapp1.1) (== netstandard1.6)
      System.Diagnostics.Debug (>= 4.3) - restriction: || (&& (== net46) (< net45)) (&& (== net46) (< portable-net45+win8+wp8+wpa81)) (== netcoreapp1.1) (== netstandard1.6)
      System.Resources.ResourceManager (>= 4.3) - restriction: || (&& (== net46) (< net45)) (&& (== net46) (< portable-net45+win8+wp8+wpa81)) (== netcoreapp1.1) (== netstandard1.6)
      System.Runtime (>= 4.3) - restriction: || (&& (== net46) (< net45)) (&& (== net46) (< portable-net45+win8+wp8+wpa81)) (== netcoreapp1.1) (== netstandard1.6)
      System.Threading (>= 4.3) - restriction: || (&& (== net46) (< net45)) (&& (== net46) (< portable-net45+win8+wp8+wpa81)) (== netcoreapp1.1) (== netstandard1.6)
    System.Private.DataContractSerialization (4.3) - restriction: || (&& (== net46) (>= netcoreapp1.0)) (&& (== net46) (>= netstandard1.5) (>= uap10.0)) (== netcoreapp1.1) (&& (== netstandard1.6) (>= netcoreapp1.0)) (&& (== netstandard1.6) (>= uap10.0))
      System.Collections (>= 4.3) - restriction: || (&& (== net46) (< netstandard1.3)) (== netcoreapp1.1) (== netstandard1.6)
      System.Collections.Concurrent (>= 4.3) - restriction: || (&& (== net46) (< netstandard1.3)) (== netcoreapp1.1) (== netstandard1.6)
      System.Diagnostics.Debug (>= 4.3) - restriction: || (&& (== net46) (< netstandard1.3)) (== netcoreapp1.1) (== netstandard1.6)
      System.Globalization (>= 4.3) - restriction: || (&& (== net46) (< netstandard1.3)) (== netcoreapp1.1) (== netstandard1.6)
      System.IO (>= 4.3) - restriction: || (&& (== net46) (< netstandard1.3)) (== netcoreapp1.1) (== netstandard1.6)
      System.Linq (>= 4.3) - restriction: || (&& (== net46) (< netstandard1.3)) (== netcoreapp1.1) (== netstandard1.6)
      System.Reflection (>= 4.3) - restriction: || (&& (== net46) (< netstandard1.3)) (== netcoreapp1.1) (== netstandard1.6)
      System.Reflection.Emit.ILGeneration (>= 4.3) - restriction: || (== netcoreapp1.1) (== netstandard1.6)
      System.Reflection.Emit.Lightweight (>= 4.3) - restriction: || (== netcoreapp1.1) (== netstandard1.6)
      System.Reflection.Extensions (>= 4.3) - restriction: || (&& (== net46) (< netstandard1.3)) (== netcoreapp1.1) (== netstandard1.6)
      System.Reflection.Primitives (>= 4.3) - restriction: || (&& (== net46) (< netstandard1.3)) (== netcoreapp1.1) (== netstandard1.6)
      System.Reflection.TypeExtensions (>= 4.3)
      System.Resources.ResourceManager (>= 4.3) - restriction: || (&& (== net46) (< netstandard1.3)) (== netcoreapp1.1) (== netstandard1.6)
      System.Runtime (>= 4.3) - restriction: || (&& (== net46) (< netstandard1.3)) (== netcoreapp1.1) (== netstandard1.6)
      System.Runtime.Extensions (>= 4.3) - restriction: || (&& (== net46) (< netstandard1.3)) (== netcoreapp1.1) (== netstandard1.6)
      System.Runtime.Serialization.Primitives (>= 4.3)
      System.Text.Encoding (>= 4.3) - restriction: || (&& (== net46) (< netstandard1.3)) (== netcoreapp1.1) (== netstandard1.6)
      System.Text.Encoding.Extensions (>= 4.3) - restriction: || (&& (== net46) (< netstandard1.3)) (== netcoreapp1.1) (== netstandard1.6)
      System.Text.RegularExpressions (>= 4.3) - restriction: || (&& (== net46) (< netstandard1.3)) (== netcoreapp1.1) (== netstandard1.6)
      System.Threading (>= 4.3) - restriction: || (&& (== net46) (< netstandard1.3)) (== netcoreapp1.1) (== netstandard1.6)
      System.Threading.Tasks (>= 4.3) - restriction: || (&& (== net46) (< netstandard1.3)) (== netcoreapp1.1) (== netstandard1.6)
      System.Xml.ReaderWriter (>= 4.3) - restriction: || (&& (== net46) (< netstandard1.3)) (== netcoreapp1.1) (== netstandard1.6)
      System.Xml.XDocument (>= 4.3) - restriction: || (&& (== net46) (< netstandard1.3)) (== netcoreapp1.1) (== netstandard1.6)
      System.Xml.XmlDocument (>= 4.3)
      System.Xml.XmlSerializer (>= 4.3) - restriction: || (&& (== net46) (< netstandard1.3)) (== netcoreapp1.1) (== netstandard1.6)
    System.Reflection (4.3) - restriction: || (&& (== net46) (< net20)) (&& (== net46) (>= netcoreapp1.0)) (&& (== net46) (>= netstandard1.5) (>= uap10.0)) (== netcoreapp1.1) (== netstandard1.6)
      Microsoft.NETCore.Platforms (>= 1.1) - restriction: || (&& (== net46) (< net45)) (&& (== net46) (< portable-net45+win8+wp8+wpa81)) (== netcoreapp1.1) (== netstandard1.6)
      Microsoft.NETCore.Targets (>= 1.1) - restriction: || (&& (== net46) (< net45)) (&& (== net46) (< portable-net45+win8+wp8+wpa81)) (== netcoreapp1.1) (== netstandard1.6)
      System.IO (>= 4.3) - restriction: || (&& (== net46) (< net45)) (&& (== net46) (< portable-net45+win8+wp8+wpa81)) (== netcoreapp1.1) (== netstandard1.6)
      System.Reflection.Primitives (>= 4.3) - restriction: || (&& (== net46) (< net45)) (&& (== net46) (< portable-net45+win8+wp8+wpa81)) (== netcoreapp1.1) (== netstandard1.6)
      System.Runtime (>= 4.3) - restriction: || (&& (== net46) (< net45)) (&& (== net46) (< portable-net45+win8+wp8+wpa81)) (== netcoreapp1.1) (== netstandard1.6)
    System.Reflection.Emit (4.3) - restriction: || (&& (== net46) (< net20)) (&& (== net46) (>= netcoreapp1.0)) (&& (== net46) (>= netstandard1.5) (>= uap10.0)) (== netcoreapp1.1) (== netstandard1.6)
      System.IO (>= 4.3) - restriction: || (&& (== net46) (< net45)) (== netcoreapp1.1) (== netstandard1.6)
      System.Reflection (>= 4.3) - restriction: || (&& (== net46) (< net45)) (== netcoreapp1.1) (== netstandard1.6)
      System.Reflection.Emit.ILGeneration (>= 4.3) - restriction: || (&& (== net46) (< net45)) (== netcoreapp1.1) (== netstandard1.6)
      System.Reflection.Primitives (>= 4.3) - restriction: || (&& (== net46) (< net45)) (== netcoreapp1.1) (== netstandard1.6)
      System.Runtime (>= 4.3) - restriction: || (&& (== net46) (< net45)) (== netcoreapp1.1) (== netstandard1.6)
    System.Reflection.Emit.ILGeneration (4.3) - restriction: || (&& (== net46) (< net20)) (&& (== net46) (>= netcoreapp1.0)) (&& (== net46) (>= netstandard1.5) (>= uap10.0)) (== netcoreapp1.1) (== netstandard1.6)
      System.Reflection (>= 4.3) - restriction: || (&& (== net46) (< net45)) (== netcoreapp1.1) (== netstandard1.6)
      System.Reflection.Primitives (>= 4.3) - restriction: || (&& (== net46) (< net45)) (== netcoreapp1.1) (== netstandard1.6)
      System.Runtime (>= 4.3) - restriction: || (&& (== net46) (< net45)) (== netcoreapp1.1) (== netstandard1.6)
    System.Reflection.Emit.Lightweight (4.3) - restriction: || (&& (== net46) (< net20) (>= netstandard1.6)) (&& (== net46) (< net20) (< portable-net45+win8+wp8+wpa81)) (&& (== net46) (>= netcoreapp1.0)) (&& (== net46) (>= netstandard1.5) (>= uap10.0)) (== netcoreapp1.1) (== netstandard1.6)
      System.Reflection (>= 4.3) - restriction: || (&& (== net46) (< net45)) (== netcoreapp1.1) (== netstandard1.6)
      System.Reflection.Emit.ILGeneration (>= 4.3) - restriction: || (&& (== net46) (< net45)) (== netcoreapp1.1) (== netstandard1.6)
      System.Reflection.Primitives (>= 4.3) - restriction: || (&& (== net46) (< net45)) (== netcoreapp1.1) (== netstandard1.6)
      System.Runtime (>= 4.3) - restriction: || (&& (== net46) (< net45)) (== netcoreapp1.1) (== netstandard1.6)
    System.Reflection.Extensions (4.3) - restriction: || (&& (== net46) (< net20)) (&& (== net46) (>= netcoreapp1.0)) (&& (== net46) (>= netstandard1.5) (>= uap10.0)) (== netcoreapp1.1) (== netstandard1.6)
      Microsoft.NETCore.Platforms (>= 1.1) - restriction: || (&& (== net46) (< net45)) (&& (== net46) (< portable-net45+win8+wp8+wpa81)) (== netcoreapp1.1) (== netstandard1.6)
      Microsoft.NETCore.Targets (>= 1.1) - restriction: || (&& (== net46) (< net45)) (&& (== net46) (< portable-net45+win8+wp8+wpa81)) (== netcoreapp1.1) (== netstandard1.6)
      System.Reflection (>= 4.3) - restriction: || (&& (== net46) (< net45)) (&& (== net46) (< portable-net45+win8+wp8+wpa81)) (== netcoreapp1.1) (== netstandard1.6)
      System.Runtime (>= 4.3) - restriction: || (&& (== net46) (< net45)) (&& (== net46) (< portable-net45+win8+wp8+wpa81)) (== netcoreapp1.1) (== netstandard1.6)
    System.Reflection.Metadata (1.5) - restriction: || (&& (== net46) (>= netcoreapp1.0)) (&& (== net46) (>= uap10.0)) (== netcoreapp1.1) (&& (== netstandard1.6) (>= netcoreapp1.0)) (&& (== netstandard1.6) (>= uap10.0))
      NETStandard.Library (>= 1.6.1)
      System.Collections.Immutable (>= 1.4)
    System.Reflection.Primitives (4.3) - restriction: || (&& (== net46) (< net20)) (&& (== net46) (>= netcoreapp1.0)) (&& (== net46) (>= netstandard1.5) (>= uap10.0)) (== netcoreapp1.1) (== netstandard1.6)
      Microsoft.NETCore.Platforms (>= 1.1) - restriction: || (&& (== net46) (< net45)) (&& (== net46) (< portable-net45+win8+wp8+wpa81)) (== netcoreapp1.1) (== netstandard1.6)
      Microsoft.NETCore.Targets (>= 1.1) - restriction: || (&& (== net46) (< net45)) (&& (== net46) (< portable-net45+win8+wp8+wpa81)) (== netcoreapp1.1) (== netstandard1.6)
      System.Runtime (>= 4.3) - restriction: || (&& (== net46) (< net45)) (&& (== net46) (< portable-net45+win8+wp8+wpa81)) (== netcoreapp1.1) (== netstandard1.6)
    System.Reflection.TypeExtensions (4.4) - restriction: || (&& (== net46) (< net20)) (&& (== net46) (>= netcoreapp1.0)) (&& (== net46) (>= netstandard1.5) (>= uap10.0)) (== netcoreapp1.1) (== netstandard1.6)
      System.Reflection (>= 4.3) - restriction: || (&& (== net46) (< netstandard1.3)) (== netcoreapp1.1) (== netstandard1.6)
      System.Resources.ResourceManager (>= 4.3) - restriction: || (&& (== net46) (< netstandard1.3)) (== netcoreapp1.1) (== netstandard1.6)
      System.Runtime (>= 4.3) - restriction: || (&& (== net46) (< netstandard1.3)) (== netcoreapp1.1) (== netstandard1.6)
    System.Resources.ResourceManager (4.3) - restriction: || (&& (== net46) (< net20)) (&& (== net46) (>= netcoreapp1.0)) (&& (== net46) (>= netstandard1.5) (>= uap10.0)) (== netcoreapp1.1) (== netstandard1.6)
      Microsoft.NETCore.Platforms (>= 1.1) - restriction: || (&& (== net46) (< net45)) (&& (== net46) (< portable-net45+win8+wp8+wpa81)) (== netcoreapp1.1) (== netstandard1.6)
      Microsoft.NETCore.Targets (>= 1.1) - restriction: || (&& (== net46) (< net45)) (&& (== net46) (< portable-net45+win8+wp8+wpa81)) (== netcoreapp1.1) (== netstandard1.6)
      System.Globalization (>= 4.3) - restriction: || (&& (== net46) (< net45)) (&& (== net46) (< portable-net45+win8+wp8+wpa81)) (== netcoreapp1.1) (== netstandard1.6)
      System.Reflection (>= 4.3) - restriction: || (&& (== net46) (< net45)) (&& (== net46) (< portable-net45+win8+wp8+wpa81)) (== netcoreapp1.1) (== netstandard1.6)
      System.Runtime (>= 4.3) - restriction: || (&& (== net46) (< net45)) (&& (== net46) (< portable-net45+win8+wp8+wpa81)) (== netcoreapp1.1) (== netstandard1.6)
    System.Runtime (4.3) - restriction: || (&& (== net46) (< net20)) (&& (== net46) (>= netcoreapp1.0)) (&& (== net46) (>= netstandard1.5) (>= uap10.0)) (== netcoreapp1.1) (== netstandard1.6)
      Microsoft.NETCore.Platforms (>= 1.1) - restriction: || (&& (== net46) (< net45)) (&& (== net46) (< portable-net45+win8+wp8+wpa81)) (== netcoreapp1.1) (== netstandard1.6)
      Microsoft.NETCore.Targets (>= 1.1) - restriction: || (&& (== net46) (< net45)) (&& (== net46) (< portable-net45+win8+wp8+wpa81)) (== netcoreapp1.1) (== netstandard1.6)
    System.Runtime.Extensions (4.3) - restriction: || (&& (== net46) (< net20)) (&& (== net46) (>= netcoreapp1.0)) (&& (== net46) (>= netstandard1.5) (>= uap10.0)) (== netcoreapp1.1) (== netstandard1.6)
      Microsoft.NETCore.Platforms (>= 1.1) - restriction: || (&& (== net46) (< net45)) (&& (== net46) (< portable-net45+win8+wp8+wpa81)) (== netcoreapp1.1) (== netstandard1.6)
      Microsoft.NETCore.Targets (>= 1.1) - restriction: || (&& (== net46) (< net45)) (&& (== net46) (< portable-net45+win8+wp8+wpa81)) (== netcoreapp1.1) (== netstandard1.6)
      System.Runtime (>= 4.3) - restriction: || (&& (== net46) (< net45)) (&& (== net46) (< portable-net45+win8+wp8+wpa81)) (== netcoreapp1.1) (== netstandard1.6)
    System.Runtime.Handles (4.3) - restriction: || (&& (== net46) (< net20)) (&& (== net46) (>= netcoreapp1.0)) (&& (== net46) (>= netcoreapp1.1)) (&& (== net46) (>= netstandard1.5) (>= uap10.0)) (== netcoreapp1.1) (== netstandard1.6)
      Microsoft.NETCore.Platforms (>= 1.1) - restriction: || (== netcoreapp1.1) (== netstandard1.6)
      Microsoft.NETCore.Targets (>= 1.1) - restriction: || (== netcoreapp1.1) (== netstandard1.6)
      System.Runtime (>= 4.3) - restriction: || (== netcoreapp1.1) (== netstandard1.6)
    System.Runtime.InteropServices (4.3) - restriction: || (&& (== net46) (< net20)) (&& (== net46) (>= netcoreapp1.0)) (&& (== net46) (>= netstandard1.5) (>= uap10.0)) (== netcoreapp1.1) (== netstandard1.6)
      Microsoft.NETCore.Platforms (>= 1.1) - restriction: || (&& (== net46) (< net45)) (&& (== net46) (>= netcoreapp1.1)) (&& (== net46) (< portable-net45+win8+wpa81)) (== netcoreapp1.1) (== netstandard1.6)
      Microsoft.NETCore.Targets (>= 1.1) - restriction: || (&& (== net46) (< net45)) (&& (== net46) (>= netcoreapp1.1)) (&& (== net46) (< portable-net45+win8+wpa81)) (== netcoreapp1.1) (== netstandard1.6)
      System.Reflection (>= 4.3) - restriction: || (&& (== net46) (< net45)) (&& (== net46) (>= netcoreapp1.1)) (&& (== net46) (< portable-net45+win8+wpa81)) (== netcoreapp1.1) (== netstandard1.6)
      System.Reflection.Primitives (>= 4.3) - restriction: || (&& (== net46) (< net45)) (&& (== net46) (>= netcoreapp1.1)) (&& (== net46) (< portable-net45+win8+wpa81)) (== netcoreapp1.1) (== netstandard1.6)
      System.Runtime (>= 4.3) - restriction: || (&& (== net46) (< net45)) (&& (== net46) (>= net462)) (&& (== net46) (>= netcoreapp1.1)) (&& (== net46) (< portable-net45+win8+wpa81)) (== netcoreapp1.1) (== netstandard1.6)
      System.Runtime.Handles (>= 4.3) - restriction: || (&& (== net46) (< net45)) (&& (== net46) (>= netcoreapp1.1)) (&& (== net46) (< portable-net45+win8+wpa81)) (== netcoreapp1.1) (== netstandard1.6)
    System.Runtime.InteropServices.RuntimeInformation (4.3) - restriction: || (&& (== net46) (< net20)) (&& (== net46) (>= netcoreapp1.0)) (&& (== net46) (>= uap10.0)) (== netcoreapp1.1) (== netstandard1.6)
      runtime.native.System (>= 4.3) - restriction: || (&& (== net46) (< net45)) (== netcoreapp1.1) (== netstandard1.6)
      System.Reflection (>= 4.3) - restriction: || (&& (== net46) (< net45)) (&& (== net46) (< netstandard1.1)) (== netcoreapp1.1) (== netstandard1.6)
      System.Reflection.Extensions (>= 4.3) - restriction: || (&& (== net46) (< net45)) (&& (== net46) (< netstandard1.1)) (== netcoreapp1.1) (== netstandard1.6)
      System.Resources.ResourceManager (>= 4.3) - restriction: || (&& (== net46) (< net45)) (&& (== net46) (< netstandard1.1)) (== netcoreapp1.1) (== netstandard1.6)
      System.Runtime (>= 4.3) - restriction: || (&& (== net46) (< net45)) (&& (== net46) (< netstandard1.1)) (== netcoreapp1.1) (== netstandard1.6)
      System.Runtime.InteropServices (>= 4.3) - restriction: || (&& (== net46) (< net45)) (== netcoreapp1.1) (== netstandard1.6)
      System.Threading (>= 4.3) - restriction: || (&& (== net46) (< net45)) (&& (== net46) (< netstandard1.1)) (== netcoreapp1.1) (== netstandard1.6)
    System.Runtime.Loader (4.3) - restriction: || (&& (== net46) (>= netcoreapp1.0)) (&& (== net46) (>= netstandard1.5) (>= uap10.0)) (== netcoreapp1.1) (&& (== netstandard1.6) (>= netcoreapp1.0)) (&& (== netstandard1.6) (>= uap10.0))
      System.IO (>= 4.3) - restriction: || (&& (== net46) (>= netstandard1.5)) (== netcoreapp1.1) (== netstandard1.6)
      System.Reflection (>= 4.3) - restriction: || (&& (== net46) (>= netstandard1.5)) (== netcoreapp1.1) (== netstandard1.6)
      System.Runtime (>= 4.3) - restriction: || (&& (== net46) (>= netstandard1.5)) (== netcoreapp1.1) (== netstandard1.6)
    System.Runtime.Numerics (4.3) - restriction: || (&& (== net46) (< net20)) (== netcoreapp1.1) (== netstandard1.6)
      System.Globalization (>= 4.3) - restriction: || (&& (== net46) (< net45)) (&& (== net46) (< portable-net45+win8+wpa81)) (== netcoreapp1.1) (== netstandard1.6)
      System.Resources.ResourceManager (>= 4.3) - restriction: || (&& (== net46) (< net45)) (&& (== net46) (< portable-net45+win8+wpa81)) (== netcoreapp1.1) (== netstandard1.6)
      System.Runtime (>= 4.3) - restriction: || (&& (== net46) (< net45)) (&& (== net46) (< portable-net45+win8+wpa81)) (== netcoreapp1.1) (== netstandard1.6)
      System.Runtime.Extensions (>= 4.3) - restriction: || (&& (== net46) (< net45)) (&& (== net46) (< portable-net45+win8+wpa81)) (== netcoreapp1.1) (== netstandard1.6)
    System.Runtime.Serialization.Formatters (4.3) - restriction: || (&& (== net46) (< net20)) (== netcoreapp1.1) (== netstandard1.6)
      System.Collections (>= 4.3) - restriction: || (== netcoreapp1.1) (== netstandard1.6)
      System.Reflection (>= 4.3) - restriction: || (== netcoreapp1.1) (== netstandard1.6)
      System.Resources.ResourceManager (>= 4.3) - restriction: || (== netcoreapp1.1) (== netstandard1.6)
      System.Runtime (>= 4.3) - restriction: || (== netcoreapp1.1) (== netstandard1.6)
      System.Runtime.Serialization.Primitives (>= 4.3)
    System.Runtime.Serialization.Json (4.3) - restriction: || (&& (== net46) (>= netcoreapp1.0)) (&& (== net46) (>= netstandard1.5) (>= uap10.0)) (== netcoreapp1.1) (&& (== netstandard1.6) (>= netcoreapp1.0)) (&& (== netstandard1.6) (>= uap10.0))
      System.IO (>= 4.3) - restriction: || (&& (== net46) (< net45)) (&& (== net46) (< portable-net45+win8+wp8+wpa81)) (== netcoreapp1.1) (== netstandard1.6)
      System.Private.DataContractSerialization (>= 4.3) - restriction: || (&& (== net46) (< net45)) (&& (== net46) (< portable-net45+win8+wp8+wpa81)) (== netcoreapp1.1) (== netstandard1.6)
      System.Runtime (>= 4.3) - restriction: || (&& (== net46) (< net45)) (&& (== net46) (< portable-net45+win8+wp8+wpa81)) (== netcoreapp1.1) (== netstandard1.6)
    System.Runtime.Serialization.Primitives (4.3) - restriction: || (&& (== net46) (< net20)) (&& (== net46) (>= netcoreapp1.0)) (&& (== net46) (>= netstandard1.5) (>= uap10.0)) (== netcoreapp1.1) (== netstandard1.6)
      System.Resources.ResourceManager (>= 4.3) - restriction: || (&& (== net46) (< net45)) (&& (== net46) (< portable-net45+win8+wp8+wpa81)) (== netcoreapp1.1) (== netstandard1.6)
      System.Runtime (>= 4.3) - restriction: || (&& (== net46) (< net45)) (&& (== net46) (< portable-net45+win8+wp8+wpa81)) (== netcoreapp1.1) (== netstandard1.6)
    System.Security.Cryptography.Algorithms (4.3.1) - restriction: || (&& (== net46) (< net20)) (== netcoreapp1.1) (== netstandard1.6)
      Microsoft.NETCore.Platforms (>= 1.1) - restriction: || (&& (== net46) (< netstandard1.3)) (== netcoreapp1.1) (== netstandard1.6)
      runtime.native.System.Security.Cryptography.Apple (>= 4.3.1) - restriction: || (== netcoreapp1.1) (== netstandard1.6)
      runtime.native.System.Security.Cryptography.OpenSsl (>= 4.3.2) - restriction: || (== netcoreapp1.1) (== netstandard1.6)
      System.Collections (>= 4.3) - restriction: || (== netcoreapp1.1) (== netstandard1.6)
      System.IO (>= 4.3) - restriction: || (&& (== net46) (>= net463)) (&& (== net46) (< netstandard1.3)) (== netcoreapp1.1) (== netstandard1.6)
      System.Resources.ResourceManager (>= 4.3) - restriction: || (&& (== net46) (< netstandard1.3)) (== netcoreapp1.1) (== netstandard1.6)
      System.Runtime (>= 4.3) - restriction: || (&& (== net46) (>= net463)) (&& (== net46) (< netstandard1.3)) (== netcoreapp1.1) (== netstandard1.6)
      System.Runtime.Extensions (>= 4.3) - restriction: || (&& (== net46) (< netstandard1.3)) (== netcoreapp1.1) (== netstandard1.6)
      System.Runtime.Handles (>= 4.3) - restriction: || (&& (== net46) (< netstandard1.3)) (== netcoreapp1.1) (== netstandard1.6)
      System.Runtime.InteropServices (>= 4.3) - restriction: || (&& (== net46) (< netstandard1.3)) (== netcoreapp1.1) (== netstandard1.6)
      System.Runtime.Numerics (>= 4.3) - restriction: || (== netcoreapp1.1) (== netstandard1.6)
      System.Security.Cryptography.Encoding (>= 4.3) - restriction: || (&& (== net46) (>= net463)) (&& (== net46) (< netstandard1.3)) (== netcoreapp1.1) (== netstandard1.6)
      System.Security.Cryptography.Primitives (>= 4.3)
      System.Text.Encoding (>= 4.3) - restriction: || (&& (== net46) (< netstandard1.3)) (== netcoreapp1.1) (== netstandard1.6)
    System.Security.Cryptography.Cng (4.3) - restriction: || (&& (== net46) (< net20) (< netstandard1.3)) (&& (== net46) (< net20) (>= netstandard1.6)) (== netcoreapp1.1) (== netstandard1.6)
      Microsoft.NETCore.Platforms (>= 1.1) - restriction: || (== netcoreapp1.1) (== netstandard1.6)
      System.IO (>= 4.3) - restriction: || (== netcoreapp1.1) (== netstandard1.6)
      System.Resources.ResourceManager (>= 4.3) - restriction: || (== netcoreapp1.1) (== netstandard1.6)
      System.Runtime (>= 4.3) - restriction: || (== netcoreapp1.1) (== netstandard1.6)
      System.Runtime.Extensions (>= 4.3) - restriction: || (== netcoreapp1.1) (== netstandard1.6)
      System.Runtime.Handles (>= 4.3) - restriction: || (== netcoreapp1.1) (== netstandard1.6)
      System.Runtime.InteropServices (>= 4.3) - restriction: || (== netcoreapp1.1) (== netstandard1.6)
      System.Security.Cryptography.Algorithms (>= 4.3)
      System.Security.Cryptography.Encoding (>= 4.3) - restriction: || (== netcoreapp1.1) (== netstandard1.6)
      System.Security.Cryptography.Primitives (>= 4.3)
      System.Text.Encoding (>= 4.3) - restriction: || (== netcoreapp1.1) (== netstandard1.6)
    System.Security.Cryptography.Csp (4.3) - restriction: || (&& (== net46) (< net20) (>= netstandard1.6)) (== netcoreapp1.1) (== netstandard1.6)
      Microsoft.NETCore.Platforms (>= 1.1) - restriction: || (== netcoreapp1.1) (== netstandard1.6)
      System.IO (>= 4.3) - restriction: || (== netcoreapp1.1) (== netstandard1.6)
      System.Reflection (>= 4.3) - restriction: || (== netcoreapp1.1) (== netstandard1.6)
      System.Resources.ResourceManager (>= 4.3) - restriction: || (== netcoreapp1.1) (== netstandard1.6)
      System.Runtime (>= 4.3) - restriction: || (== netcoreapp1.1) (== netstandard1.6)
      System.Runtime.Extensions (>= 4.3) - restriction: || (== netcoreapp1.1) (== netstandard1.6)
      System.Runtime.Handles (>= 4.3) - restriction: || (== netcoreapp1.1) (== netstandard1.6)
      System.Runtime.InteropServices (>= 4.3) - restriction: || (== netcoreapp1.1) (== netstandard1.6)
      System.Security.Cryptography.Algorithms (>= 4.3)
      System.Security.Cryptography.Encoding (>= 4.3) - restriction: || (== netcoreapp1.1) (== netstandard1.6)
      System.Security.Cryptography.Primitives (>= 4.3)
      System.Text.Encoding (>= 4.3) - restriction: || (== netcoreapp1.1) (== netstandard1.6)
      System.Threading (>= 4.3) - restriction: || (== netcoreapp1.1) (== netstandard1.6)
    System.Security.Cryptography.Encoding (4.3) - restriction: || (&& (== net46) (< net20)) (== netcoreapp1.1) (== netstandard1.6)
      Microsoft.NETCore.Platforms (>= 1.1) - restriction: || (== netcoreapp1.1) (== netstandard1.6)
      runtime.native.System.Security.Cryptography.OpenSsl (>= 4.3) - restriction: || (== netcoreapp1.1) (== netstandard1.6)
      System.Collections (>= 4.3) - restriction: || (== netcoreapp1.1) (== netstandard1.6)
      System.Collections.Concurrent (>= 4.3) - restriction: || (== netcoreapp1.1) (== netstandard1.6)
      System.Linq (>= 4.3) - restriction: || (== netcoreapp1.1) (== netstandard1.6)
      System.Resources.ResourceManager (>= 4.3) - restriction: || (== netcoreapp1.1) (== netstandard1.6)
      System.Runtime (>= 4.3) - restriction: || (== netcoreapp1.1) (== netstandard1.6)
      System.Runtime.Extensions (>= 4.3) - restriction: || (== netcoreapp1.1) (== netstandard1.6)
      System.Runtime.Handles (>= 4.3) - restriction: || (== netcoreapp1.1) (== netstandard1.6)
      System.Runtime.InteropServices (>= 4.3) - restriction: || (== netcoreapp1.1) (== netstandard1.6)
      System.Security.Cryptography.Primitives (>= 4.3) - restriction: || (== netcoreapp1.1) (== netstandard1.6)
      System.Text.Encoding (>= 4.3) - restriction: || (== netcoreapp1.1) (== netstandard1.6)
    System.Security.Cryptography.OpenSsl (4.3.1) - restriction: || (&& (== net46) (< net20) (>= netstandard1.6)) (== netcoreapp1.1) (== netstandard1.6)
      runtime.native.System.Security.Cryptography.OpenSsl (>= 4.3.2) - restriction: || (&& (== net46) (>= monoandroid)) (&& (== net46) (>= net463)) (&& (== net46) (>= netstandard1.6)) (== netcoreapp1.1) (== netstandard1.6)
      System.Collections (>= 4.3) - restriction: || (&& (== net46) (>= netstandard1.6)) (== netcoreapp1.1) (== netstandard1.6)
      System.IO (>= 4.3) - restriction: || (&& (== net46) (>= net463)) (&& (== net46) (>= netstandard1.6)) (== netcoreapp1.1) (== netstandard1.6)
      System.Resources.ResourceManager (>= 4.3) - restriction: || (&& (== net46) (>= netstandard1.6)) (== netcoreapp1.1) (== netstandard1.6)
      System.Runtime (>= 4.3) - restriction: || (&& (== net46) (>= net463)) (&& (== net46) (>= netstandard1.6)) (== netcoreapp1.1) (== netstandard1.6)
      System.Runtime.Extensions (>= 4.3) - restriction: || (&& (== net46) (>= net463)) (&& (== net46) (>= netstandard1.6)) (== netcoreapp1.1) (== netstandard1.6)
      System.Runtime.Handles (>= 4.3) - restriction: || (&& (== net46) (>= netstandard1.6)) (== netcoreapp1.1) (== netstandard1.6)
      System.Runtime.InteropServices (>= 4.3) - restriction: || (&& (== net46) (>= netstandard1.6)) (== netcoreapp1.1) (== netstandard1.6)
      System.Runtime.Numerics (>= 4.3) - restriction: || (&& (== net46) (>= netstandard1.6)) (== netcoreapp1.1) (== netstandard1.6)
      System.Security.Cryptography.Algorithms (>= 4.3) - restriction: || (&& (== net46) (>= net463)) (&& (== net46) (>= netstandard1.6)) (== netcoreapp1.1) (== netstandard1.6)
      System.Security.Cryptography.Encoding (>= 4.3) - restriction: || (&& (== net46) (>= net463)) (&& (== net46) (>= netstandard1.6)) (== netcoreapp1.1) (== netstandard1.6)
      System.Security.Cryptography.Primitives (>= 4.3) - restriction: || (&& (== net46) (>= net463)) (&& (== net46) (>= netstandard1.6)) (== netcoreapp1.1) (== netstandard1.6)
      System.Text.Encoding (>= 4.3) - restriction: || (&& (== net46) (>= netstandard1.6)) (== netcoreapp1.1) (== netstandard1.6)
    System.Security.Cryptography.Primitives (4.3) - restriction: || (&& (== net46) (< net20)) (== netcoreapp1.1) (== netstandard1.6)
      System.Diagnostics.Debug (>= 4.3) - restriction: || (== netcoreapp1.1) (== netstandard1.6)
      System.Globalization (>= 4.3) - restriction: || (== netcoreapp1.1) (== netstandard1.6)
      System.IO (>= 4.3) - restriction: || (== netcoreapp1.1) (== netstandard1.6)
      System.Resources.ResourceManager (>= 4.3) - restriction: || (== netcoreapp1.1) (== netstandard1.6)
      System.Runtime (>= 4.3) - restriction: || (== netcoreapp1.1) (== netstandard1.6)
      System.Threading (>= 4.3) - restriction: || (== netcoreapp1.1) (== netstandard1.6)
      System.Threading.Tasks (>= 4.3) - restriction: || (== netcoreapp1.1) (== netstandard1.6)
    System.Security.Cryptography.X509Certificates (4.3.2) - restriction: || (&& (== net46) (< net20)) (== netcoreapp1.1) (== netstandard1.6)
      Microsoft.NETCore.Platforms (>= 1.1) - restriction: || (&& (== net46) (< netstandard1.3)) (== netcoreapp1.1) (== netstandard1.6)
      runtime.native.System (>= 4.3) - restriction: || (== netcoreapp1.1) (== netstandard1.6)
      runtime.native.System.Net.Http (>= 4.3) - restriction: || (== netcoreapp1.1) (== netstandard1.6)
      runtime.native.System.Security.Cryptography.OpenSsl (>= 4.3.2) - restriction: || (== netcoreapp1.1) (== netstandard1.6)
      System.Collections (>= 4.3) - restriction: || (&& (== net46) (< netstandard1.3)) (== netcoreapp1.1) (== netstandard1.6)
      System.Diagnostics.Debug (>= 4.3) - restriction: || (== netcoreapp1.1) (== netstandard1.6)
      System.Globalization (>= 4.3) - restriction: || (&& (== net46) (< netstandard1.3)) (== netcoreapp1.1) (== netstandard1.6)
      System.Globalization.Calendars (>= 4.3) - restriction: || (&& (== net46) (< netstandard1.3)) (== netcoreapp1.1) (== netstandard1.6)
      System.IO (>= 4.3) - restriction: || (&& (== net46) (< netstandard1.3)) (== netcoreapp1.1) (== netstandard1.6)
      System.IO.FileSystem (>= 4.3) - restriction: || (&& (== net46) (< netstandard1.3)) (== netcoreapp1.1) (== netstandard1.6)
      System.IO.FileSystem.Primitives (>= 4.3) - restriction: || (== netcoreapp1.1) (== netstandard1.6)
      System.Resources.ResourceManager (>= 4.3) - restriction: || (&& (== net46) (< netstandard1.3)) (== netcoreapp1.1) (== netstandard1.6)
      System.Runtime (>= 4.3) - restriction: || (&& (== net46) (< netstandard1.3)) (== netcoreapp1.1) (== netstandard1.6)
      System.Runtime.Extensions (>= 4.3) - restriction: || (&& (== net46) (< netstandard1.3)) (== netcoreapp1.1) (== netstandard1.6)
      System.Runtime.Handles (>= 4.3) - restriction: || (&& (== net46) (< netstandard1.3)) (== netcoreapp1.1) (== netstandard1.6)
      System.Runtime.InteropServices (>= 4.3) - restriction: || (&& (== net46) (< netstandard1.3)) (== netcoreapp1.1) (== netstandard1.6)
      System.Runtime.Numerics (>= 4.3) - restriction: || (&& (== net46) (< netstandard1.3)) (== netcoreapp1.1) (== netstandard1.6)
      System.Security.Cryptography.Algorithms (>= 4.3)
      System.Security.Cryptography.Cng (>= 4.3) - restriction: || (&& (== net46) (< netstandard1.3)) (== netcoreapp1.1) (== netstandard1.6)
      System.Security.Cryptography.Csp (>= 4.3) - restriction: || (== netcoreapp1.1) (== netstandard1.6)
      System.Security.Cryptography.Encoding (>= 4.3)
      System.Security.Cryptography.OpenSsl (>= 4.3) - restriction: || (== netcoreapp1.1) (== netstandard1.6)
      System.Security.Cryptography.Primitives (>= 4.3) - restriction: || (&& (== net46) (< netstandard1.3)) (== netcoreapp1.1) (== netstandard1.6)
      System.Text.Encoding (>= 4.3) - restriction: || (&& (== net46) (< netstandard1.3)) (== netcoreapp1.1) (== netstandard1.6)
      System.Threading (>= 4.3) - restriction: || (&& (== net46) (< netstandard1.3)) (== netcoreapp1.1) (== netstandard1.6)
    System.Text.Encoding (4.3) - restriction: || (&& (== net46) (< net20)) (&& (== net46) (>= netcoreapp1.0)) (&& (== net46) (>= netstandard1.5) (>= uap10.0)) (== netcoreapp1.1) (== netstandard1.6)
      Microsoft.NETCore.Platforms (>= 1.1) - restriction: || (&& (== net46) (< net45)) (&& (== net46) (< portable-net45+win8+wp8+wpa81)) (== netcoreapp1.1) (== netstandard1.6)
      Microsoft.NETCore.Targets (>= 1.1) - restriction: || (&& (== net46) (< net45)) (&& (== net46) (< portable-net45+win8+wp8+wpa81)) (== netcoreapp1.1) (== netstandard1.6)
      System.Runtime (>= 4.3) - restriction: || (&& (== net46) (< net45)) (&& (== net46) (< portable-net45+win8+wp8+wpa81)) (== netcoreapp1.1) (== netstandard1.6)
    System.Text.Encoding.Extensions (4.3) - restriction: || (&& (== net46) (< net20)) (&& (== net46) (>= netcoreapp1.0)) (&& (== net46) (>= netstandard1.5) (>= uap10.0)) (== netcoreapp1.1) (== netstandard1.6)
      Microsoft.NETCore.Platforms (>= 1.1) - restriction: || (&& (== net46) (< net45)) (&& (== net46) (< portable-net45+win8+wp8+wpa81)) (== netcoreapp1.1) (== netstandard1.6)
      Microsoft.NETCore.Targets (>= 1.1) - restriction: || (&& (== net46) (< net45)) (&& (== net46) (< portable-net45+win8+wp8+wpa81)) (== netcoreapp1.1) (== netstandard1.6)
      System.Runtime (>= 4.3) - restriction: || (&& (== net46) (< net45)) (&& (== net46) (< portable-net45+win8+wp8+wpa81)) (== netcoreapp1.1) (== netstandard1.6)
      System.Text.Encoding (>= 4.3) - restriction: || (&& (== net46) (< net45)) (&& (== net46) (< portable-net45+win8+wp8+wpa81)) (== netcoreapp1.1) (== netstandard1.6)
    System.Text.RegularExpressions (4.3) - restriction: || (&& (== net46) (< net20)) (&& (== net46) (>= netcoreapp1.0)) (&& (== net46) (>= netstandard1.5) (>= uap10.0)) (== netcoreapp1.1) (== netstandard1.6)
      System.Collections (>= 4.3) - restriction: || (&& (== net46) (< net45) (>= netstandard1.6)) (&& (== net46) (< portable-net45+win8+wp8+wpa81)) (&& (== netcoreapp1.1) (< portable-net45+win8+wp8+wpa81)) (== netstandard1.6)
      System.Globalization (>= 4.3) - restriction: || (&& (== net46) (< net45) (>= netstandard1.6)) (&& (== net46) (< portable-net45+win8+wp8+wpa81)) (&& (== netcoreapp1.1) (< portable-net45+win8+wp8+wpa81)) (== netstandard1.6)
      System.Resources.ResourceManager (>= 4.3) - restriction: || (&& (== net46) (< net45) (>= netstandard1.6)) (&& (== net46) (< portable-net45+win8+wp8+wpa81)) (&& (== netcoreapp1.1) (< portable-net45+win8+wp8+wpa81)) (== netstandard1.6)
      System.Runtime (>= 4.3) - restriction: || (&& (== net46) (< net45)) (&& (== net46) (>= netcoreapp1.1)) (&& (== net46) (< portable-net45+win8+wp8+wpa81)) (== netcoreapp1.1) (== netstandard1.6)
      System.Runtime.Extensions (>= 4.3) - restriction: || (&& (== net46) (< net45) (>= netstandard1.6)) (&& (== net46) (< portable-net45+win8+wp8+wpa81)) (&& (== netcoreapp1.1) (< portable-net45+win8+wp8+wpa81)) (== netstandard1.6)
      System.Threading (>= 4.3) - restriction: || (&& (== net46) (< net45) (>= netstandard1.6)) (&& (== net46) (< portable-net45+win8+wp8+wpa81)) (&& (== netcoreapp1.1) (< portable-net45+win8+wp8+wpa81)) (== netstandard1.6)
    System.Threading (4.3) - restriction: || (&& (== net46) (< net20)) (&& (== net46) (>= netcoreapp1.0)) (&& (== net46) (>= netstandard1.5) (>= uap10.0)) (== netcoreapp1.1) (== netstandard1.6)
      System.Runtime (>= 4.3) - restriction: || (&& (== net46) (< net45)) (&& (== net46) (< portable-net45+win8+wp8+wpa81)) (== netcoreapp1.1) (== netstandard1.6)
      System.Threading.Tasks (>= 4.3) - restriction: || (&& (== net46) (< net45)) (&& (== net46) (< portable-net45+win8+wp8+wpa81)) (== netcoreapp1.1) (== netstandard1.6)
    System.Threading.Tasks (4.3) - restriction: || (&& (== net46) (< net20)) (&& (== net46) (>= netcoreapp1.0)) (&& (== net46) (>= netstandard1.5) (>= uap10.0)) (== netcoreapp1.1) (== netstandard1.6)
      Microsoft.NETCore.Platforms (>= 1.1) - restriction: || (&& (== net46) (< net45)) (&& (== net46) (< portable-net45+win8+wp8+wpa81)) (== netcoreapp1.1) (== netstandard1.6)
      Microsoft.NETCore.Targets (>= 1.1) - restriction: || (&& (== net46) (< net45)) (&& (== net46) (< portable-net45+win8+wp8+wpa81)) (== netcoreapp1.1) (== netstandard1.6)
      System.Runtime (>= 4.3) - restriction: || (&& (== net46) (< net45)) (&& (== net46) (< portable-net45+win8+wp8+wpa81)) (== netcoreapp1.1) (== netstandard1.6)
    System.Threading.Tasks.Extensions (4.4) - restriction: || (&& (== net46) (< net20)) (== netcoreapp1.1) (== netstandard1.6)
      System.Collections (>= 4.3)
      System.Runtime (>= 4.3)
      System.Threading.Tasks (>= 4.3)
    System.Threading.Thread (4.3) - restriction: || (&& (== net46) (>= netcoreapp1.0)) (&& (== net46) (>= netstandard1.5) (>= uap10.0)) (== netcoreapp1.1) (&& (== netstandard1.6) (>= netcoreapp1.0)) (&& (== netstandard1.6) (>= uap10.0))
      System.Runtime (>= 4.3) - restriction: || (== netcoreapp1.1) (== netstandard1.6)
    System.Threading.ThreadPool (4.3) - restriction: || (&& (== net46) (>= netcoreapp1.0)) (&& (== net46) (>= netstandard1.5) (>= uap10.0)) (== netcoreapp1.1) (&& (== netstandard1.6) (>= netcoreapp1.0)) (&& (== netstandard1.6) (>= uap10.0))
      System.Runtime (>= 4.3) - restriction: || (== netcoreapp1.1) (== netstandard1.6)
      System.Runtime.Handles (>= 4.3) - restriction: || (== netcoreapp1.1) (== netstandard1.6)
    System.Threading.Timer (4.3) - restriction: || (&& (== net46) (< net20)) (== netcoreapp1.1) (== netstandard1.6)
      Microsoft.NETCore.Platforms (>= 1.1) - restriction: || (&& (== net46) (< net451)) (&& (== net46) (< portable-net451+win81+wpa81)) (== netcoreapp1.1) (== netstandard1.6)
      Microsoft.NETCore.Targets (>= 1.1) - restriction: || (&& (== net46) (< net451)) (&& (== net46) (< portable-net451+win81+wpa81)) (== netcoreapp1.1) (== netstandard1.6)
      System.Runtime (>= 4.3) - restriction: || (&& (== net46) (< net451)) (&& (== net46) (< portable-net451+win81+wpa81)) (== netcoreapp1.1) (== netstandard1.6)
    System.Xml.ReaderWriter (4.3) - restriction: || (&& (== net46) (< net20)) (&& (== net46) (>= netcoreapp1.0)) (&& (== net46) (>= netstandard1.5) (>= uap10.0)) (== netcoreapp1.1) (== netstandard1.6)
      System.Collections (>= 4.3) - restriction: || (&& (== net46) (< net45)) (&& (== net46) (< portable-net45+win8+wp8+wpa81)) (== netcoreapp1.1) (== netstandard1.6)
      System.Diagnostics.Debug (>= 4.3) - restriction: || (&& (== net46) (< net45)) (&& (== net46) (< portable-net45+win8+wp8+wpa81)) (== netcoreapp1.1) (== netstandard1.6)
      System.Globalization (>= 4.3) - restriction: || (&& (== net46) (< net45)) (&& (== net46) (< portable-net45+win8+wp8+wpa81)) (== netcoreapp1.1) (== netstandard1.6)
      System.IO (>= 4.3) - restriction: || (&& (== net46) (< net45)) (&& (== net46) (< portable-net45+win8+wp8+wpa81)) (== netcoreapp1.1) (== netstandard1.6)
      System.IO.FileSystem (>= 4.3) - restriction: || (&& (== net46) (< net45)) (&& (== net46) (< portable-net45+win8+wp8+wpa81)) (== netcoreapp1.1) (== netstandard1.6)
      System.IO.FileSystem.Primitives (>= 4.3) - restriction: || (&& (== net46) (< net45)) (&& (== net46) (< portable-net45+win8+wp8+wpa81)) (== netcoreapp1.1) (== netstandard1.6)
      System.Resources.ResourceManager (>= 4.3) - restriction: || (&& (== net46) (< net45)) (&& (== net46) (< portable-net45+win8+wp8+wpa81)) (== netcoreapp1.1) (== netstandard1.6)
      System.Runtime (>= 4.3) - restriction: || (&& (== net46) (< net45)) (&& (== net46) (< portable-net45+win8+wp8+wpa81)) (== netcoreapp1.1) (== netstandard1.6)
      System.Runtime.Extensions (>= 4.3) - restriction: || (&& (== net46) (< net45)) (&& (== net46) (< portable-net45+win8+wp8+wpa81)) (== netcoreapp1.1) (== netstandard1.6)
      System.Runtime.InteropServices (>= 4.3) - restriction: || (&& (== net46) (< net45)) (&& (== net46) (< portable-net45+win8+wp8+wpa81)) (== netcoreapp1.1) (== netstandard1.6)
      System.Text.Encoding (>= 4.3) - restriction: || (&& (== net46) (< net45)) (&& (== net46) (< portable-net45+win8+wp8+wpa81)) (== netcoreapp1.1) (== netstandard1.6)
      System.Text.Encoding.Extensions (>= 4.3) - restriction: || (&& (== net46) (< net45)) (&& (== net46) (< portable-net45+win8+wp8+wpa81)) (== netcoreapp1.1) (== netstandard1.6)
      System.Text.RegularExpressions (>= 4.3) - restriction: || (&& (== net46) (< net45)) (&& (== net46) (< portable-net45+win8+wp8+wpa81)) (== netcoreapp1.1) (== netstandard1.6)
      System.Threading.Tasks (>= 4.3) - restriction: || (&& (== net46) (< net45)) (&& (== net46) (< portable-net45+win8+wp8+wpa81)) (== netcoreapp1.1) (== netstandard1.6)
      System.Threading.Tasks.Extensions (>= 4.3) - restriction: || (&& (== net46) (< net45)) (&& (== net46) (< portable-net45+win8+wp8+wpa81)) (== netcoreapp1.1) (== netstandard1.6)
    System.Xml.XDocument (4.3) - restriction: || (&& (== net46) (< net20)) (&& (== net46) (>= netcoreapp1.0)) (&& (== net46) (>= netstandard1.5) (>= uap10.0)) (== netcoreapp1.1) (== netstandard1.6)
      System.Collections (>= 4.3) - restriction: || (&& (== net46) (< net45)) (&& (== net46) (< portable-net45+win8+wp8+wpa81)) (== netcoreapp1.1) (== netstandard1.6)
      System.Diagnostics.Debug (>= 4.3) - restriction: || (&& (== net46) (< net45)) (&& (== net46) (< portable-net45+win8+wp8+wpa81)) (== netcoreapp1.1) (== netstandard1.6)
      System.Diagnostics.Tools (>= 4.3) - restriction: || (&& (== net46) (< net45)) (&& (== net46) (< portable-net45+win8+wp8+wpa81)) (== netcoreapp1.1) (== netstandard1.6)
      System.Globalization (>= 4.3) - restriction: || (&& (== net46) (< net45)) (&& (== net46) (< portable-net45+win8+wp8+wpa81)) (== netcoreapp1.1) (== netstandard1.6)
      System.IO (>= 4.3) - restriction: || (&& (== net46) (< net45)) (&& (== net46) (< portable-net45+win8+wp8+wpa81)) (== netcoreapp1.1) (== netstandard1.6)
      System.Reflection (>= 4.3) - restriction: || (&& (== net46) (< net45)) (&& (== net46) (< portable-net45+win8+wp8+wpa81)) (== netcoreapp1.1) (== netstandard1.6)
      System.Resources.ResourceManager (>= 4.3) - restriction: || (&& (== net46) (< net45)) (&& (== net46) (< portable-net45+win8+wp8+wpa81)) (== netcoreapp1.1) (== netstandard1.6)
      System.Runtime (>= 4.3) - restriction: || (&& (== net46) (< net45)) (&& (== net46) (< portable-net45+win8+wp8+wpa81)) (== netcoreapp1.1) (== netstandard1.6)
      System.Runtime.Extensions (>= 4.3) - restriction: || (&& (== net46) (< net45)) (&& (== net46) (< portable-net45+win8+wp8+wpa81)) (== netcoreapp1.1) (== netstandard1.6)
      System.Text.Encoding (>= 4.3) - restriction: || (&& (== net46) (< net45)) (&& (== net46) (< portable-net45+win8+wp8+wpa81)) (== netcoreapp1.1) (== netstandard1.6)
      System.Threading (>= 4.3) - restriction: || (&& (== net46) (< net45)) (&& (== net46) (< portable-net45+win8+wp8+wpa81)) (== netcoreapp1.1) (== netstandard1.6)
      System.Xml.ReaderWriter (>= 4.3) - restriction: || (&& (== net46) (< net45)) (&& (== net46) (< portable-net45+win8+wp8+wpa81)) (== netcoreapp1.1) (== netstandard1.6)
    System.Xml.XmlDocument (4.3) - restriction: || (&& (== net46) (< net20)) (&& (== net46) (>= netcoreapp1.0)) (&& (== net46) (>= netstandard1.5) (>= uap10.0)) (== netcoreapp1.1) (== netstandard1.6)
      System.Collections (>= 4.3) - restriction: || (== netcoreapp1.1) (== netstandard1.6)
      System.Diagnostics.Debug (>= 4.3) - restriction: || (== netcoreapp1.1) (== netstandard1.6)
      System.Globalization (>= 4.3) - restriction: || (== netcoreapp1.1) (== netstandard1.6)
      System.IO (>= 4.3) - restriction: || (== netcoreapp1.1) (== netstandard1.6)
      System.Resources.ResourceManager (>= 4.3) - restriction: || (== netcoreapp1.1) (== netstandard1.6)
      System.Runtime (>= 4.3) - restriction: || (== netcoreapp1.1) (== netstandard1.6)
      System.Runtime.Extensions (>= 4.3) - restriction: || (== netcoreapp1.1) (== netstandard1.6)
      System.Text.Encoding (>= 4.3) - restriction: || (== netcoreapp1.1) (== netstandard1.6)
      System.Threading (>= 4.3) - restriction: || (== netcoreapp1.1) (== netstandard1.6)
      System.Xml.ReaderWriter (>= 4.3) - restriction: || (== netcoreapp1.1) (== netstandard1.6)
    System.Xml.XmlSerializer (4.3) - restriction: || (&& (== net46) (>= netcoreapp1.0)) (&& (== net46) (>= netstandard1.5) (>= uap10.0)) (== netcoreapp1.1) (&& (== netstandard1.6) (>= netcoreapp1.0)) (&& (== netstandard1.6) (>= uap10.0))
      System.Collections (>= 4.3) - restriction: || (&& (== net46) (< net45)) (&& (== net46) (< portable-net45+win8+wp8+wpa81)) (== netcoreapp1.1) (== netstandard1.6)
      System.Globalization (>= 4.3) - restriction: || (&& (== net46) (< net45)) (&& (== net46) (< portable-net45+win8+wp8+wpa81)) (== netcoreapp1.1) (== netstandard1.6)
      System.IO (>= 4.3) - restriction: || (&& (== net46) (< net45)) (&& (== net46) (< portable-net45+win8+wp8+wpa81)) (== netcoreapp1.1) (== netstandard1.6)
      System.Linq (>= 4.3) - restriction: || (&& (== net46) (< net45)) (&& (== net46) (< portable-net45+win8+wp8+wpa81)) (== netcoreapp1.1) (== netstandard1.6)
      System.Reflection (>= 4.3) - restriction: || (&& (== net46) (< net45)) (&& (== net46) (< portable-net45+win8+wp8+wpa81)) (== netcoreapp1.1) (== netstandard1.6)
      System.Reflection.Emit (>= 4.3) - restriction: || (&& (== net46) (< net45)) (&& (== net46) (< portable-net45+win8+wp8+wpa81)) (== netcoreapp1.1) (== netstandard1.6)
      System.Reflection.Emit.ILGeneration (>= 4.3) - restriction: || (&& (== net46) (< net45)) (&& (== net46) (< portable-net45+win8+wp8+wpa81)) (== netcoreapp1.1) (== netstandard1.6)
      System.Reflection.Extensions (>= 4.3) - restriction: || (&& (== net46) (< net45)) (&& (== net46) (< portable-net45+win8+wp8+wpa81)) (== netcoreapp1.1) (== netstandard1.6)
      System.Reflection.Primitives (>= 4.3) - restriction: || (&& (== net46) (< net45)) (&& (== net46) (< portable-net45+win8+wp8+wpa81)) (== netcoreapp1.1) (== netstandard1.6)
      System.Reflection.TypeExtensions (>= 4.3) - restriction: || (&& (== net46) (< net45)) (&& (== net46) (< portable-net45+win8+wp8+wpa81)) (== netcoreapp1.1) (== netstandard1.6)
      System.Resources.ResourceManager (>= 4.3) - restriction: || (&& (== net46) (< net45)) (&& (== net46) (< portable-net45+win8+wp8+wpa81)) (== netcoreapp1.1) (== netstandard1.6)
      System.Runtime (>= 4.3) - restriction: || (&& (== net46) (< net45)) (&& (== net46) (< portable-net45+win8+wp8+wpa81)) (== netcoreapp1.1) (== netstandard1.6)
      System.Runtime.Extensions (>= 4.3) - restriction: || (&& (== net46) (< net45)) (&& (== net46) (< portable-net45+win8+wp8+wpa81)) (== netcoreapp1.1) (== netstandard1.6)
      System.Text.RegularExpressions (>= 4.3) - restriction: || (&& (== net46) (< net45)) (&& (== net46) (< portable-net45+win8+wp8+wpa81)) (== netcoreapp1.1) (== netstandard1.6)
      System.Threading (>= 4.3) - restriction: || (&& (== net46) (< net45)) (&& (== net46) (< portable-net45+win8+wp8+wpa81)) (== netcoreapp1.1) (== netstandard1.6)
      System.Xml.ReaderWriter (>= 4.3) - restriction: || (&& (== net46) (< net45)) (&& (== net46) (< portable-net45+win8+wp8+wpa81)) (== netcoreapp1.1) (== netstandard1.6)
      System.Xml.XmlDocument (>= 4.3) - restriction: || (&& (== net46) (< net45)) (&& (== net46) (< portable-net45+win8+wp8+wpa81)) (== netcoreapp1.1) (== netstandard1.6)
    System.Xml.XPath (4.3) - restriction: || (&& (== net46) (>= netcoreapp1.0)) (&& (== net46) (>= netstandard1.5) (>= uap10.0)) (== netcoreapp1.1) (&& (== netstandard1.6) (>= netcoreapp1.0)) (&& (== netstandard1.6) (>= uap10.0))
      System.Collections (>= 4.3) - restriction: || (== netcoreapp1.1) (== netstandard1.6)
      System.Diagnostics.Debug (>= 4.3) - restriction: || (== netcoreapp1.1) (== netstandard1.6)
      System.Globalization (>= 4.3) - restriction: || (== netcoreapp1.1) (== netstandard1.6)
      System.IO (>= 4.3) - restriction: || (== netcoreapp1.1) (== netstandard1.6)
      System.Resources.ResourceManager (>= 4.3) - restriction: || (== netcoreapp1.1) (== netstandard1.6)
      System.Runtime (>= 4.3) - restriction: || (== netcoreapp1.1) (== netstandard1.6)
      System.Runtime.Extensions (>= 4.3) - restriction: || (== netcoreapp1.1) (== netstandard1.6)
      System.Threading (>= 4.3) - restriction: || (== netcoreapp1.1) (== netstandard1.6)
      System.Xml.ReaderWriter (>= 4.3) - restriction: || (== netcoreapp1.1) (== netstandard1.6)
    System.Xml.XPath.XmlDocument (4.3) - restriction: || (&& (== net46) (>= netcoreapp1.0)) (&& (== net46) (>= netstandard1.5) (>= uap10.0)) (== netcoreapp1.1) (&& (== netstandard1.6) (>= netcoreapp1.0)) (&& (== netstandard1.6) (>= uap10.0))
      System.Collections (>= 4.3) - restriction: || (== netcoreapp1.1) (== netstandard1.6)
      System.Globalization (>= 4.3) - restriction: || (== netcoreapp1.1) (== netstandard1.6)
      System.IO (>= 4.3) - restriction: || (== netcoreapp1.1) (== netstandard1.6)
      System.Resources.ResourceManager (>= 4.3) - restriction: || (== netcoreapp1.1) (== netstandard1.6)
      System.Runtime (>= 4.3) - restriction: || (== netcoreapp1.1) (== netstandard1.6)
      System.Runtime.Extensions (>= 4.3) - restriction: || (== netcoreapp1.1) (== netstandard1.6)
      System.Threading (>= 4.3) - restriction: || (== netcoreapp1.1) (== netstandard1.6)
      System.Xml.ReaderWriter (>= 4.3) - restriction: || (== netcoreapp1.1) (== netstandard1.6)
      System.Xml.XmlDocument (>= 4.3)
      System.Xml.XPath (>= 4.3)
    xunit (2.3.1)
      xunit.analyzers (>= 0.7)
      xunit.assert (2.3.1)
      xunit.core (2.3.1)
    xunit.abstractions (2.0.1)
      NETStandard.Library (>= 1.6) - restriction: || (&& (== net46) (< net35)) (== netcoreapp1.1) (== netstandard1.6)
    xunit.analyzers (0.8)
    xunit.assert (2.3.1)
      NETStandard.Library (>= 1.6.1) - restriction: || (&& (== net46) (< net452)) (== netcoreapp1.1) (== netstandard1.6)
    xunit.core (2.3.1)
      xunit.extensibility.core (2.3.1)
      xunit.extensibility.execution (2.3.1)
    xunit.extensibility.core (2.3.1)
      NETStandard.Library (>= 1.6.1) - restriction: || (&& (== net46) (< net452)) (== netcoreapp1.1) (== netstandard1.6)
      xunit.abstractions (>= 2.0.1)
    xunit.extensibility.execution (2.3.1)
      NETStandard.Library (>= 1.6.1) - restriction: || (&& (== net46) (< net452)) (== netcoreapp1.1) (== netstandard1.6)
      xunit.extensibility.core (2.3.1)
    xunit.runner.visualstudio (2.3.1)
      Microsoft.NET.Test.Sdk (>= 15.0) - restriction: || (&& (== net46) (>= netcoreapp1.0)) (== netcoreapp1.1) (&& (== netstandard1.6) (>= netcoreapp1.0))
