STORAGE: NONE
RESTRICTION: || (== net46) (== netcoreapp1.1) (== netstandard1.0) (== netstandard1.6) (== netstandard2.0)
NUGET
  remote: https://www.nuget.org/api/v2
    Microsoft.CSharp (4.4.1) - restriction: || (&& (== net46) (== netstandard2.0)) (&& (== net46) (< net20)) (== netcoreapp1.1) (== netstandard1.0) (== netstandard1.6) (&& (== netstandard2.0) (< netstandard1.3))
      NETStandard.Library (>= 1.6.1) - restriction: || (&& (== net46) (< net45)) (&& (== net46) (>= netcoreapp5.0)) (== netcoreapp1.1) (== netstandard1.0) (== netstandard1.6) (&& (== netstandard2.0) (>= netcoreapp5.0)) (&& (== netstandard2.0) (< netstandard1.3))
      System.Dynamic.Runtime (>= 4.3) - restriction: || (&& (== net46) (< net45)) (&& (== net46) (>= netcoreapp5.0)) (== netcoreapp1.1) (== netstandard1.0) (== netstandard1.6) (&& (== netstandard2.0) (>= netcoreapp5.0)) (&& (== netstandard2.0) (< netstandard1.3))
      System.Reflection.TypeExtensions (>= 4.4) - restriction: || (&& (== net46) (< net45)) (&& (== net46) (>= netcoreapp5.0)) (== netcoreapp1.1) (&& (== netstandard1.0) (>= netcoreapp5.0)) (&& (== netstandard1.0) (>= netstandard1.3)) (== netstandard1.6) (&& (== netstandard2.0) (>= netcoreapp5.0))
    Microsoft.NETCore.Platforms (2.0.1) - restriction: || (&& (== net46) (== netstandard2.0)) (&& (== net46) (>= monoandroid)) (&& (== net46) (>= monotouch)) (&& (== net46) (< net20)) (&& (== net46) (>= netcoreapp2.0)) (&& (== net46) (>= netcoreapp5.0)) (&& (== net46) (< netstandard1.3) (>= wpa81)) (&& (== net46) (>= uap10.0)) (&& (== net46) (>= uap10.1)) (&& (== net46) (>= xamarinios)) (&& (== net46) (>= xamarinmac)) (&& (== net46) (>= xamarintvos)) (&& (== net46) (>= xamarinwatchos)) (== netcoreapp1.1) (== netstandard1.0) (== netstandard1.6) (&& (== netstandard2.0) (< netstandard1.0)) (&& (== netstandard2.0) (< netstandard1.3)) (&& (== netstandard2.0) (< portable-net45+win8+wpa81)) (&& (== netstandard2.0) (< portable-net451+win81+wpa81))
    Microsoft.NETCore.Targets (2.0) - restriction: || (&& (== net46) (== netstandard2.0)) (&& (== net46) (< net20)) (&& (== net46) (>= netcoreapp5.0)) (&& (== net46) (>= uap10.0)) (== netcoreapp1.1) (== netstandard1.0) (== netstandard1.6) (&& (== netstandard2.0) (< netstandard1.3)) (&& (== netstandard2.0) (< portable-net45+win8+wpa81)) (&& (== netstandard2.0) (< portable-net451+win81+wpa81))
    Microsoft.Win32.Primitives (4.3) - restriction: || (&& (== net46) (== netstandard1.0)) (&& (== net46) (== netstandard2.0)) (&& (== net46) (< net20)) (&& (== net46) (>= uap10.0)) (== netcoreapp1.1) (&& (== netstandard1.0) (== netstandard2.0)) (&& (== netstandard1.0) (>= net46)) (&& (== netstandard1.0) (>= netstandard1.3)) (&& (== netstandard1.0) (>= netstandard1.4)) (&& (== netstandard1.0) (>= netstandard1.5)) (&& (== netstandard1.0) (>= netstandard1.6)) (&& (== netstandard1.0) (>= uap10.0)) (== netstandard1.6) (&& (== netstandard2.0) (< netstandard1.3))
      Microsoft.NETCore.Platforms (>= 1.1) - restriction: || (== netcoreapp1.1) (&& (== netstandard1.0) (>= netstandard1.3)) (== netstandard1.6) (== netstandard2.0)
      Microsoft.NETCore.Targets (>= 1.1) - restriction: || (== netcoreapp1.1) (&& (== netstandard1.0) (>= netstandard1.3)) (== netstandard1.6) (== netstandard2.0)
      System.Runtime (>= 4.3) - restriction: || (== netcoreapp1.1) (&& (== netstandard1.0) (>= netstandard1.3)) (== netstandard1.6) (== netstandard2.0)
    NETStandard.Library (2.0.1) - restriction: || (&& (== net46) (== netstandard2.0)) (&& (== net46) (< net20)) (== netcoreapp1.1) (== netstandard1.0) (== netstandard1.6) (&& (== netstandard2.0) (< netstandard1.3))
      Microsoft.NETCore.Platforms (>= 1.1)
      Microsoft.Win32.Primitives (>= 4.3) - restriction: || (== net46) (== netcoreapp1.1) (&& (== netstandard1.0) (>= net46)) (&& (== netstandard1.0) (>= netstandard1.3)) (&& (== netstandard1.0) (>= netstandard1.4)) (&& (== netstandard1.0) (>= netstandard1.5)) (&& (== netstandard1.0) (>= netstandard1.6)) (&& (== netstandard1.0) (>= uap10.0)) (== netstandard1.6) (&& (== netstandard2.0) (< netstandard1.4)) (&& (== netstandard2.0) (< netstandard1.5)) (&& (== netstandard2.0) (< netstandard1.6))
      System.AppContext (>= 4.3) - restriction: || (== net46) (== netcoreapp1.1) (&& (== netstandard1.0) (>= net46)) (&& (== netstandard1.0) (>= netstandard1.3)) (&& (== netstandard1.0) (>= netstandard1.4)) (&& (== netstandard1.0) (>= netstandard1.5)) (&& (== netstandard1.0) (>= netstandard1.6)) (&& (== netstandard1.0) (>= uap10.0)) (== netstandard1.6) (&& (== netstandard2.0) (< netstandard1.4)) (&& (== netstandard2.0) (< netstandard1.5)) (&& (== netstandard2.0) (< netstandard1.6))
      System.Collections (>= 4.3) - restriction: || (&& (== net46) (< net45)) (&& (== net46) (< portable-net45+win8+wpa81)) (&& (== net46) (>= uap10.0)) (== netcoreapp1.1) (== netstandard1.0) (== netstandard1.6) (&& (== netstandard2.0) (< netstandard1.3)) (&& (== netstandard2.0) (< netstandard1.4)) (&& (== netstandard2.0) (< netstandard1.5)) (&& (== netstandard2.0) (< netstandard1.6)) (&& (== netstandard2.0) (< portable-net45+win8+wpa81)) (&& (== netstandard2.0) (< portable-net451+win81+wpa81))
      System.Collections.Concurrent (>= 4.3) - restriction: || (&& (== net46) (< net45)) (&& (== net46) (>= uap10.0)) (== netcoreapp1.1) (&& (== netstandard1.0) (>= netstandard1.1)) (&& (== netstandard1.0) (>= netstandard1.2)) (&& (== netstandard1.0) (>= netstandard1.3)) (&& (== netstandard1.0) (>= netstandard1.4)) (&& (== netstandard1.0) (>= netstandard1.5)) (&& (== netstandard1.0) (>= netstandard1.6)) (&& (== netstandard1.0) (>= uap10.0)) (== netstandard1.6) (&& (== netstandard2.0) (< netstandard1.3)) (&& (== netstandard2.0) (< netstandard1.4)) (&& (== netstandard2.0) (< netstandard1.5)) (&& (== netstandard2.0) (< netstandard1.6)) (&& (== netstandard2.0) (< portable-net451+win81+wpa81))
      System.Console (>= 4.3) - restriction: || (== net46) (== netcoreapp1.1) (&& (== netstandard1.0) (>= net46)) (&& (== netstandard1.0) (>= netstandard1.3)) (&& (== netstandard1.0) (>= netstandard1.4)) (&& (== netstandard1.0) (>= netstandard1.5)) (&& (== netstandard1.0) (>= netstandard1.6)) (&& (== netstandard1.0) (>= uap10.0)) (== netstandard1.6) (&& (== netstandard2.0) (< netstandard1.4)) (&& (== netstandard2.0) (< netstandard1.5)) (&& (== netstandard2.0) (< netstandard1.6))
      System.Diagnostics.Debug (>= 4.3) - restriction: || (&& (== net46) (< net45)) (&& (== net46) (< portable-net45+win8+wpa81)) (&& (== net46) (>= uap10.0)) (== netcoreapp1.1) (== netstandard1.0) (== netstandard1.6) (&& (== netstandard2.0) (< netstandard1.3)) (&& (== netstandard2.0) (< netstandard1.4)) (&& (== netstandard2.0) (< netstandard1.5)) (&& (== netstandard2.0) (< netstandard1.6)) (&& (== netstandard2.0) (< portable-net45+win8+wpa81)) (&& (== netstandard2.0) (< portable-net451+win81+wpa81))
      System.Diagnostics.Tools (>= 4.3) - restriction: || (&& (== net46) (< net45)) (&& (== net46) (< portable-net45+win8+wpa81)) (&& (== net46) (>= uap10.0)) (== netcoreapp1.1) (== netstandard1.0) (== netstandard1.6) (&& (== netstandard2.0) (< netstandard1.3)) (&& (== netstandard2.0) (< netstandard1.4)) (&& (== netstandard2.0) (< netstandard1.5)) (&& (== netstandard2.0) (< netstandard1.6)) (&& (== netstandard2.0) (< portable-net45+win8+wpa81)) (&& (== netstandard2.0) (< portable-net451+win81+wpa81))
      System.Diagnostics.Tracing (>= 4.3) - restriction: || (&& (== net46) (< net45)) (&& (== net46) (>= uap10.0)) (== netcoreapp1.1) (&& (== netstandard1.0) (>= netstandard1.1)) (&& (== netstandard1.0) (>= netstandard1.2)) (&& (== netstandard1.0) (>= netstandard1.3)) (&& (== netstandard1.0) (>= netstandard1.4)) (&& (== netstandard1.0) (>= netstandard1.5)) (&& (== netstandard1.0) (>= netstandard1.6)) (&& (== netstandard1.0) (>= uap10.0)) (== netstandard1.6) (&& (== netstandard2.0) (< netstandard1.3)) (&& (== netstandard2.0) (< netstandard1.4)) (&& (== netstandard2.0) (< netstandard1.5)) (&& (== netstandard2.0) (< netstandard1.6)) (&& (== netstandard2.0) (< portable-net451+win81+wpa81))
      System.Globalization (>= 4.3) - restriction: || (&& (== net46) (< net45)) (&& (== net46) (< portable-net45+win8+wpa81)) (&& (== net46) (>= uap10.0)) (== netcoreapp1.1) (== netstandard1.0) (== netstandard1.6) (&& (== netstandard2.0) (< netstandard1.3)) (&& (== netstandard2.0) (< netstandard1.4)) (&& (== netstandard2.0) (< netstandard1.5)) (&& (== netstandard2.0) (< netstandard1.6)) (&& (== netstandard2.0) (< portable-net45+win8+wpa81)) (&& (== netstandard2.0) (< portable-net451+win81+wpa81))
      System.Globalization.Calendars (>= 4.3) - restriction: || (== net46) (== netcoreapp1.1) (&& (== netstandard1.0) (>= net46)) (&& (== netstandard1.0) (>= netstandard1.3)) (&& (== netstandard1.0) (>= netstandard1.4)) (&& (== netstandard1.0) (>= netstandard1.5)) (&& (== netstandard1.0) (>= netstandard1.6)) (&& (== netstandard1.0) (>= uap10.0)) (== netstandard1.6) (&& (== netstandard2.0) (< netstandard1.4)) (&& (== netstandard2.0) (< netstandard1.5)) (&& (== netstandard2.0) (< netstandard1.6))
      System.IO (>= 4.3) - restriction: || (&& (== net46) (< net45)) (&& (== net46) (< portable-net45+win8+wpa81)) (&& (== net46) (>= uap10.0)) (== netcoreapp1.1) (== netstandard1.0) (== netstandard1.6) (&& (== netstandard2.0) (< netstandard1.3)) (&& (== netstandard2.0) (< netstandard1.4)) (&& (== netstandard2.0) (< netstandard1.5)) (&& (== netstandard2.0) (< netstandard1.6)) (&& (== netstandard2.0) (< portable-net45+win8+wpa81)) (&& (== netstandard2.0) (< portable-net451+win81+wpa81))
      System.IO.Compression (>= 4.3) - restriction: || (== net46) (== netcoreapp1.1) (&& (== netstandard1.0) (>= net46)) (&& (== netstandard1.0) (>= netstandard1.1)) (&& (== netstandard1.0) (>= netstandard1.2)) (&& (== netstandard1.0) (>= netstandard1.3)) (&& (== netstandard1.0) (>= netstandard1.4)) (&& (== netstandard1.0) (>= netstandard1.5)) (&& (== netstandard1.0) (>= netstandard1.6)) (&& (== netstandard1.0) (>= uap10.0)) (== netstandard1.6) (&& (== netstandard2.0) (< netstandard1.3)) (&& (== netstandard2.0) (< netstandard1.4)) (&& (== netstandard2.0) (< netstandard1.5)) (&& (== netstandard2.0) (< netstandard1.6)) (&& (== netstandard2.0) (< portable-net451+win81+wpa81))
      System.IO.Compression.ZipFile (>= 4.3) - restriction: || (== net46) (== netcoreapp1.1) (&& (== netstandard1.0) (>= net46)) (&& (== netstandard1.0) (>= netstandard1.3)) (&& (== netstandard1.0) (>= netstandard1.4)) (&& (== netstandard1.0) (>= netstandard1.5)) (&& (== netstandard1.0) (>= netstandard1.6)) (&& (== netstandard1.0) (>= uap10.0)) (== netstandard1.6) (&& (== netstandard2.0) (< netstandard1.4)) (&& (== netstandard2.0) (< netstandard1.5)) (&& (== netstandard2.0) (< netstandard1.6))
      System.IO.FileSystem (>= 4.3) - restriction: || (== net46) (== netcoreapp1.1) (&& (== netstandard1.0) (>= net46)) (&& (== netstandard1.0) (>= netstandard1.3)) (&& (== netstandard1.0) (>= netstandard1.4)) (&& (== netstandard1.0) (>= netstandard1.5)) (&& (== netstandard1.0) (>= netstandard1.6)) (&& (== netstandard1.0) (>= uap10.0)) (== netstandard1.6) (&& (== netstandard2.0) (< netstandard1.4)) (&& (== netstandard2.0) (< netstandard1.5)) (&& (== netstandard2.0) (< netstandard1.6))
      System.IO.FileSystem.Primitives (>= 4.3) - restriction: || (== net46) (== netcoreapp1.1) (&& (== netstandard1.0) (>= net46)) (&& (== netstandard1.0) (>= netstandard1.3)) (&& (== netstandard1.0) (>= netstandard1.4)) (&& (== netstandard1.0) (>= netstandard1.5)) (&& (== netstandard1.0) (>= netstandard1.6)) (&& (== netstandard1.0) (>= uap10.0)) (== netstandard1.6) (&& (== netstandard2.0) (< netstandard1.4)) (&& (== netstandard2.0) (< netstandard1.5)) (&& (== netstandard2.0) (< netstandard1.6))
      System.Linq (>= 4.3) - restriction: || (&& (== net46) (< net45)) (&& (== net46) (< portable-net45+win8+wpa81)) (&& (== net46) (>= uap10.0)) (== netcoreapp1.1) (== netstandard1.0) (== netstandard1.6) (&& (== netstandard2.0) (< netstandard1.3)) (&& (== netstandard2.0) (< netstandard1.4)) (&& (== netstandard2.0) (< netstandard1.5)) (&& (== netstandard2.0) (< netstandard1.6)) (&& (== netstandard2.0) (< portable-net45+win8+wpa81)) (&& (== netstandard2.0) (< portable-net451+win81+wpa81))
      System.Linq.Expressions (>= 4.3) - restriction: || (&& (== net46) (< net45)) (&& (== net46) (< portable-net45+win8+wpa81)) (&& (== net46) (>= uap10.0)) (== netcoreapp1.1) (== netstandard1.0) (== netstandard1.6) (&& (== netstandard2.0) (< netstandard1.3)) (&& (== netstandard2.0) (< netstandard1.4)) (&& (== netstandard2.0) (< netstandard1.5)) (&& (== netstandard2.0) (< netstandard1.6)) (&& (== netstandard2.0) (< portable-net45+win8+wpa81)) (&& (== netstandard2.0) (< portable-net451+win81+wpa81))
      System.Net.Http (>= 4.3.2) - restriction: || (== net46) (== netcoreapp1.1) (&& (== netstandard1.0) (>= net46)) (&& (== netstandard1.0) (>= netstandard1.1)) (&& (== netstandard1.0) (>= netstandard1.2)) (&& (== netstandard1.0) (>= netstandard1.3)) (&& (== netstandard1.0) (>= netstandard1.4)) (&& (== netstandard1.0) (>= netstandard1.5)) (&& (== netstandard1.0) (>= netstandard1.6)) (&& (== netstandard1.0) (>= uap10.0)) (== netstandard1.6) (&& (== netstandard2.0) (< netstandard1.3)) (&& (== netstandard2.0) (< netstandard1.4)) (&& (== netstandard2.0) (< netstandard1.5)) (&& (== netstandard2.0) (< netstandard1.6)) (&& (== netstandard2.0) (< portable-net451+win81+wpa81))
      System.Net.Primitives (>= 4.3) - restriction: || (&& (== net46) (< net45)) (&& (== net46) (< portable-net45+win8+wpa81)) (&& (== net46) (>= uap10.0)) (== netcoreapp1.1) (== netstandard1.0) (== netstandard1.6) (&& (== netstandard2.0) (< netstandard1.3)) (&& (== netstandard2.0) (< netstandard1.4)) (&& (== netstandard2.0) (< netstandard1.5)) (&& (== netstandard2.0) (< netstandard1.6)) (&& (== netstandard2.0) (< portable-net45+win8+wpa81)) (&& (== netstandard2.0) (< portable-net451+win81+wpa81))
      System.Net.Sockets (>= 4.3) - restriction: || (== net46) (== netcoreapp1.1) (&& (== netstandard1.0) (>= net46)) (&& (== netstandard1.0) (>= netstandard1.3)) (&& (== netstandard1.0) (>= netstandard1.4)) (&& (== netstandard1.0) (>= netstandard1.5)) (&& (== netstandard1.0) (>= netstandard1.6)) (&& (== netstandard1.0) (>= uap10.0)) (== netstandard1.6) (&& (== netstandard2.0) (< netstandard1.4)) (&& (== netstandard2.0) (< netstandard1.5)) (&& (== netstandard2.0) (< netstandard1.6))
      System.ObjectModel (>= 4.3) - restriction: || (&& (== net46) (< net45)) (&& (== net46) (< portable-net45+win8+wpa81)) (&& (== net46) (>= uap10.0)) (== netcoreapp1.1) (== netstandard1.0) (== netstandard1.6) (&& (== netstandard2.0) (< netstandard1.3)) (&& (== netstandard2.0) (< netstandard1.4)) (&& (== netstandard2.0) (< netstandard1.5)) (&& (== netstandard2.0) (< netstandard1.6)) (&& (== netstandard2.0) (< portable-net45+win8+wpa81)) (&& (== netstandard2.0) (< portable-net451+win81+wpa81))
      System.Reflection (>= 4.3) - restriction: || (&& (== net46) (< net45)) (&& (== net46) (< portable-net45+win8+wpa81)) (&& (== net46) (>= uap10.0)) (== netcoreapp1.1) (== netstandard1.0) (== netstandard1.6) (&& (== netstandard2.0) (< netstandard1.3)) (&& (== netstandard2.0) (< netstandard1.4)) (&& (== netstandard2.0) (< netstandard1.5)) (&& (== netstandard2.0) (< netstandard1.6)) (&& (== netstandard2.0) (< portable-net45+win8+wpa81)) (&& (== netstandard2.0) (< portable-net451+win81+wpa81))
      System.Reflection.Extensions (>= 4.3) - restriction: || (&& (== net46) (< net45)) (&& (== net46) (< portable-net45+win8+wpa81)) (&& (== net46) (>= uap10.0)) (== netcoreapp1.1) (== netstandard1.0) (== netstandard1.6) (&& (== netstandard2.0) (< netstandard1.3)) (&& (== netstandard2.0) (< netstandard1.4)) (&& (== netstandard2.0) (< netstandard1.5)) (&& (== netstandard2.0) (< netstandard1.6)) (&& (== netstandard2.0) (< portable-net45+win8+wpa81)) (&& (== netstandard2.0) (< portable-net451+win81+wpa81))
      System.Reflection.Primitives (>= 4.3) - restriction: || (&& (== net46) (< net45)) (&& (== net46) (< portable-net45+win8+wpa81)) (&& (== net46) (>= uap10.0)) (== netcoreapp1.1) (== netstandard1.0) (== netstandard1.6) (&& (== netstandard2.0) (< netstandard1.3)) (&& (== netstandard2.0) (< netstandard1.4)) (&& (== netstandard2.0) (< netstandard1.5)) (&& (== netstandard2.0) (< netstandard1.6)) (&& (== netstandard2.0) (< portable-net45+win8+wpa81)) (&& (== netstandard2.0) (< portable-net451+win81+wpa81))
      System.Resources.ResourceManager (>= 4.3) - restriction: || (&& (== net46) (< net45)) (&& (== net46) (< portable-net45+win8+wpa81)) (&& (== net46) (>= uap10.0)) (== netcoreapp1.1) (== netstandard1.0) (== netstandard1.6) (&& (== netstandard2.0) (< netstandard1.3)) (&& (== netstandard2.0) (< netstandard1.4)) (&& (== netstandard2.0) (< netstandard1.5)) (&& (== netstandard2.0) (< netstandard1.6)) (&& (== netstandard2.0) (< portable-net45+win8+wpa81)) (&& (== netstandard2.0) (< portable-net451+win81+wpa81))
      System.Runtime (>= 4.3) - restriction: || (&& (== net46) (< net45)) (&& (== net46) (< portable-net45+win8+wpa81)) (&& (== net46) (>= uap10.0)) (== netcoreapp1.1) (== netstandard1.0) (== netstandard1.6) (&& (== netstandard2.0) (< netstandard1.3)) (&& (== netstandard2.0) (< netstandard1.4)) (&& (== netstandard2.0) (< netstandard1.5)) (&& (== netstandard2.0) (< netstandard1.6)) (&& (== netstandard2.0) (< portable-net45+win8+wpa81)) (&& (== netstandard2.0) (< portable-net451+win81+wpa81))
      System.Runtime.Extensions (>= 4.3) - restriction: || (&& (== net46) (< net45)) (&& (== net46) (< portable-net45+win8+wpa81)) (&& (== net46) (>= uap10.0)) (== netcoreapp1.1) (== netstandard1.0) (== netstandard1.6) (&& (== netstandard2.0) (< netstandard1.3)) (&& (== netstandard2.0) (< netstandard1.4)) (&& (== netstandard2.0) (< netstandard1.5)) (&& (== netstandard2.0) (< netstandard1.6)) (&& (== netstandard2.0) (< portable-net45+win8+wpa81)) (&& (== netstandard2.0) (< portable-net451+win81+wpa81))
      System.Runtime.Handles (>= 4.3) - restriction: || (&& (== net46) (< net45)) (&& (== net46) (>= uap10.0)) (== netcoreapp1.1) (&& (== netstandard1.0) (>= netstandard1.3)) (&& (== netstandard1.0) (>= netstandard1.4)) (&& (== netstandard1.0) (>= netstandard1.5)) (&& (== netstandard1.0) (>= netstandard1.6)) (&& (== netstandard1.0) (>= uap10.0)) (== netstandard1.6) (&& (== netstandard2.0) (< netstandard1.4)) (&& (== netstandard2.0) (< netstandard1.5)) (&& (== netstandard2.0) (< netstandard1.6))
      System.Runtime.InteropServices (>= 4.3) - restriction: || (&& (== net46) (< net45)) (&& (== net46) (>= uap10.0)) (== netcoreapp1.1) (&& (== netstandard1.0) (>= netstandard1.1)) (&& (== netstandard1.0) (>= netstandard1.2)) (&& (== netstandard1.0) (>= netstandard1.3)) (&& (== netstandard1.0) (>= netstandard1.4)) (&& (== netstandard1.0) (>= netstandard1.5)) (&& (== netstandard1.0) (>= netstandard1.6)) (&& (== netstandard1.0) (>= uap10.0)) (== netstandard1.6) (&& (== netstandard2.0) (< netstandard1.3)) (&& (== netstandard2.0) (< netstandard1.4)) (&& (== netstandard2.0) (< netstandard1.5)) (&& (== netstandard2.0) (< netstandard1.6)) (&& (== netstandard2.0) (< portable-net451+win81+wpa81))
      System.Runtime.InteropServices.RuntimeInformation (>= 4.3) - restriction: || (== net46) (== netcoreapp1.1) (&& (== netstandard1.0) (>= net45)) (&& (== netstandard1.0) (>= net451)) (&& (== netstandard1.0) (>= net46)) (&& (== netstandard1.0) (>= netstandard1.1)) (&& (== netstandard1.0) (>= netstandard1.2)) (&& (== netstandard1.0) (>= netstandard1.3)) (&& (== netstandard1.0) (>= netstandard1.4)) (&& (== netstandard1.0) (>= netstandard1.5)) (&& (== netstandard1.0) (>= netstandard1.6)) (&& (== netstandard1.0) (>= uap10.0)) (&& (== netstandard1.0) (>= wpa81)) (== netstandard1.6) (&& (== netstandard2.0) (< netstandard1.0)) (&& (== netstandard2.0) (< netstandard1.3)) (&& (== netstandard2.0) (< netstandard1.4)) (&& (== netstandard2.0) (< netstandard1.5)) (&& (== netstandard2.0) (< netstandard1.6)) (&& (== netstandard2.0) (< portable-net451+win81+wpa81))
      System.Runtime.Numerics (>= 4.3) - restriction: || (&& (== net46) (< net45)) (&& (== net46) (>= uap10.0)) (== netcoreapp1.1) (&& (== netstandard1.0) (>= netstandard1.1)) (&& (== netstandard1.0) (>= netstandard1.2)) (&& (== netstandard1.0) (>= netstandard1.3)) (&& (== netstandard1.0) (>= netstandard1.4)) (&& (== netstandard1.0) (>= netstandard1.5)) (&& (== netstandard1.0) (>= netstandard1.6)) (&& (== netstandard1.0) (>= uap10.0)) (== netstandard1.6) (&& (== netstandard2.0) (< netstandard1.3)) (&& (== netstandard2.0) (< netstandard1.4)) (&& (== netstandard2.0) (< netstandard1.5)) (&& (== netstandard2.0) (< netstandard1.6)) (&& (== netstandard2.0) (< portable-net451+win81+wpa81))
      System.Security.Cryptography.Algorithms (>= 4.3) - restriction: || (== net46) (== netcoreapp1.1) (&& (== netstandard1.0) (>= net46)) (&& (== netstandard1.0) (>= netstandard1.3)) (&& (== netstandard1.0) (>= netstandard1.4)) (&& (== netstandard1.0) (>= netstandard1.5)) (&& (== netstandard1.0) (>= netstandard1.6)) (&& (== netstandard1.0) (>= uap10.0)) (== netstandard1.6) (&& (== netstandard2.0) (< netstandard1.4)) (&& (== netstandard2.0) (< netstandard1.5)) (&& (== netstandard2.0) (< netstandard1.6))
      System.Security.Cryptography.Encoding (>= 4.3) - restriction: || (== net46) (== netcoreapp1.1) (&& (== netstandard1.0) (>= net46)) (&& (== netstandard1.0) (>= netstandard1.3)) (&& (== netstandard1.0) (>= netstandard1.4)) (&& (== netstandard1.0) (>= netstandard1.5)) (&& (== netstandard1.0) (>= netstandard1.6)) (&& (== netstandard1.0) (>= uap10.0)) (== netstandard1.6) (&& (== netstandard2.0) (< netstandard1.4)) (&& (== netstandard2.0) (< netstandard1.5)) (&& (== netstandard2.0) (< netstandard1.6))
      System.Security.Cryptography.Primitives (>= 4.3) - restriction: || (== net46) (== netcoreapp1.1) (&& (== netstandard1.0) (>= net46)) (&& (== netstandard1.0) (>= netstandard1.3)) (&& (== netstandard1.0) (>= netstandard1.4)) (&& (== netstandard1.0) (>= netstandard1.5)) (&& (== netstandard1.0) (>= netstandard1.6)) (&& (== netstandard1.0) (>= uap10.0)) (== netstandard1.6) (&& (== netstandard2.0) (< netstandard1.4)) (&& (== netstandard2.0) (< netstandard1.5)) (&& (== netstandard2.0) (< netstandard1.6))
      System.Security.Cryptography.X509Certificates (>= 4.3) - restriction: || (== net46) (== netcoreapp1.1) (&& (== netstandard1.0) (>= net46)) (&& (== netstandard1.0) (>= netstandard1.3)) (&& (== netstandard1.0) (>= netstandard1.4)) (&& (== netstandard1.0) (>= netstandard1.5)) (&& (== netstandard1.0) (>= netstandard1.6)) (&& (== netstandard1.0) (>= uap10.0)) (== netstandard1.6) (&& (== netstandard2.0) (< netstandard1.4)) (&& (== netstandard2.0) (< netstandard1.5)) (&& (== netstandard2.0) (< netstandard1.6))
      System.Text.Encoding (>= 4.3) - restriction: || (&& (== net46) (< net45)) (&& (== net46) (< portable-net45+win8+wpa81)) (&& (== net46) (>= uap10.0)) (== netcoreapp1.1) (== netstandard1.0) (== netstandard1.6) (&& (== netstandard2.0) (< netstandard1.3)) (&& (== netstandard2.0) (< netstandard1.4)) (&& (== netstandard2.0) (< netstandard1.5)) (&& (== netstandard2.0) (< netstandard1.6)) (&& (== netstandard2.0) (< portable-net45+win8+wpa81)) (&& (== netstandard2.0) (< portable-net451+win81+wpa81))
      System.Text.Encoding.Extensions (>= 4.3) - restriction: || (&& (== net46) (< net45)) (&& (== net46) (< portable-net45+win8+wpa81)) (&& (== net46) (>= uap10.0)) (== netcoreapp1.1) (== netstandard1.0) (== netstandard1.6) (&& (== netstandard2.0) (< netstandard1.3)) (&& (== netstandard2.0) (< netstandard1.4)) (&& (== netstandard2.0) (< netstandard1.5)) (&& (== netstandard2.0) (< netstandard1.6)) (&& (== netstandard2.0) (< portable-net45+win8+wpa81)) (&& (== netstandard2.0) (< portable-net451+win81+wpa81))
      System.Text.RegularExpressions (>= 4.3) - restriction: || (&& (== net46) (< net45)) (&& (== net46) (< portable-net45+win8+wpa81)) (&& (== net46) (>= uap10.0)) (== netcoreapp1.1) (== netstandard1.0) (== netstandard1.6) (&& (== netstandard2.0) (< netstandard1.3)) (&& (== netstandard2.0) (< netstandard1.4)) (&& (== netstandard2.0) (< netstandard1.5)) (&& (== netstandard2.0) (< netstandard1.6)) (&& (== netstandard2.0) (< portable-net45+win8+wpa81)) (&& (== netstandard2.0) (< portable-net451+win81+wpa81))
      System.Threading (>= 4.3) - restriction: || (&& (== net46) (< net45)) (&& (== net46) (< portable-net45+win8+wpa81)) (&& (== net46) (>= uap10.0)) (== netcoreapp1.1) (== netstandard1.0) (== netstandard1.6) (&& (== netstandard2.0) (< netstandard1.3)) (&& (== netstandard2.0) (< netstandard1.4)) (&& (== netstandard2.0) (< netstandard1.5)) (&& (== netstandard2.0) (< netstandard1.6)) (&& (== netstandard2.0) (< portable-net45+win8+wpa81)) (&& (== netstandard2.0) (< portable-net451+win81+wpa81))
      System.Threading.Tasks (>= 4.3) - restriction: || (&& (== net46) (< net45)) (&& (== net46) (< portable-net45+win8+wpa81)) (&& (== net46) (>= uap10.0)) (== netcoreapp1.1) (== netstandard1.0) (== netstandard1.6) (&& (== netstandard2.0) (< netstandard1.3)) (&& (== netstandard2.0) (< netstandard1.4)) (&& (== netstandard2.0) (< netstandard1.5)) (&& (== netstandard2.0) (< netstandard1.6)) (&& (== netstandard2.0) (< portable-net45+win8+wpa81)) (&& (== netstandard2.0) (< portable-net451+win81+wpa81))
      System.Threading.Timer (>= 4.3) - restriction: || (&& (== net46) (< net45)) (&& (== net46) (>= uap10.0)) (== netcoreapp1.1) (&& (== netstandard1.0) (>= netstandard1.2)) (&& (== netstandard1.0) (>= netstandard1.3)) (&& (== netstandard1.0) (>= netstandard1.4)) (&& (== netstandard1.0) (>= netstandard1.5)) (&& (== netstandard1.0) (>= netstandard1.6)) (&& (== netstandard1.0) (>= uap10.0)) (== netstandard1.6) (&& (== netstandard2.0) (< netstandard1.3)) (&& (== netstandard2.0) (< netstandard1.4)) (&& (== netstandard2.0) (< netstandard1.5)) (&& (== netstandard2.0) (< netstandard1.6))
      System.Xml.ReaderWriter (>= 4.3) - restriction: || (== net46) (== netcoreapp1.1) (== netstandard1.0) (== netstandard1.6) (&& (== netstandard2.0) (< netstandard1.3)) (&& (== netstandard2.0) (< netstandard1.4)) (&& (== netstandard2.0) (< netstandard1.5)) (&& (== netstandard2.0) (< netstandard1.6)) (&& (== netstandard2.0) (< portable-net45+win8+wpa81)) (&& (== netstandard2.0) (< portable-net451+win81+wpa81))
      System.Xml.XDocument (>= 4.3) - restriction: || (&& (== net46) (< net45)) (&& (== net46) (< portable-net45+win8+wpa81)) (&& (== net46) (>= uap10.0)) (== netcoreapp1.1) (== netstandard1.0) (== netstandard1.6) (&& (== netstandard2.0) (< netstandard1.3)) (&& (== netstandard2.0) (< netstandard1.4)) (&& (== netstandard2.0) (< netstandard1.5)) (&& (== netstandard2.0) (< netstandard1.6)) (&& (== netstandard2.0) (< portable-net45+win8+wpa81)) (&& (== netstandard2.0) (< portable-net451+win81+wpa81))
    Newtonsoft.Json (12.0.3)
      Microsoft.CSharp (>= 4.3) - restriction: || (&& (== net46) (< net20)) (== netcoreapp1.1) (== netstandard1.0) (== netstandard1.6) (&& (== netstandard2.0) (< netstandard1.3))
      NETStandard.Library (>= 1.6.1) - restriction: || (&& (== net46) (< net20)) (== netcoreapp1.1) (== netstandard1.0) (== netstandard1.6) (&& (== netstandard2.0) (< netstandard1.3))
      System.ComponentModel.TypeConverter (>= 4.3) - restriction: || (&& (== net46) (< net20)) (== netcoreapp1.1) (== netstandard1.0) (== netstandard1.6) (&& (== netstandard2.0) (< netstandard1.3))
      System.Runtime.Serialization.Formatters (>= 4.3) - restriction: || (&& (== net46) (< net20)) (== netcoreapp1.1) (&& (== netstandard1.0) (>= netstandard1.3)) (== netstandard1.6)
      System.Runtime.Serialization.Primitives (>= 4.3) - restriction: || (&& (== net46) (< net20)) (== netcoreapp1.1) (== netstandard1.0) (== netstandard1.6) (&& (== netstandard2.0) (< netstandard1.3))
      System.Xml.XmlDocument (>= 4.3) - restriction: || (&& (== net46) (< net20)) (== netcoreapp1.1) (&& (== netstandard1.0) (>= netstandard1.3)) (== netstandard1.6)
    runtime.debian.8-x64.runtime.native.System.Security.Cryptography.OpenSsl (4.3.2) - restriction: || (&& (== net46) (== netstandard2.0)) (&& (== net46) (< net20) (>= netstandard1.6)) (&& (== net46) (>= netstandard1.6) (>= uap10.0)) (== netcoreapp1.1) (&& (== netstandard1.0) (== netstandard2.0)) (&& (== netstandard1.0) (>= netstandard1.6)) (== netstandard1.6) (&& (== netstandard2.0) (< netstandard1.3)) (&& (== netstandard2.0) (< portable-net451+win81+wpa81))
    runtime.fedora.23-x64.runtime.native.System.Security.Cryptography.OpenSsl (4.3.2) - restriction: || (&& (== net46) (== netstandard2.0)) (&& (== net46) (< net20) (>= netstandard1.6)) (&& (== net46) (>= netstandard1.6) (>= uap10.0)) (== netcoreapp1.1) (&& (== netstandard1.0) (== netstandard2.0)) (&& (== netstandard1.0) (>= netstandard1.6)) (== netstandard1.6) (&& (== netstandard2.0) (< netstandard1.3)) (&& (== netstandard2.0) (< portable-net451+win81+wpa81))
    runtime.fedora.24-x64.runtime.native.System.Security.Cryptography.OpenSsl (4.3.2) - restriction: || (&& (== net46) (== netstandard2.0)) (&& (== net46) (< net20) (>= netstandard1.6)) (&& (== net46) (>= netstandard1.6) (>= uap10.0)) (== netcoreapp1.1) (&& (== netstandard1.0) (== netstandard2.0)) (&& (== netstandard1.0) (>= netstandard1.6)) (== netstandard1.6) (&& (== netstandard2.0) (< netstandard1.3)) (&& (== netstandard2.0) (< portable-net451+win81+wpa81))
    runtime.native.System (4.3) - restriction: || (&& (== net46) (== netstandard2.0)) (&& (== net46) (< net20) (>= netstandard1.6)) (&& (== net46) (>= netstandard1.6) (>= uap10.0)) (== netcoreapp1.1) (&& (== netstandard1.0) (== netstandard2.0)) (&& (== netstandard1.0) (>= netstandard1.6)) (== netstandard1.6) (&& (== netstandard2.0) (< netstandard1.3)) (&& (== netstandard2.0) (< portable-net451+win81+wpa81))
      Microsoft.NETCore.Platforms (>= 1.1)
      Microsoft.NETCore.Targets (>= 1.1)
    runtime.native.System.IO.Compression (4.3.1) - restriction: || (&& (== net46) (== netstandard1.0)) (&& (== net46) (== netstandard2.0)) (&& (== net46) (< net20)) (&& (== net46) (>= netcoreapp5.0)) (&& (== net46) (>= uap10.0)) (== netcoreapp1.1) (&& (== netstandard1.0) (== netstandard2.0)) (&& (== netstandard1.0) (>= net46)) (&& (== netstandard1.0) (>= netcoreapp5.0)) (&& (== netstandard1.0) (>= netstandard1.3)) (&& (== netstandard1.0) (>= netstandard1.4)) (&& (== netstandard1.0) (>= netstandard1.5)) (&& (== netstandard1.0) (>= netstandard1.6)) (&& (== netstandard1.0) (>= uap10.0)) (== netstandard1.6) (&& (== netstandard2.0) (< netstandard1.3)) (&& (== netstandard2.0) (< portable-net451+win81+wpa81))
      Microsoft.NETCore.Platforms (>= 1.1)
      Microsoft.NETCore.Targets (>= 1.1.1)
    runtime.native.System.Net.Http (4.3) - restriction: || (&& (== net46) (== netstandard2.0)) (&& (== net46) (< net20) (>= netstandard1.6)) (&& (== net46) (>= netstandard1.6) (>= uap10.0)) (== netcoreapp1.1) (&& (== netstandard1.0) (== netstandard2.0)) (&& (== netstandard1.0) (>= netstandard1.6)) (== netstandard1.6) (&& (== netstandard2.0) (< netstandard1.3)) (&& (== netstandard2.0) (< portable-net451+win81+wpa81))
      Microsoft.NETCore.Platforms (>= 1.1)
      Microsoft.NETCore.Targets (>= 1.1)
    runtime.native.System.Security.Cryptography.Apple (4.3.1) - restriction: || (&& (== net46) (== netstandard2.0)) (&& (== net46) (< net20) (>= netstandard1.6)) (&& (== net46) (>= netstandard1.6) (>= uap10.0)) (== netcoreapp1.1) (&& (== netstandard1.0) (== netstandard2.0)) (&& (== netstandard1.0) (>= netstandard1.6)) (== netstandard1.6) (&& (== netstandard2.0) (< netstandard1.3))
      runtime.osx.10.10-x64.runtime.native.System.Security.Cryptography.Apple (>= 4.3.1)
    runtime.native.System.Security.Cryptography.OpenSsl (4.3.2) - restriction: || (&& (== net46) (== netstandard2.0)) (&& (== net46) (< net20) (>= netstandard1.6)) (&& (== net46) (>= netstandard1.6) (>= uap10.0)) (== netcoreapp1.1) (&& (== netstandard1.0) (== netstandard2.0)) (&& (== netstandard1.0) (>= netstandard1.6)) (== netstandard1.6) (&& (== netstandard2.0) (< netstandard1.3)) (&& (== netstandard2.0) (< portable-net451+win81+wpa81))
      runtime.debian.8-x64.runtime.native.System.Security.Cryptography.OpenSsl (>= 4.3.2)
      runtime.fedora.23-x64.runtime.native.System.Security.Cryptography.OpenSsl (>= 4.3.2)
      runtime.fedora.24-x64.runtime.native.System.Security.Cryptography.OpenSsl (>= 4.3.2)
      runtime.opensuse.13.2-x64.runtime.native.System.Security.Cryptography.OpenSsl (>= 4.3.2)
      runtime.opensuse.42.1-x64.runtime.native.System.Security.Cryptography.OpenSsl (>= 4.3.2)
      runtime.osx.10.10-x64.runtime.native.System.Security.Cryptography.OpenSsl (>= 4.3.2)
      runtime.rhel.7-x64.runtime.native.System.Security.Cryptography.OpenSsl (>= 4.3.2)
      runtime.ubuntu.14.04-x64.runtime.native.System.Security.Cryptography.OpenSsl (>= 4.3.2)
      runtime.ubuntu.16.04-x64.runtime.native.System.Security.Cryptography.OpenSsl (>= 4.3.2)
      runtime.ubuntu.16.10-x64.runtime.native.System.Security.Cryptography.OpenSsl (>= 4.3.2)
    runtime.opensuse.13.2-x64.runtime.native.System.Security.Cryptography.OpenSsl (4.3.2) - restriction: || (&& (== net46) (== netstandard2.0)) (&& (== net46) (< net20) (>= netstandard1.6)) (&& (== net46) (>= netstandard1.6) (>= uap10.0)) (== netcoreapp1.1) (&& (== netstandard1.0) (== netstandard2.0)) (&& (== netstandard1.0) (>= netstandard1.6)) (== netstandard1.6) (&& (== netstandard2.0) (< netstandard1.3)) (&& (== netstandard2.0) (< portable-net451+win81+wpa81))
    runtime.opensuse.42.1-x64.runtime.native.System.Security.Cryptography.OpenSsl (4.3.2) - restriction: || (&& (== net46) (== netstandard2.0)) (&& (== net46) (< net20) (>= netstandard1.6)) (&& (== net46) (>= netstandard1.6) (>= uap10.0)) (== netcoreapp1.1) (&& (== netstandard1.0) (== netstandard2.0)) (&& (== netstandard1.0) (>= netstandard1.6)) (== netstandard1.6) (&& (== netstandard2.0) (< netstandard1.3)) (&& (== netstandard2.0) (< portable-net451+win81+wpa81))
    runtime.osx.10.10-x64.runtime.native.System.Security.Cryptography.Apple (4.3.1) - restriction: || (&& (== net46) (== netstandard2.0)) (&& (== net46) (< net20) (>= netstandard1.6)) (&& (== net46) (>= netstandard1.6) (>= uap10.0)) (== netcoreapp1.1) (&& (== netstandard1.0) (== netstandard2.0)) (&& (== netstandard1.0) (>= netstandard1.6)) (== netstandard1.6) (&& (== netstandard2.0) (< netstandard1.3))
    runtime.osx.10.10-x64.runtime.native.System.Security.Cryptography.OpenSsl (4.3.2) - restriction: || (&& (== net46) (== netstandard2.0)) (&& (== net46) (< net20) (>= netstandard1.6)) (&& (== net46) (>= netstandard1.6) (>= uap10.0)) (== netcoreapp1.1) (&& (== netstandard1.0) (== netstandard2.0)) (&& (== netstandard1.0) (>= netstandard1.6)) (== netstandard1.6) (&& (== netstandard2.0) (< netstandard1.3)) (&& (== netstandard2.0) (< portable-net451+win81+wpa81))
    runtime.rhel.7-x64.runtime.native.System.Security.Cryptography.OpenSsl (4.3.2) - restriction: || (&& (== net46) (== netstandard2.0)) (&& (== net46) (< net20) (>= netstandard1.6)) (&& (== net46) (>= netstandard1.6) (>= uap10.0)) (== netcoreapp1.1) (&& (== netstandard1.0) (== netstandard2.0)) (&& (== netstandard1.0) (>= netstandard1.6)) (== netstandard1.6) (&& (== netstandard2.0) (< netstandard1.3)) (&& (== netstandard2.0) (< portable-net451+win81+wpa81))
    runtime.ubuntu.14.04-x64.runtime.native.System.Security.Cryptography.OpenSsl (4.3.2) - restriction: || (&& (== net46) (== netstandard2.0)) (&& (== net46) (< net20) (>= netstandard1.6)) (&& (== net46) (>= netstandard1.6) (>= uap10.0)) (== netcoreapp1.1) (&& (== netstandard1.0) (== netstandard2.0)) (&& (== netstandard1.0) (>= netstandard1.6)) (== netstandard1.6) (&& (== netstandard2.0) (< netstandard1.3)) (&& (== netstandard2.0) (< portable-net451+win81+wpa81))
    runtime.ubuntu.16.04-x64.runtime.native.System.Security.Cryptography.OpenSsl (4.3.2) - restriction: || (&& (== net46) (== netstandard2.0)) (&& (== net46) (< net20) (>= netstandard1.6)) (&& (== net46) (>= netstandard1.6) (>= uap10.0)) (== netcoreapp1.1) (&& (== netstandard1.0) (== netstandard2.0)) (&& (== netstandard1.0) (>= netstandard1.6)) (== netstandard1.6) (&& (== netstandard2.0) (< netstandard1.3)) (&& (== netstandard2.0) (< portable-net451+win81+wpa81))
    runtime.ubuntu.16.10-x64.runtime.native.System.Security.Cryptography.OpenSsl (4.3.2) - restriction: || (&& (== net46) (== netstandard2.0)) (&& (== net46) (< net20) (>= netstandard1.6)) (&& (== net46) (>= netstandard1.6) (>= uap10.0)) (== netcoreapp1.1) (&& (== netstandard1.0) (== netstandard2.0)) (&& (== netstandard1.0) (>= netstandard1.6)) (== netstandard1.6) (&& (== netstandard2.0) (< netstandard1.3)) (&& (== netstandard2.0) (< portable-net451+win81+wpa81))
    System.AppContext (4.3) - restriction: || (&& (== net46) (== netstandard1.0)) (&& (== net46) (== netstandard2.0)) (&& (== net46) (< net20)) (&& (== net46) (>= uap10.0)) (== netcoreapp1.1) (&& (== netstandard1.0) (== netstandard2.0)) (&& (== netstandard1.0) (>= net46)) (&& (== netstandard1.0) (>= netstandard1.3)) (&& (== netstandard1.0) (>= netstandard1.4)) (&& (== netstandard1.0) (>= netstandard1.5)) (&& (== netstandard1.0) (>= netstandard1.6)) (&& (== netstandard1.0) (>= uap10.0)) (== netstandard1.6) (&& (== netstandard2.0) (< netstandard1.3))
      System.Runtime (>= 4.3) - restriction: || (&& (== net46) (>= netcoreapp5.0)) (== netcoreapp1.1) (&& (== netstandard1.0) (>= netcoreapp5.0)) (&& (== netstandard1.0) (>= netstandard1.3)) (&& (== netstandard1.0) (>= netstandard1.6)) (== netstandard1.6) (== netstandard2.0)
    System.Buffers (4.4) - restriction: || (&& (== net46) (== netstandard1.0)) (&& (== net46) (== netstandard2.0)) (&& (== net46) (< net20)) (&& (== net46) (>= netcoreapp5.0)) (&& (== net46) (>= uap10.0)) (== netcoreapp1.1) (&& (== netstandard1.0) (== netstandard2.0)) (&& (== netstandard1.0) (>= net46)) (&& (== netstandard1.0) (>= netcoreapp5.0)) (&& (== netstandard1.0) (>= netstandard1.3)) (&& (== netstandard1.0) (>= netstandard1.4)) (&& (== netstandard1.0) (>= netstandard1.5)) (&& (== netstandard1.0) (>= netstandard1.6)) (&& (== netstandard1.0) (>= uap10.0)) (== netstandard1.6) (&& (== netstandard2.0) (< netstandard1.3)) (&& (== netstandard2.0) (< portable-net451+win81+wpa81))
      System.Diagnostics.Debug (>= 4.3) - restriction: || (== net46) (== netcoreapp1.1) (&& (== netstandard1.0) (>= netstandard1.1)) (== netstandard1.6)
      System.Diagnostics.Tracing (>= 4.3) - restriction: || (== net46) (== netcoreapp1.1) (&& (== netstandard1.0) (>= netstandard1.1)) (== netstandard1.6)
      System.Resources.ResourceManager (>= 4.3) - restriction: || (== net46) (== netcoreapp1.1) (&& (== netstandard1.0) (>= netstandard1.1)) (== netstandard1.6)
      System.Runtime (>= 4.3) - restriction: || (== net46) (== netcoreapp1.1) (&& (== netstandard1.0) (>= netstandard1.1)) (== netstandard1.6)
      System.Threading (>= 4.3) - restriction: || (== net46) (== netcoreapp1.1) (&& (== netstandard1.0) (>= netstandard1.1)) (== netstandard1.6)
    System.Collections (4.3) - restriction: || (&& (== net46) (== netstandard2.0)) (&& (== net46) (< net20)) (&& (== net46) (>= netcoreapp5.0)) (&& (== net46) (>= netstandard1.6) (>= uap10.0)) (== netcoreapp1.1) (== netstandard1.0) (== netstandard1.6) (&& (== netstandard2.0) (< netstandard1.3)) (&& (== netstandard2.0) (< portable-net45+win8+wpa81)) (&& (== netstandard2.0) (< portable-net451+win81+wpa81))
      Microsoft.NETCore.Platforms (>= 1.1) - restriction: || (&& (== net46) (< net45)) (&& (== net46) (>= netcoreapp5.0)) (== netcoreapp1.1) (== netstandard1.0) (== netstandard1.6) (== netstandard2.0)
      Microsoft.NETCore.Targets (>= 1.1) - restriction: || (&& (== net46) (< net45)) (&& (== net46) (>= netcoreapp5.0)) (== netcoreapp1.1) (== netstandard1.0) (== netstandard1.6) (== netstandard2.0)
      System.Runtime (>= 4.3) - restriction: || (&& (== net46) (< net45)) (&& (== net46) (>= netcoreapp5.0)) (== netcoreapp1.1) (== netstandard1.0) (== netstandard1.6) (== netstandard2.0)
    System.Collections.Concurrent (4.3) - restriction: || (&& (== net46) (== netstandard1.0)) (&& (== net46) (== netstandard2.0)) (&& (== net46) (< net20)) (&& (== net46) (>= uap10.0)) (== netcoreapp1.1) (&& (== netstandard1.0) (== netstandard2.0)) (&& (== netstandard1.0) (>= netstandard1.1)) (&& (== netstandard1.0) (>= netstandard1.2)) (&& (== netstandard1.0) (>= netstandard1.3)) (&& (== netstandard1.0) (>= netstandard1.4)) (&& (== netstandard1.0) (>= netstandard1.5)) (&& (== netstandard1.0) (>= netstandard1.6)) (&& (== netstandard1.0) (>= uap10.0)) (== netstandard1.6) (&& (== netstandard2.0) (< netstandard1.3)) (&& (== netstandard2.0) (< portable-net451+win81+wpa81))
      System.Collections (>= 4.3) - restriction: || (&& (== net46) (< net45)) (&& (== net46) (>= netcoreapp5.0)) (== netcoreapp1.1) (&& (== netstandard1.0) (>= netcoreapp5.0)) (&& (== netstandard1.0) (>= netstandard1.3)) (== netstandard1.6) (== netstandard2.0)
      System.Diagnostics.Debug (>= 4.3) - restriction: || (&& (== net46) (< net45)) (&& (== net46) (>= netcoreapp5.0)) (== netcoreapp1.1) (&& (== netstandard1.0) (>= netcoreapp5.0)) (&& (== netstandard1.0) (>= netstandard1.3)) (== netstandard1.6) (== netstandard2.0)
      System.Diagnostics.Tracing (>= 4.3) - restriction: || (&& (== net46) (< net45)) (&& (== net46) (>= netcoreapp5.0)) (== netcoreapp1.1) (&& (== netstandard1.0) (>= netcoreapp5.0)) (&& (== netstandard1.0) (>= netstandard1.3)) (== netstandard1.6) (== netstandard2.0)
      System.Globalization (>= 4.3) - restriction: || (&& (== net46) (< net45)) (&& (== net46) (>= netcoreapp5.0)) (== netcoreapp1.1) (&& (== netstandard1.0) (>= netcoreapp5.0)) (&& (== netstandard1.0) (>= netstandard1.3)) (== netstandard1.6) (== netstandard2.0)
      System.Reflection (>= 4.3) - restriction: || (&& (== net46) (< net45)) (== netcoreapp1.1) (&& (== netstandard1.0) (>= netstandard1.3)) (== netstandard1.6) (== netstandard2.0)
      System.Resources.ResourceManager (>= 4.3) - restriction: || (&& (== net46) (< net45)) (&& (== net46) (>= netcoreapp5.0)) (== netcoreapp1.1) (&& (== netstandard1.0) (>= netcoreapp5.0)) (&& (== netstandard1.0) (>= netstandard1.3)) (== netstandard1.6) (== netstandard2.0)
      System.Runtime (>= 4.3) - restriction: || (&& (== net46) (< net45)) (&& (== net46) (>= netcoreapp5.0)) (== netcoreapp1.1) (&& (== netstandard1.0) (>= netcoreapp5.0)) (&& (== netstandard1.0) (>= netstandard1.1)) (&& (== netstandard1.0) (>= netstandard1.3)) (== netstandard1.6) (== netstandard2.0)
      System.Runtime.Extensions (>= 4.3) - restriction: || (&& (== net46) (< net45)) (&& (== net46) (>= netcoreapp5.0)) (== netcoreapp1.1) (&& (== netstandard1.0) (>= netcoreapp5.0)) (&& (== netstandard1.0) (>= netstandard1.3)) (== netstandard1.6) (== netstandard2.0)
      System.Threading (>= 4.3) - restriction: || (&& (== net46) (< net45)) (&& (== net46) (>= netcoreapp5.0)) (== netcoreapp1.1) (&& (== netstandard1.0) (>= netcoreapp5.0)) (&& (== netstandard1.0) (>= netstandard1.3)) (== netstandard1.6) (== netstandard2.0)
      System.Threading.Tasks (>= 4.3) - restriction: || (&& (== net46) (< net45)) (&& (== net46) (>= netcoreapp5.0)) (== netcoreapp1.1) (&& (== netstandard1.0) (>= netcoreapp5.0)) (&& (== netstandard1.0) (>= netstandard1.1)) (&& (== netstandard1.0) (>= netstandard1.3)) (== netstandard1.6) (== netstandard2.0)
    System.Collections.NonGeneric (4.3) - restriction: || (&& (== net46) (== netstandard2.0)) (&& (== net46) (< net20) (>= net462)) (&& (== net46) (< net20) (>= netstandard1.5)) (== netcoreapp1.1) (&& (== netstandard1.0) (== netstandard2.0)) (&& (== netstandard1.0) (>= net462)) (&& (== netstandard1.0) (>= netstandard1.5)) (== netstandard1.6) (&& (== netstandard2.0) (< netstandard1.3))
      System.Diagnostics.Debug (>= 4.3) - restriction: || (== netcoreapp1.1) (&& (== netstandard1.0) (>= netstandard1.3)) (== netstandard1.6) (== netstandard2.0)
      System.Globalization (>= 4.3) - restriction: || (== netcoreapp1.1) (&& (== netstandard1.0) (>= netstandard1.3)) (== netstandard1.6) (== netstandard2.0)
      System.Resources.ResourceManager (>= 4.3) - restriction: || (== netcoreapp1.1) (&& (== netstandard1.0) (>= netstandard1.3)) (== netstandard1.6) (== netstandard2.0)
      System.Runtime (>= 4.3) - restriction: || (== netcoreapp1.1) (&& (== netstandard1.0) (>= netstandard1.3)) (== netstandard1.6) (== netstandard2.0)
      System.Runtime.Extensions (>= 4.3) - restriction: || (== netcoreapp1.1) (&& (== netstandard1.0) (>= netstandard1.3)) (== netstandard1.6) (== netstandard2.0)
      System.Threading (>= 4.3) - restriction: || (== netcoreapp1.1) (&& (== netstandard1.0) (>= netstandard1.3)) (== netstandard1.6) (== netstandard2.0)
    System.Collections.Specialized (4.3) - restriction: || (&& (== net46) (== netstandard2.0)) (&& (== net46) (< net20) (>= netstandard1.5)) (== netcoreapp1.1) (&& (== netstandard1.0) (== netstandard2.0)) (&& (== netstandard1.0) (>= netstandard1.5)) (== netstandard1.6) (&& (== netstandard2.0) (< netstandard1.3))
      System.Collections.NonGeneric (>= 4.3) - restriction: || (== netcoreapp1.1) (&& (== netstandard1.0) (>= netstandard1.3)) (== netstandard1.6) (== netstandard2.0)
      System.Globalization (>= 4.3) - restriction: || (== netcoreapp1.1) (&& (== netstandard1.0) (>= netstandard1.3)) (== netstandard1.6) (== netstandard2.0)
      System.Globalization.Extensions (>= 4.3) - restriction: || (== netcoreapp1.1) (&& (== netstandard1.0) (>= netstandard1.3)) (== netstandard1.6) (== netstandard2.0)
      System.Resources.ResourceManager (>= 4.3) - restriction: || (== netcoreapp1.1) (&& (== netstandard1.0) (>= netstandard1.3)) (== netstandard1.6) (== netstandard2.0)
      System.Runtime (>= 4.3) - restriction: || (== netcoreapp1.1) (&& (== netstandard1.0) (>= netstandard1.3)) (== netstandard1.6) (== netstandard2.0)
      System.Runtime.Extensions (>= 4.3) - restriction: || (== netcoreapp1.1) (&& (== netstandard1.0) (>= netstandard1.3)) (== netstandard1.6) (== netstandard2.0)
      System.Threading (>= 4.3) - restriction: || (== netcoreapp1.1) (&& (== netstandard1.0) (>= netstandard1.3)) (== netstandard1.6) (== netstandard2.0)
    System.ComponentModel (4.3) - restriction: || (&& (== net46) (== netstandard2.0)) (&& (== net46) (< net20)) (== netcoreapp1.1) (== netstandard1.0) (== netstandard1.6) (&& (== netstandard2.0) (< netstandard1.3))
      System.Runtime (>= 4.3) - restriction: || (&& (== net46) (< net45)) (&& (== net46) (>= netcoreapp5.0)) (== netcoreapp1.1) (== netstandard1.0) (== netstandard1.6) (== netstandard2.0)
    System.ComponentModel.Primitives (4.3) - restriction: || (&& (== net46) (== netstandard2.0)) (&& (== net46) (< net20)) (&& (== net46) (< netstandard1.0) (>= win8)) (&& (== net46) (>= wp8)) (&& (== net46) (>= wpa81)) (== netcoreapp1.1) (== netstandard1.0) (== netstandard1.6) (&& (== netstandard2.0) (< netstandard1.0) (>= win8)) (&& (== netstandard2.0) (< netstandard1.3)) (&& (== netstandard2.0) (>= wp8))
      System.ComponentModel (>= 4.3) - restriction: || (&& (== net46) (< net45)) (== netcoreapp1.1) (== netstandard1.0) (== netstandard1.6) (== netstandard2.0)
      System.Resources.ResourceManager (>= 4.3) - restriction: || (&& (== net46) (< net45)) (== netcoreapp1.1) (== netstandard1.0) (== netstandard1.6) (== netstandard2.0)
      System.Runtime (>= 4.3) - restriction: || (&& (== net46) (< net45)) (== netcoreapp1.1) (== netstandard1.0) (== netstandard1.6) (== netstandard2.0)
    System.ComponentModel.TypeConverter (4.3) - restriction: || (&& (== net46) (== netstandard2.0)) (&& (== net46) (< net20)) (== netcoreapp1.1) (== netstandard1.0) (== netstandard1.6) (&& (== netstandard2.0) (< netstandard1.3))
      System.Collections (>= 4.3) - restriction: || (&& (== net46) (< net45)) (== netcoreapp1.1) (== netstandard1.0) (== netstandard1.6) (== netstandard2.0)
      System.Collections.NonGeneric (>= 4.3) - restriction: || (&& (== net46) (< net45) (>= netstandard1.5)) (&& (== net46) (>= net462)) (== netcoreapp1.1) (&& (== netstandard1.0) (>= net462)) (&& (== netstandard1.0) (>= netstandard1.5)) (== netstandard1.6) (== netstandard2.0)
      System.Collections.Specialized (>= 4.3) - restriction: || (&& (== net46) (< net45) (>= netstandard1.5)) (== netcoreapp1.1) (&& (== netstandard1.0) (>= netstandard1.5)) (== netstandard1.6) (== netstandard2.0)
      System.ComponentModel (>= 4.3) - restriction: || (&& (== net46) (< net45)) (== netcoreapp1.1) (== netstandard1.0) (== netstandard1.6) (== netstandard2.0)
      System.ComponentModel.Primitives (>= 4.3)
      System.Globalization (>= 4.3) - restriction: || (&& (== net46) (< net45)) (== netcoreapp1.1) (== netstandard1.0) (== netstandard1.6) (== netstandard2.0)
      System.Linq (>= 4.3) - restriction: || (&& (== net46) (< net45) (>= netstandard1.5)) (== netcoreapp1.1) (&& (== netstandard1.0) (>= netstandard1.5)) (== netstandard1.6) (== netstandard2.0)
      System.Reflection (>= 4.3) - restriction: || (&& (== net46) (< net45)) (== netcoreapp1.1) (== netstandard1.0) (== netstandard1.6) (== netstandard2.0)
      System.Reflection.Extensions (>= 4.3) - restriction: || (&& (== net46) (< net45)) (== netcoreapp1.1) (== netstandard1.0) (== netstandard1.6) (== netstandard2.0)
      System.Reflection.Primitives (>= 4.3) - restriction: || (&& (== net46) (< net45)) (== netcoreapp1.1) (== netstandard1.0) (== netstandard1.6) (== netstandard2.0)
      System.Reflection.TypeExtensions (>= 4.3) - restriction: || (&& (== net46) (< net45) (>= netstandard1.5)) (== netcoreapp1.1) (&& (== netstandard1.0) (>= netstandard1.5)) (== netstandard1.6) (== netstandard2.0)
      System.Resources.ResourceManager (>= 4.3) - restriction: || (&& (== net46) (< net45)) (== netcoreapp1.1) (== netstandard1.0) (== netstandard1.6) (== netstandard2.0)
      System.Runtime (>= 4.3) - restriction: || (&& (== net46) (< net45)) (== netcoreapp1.1) (== netstandard1.0) (== netstandard1.6) (== netstandard2.0)
      System.Runtime.Extensions (>= 4.3) - restriction: || (&& (== net46) (< net45)) (== netcoreapp1.1) (== netstandard1.0) (== netstandard1.6) (== netstandard2.0)
      System.Threading (>= 4.3) - restriction: || (&& (== net46) (< net45)) (== netcoreapp1.1) (== netstandard1.0) (== netstandard1.6) (== netstandard2.0)
    System.Console (4.3) - restriction: || (&& (== net46) (== netstandard1.0)) (&& (== net46) (== netstandard2.0)) (&& (== net46) (< net20)) (&& (== net46) (>= uap10.0)) (== netcoreapp1.1) (&& (== netstandard1.0) (== netstandard2.0)) (&& (== netstandard1.0) (>= net46)) (&& (== netstandard1.0) (>= netstandard1.3)) (&& (== netstandard1.0) (>= netstandard1.4)) (&& (== netstandard1.0) (>= netstandard1.5)) (&& (== netstandard1.0) (>= netstandard1.6)) (&& (== netstandard1.0) (>= uap10.0)) (== netstandard1.6) (&& (== netstandard2.0) (< netstandard1.3))
      Microsoft.NETCore.Platforms (>= 1.1) - restriction: || (== netcoreapp1.1) (&& (== netstandard1.0) (>= netstandard1.3)) (== netstandard1.6) (== netstandard2.0)
      Microsoft.NETCore.Targets (>= 1.1) - restriction: || (== netcoreapp1.1) (&& (== netstandard1.0) (>= netstandard1.3)) (== netstandard1.6) (== netstandard2.0)
      System.IO (>= 4.3) - restriction: || (== netcoreapp1.1) (&& (== netstandard1.0) (>= netstandard1.3)) (== netstandard1.6) (== netstandard2.0)
      System.Runtime (>= 4.3) - restriction: || (== netcoreapp1.1) (&& (== netstandard1.0) (>= netstandard1.3)) (== netstandard1.6) (== netstandard2.0)
      System.Text.Encoding (>= 4.3) - restriction: || (== netcoreapp1.1) (&& (== netstandard1.0) (>= netstandard1.3)) (== netstandard1.6) (== netstandard2.0)
    System.Diagnostics.Debug (4.3) - restriction: || (&& (== net46) (== netstandard2.0)) (&& (== net46) (< net20)) (&& (== net46) (>= uap10.0)) (== netcoreapp1.1) (== netstandard1.0) (== netstandard1.6) (&& (== netstandard2.0) (< netstandard1.3)) (&& (== netstandard2.0) (< portable-net45+win8+wpa81)) (&& (== netstandard2.0) (< portable-net451+win81+wpa81))
      Microsoft.NETCore.Platforms (>= 1.1) - restriction: || (&& (== net46) (< net45)) (&& (== net46) (>= netcoreapp5.0)) (== netcoreapp1.1) (== netstandard1.0) (== netstandard1.6) (== netstandard2.0)
      Microsoft.NETCore.Targets (>= 1.1) - restriction: || (&& (== net46) (< net45)) (&& (== net46) (>= netcoreapp5.0)) (== netcoreapp1.1) (== netstandard1.0) (== netstandard1.6) (== netstandard2.0)
      System.Runtime (>= 4.3) - restriction: || (&& (== net46) (< net45)) (&& (== net46) (>= netcoreapp5.0)) (== netcoreapp1.1) (== netstandard1.0) (== netstandard1.6) (== netstandard2.0)
    System.Diagnostics.DiagnosticSource (4.4.1) - restriction: || (&& (== net46) (== netstandard1.0)) (&& (== net46) (== netstandard2.0)) (&& (== net46) (< net20)) (&& (== net46) (>= netcoreapp5.0)) (&& (== net46) (>= uap10.0)) (== netcoreapp1.1) (&& (== netstandard1.0) (== netstandard2.0)) (&& (== netstandard1.0) (>= net46)) (&& (== netstandard1.0) (>= netcoreapp5.0)) (&& (== netstandard1.0) (>= netstandard1.3)) (&& (== netstandard1.0) (>= netstandard1.4)) (&& (== netstandard1.0) (>= netstandard1.5)) (&& (== netstandard1.0) (>= netstandard1.6)) (&& (== netstandard1.0) (>= uap10.0)) (== netstandard1.6) (&& (== netstandard2.0) (< netstandard1.3)) (&& (== netstandard2.0) (< portable-net451+win81+wpa81))
      System.Collections (>= 4.3) - restriction: || (&& (== net46) (< net45)) (== netcoreapp1.1) (&& (== netstandard1.0) (>= netstandard1.1)) (&& (== netstandard1.0) (>= netstandard1.3)) (== netstandard1.6) (== netstandard2.0)
      System.Diagnostics.Debug (>= 4.3) - restriction: || (&& (== net46) (< net45)) (== netcoreapp1.1) (&& (== netstandard1.0) (>= netstandard1.3)) (== netstandard1.6) (== netstandard2.0)
      System.Diagnostics.Tracing (>= 4.3) - restriction: || (&& (== net46) (< net45)) (== netcoreapp1.1) (&& (== netstandard1.0) (>= netstandard1.1)) (&& (== netstandard1.0) (>= netstandard1.3)) (== netstandard1.6) (== netstandard2.0)
      System.Reflection (>= 4.3) - restriction: || (&& (== net46) (< net45)) (== netcoreapp1.1) (&& (== netstandard1.0) (>= netstandard1.1)) (&& (== netstandard1.0) (>= netstandard1.3)) (== netstandard1.6) (== netstandard2.0)
      System.Runtime (>= 4.3) - restriction: || (&& (== net46) (< net45)) (== netcoreapp1.1) (&& (== netstandard1.0) (>= netstandard1.1)) (&& (== netstandard1.0) (>= netstandard1.3)) (== netstandard1.6) (== netstandard2.0)
      System.Runtime.Extensions (>= 4.3) - restriction: || (&& (== net46) (< net45)) (== netcoreapp1.1) (&& (== netstandard1.0) (>= netstandard1.3)) (== netstandard1.6) (== netstandard2.0)
      System.Threading (>= 4.3) - restriction: || (&& (== net46) (< net45)) (== netcoreapp1.1) (&& (== netstandard1.0) (>= netstandard1.1)) (&& (== netstandard1.0) (>= netstandard1.3)) (== netstandard1.6) (== netstandard2.0)
    System.Diagnostics.Tools (4.3) - restriction: || (&& (== net46) (== netstandard2.0)) (&& (== net46) (< net20)) (&& (== net46) (>= netcoreapp5.0)) (&& (== net46) (>= uap10.0)) (== netcoreapp1.1) (== netstandard1.0) (== netstandard1.6) (&& (== netstandard2.0) (< netstandard1.3)) (&& (== netstandard2.0) (< portable-net45+win8+wpa81)) (&& (== netstandard2.0) (< portable-net451+win81+wpa81))
      Microsoft.NETCore.Platforms (>= 1.1) - restriction: || (&& (== net46) (< net45)) (&& (== net46) (>= netcoreapp5.0)) (== netcoreapp1.1) (== netstandard1.0) (== netstandard1.6) (== netstandard2.0)
      Microsoft.NETCore.Targets (>= 1.1) - restriction: || (&& (== net46) (< net45)) (&& (== net46) (>= netcoreapp5.0)) (== netcoreapp1.1) (== netstandard1.0) (== netstandard1.6) (== netstandard2.0)
      System.Runtime (>= 4.3) - restriction: || (&& (== net46) (< net45)) (&& (== net46) (>= netcoreapp5.0)) (== netcoreapp1.1) (== netstandard1.0) (== netstandard1.6) (== netstandard2.0)
    System.Diagnostics.Tracing (4.3) - restriction: || (&& (== net46) (== netstandard1.0)) (&& (== net46) (== netstandard2.0)) (&& (== net46) (< net20)) (&& (== net46) (>= uap10.0)) (== netcoreapp1.1) (&& (== netstandard1.0) (== netstandard2.0)) (&& (== netstandard1.0) (>= netstandard1.1)) (&& (== netstandard1.0) (>= netstandard1.2)) (&& (== netstandard1.0) (>= netstandard1.3)) (&& (== netstandard1.0) (>= netstandard1.4)) (&& (== netstandard1.0) (>= netstandard1.5)) (&& (== netstandard1.0) (>= netstandard1.6)) (&& (== netstandard1.0) (>= uap10.0)) (== netstandard1.6) (&& (== netstandard2.0) (< netstandard1.3)) (&& (== netstandard2.0) (< portable-net451+win81+wpa81))
      Microsoft.NETCore.Platforms (>= 1.1) - restriction: || (&& (== net46) (< net45)) (&& (== net46) (>= netcoreapp5.0)) (== netcoreapp1.1) (&& (== netstandard1.0) (>= netcoreapp5.0)) (&& (== netstandard1.0) (>= netstandard1.1)) (&& (== netstandard1.0) (>= netstandard1.2)) (&& (== netstandard1.0) (>= netstandard1.3)) (&& (== netstandard1.0) (>= netstandard1.5)) (== netstandard1.6) (== netstandard2.0)
      Microsoft.NETCore.Targets (>= 1.1) - restriction: || (&& (== net46) (< net45)) (&& (== net46) (>= netcoreapp5.0)) (== netcoreapp1.1) (&& (== netstandard1.0) (>= netcoreapp5.0)) (&& (== netstandard1.0) (>= netstandard1.1)) (&& (== netstandard1.0) (>= netstandard1.2)) (&& (== netstandard1.0) (>= netstandard1.3)) (&& (== netstandard1.0) (>= netstandard1.5)) (== netstandard1.6) (== netstandard2.0)
      System.Runtime (>= 4.3) - restriction: || (&& (== net46) (< net45)) (&& (== net46) (>= netcoreapp5.0)) (== netcoreapp1.1) (&& (== netstandard1.0) (>= netcoreapp5.0)) (&& (== netstandard1.0) (>= netstandard1.1)) (&& (== netstandard1.0) (>= netstandard1.2)) (&& (== netstandard1.0) (>= netstandard1.3)) (&& (== netstandard1.0) (>= netstandard1.5)) (== netstandard1.6) (== netstandard2.0)
    System.Dynamic.Runtime (4.3) - restriction: || (&& (== net46) (== netstandard2.0)) (&& (== net46) (< net20)) (&& (== net46) (>= netcoreapp5.0)) (== netcoreapp1.1) (== netstandard1.0) (== netstandard1.6) (&& (== netstandard2.0) (< netstandard1.3))
      System.Collections (>= 4.3) - restriction: || (&& (== net46) (< net45)) (&& (== net46) (>= netcoreapp5.0)) (== netcoreapp1.1) (&& (== netstandard1.0) (>= netcoreapp5.0)) (&& (== netstandard1.0) (>= netstandard1.3)) (== netstandard1.6) (== netstandard2.0)
      System.Diagnostics.Debug (>= 4.3) - restriction: || (&& (== net46) (< net45)) (&& (== net46) (>= netcoreapp5.0)) (== netcoreapp1.1) (&& (== netstandard1.0) (>= netcoreapp5.0)) (&& (== netstandard1.0) (>= netstandard1.3)) (== netstandard1.6) (== netstandard2.0)
      System.Linq (>= 4.3) - restriction: || (&& (== net46) (< net45)) (&& (== net46) (>= netcoreapp5.0)) (== netcoreapp1.1) (&& (== netstandard1.0) (>= netcoreapp5.0)) (&& (== netstandard1.0) (>= netstandard1.3)) (== netstandard1.6) (== netstandard2.0)
      System.Linq.Expressions (>= 4.3) - restriction: || (&& (== net46) (< net45)) (&& (== net46) (>= netcoreapp5.0)) (== netcoreapp1.1) (== netstandard1.0) (== netstandard1.6) (== netstandard2.0)
      System.ObjectModel (>= 4.3) - restriction: || (&& (== net46) (< net45)) (&& (== net46) (>= netcoreapp5.0)) (== netcoreapp1.1) (== netstandard1.0) (== netstandard1.6) (== netstandard2.0)
      System.Reflection (>= 4.3) - restriction: || (&& (== net46) (< net45)) (&& (== net46) (>= netcoreapp5.0)) (== netcoreapp1.1) (== netstandard1.0) (== netstandard1.6) (== netstandard2.0)
      System.Reflection.Emit (>= 4.3) - restriction: || (&& (== net46) (< net45)) (== netcoreapp1.1) (&& (== netstandard1.0) (>= netstandard1.3)) (== netstandard1.6) (== netstandard2.0)
      System.Reflection.Emit.ILGeneration (>= 4.3) - restriction: || (&& (== net46) (< net45)) (== netcoreapp1.1) (&& (== netstandard1.0) (>= netstandard1.3)) (== netstandard1.6) (== netstandard2.0)
      System.Reflection.Primitives (>= 4.3) - restriction: || (&& (== net46) (< net45)) (== netcoreapp1.1) (&& (== netstandard1.0) (>= netstandard1.3)) (== netstandard1.6) (== netstandard2.0)
      System.Reflection.TypeExtensions (>= 4.3) - restriction: || (&& (== net46) (< net45)) (&& (== net46) (>= netcoreapp5.0)) (== netcoreapp1.1) (&& (== netstandard1.0) (>= netcoreapp5.0)) (&& (== netstandard1.0) (>= netstandard1.3)) (== netstandard1.6) (== netstandard2.0)
      System.Resources.ResourceManager (>= 4.3) - restriction: || (&& (== net46) (< net45)) (&& (== net46) (>= netcoreapp5.0)) (== netcoreapp1.1) (&& (== netstandard1.0) (>= netcoreapp5.0)) (&& (== netstandard1.0) (>= netstandard1.3)) (== netstandard1.6) (== netstandard2.0)
      System.Runtime (>= 4.3) - restriction: || (&& (== net46) (< net45)) (&& (== net46) (>= netcoreapp5.0)) (== netcoreapp1.1) (== netstandard1.0) (== netstandard1.6) (== netstandard2.0)
      System.Runtime.Extensions (>= 4.3) - restriction: || (&& (== net46) (< net45)) (&& (== net46) (>= netcoreapp5.0)) (== netcoreapp1.1) (&& (== netstandard1.0) (>= netcoreapp5.0)) (&& (== netstandard1.0) (>= netstandard1.3)) (== netstandard1.6) (== netstandard2.0)
      System.Threading (>= 4.3) - restriction: || (&& (== net46) (< net45)) (&& (== net46) (>= netcoreapp5.0)) (== netcoreapp1.1) (&& (== netstandard1.0) (>= netcoreapp5.0)) (&& (== netstandard1.0) (>= netstandard1.3)) (== netstandard1.6) (== netstandard2.0)
    System.Globalization (4.3) - restriction: || (&& (== net46) (== netstandard2.0)) (&& (== net46) (< net20)) (&& (== net46) (>= netcoreapp5.0)) (&& (== net46) (>= netstandard1.6) (>= uap10.0)) (== netcoreapp1.1) (== netstandard1.0) (== netstandard1.6) (&& (== netstandard2.0) (< netstandard1.3)) (&& (== netstandard2.0) (< portable-net45+win8+wpa81)) (&& (== netstandard2.0) (< portable-net451+win81+wpa81))
      Microsoft.NETCore.Platforms (>= 1.1) - restriction: || (&& (== net46) (< net45)) (&& (== net46) (>= netcoreapp5.0)) (== netcoreapp1.1) (== netstandard1.0) (== netstandard1.6) (== netstandard2.0)
      Microsoft.NETCore.Targets (>= 1.1) - restriction: || (&& (== net46) (< net45)) (&& (== net46) (>= netcoreapp5.0)) (== netcoreapp1.1) (== netstandard1.0) (== netstandard1.6) (== netstandard2.0)
      System.Runtime (>= 4.3) - restriction: || (&& (== net46) (< net45)) (&& (== net46) (>= netcoreapp5.0)) (== netcoreapp1.1) (== netstandard1.0) (== netstandard1.6) (== netstandard2.0)
    System.Globalization.Calendars (4.3) - restriction: || (&& (== net46) (== netstandard1.0)) (&& (== net46) (== netstandard2.0)) (&& (== net46) (< net20)) (&& (== net46) (>= uap10.0)) (== netcoreapp1.1) (&& (== netstandard1.0) (== netstandard2.0)) (&& (== netstandard1.0) (>= net46)) (&& (== netstandard1.0) (>= netstandard1.3)) (&& (== netstandard1.0) (>= netstandard1.4)) (&& (== netstandard1.0) (>= netstandard1.5)) (&& (== netstandard1.0) (>= netstandard1.6)) (&& (== netstandard1.0) (>= uap10.0)) (== netstandard1.6) (&& (== netstandard2.0) (< netstandard1.3))
      Microsoft.NETCore.Platforms (>= 1.1) - restriction: || (== netcoreapp1.1) (&& (== netstandard1.0) (>= netstandard1.3)) (== netstandard1.6) (== netstandard2.0)
      Microsoft.NETCore.Targets (>= 1.1) - restriction: || (== netcoreapp1.1) (&& (== netstandard1.0) (>= netstandard1.3)) (== netstandard1.6) (== netstandard2.0)
      System.Globalization (>= 4.3) - restriction: || (== netcoreapp1.1) (&& (== netstandard1.0) (>= netstandard1.3)) (== netstandard1.6) (== netstandard2.0)
      System.Runtime (>= 4.3) - restriction: || (== netcoreapp1.1) (&& (== netstandard1.0) (>= netstandard1.3)) (== netstandard1.6) (== netstandard2.0)
    System.Globalization.Extensions (4.3) - restriction: || (&& (== net46) (== netstandard2.0)) (&& (== net46) (< net20) (>= netstandard1.6)) (&& (== net46) (>= netstandard1.6) (>= uap10.0)) (== netcoreapp1.1) (&& (== netstandard1.0) (== netstandard2.0)) (&& (== netstandard1.0) (>= netstandard1.6)) (== netstandard1.6) (&& (== netstandard2.0) (< netstandard1.3)) (&& (== netstandard2.0) (< portable-net451+win81+wpa81))
      Microsoft.NETCore.Platforms (>= 1.1) - restriction: || (== netcoreapp1.1) (&& (== netstandard1.0) (>= netstandard1.3)) (== netstandard1.6) (== netstandard2.0)
      System.Globalization (>= 4.3) - restriction: || (== netcoreapp1.1) (&& (== netstandard1.0) (>= netstandard1.3)) (== netstandard1.6) (== netstandard2.0)
      System.Resources.ResourceManager (>= 4.3) - restriction: || (== netcoreapp1.1) (&& (== netstandard1.0) (>= netstandard1.3)) (== netstandard1.6) (== netstandard2.0)
      System.Runtime (>= 4.3) - restriction: || (== netcoreapp1.1) (&& (== netstandard1.0) (>= netstandard1.3)) (== netstandard1.6) (== netstandard2.0)
      System.Runtime.Extensions (>= 4.3) - restriction: || (== netcoreapp1.1) (&& (== netstandard1.0) (>= netstandard1.3)) (== netstandard1.6) (== netstandard2.0)
      System.Runtime.InteropServices (>= 4.3) - restriction: || (== netcoreapp1.1) (&& (== netstandard1.0) (>= netstandard1.3)) (== netstandard1.6) (== netstandard2.0)
    System.IO (4.3) - restriction: || (&& (== net46) (== netstandard2.0)) (&& (== net46) (< net20)) (&& (== net46) (>= uap10.0)) (== netcoreapp1.1) (== netstandard1.0) (== netstandard1.6) (&& (== netstandard2.0) (< netstandard1.3)) (&& (== netstandard2.0) (< portable-net45+win8+wpa81)) (&& (== netstandard2.0) (< portable-net451+win81+wpa81))
      Microsoft.NETCore.Platforms (>= 1.1) - restriction: || (&& (== net46) (< net45)) (&& (== net46) (>= netcoreapp5.0)) (== netcoreapp1.1) (== netstandard1.0) (== netstandard1.6) (== netstandard2.0)
      Microsoft.NETCore.Targets (>= 1.1) - restriction: || (&& (== net46) (< net45)) (&& (== net46) (>= netcoreapp5.0)) (== netcoreapp1.1) (== netstandard1.0) (== netstandard1.6) (== netstandard2.0)
      System.Runtime (>= 4.3) - restriction: || (&& (== net46) (< net45)) (&& (== net46) (>= netcoreapp5.0)) (== netcoreapp1.1) (== netstandard1.0) (== netstandard1.6) (== netstandard2.0)
      System.Text.Encoding (>= 4.3) - restriction: || (&& (== net46) (< net45)) (&& (== net46) (>= netcoreapp5.0)) (== netcoreapp1.1) (== netstandard1.0) (== netstandard1.6) (== netstandard2.0)
      System.Threading.Tasks (>= 4.3) - restriction: || (&& (== net46) (< net45)) (&& (== net46) (>= netcoreapp5.0)) (== netcoreapp1.1) (== netstandard1.0) (== netstandard1.6) (== netstandard2.0)
    System.IO.Compression (4.3) - restriction: || (&& (== net46) (== netstandard1.0)) (&& (== net46) (== netstandard2.0)) (&& (== net46) (< net20)) (&& (== net46) (>= uap10.0)) (== netcoreapp1.1) (&& (== netstandard1.0) (== netstandard2.0)) (&& (== netstandard1.0) (>= net46)) (&& (== netstandard1.0) (>= netstandard1.1)) (&& (== netstandard1.0) (>= netstandard1.2)) (&& (== netstandard1.0) (>= netstandard1.3)) (&& (== netstandard1.0) (>= netstandard1.4)) (&& (== netstandard1.0) (>= netstandard1.5)) (&& (== netstandard1.0) (>= netstandard1.6)) (&& (== netstandard1.0) (>= uap10.0)) (== netstandard1.6) (&& (== netstandard2.0) (< netstandard1.3)) (&& (== netstandard2.0) (< portable-net451+win81+wpa81))
      Microsoft.NETCore.Platforms (>= 1.1) - restriction: || (&& (== net46) (< net45)) (== netcoreapp1.1) (&& (== netstandard1.0) (>= netstandard1.3)) (== netstandard1.6) (== netstandard2.0)
      runtime.native.System (>= 4.3) - restriction: || (&& (== net46) (< net45)) (== netcoreapp1.1) (&& (== netstandard1.0) (>= netstandard1.3)) (== netstandard1.6) (== netstandard2.0)
      runtime.native.System.IO.Compression (>= 4.3) - restriction: || (&& (== net46) (< net45)) (&& (== net46) (>= netcoreapp5.0)) (== netcoreapp1.1) (&& (== netstandard1.0) (>= netcoreapp5.0)) (&& (== netstandard1.0) (>= netstandard1.3)) (== netstandard1.6) (== netstandard2.0)
      System.Buffers (>= 4.3) - restriction: || (&& (== net46) (< net45)) (&& (== net46) (>= netcoreapp5.0)) (== netcoreapp1.1) (&& (== netstandard1.0) (>= netcoreapp5.0)) (&& (== netstandard1.0) (>= netstandard1.3)) (== netstandard1.6) (== netstandard2.0)
      System.Collections (>= 4.3) - restriction: || (&& (== net46) (< net45)) (&& (== net46) (>= netcoreapp5.0)) (== netcoreapp1.1) (&& (== netstandard1.0) (>= netcoreapp5.0)) (&& (== netstandard1.0) (>= netstandard1.3)) (== netstandard1.6) (== netstandard2.0)
      System.Diagnostics.Debug (>= 4.3) - restriction: || (&& (== net46) (< net45)) (&& (== net46) (>= netcoreapp5.0)) (== netcoreapp1.1) (&& (== netstandard1.0) (>= netcoreapp5.0)) (&& (== netstandard1.0) (>= netstandard1.3)) (== netstandard1.6) (== netstandard2.0)
      System.IO (>= 4.3) - restriction: || (&& (== net46) (< net45)) (&& (== net46) (>= netcoreapp5.0)) (== netcoreapp1.1) (&& (== netstandard1.0) (>= netcoreapp5.0)) (&& (== netstandard1.0) (>= netstandard1.1)) (&& (== netstandard1.0) (>= netstandard1.3)) (== netstandard1.6) (== netstandard2.0)
      System.Resources.ResourceManager (>= 4.3) - restriction: || (&& (== net46) (< net45)) (&& (== net46) (>= netcoreapp5.0)) (== netcoreapp1.1) (&& (== netstandard1.0) (>= netcoreapp5.0)) (&& (== netstandard1.0) (>= netstandard1.3)) (== netstandard1.6) (== netstandard2.0)
      System.Runtime (>= 4.3) - restriction: || (&& (== net46) (< net45)) (&& (== net46) (>= netcoreapp5.0)) (== netcoreapp1.1) (&& (== netstandard1.0) (>= netcoreapp5.0)) (&& (== netstandard1.0) (>= netstandard1.1)) (&& (== netstandard1.0) (>= netstandard1.3)) (== netstandard1.6) (== netstandard2.0)
      System.Runtime.Extensions (>= 4.3) - restriction: || (&& (== net46) (< net45)) (&& (== net46) (>= netcoreapp5.0)) (== netcoreapp1.1) (&& (== netstandard1.0) (>= netcoreapp5.0)) (&& (== netstandard1.0) (>= netstandard1.3)) (== netstandard1.6) (== netstandard2.0)
      System.Runtime.Handles (>= 4.3) - restriction: || (&& (== net46) (< net45)) (&& (== net46) (>= netcoreapp5.0)) (== netcoreapp1.1) (&& (== netstandard1.0) (>= netcoreapp5.0)) (&& (== netstandard1.0) (>= netstandard1.3)) (== netstandard1.6) (== netstandard2.0)
      System.Runtime.InteropServices (>= 4.3) - restriction: || (&& (== net46) (< net45)) (&& (== net46) (>= netcoreapp5.0)) (== netcoreapp1.1) (&& (== netstandard1.0) (>= netcoreapp5.0)) (&& (== netstandard1.0) (>= netstandard1.3)) (== netstandard1.6) (== netstandard2.0)
      System.Text.Encoding (>= 4.3) - restriction: || (&& (== net46) (< net45)) (&& (== net46) (>= netcoreapp5.0)) (== netcoreapp1.1) (&& (== netstandard1.0) (>= netcoreapp5.0)) (&& (== netstandard1.0) (>= netstandard1.1)) (&& (== netstandard1.0) (>= netstandard1.3)) (== netstandard1.6) (== netstandard2.0)
      System.Threading (>= 4.3) - restriction: || (&& (== net46) (< net45)) (&& (== net46) (>= netcoreapp5.0)) (== netcoreapp1.1) (&& (== netstandard1.0) (>= netcoreapp5.0)) (&& (== netstandard1.0) (>= netstandard1.3)) (== netstandard1.6) (== netstandard2.0)
      System.Threading.Tasks (>= 4.3) - restriction: || (&& (== net46) (< net45)) (&& (== net46) (>= netcoreapp5.0)) (== netcoreapp1.1) (&& (== netstandard1.0) (>= netcoreapp5.0)) (&& (== netstandard1.0) (>= netstandard1.3)) (== netstandard1.6) (== netstandard2.0)
    System.IO.Compression.ZipFile (4.3) - restriction: || (&& (== net46) (== netstandard1.0)) (&& (== net46) (== netstandard2.0)) (&& (== net46) (< net20)) (&& (== net46) (>= uap10.0)) (== netcoreapp1.1) (&& (== netstandard1.0) (== netstandard2.0)) (&& (== netstandard1.0) (>= net46)) (&& (== netstandard1.0) (>= netstandard1.3)) (&& (== netstandard1.0) (>= netstandard1.4)) (&& (== netstandard1.0) (>= netstandard1.5)) (&& (== netstandard1.0) (>= netstandard1.6)) (&& (== netstandard1.0) (>= uap10.0)) (== netstandard1.6) (&& (== netstandard2.0) (< netstandard1.3))
      System.Buffers (>= 4.3) - restriction: || (== netcoreapp1.1) (&& (== netstandard1.0) (>= netstandard1.3)) (== netstandard1.6) (== netstandard2.0)
      System.IO (>= 4.3) - restriction: || (== netcoreapp1.1) (&& (== netstandard1.0) (>= netstandard1.3)) (== netstandard1.6) (== netstandard2.0)
      System.IO.Compression (>= 4.3) - restriction: || (== netcoreapp1.1) (&& (== netstandard1.0) (>= netstandard1.3)) (== netstandard1.6) (== netstandard2.0)
      System.IO.FileSystem (>= 4.3) - restriction: || (== netcoreapp1.1) (&& (== netstandard1.0) (>= netstandard1.3)) (== netstandard1.6) (== netstandard2.0)
      System.IO.FileSystem.Primitives (>= 4.3) - restriction: || (== netcoreapp1.1) (&& (== netstandard1.0) (>= netstandard1.3)) (== netstandard1.6) (== netstandard2.0)
      System.Resources.ResourceManager (>= 4.3) - restriction: || (== netcoreapp1.1) (&& (== netstandard1.0) (>= netstandard1.3)) (== netstandard1.6) (== netstandard2.0)
      System.Runtime (>= 4.3) - restriction: || (== netcoreapp1.1) (&& (== netstandard1.0) (>= netstandard1.3)) (== netstandard1.6) (== netstandard2.0)
      System.Runtime.Extensions (>= 4.3) - restriction: || (== netcoreapp1.1) (&& (== netstandard1.0) (>= netstandard1.3)) (== netstandard1.6) (== netstandard2.0)
      System.Text.Encoding (>= 4.3) - restriction: || (== netcoreapp1.1) (&& (== netstandard1.0) (>= netstandard1.3)) (== netstandard1.6) (== netstandard2.0)
    System.IO.FileSystem (4.3) - restriction: || (&& (== net46) (== netstandard1.0)) (&& (== net46) (== netstandard2.0)) (&& (== net46) (< net20)) (&& (== net46) (>= uap10.0)) (== netcoreapp1.1) (&& (== netstandard1.0) (== netstandard2.0)) (&& (== netstandard1.0) (>= net46)) (&& (== netstandard1.0) (>= netstandard1.3)) (&& (== netstandard1.0) (>= netstandard1.4)) (&& (== netstandard1.0) (>= netstandard1.5)) (&& (== netstandard1.0) (>= netstandard1.6)) (&& (== netstandard1.0) (>= uap10.0)) (== netstandard1.6) (&& (== netstandard2.0) (< netstandard1.3))
      Microsoft.NETCore.Platforms (>= 1.1) - restriction: || (== netcoreapp1.1) (&& (== netstandard1.0) (>= netstandard1.3)) (== netstandard1.6) (== netstandard2.0)
      Microsoft.NETCore.Targets (>= 1.1) - restriction: || (== netcoreapp1.1) (&& (== netstandard1.0) (>= netstandard1.3)) (== netstandard1.6) (== netstandard2.0)
      System.IO (>= 4.3) - restriction: || (== netcoreapp1.1) (&& (== netstandard1.0) (>= netstandard1.3)) (== netstandard1.6) (== netstandard2.0)
      System.IO.FileSystem.Primitives (>= 4.3) - restriction: || (== net46) (== netcoreapp1.1) (&& (== netstandard1.0) (>= net46)) (&& (== netstandard1.0) (>= netstandard1.3)) (== netstandard1.6) (== netstandard2.0)
      System.Runtime (>= 4.3) - restriction: || (== netcoreapp1.1) (&& (== netstandard1.0) (>= netstandard1.3)) (== netstandard1.6) (== netstandard2.0)
      System.Runtime.Handles (>= 4.3) - restriction: || (== netcoreapp1.1) (&& (== netstandard1.0) (>= netstandard1.3)) (== netstandard1.6) (== netstandard2.0)
      System.Text.Encoding (>= 4.3) - restriction: || (== netcoreapp1.1) (&& (== netstandard1.0) (>= netstandard1.3)) (== netstandard1.6) (== netstandard2.0)
      System.Threading.Tasks (>= 4.3) - restriction: || (== netcoreapp1.1) (&& (== netstandard1.0) (>= netstandard1.3)) (== netstandard1.6) (== netstandard2.0)
    System.IO.FileSystem.Primitives (4.3) - restriction: || (&& (== net46) (== netstandard1.0)) (&& (== net46) (== netstandard2.0)) (&& (== net46) (< net20)) (&& (== net46) (>= uap10.0)) (== netcoreapp1.1) (&& (== netstandard1.0) (== netstandard2.0)) (&& (== netstandard1.0) (>= net46)) (&& (== netstandard1.0) (>= netstandard1.3)) (&& (== netstandard1.0) (>= netstandard1.4)) (&& (== netstandard1.0) (>= netstandard1.5)) (&& (== netstandard1.0) (>= netstandard1.6)) (&& (== netstandard1.0) (>= uap10.0)) (== netstandard1.6) (&& (== netstandard2.0) (< netstandard1.3))
      System.Runtime (>= 4.3) - restriction: || (== netcoreapp1.1) (&& (== netstandard1.0) (>= netstandard1.3)) (== netstandard1.6) (== netstandard2.0)
    System.Linq (4.3) - restriction: || (&& (== net46) (== netstandard2.0)) (&& (== net46) (< net20)) (&& (== net46) (>= uap10.0)) (== netcoreapp1.1) (== netstandard1.0) (== netstandard1.6) (&& (== netstandard2.0) (< netstandard1.3)) (&& (== netstandard2.0) (< portable-net45+win8+wpa81)) (&& (== netstandard2.0) (< portable-net451+win81+wpa81))
      System.Collections (>= 4.3) - restriction: || (&& (== net46) (< net45)) (&& (== net46) (>= netcoreapp5.0)) (== netcoreapp1.1) (== netstandard1.0) (== netstandard1.6) (== netstandard2.0)
      System.Diagnostics.Debug (>= 4.3) - restriction: || (&& (== net46) (< net45) (>= netstandard1.6)) (&& (== net46) (>= netcoreapp5.0)) (== netcoreapp1.1) (&& (== netstandard1.0) (>= netcoreapp5.0)) (&& (== netstandard1.0) (>= netstandard1.6)) (== netstandard1.6) (== netstandard2.0)
      System.Resources.ResourceManager (>= 4.3) - restriction: || (&& (== net46) (< net45) (>= netstandard1.6)) (&& (== net46) (>= netcoreapp5.0)) (== netcoreapp1.1) (&& (== netstandard1.0) (>= netcoreapp5.0)) (&& (== netstandard1.0) (>= netstandard1.6)) (== netstandard1.6) (== netstandard2.0)
      System.Runtime (>= 4.3) - restriction: || (&& (== net46) (< net45)) (&& (== net46) (>= netcoreapp5.0)) (== netcoreapp1.1) (== netstandard1.0) (== netstandard1.6) (== netstandard2.0)
      System.Runtime.Extensions (>= 4.3) - restriction: || (&& (== net46) (< net45) (>= netstandard1.6)) (&& (== net46) (>= netcoreapp5.0)) (== netcoreapp1.1) (&& (== netstandard1.0) (>= netcoreapp5.0)) (&& (== netstandard1.0) (>= netstandard1.6)) (== netstandard1.6) (== netstandard2.0)
    System.Linq.Expressions (4.3) - restriction: || (&& (== net46) (== netstandard2.0)) (&& (== net46) (< net20)) (&& (== net46) (>= uap10.0)) (== netcoreapp1.1) (== netstandard1.0) (== netstandard1.6) (&& (== netstandard2.0) (< netstandard1.3)) (&& (== netstandard2.0) (< portable-net45+win8+wpa81)) (&& (== netstandard2.0) (< portable-net451+win81+wpa81))
      System.Collections (>= 4.3) - restriction: || (&& (== net46) (< net45) (>= netstandard1.6)) (&& (== net46) (>= netcoreapp5.0)) (== netcoreapp1.1) (&& (== netstandard1.0) (>= netcoreapp5.0)) (&& (== netstandard1.0) (>= netstandard1.6)) (== netstandard1.6) (== netstandard2.0)
      System.Diagnostics.Debug (>= 4.3) - restriction: || (&& (== net46) (< net45) (>= netstandard1.6)) (&& (== net46) (>= netcoreapp5.0)) (== netcoreapp1.1) (&& (== netstandard1.0) (>= netcoreapp5.0)) (&& (== netstandard1.0) (>= netstandard1.6)) (== netstandard1.6) (== netstandard2.0)
      System.Globalization (>= 4.3) - restriction: || (&& (== net46) (< net45) (>= netstandard1.6)) (&& (== net46) (>= netcoreapp5.0)) (== netcoreapp1.1) (&& (== netstandard1.0) (>= netcoreapp5.0)) (&& (== netstandard1.0) (>= netstandard1.6)) (== netstandard1.6) (== netstandard2.0)
      System.IO (>= 4.3) - restriction: || (&& (== net46) (< net45) (>= netstandard1.6)) (&& (== net46) (>= netcoreapp5.0)) (== netcoreapp1.1) (&& (== netstandard1.0) (>= netcoreapp5.0)) (&& (== netstandard1.0) (>= netstandard1.6)) (== netstandard1.6) (== netstandard2.0)
      System.Linq (>= 4.3) - restriction: || (&& (== net46) (< net45) (>= netstandard1.6)) (&& (== net46) (>= netcoreapp5.0)) (== netcoreapp1.1) (&& (== netstandard1.0) (>= netcoreapp5.0)) (&& (== netstandard1.0) (>= netstandard1.6)) (== netstandard1.6) (== netstandard2.0)
      System.ObjectModel (>= 4.3) - restriction: || (&& (== net46) (< net45) (>= netstandard1.6)) (== netcoreapp1.1) (&& (== netstandard1.0) (>= netstandard1.6)) (== netstandard1.6) (== netstandard2.0)
      System.Reflection (>= 4.3) - restriction: || (&& (== net46) (< net45)) (&& (== net46) (>= netcoreapp5.0)) (== netcoreapp1.1) (== netstandard1.0) (== netstandard1.6) (== netstandard2.0)
      System.Reflection.Emit (>= 4.3) - restriction: || (&& (== net46) (< net45) (>= netstandard1.6)) (== netcoreapp1.1) (&& (== netstandard1.0) (>= netstandard1.6)) (== netstandard1.6) (== netstandard2.0)
      System.Reflection.Emit.ILGeneration (>= 4.3) - restriction: || (&& (== net46) (< net45) (>= netstandard1.6)) (&& (== net46) (>= netcoreapp5.0)) (== netcoreapp1.1) (&& (== netstandard1.0) (>= netcoreapp5.0)) (&& (== netstandard1.0) (>= netstandard1.6)) (== netstandard1.6) (== netstandard2.0)
      System.Reflection.Emit.Lightweight (>= 4.3) - restriction: || (&& (== net46) (< net45) (>= netstandard1.6)) (&& (== net46) (>= netcoreapp5.0)) (== netcoreapp1.1) (&& (== netstandard1.0) (>= netcoreapp5.0)) (&& (== netstandard1.0) (>= netstandard1.6)) (== netstandard1.6) (== netstandard2.0)
      System.Reflection.Extensions (>= 4.3) - restriction: || (&& (== net46) (< net45) (>= netstandard1.6)) (&& (== net46) (>= netcoreapp5.0)) (== netcoreapp1.1) (&& (== netstandard1.0) (>= netcoreapp5.0)) (&& (== netstandard1.0) (>= netstandard1.6)) (== netstandard1.6) (== netstandard2.0)
      System.Reflection.Primitives (>= 4.3) - restriction: || (&& (== net46) (< net45) (>= netstandard1.6)) (&& (== net46) (>= netcoreapp5.0)) (== netcoreapp1.1) (&& (== netstandard1.0) (>= netcoreapp5.0)) (&& (== netstandard1.0) (>= netstandard1.6)) (== netstandard1.6) (== netstandard2.0)
      System.Reflection.TypeExtensions (>= 4.3) - restriction: || (&& (== net46) (< net45) (>= netstandard1.6)) (&& (== net46) (>= netcoreapp5.0)) (== netcoreapp1.1) (&& (== netstandard1.0) (>= netcoreapp5.0)) (&& (== netstandard1.0) (>= netstandard1.6)) (== netstandard1.6) (== netstandard2.0)
      System.Resources.ResourceManager (>= 4.3) - restriction: || (&& (== net46) (< net45) (>= netstandard1.6)) (&& (== net46) (>= netcoreapp5.0)) (== netcoreapp1.1) (&& (== netstandard1.0) (>= netcoreapp5.0)) (&& (== netstandard1.0) (>= netstandard1.6)) (== netstandard1.6) (== netstandard2.0)
      System.Runtime (>= 4.3) - restriction: || (&& (== net46) (< net45)) (&& (== net46) (>= netcoreapp5.0)) (== netcoreapp1.1) (== netstandard1.0) (== netstandard1.6) (== netstandard2.0)
      System.Runtime.Extensions (>= 4.3) - restriction: || (&& (== net46) (< net45) (>= netstandard1.6)) (&& (== net46) (>= netcoreapp5.0)) (== netcoreapp1.1) (&& (== netstandard1.0) (>= netcoreapp5.0)) (&& (== netstandard1.0) (>= netstandard1.6)) (== netstandard1.6) (== netstandard2.0)
      System.Threading (>= 4.3) - restriction: || (&& (== net46) (< net45) (>= netstandard1.6)) (&& (== net46) (>= netcoreapp5.0)) (== netcoreapp1.1) (&& (== netstandard1.0) (>= netcoreapp5.0)) (&& (== netstandard1.0) (>= netstandard1.6)) (== netstandard1.6) (== netstandard2.0)
    System.Net.Http (4.3.3) - restriction: || (&& (== net46) (== netstandard1.0)) (&& (== net46) (== netstandard2.0)) (&& (== net46) (< net20)) (&& (== net46) (>= uap10.0)) (== netcoreapp1.1) (&& (== netstandard1.0) (== netstandard2.0)) (&& (== netstandard1.0) (>= net46)) (&& (== netstandard1.0) (>= netstandard1.1)) (&& (== netstandard1.0) (>= netstandard1.2)) (&& (== netstandard1.0) (>= netstandard1.3)) (&& (== netstandard1.0) (>= netstandard1.4)) (&& (== netstandard1.0) (>= netstandard1.5)) (&& (== netstandard1.0) (>= netstandard1.6)) (&& (== netstandard1.0) (>= uap10.0)) (== netstandard1.6) (&& (== netstandard2.0) (< netstandard1.3)) (&& (== netstandard2.0) (< portable-net451+win81+wpa81))
      Microsoft.NETCore.Platforms (>= 1.1) - restriction: || (&& (== net46) (< net45)) (&& (== net46) (>= netcoreapp5.0)) (== netcoreapp1.1) (&& (== netstandard1.0) (>= netcoreapp5.0)) (&& (== netstandard1.0) (>= netstandard1.3)) (&& (== netstandard1.0) (>= netstandard1.6)) (== netstandard1.6) (== netstandard2.0)
      runtime.native.System (>= 4.3) - restriction: || (&& (== net46) (< net45) (>= netstandard1.6)) (== netcoreapp1.1) (&& (== netstandard1.0) (>= netstandard1.6)) (== netstandard1.6) (== netstandard2.0)
      runtime.native.System.Net.Http (>= 4.3) - restriction: || (&& (== net46) (< net45) (>= netstandard1.6)) (== netcoreapp1.1) (&& (== netstandard1.0) (>= netstandard1.6)) (== netstandard1.6) (== netstandard2.0)
      runtime.native.System.Security.Cryptography.OpenSsl (>= 4.3.2) - restriction: || (&& (== net46) (< net45) (>= netstandard1.6)) (== netcoreapp1.1) (&& (== netstandard1.0) (>= netstandard1.6)) (== netstandard1.6) (== netstandard2.0)
      System.Collections (>= 4.3) - restriction: || (&& (== net46) (< net45)) (&& (== net46) (>= netcoreapp5.0)) (== netcoreapp1.1) (&& (== netstandard1.0) (>= netcoreapp5.0)) (&& (== netstandard1.0) (>= netstandard1.3)) (&& (== netstandard1.0) (>= netstandard1.6)) (== netstandard1.6) (== netstandard2.0)
      System.Diagnostics.Debug (>= 4.3) - restriction: || (&& (== net46) (< net45)) (&& (== net46) (>= netcoreapp5.0)) (== netcoreapp1.1) (&& (== netstandard1.0) (>= netcoreapp5.0)) (&& (== netstandard1.0) (>= netstandard1.3)) (&& (== netstandard1.0) (>= netstandard1.6)) (== netstandard1.6) (== netstandard2.0)
      System.Diagnostics.DiagnosticSource (>= 4.3) - restriction: || (&& (== net46) (< net45)) (&& (== net46) (>= netcoreapp5.0)) (== netcoreapp1.1) (&& (== netstandard1.0) (>= netcoreapp5.0)) (&& (== netstandard1.0) (>= netstandard1.3)) (&& (== netstandard1.0) (>= netstandard1.6)) (== netstandard1.6) (== netstandard2.0)
      System.Diagnostics.Tracing (>= 4.3) - restriction: || (&& (== net46) (< net45)) (&& (== net46) (>= netcoreapp5.0)) (== netcoreapp1.1) (&& (== netstandard1.0) (>= netcoreapp5.0)) (&& (== netstandard1.0) (>= netstandard1.3)) (&& (== netstandard1.0) (>= netstandard1.6)) (== netstandard1.6) (== netstandard2.0)
      System.Globalization (>= 4.3) - restriction: || (&& (== net46) (< net45)) (&& (== net46) (>= netcoreapp5.0)) (== netcoreapp1.1) (&& (== netstandard1.0) (>= netcoreapp5.0)) (&& (== netstandard1.0) (>= netstandard1.3)) (&& (== netstandard1.0) (>= netstandard1.6)) (== netstandard1.6) (== netstandard2.0)
      System.Globalization.Extensions (>= 4.3) - restriction: || (&& (== net46) (< net45) (>= netstandard1.6)) (== netcoreapp1.1) (&& (== netstandard1.0) (>= netstandard1.6)) (== netstandard1.6) (== netstandard2.0)
      System.IO (>= 4.3) - restriction: || (&& (== net46) (< net45)) (&& (== net46) (>= netcoreapp5.0)) (== netcoreapp1.1) (&& (== netstandard1.0) (>= netcoreapp5.0)) (&& (== netstandard1.0) (>= netstandard1.1)) (&& (== netstandard1.0) (>= netstandard1.3)) (&& (== netstandard1.0) (>= netstandard1.6)) (== netstandard1.6) (== netstandard2.0)
      System.IO.FileSystem (>= 4.3) - restriction: || (&& (== net46) (< net45) (>= netstandard1.6)) (== netcoreapp1.1) (&& (== netstandard1.0) (>= netstandard1.6)) (== netstandard1.6) (== netstandard2.0)
      System.Net.Primitives (>= 4.3) - restriction: || (&& (== net46) (< net45)) (&& (== net46) (>= netcoreapp5.0)) (== netcoreapp1.1) (&& (== netstandard1.0) (>= netcoreapp5.0)) (&& (== netstandard1.0) (>= netstandard1.1)) (&& (== netstandard1.0) (>= netstandard1.3)) (&& (== netstandard1.0) (>= netstandard1.6)) (== netstandard1.6) (== netstandard2.0)
      System.Resources.ResourceManager (>= 4.3) - restriction: || (&& (== net46) (< net45)) (&& (== net46) (>= netcoreapp5.0)) (== netcoreapp1.1) (&& (== netstandard1.0) (>= netcoreapp5.0)) (&& (== netstandard1.0) (>= netstandard1.3)) (&& (== netstandard1.0) (>= netstandard1.6)) (== netstandard1.6) (== netstandard2.0)
      System.Runtime (>= 4.3) - restriction: || (&& (== net46) (< net45)) (&& (== net46) (>= netcoreapp5.0)) (== netcoreapp1.1) (&& (== netstandard1.0) (>= netcoreapp5.0)) (&& (== netstandard1.0) (>= netstandard1.1)) (&& (== netstandard1.0) (>= netstandard1.3)) (&& (== netstandard1.0) (>= netstandard1.6)) (== netstandard1.6) (== netstandard2.0)
      System.Runtime.Extensions (>= 4.3) - restriction: || (&& (== net46) (< net45)) (&& (== net46) (>= netcoreapp5.0)) (== netcoreapp1.1) (&& (== netstandard1.0) (>= netcoreapp5.0)) (&& (== netstandard1.0) (>= netstandard1.3)) (&& (== netstandard1.0) (>= netstandard1.6)) (== netstandard1.6) (== netstandard2.0)
      System.Runtime.Handles (>= 4.3) - restriction: || (&& (== net46) (< net45)) (== netcoreapp1.1) (&& (== netstandard1.0) (>= netstandard1.3)) (&& (== netstandard1.0) (>= netstandard1.6)) (== netstandard1.6) (== netstandard2.0)
      System.Runtime.InteropServices (>= 4.3) - restriction: || (&& (== net46) (< net45)) (&& (== net46) (>= netcoreapp5.0)) (== netcoreapp1.1) (&& (== netstandard1.0) (>= netcoreapp5.0)) (&& (== netstandard1.0) (>= netstandard1.3)) (&& (== netstandard1.0) (>= netstandard1.6)) (== netstandard1.6) (== netstandard2.0)
      System.Security.Cryptography.Algorithms (>= 4.3) - restriction: || (&& (== net46) (< net45) (>= netstandard1.6)) (== netcoreapp1.1) (&& (== netstandard1.0) (>= netstandard1.6)) (== netstandard1.6) (== netstandard2.0)
      System.Security.Cryptography.Encoding (>= 4.3) - restriction: || (&& (== net46) (< net45)) (== netcoreapp1.1) (&& (== netstandard1.0) (>= netstandard1.3)) (&& (== netstandard1.0) (>= netstandard1.6)) (== netstandard1.6) (== netstandard2.0)
      System.Security.Cryptography.OpenSsl (>= 4.3) - restriction: || (&& (== net46) (< net45) (>= netstandard1.6)) (== netcoreapp1.1) (&& (== netstandard1.0) (>= netstandard1.6)) (== netstandard1.6) (== netstandard2.0)
      System.Security.Cryptography.Primitives (>= 4.3) - restriction: || (&& (== net46) (< net45) (>= netstandard1.6)) (== netcoreapp1.1) (&& (== netstandard1.0) (>= netstandard1.6)) (== netstandard1.6) (== netstandard2.0)
      System.Security.Cryptography.X509Certificates (>= 4.3) - restriction: || (== net46) (== netcoreapp1.1) (&& (== netstandard1.0) (>= net46)) (&& (== netstandard1.0) (>= netcoreapp5.0)) (&& (== netstandard1.0) (>= netstandard1.3)) (&& (== netstandard1.0) (>= netstandard1.6)) (== netstandard1.6) (== netstandard2.0)
      System.Text.Encoding (>= 4.3) - restriction: || (&& (== net46) (< net45)) (&& (== net46) (>= netcoreapp5.0)) (== netcoreapp1.1) (&& (== netstandard1.0) (>= netcoreapp5.0)) (&& (== netstandard1.0) (>= netstandard1.1)) (&& (== netstandard1.0) (>= netstandard1.3)) (&& (== netstandard1.0) (>= netstandard1.6)) (== netstandard1.6) (== netstandard2.0)
      System.Threading (>= 4.3) - restriction: || (&& (== net46) (< net45)) (&& (== net46) (>= netcoreapp5.0)) (== netcoreapp1.1) (&& (== netstandard1.0) (>= netcoreapp5.0)) (&& (== netstandard1.0) (>= netstandard1.3)) (&& (== netstandard1.0) (>= netstandard1.6)) (== netstandard1.6) (== netstandard2.0)
      System.Threading.Tasks (>= 4.3) - restriction: || (&& (== net46) (< net45)) (&& (== net46) (>= netcoreapp5.0)) (== netcoreapp1.1) (&& (== netstandard1.0) (>= netcoreapp5.0)) (&& (== netstandard1.0) (>= netstandard1.1)) (&& (== netstandard1.0) (>= netstandard1.3)) (&& (== netstandard1.0) (>= netstandard1.6)) (== netstandard1.6) (== netstandard2.0)
    System.Net.Primitives (4.3) - restriction: || (&& (== net46) (== netstandard2.0)) (&& (== net46) (< net20)) (&& (== net46) (>= netcoreapp5.0)) (&& (== net46) (>= uap10.0)) (== netcoreapp1.1) (== netstandard1.0) (== netstandard1.6) (&& (== netstandard2.0) (< netstandard1.3)) (&& (== netstandard2.0) (< portable-net45+win8+wpa81)) (&& (== netstandard2.0) (< portable-net451+win81+wpa81))
      Microsoft.NETCore.Platforms (>= 1.1) - restriction: || (&& (== net46) (< net45)) (&& (== net46) (>= netcoreapp5.0)) (&& (== net46) (< netstandard1.1)) (== netcoreapp1.1) (== netstandard1.0) (== netstandard1.6) (== netstandard2.0)
      Microsoft.NETCore.Targets (>= 1.1) - restriction: || (&& (== net46) (< net45)) (&& (== net46) (>= netcoreapp5.0)) (&& (== net46) (< netstandard1.1)) (== netcoreapp1.1) (== netstandard1.0) (== netstandard1.6) (== netstandard2.0)
      System.Runtime (>= 4.3) - restriction: || (&& (== net46) (< net45)) (&& (== net46) (>= netcoreapp5.0)) (&& (== net46) (< netstandard1.1)) (== netcoreapp1.1) (== netstandard1.0) (== netstandard1.6) (== netstandard2.0)
      System.Runtime.Handles (>= 4.3) - restriction: || (&& (== net46) (< net45)) (&& (== net46) (>= netcoreapp5.0)) (== netcoreapp1.1) (&& (== netstandard1.0) (>= netcoreapp5.0)) (&& (== netstandard1.0) (>= netstandard1.3)) (== netstandard1.6) (== netstandard2.0)
    System.Net.Sockets (4.3) - restriction: || (&& (== net46) (== netstandard1.0)) (&& (== net46) (== netstandard2.0)) (&& (== net46) (< net20)) (&& (== net46) (>= uap10.0)) (== netcoreapp1.1) (&& (== netstandard1.0) (== netstandard2.0)) (&& (== netstandard1.0) (>= net46)) (&& (== netstandard1.0) (>= netstandard1.3)) (&& (== netstandard1.0) (>= netstandard1.4)) (&& (== netstandard1.0) (>= netstandard1.5)) (&& (== netstandard1.0) (>= netstandard1.6)) (&& (== netstandard1.0) (>= uap10.0)) (== netstandard1.6) (&& (== netstandard2.0) (< netstandard1.3))
      Microsoft.NETCore.Platforms (>= 1.1) - restriction: || (== netcoreapp1.1) (&& (== netstandard1.0) (>= netstandard1.3)) (== netstandard1.6) (== netstandard2.0)
      Microsoft.NETCore.Targets (>= 1.1) - restriction: || (== netcoreapp1.1) (&& (== netstandard1.0) (>= netstandard1.3)) (== netstandard1.6) (== netstandard2.0)
      System.IO (>= 4.3) - restriction: || (== netcoreapp1.1) (&& (== netstandard1.0) (>= netstandard1.3)) (== netstandard1.6) (== netstandard2.0)
      System.Net.Primitives (>= 4.3) - restriction: || (== netcoreapp1.1) (&& (== netstandard1.0) (>= netstandard1.3)) (== netstandard1.6) (== netstandard2.0)
      System.Runtime (>= 4.3) - restriction: || (== netcoreapp1.1) (&& (== netstandard1.0) (>= netstandard1.3)) (== netstandard1.6) (== netstandard2.0)
      System.Threading.Tasks (>= 4.3) - restriction: || (== netcoreapp1.1) (&& (== netstandard1.0) (>= netstandard1.3)) (== netstandard1.6) (== netstandard2.0)
    System.ObjectModel (4.3) - restriction: || (&& (== net46) (== netstandard2.0)) (&& (== net46) (< net20)) (&& (== net46) (>= uap10.0)) (== netcoreapp1.1) (== netstandard1.0) (== netstandard1.6) (&& (== netstandard2.0) (< netstandard1.3)) (&& (== netstandard2.0) (< portable-net45+win8+wpa81)) (&& (== netstandard2.0) (< portable-net451+win81+wpa81))
      System.Collections (>= 4.3) - restriction: || (&& (== net46) (< net45)) (&& (== net46) (>= netcoreapp5.0)) (== netcoreapp1.1) (&& (== netstandard1.0) (>= netcoreapp5.0)) (&& (== netstandard1.0) (>= netstandard1.3)) (== netstandard1.6) (== netstandard2.0)
      System.Diagnostics.Debug (>= 4.3) - restriction: || (&& (== net46) (< net45)) (&& (== net46) (>= netcoreapp5.0)) (== netcoreapp1.1) (&& (== netstandard1.0) (>= netcoreapp5.0)) (&& (== netstandard1.0) (>= netstandard1.3)) (== netstandard1.6) (== netstandard2.0)
      System.Resources.ResourceManager (>= 4.3) - restriction: || (&& (== net46) (< net45)) (&& (== net46) (>= netcoreapp5.0)) (== netcoreapp1.1) (&& (== netstandard1.0) (>= netcoreapp5.0)) (&& (== netstandard1.0) (>= netstandard1.3)) (== netstandard1.6) (== netstandard2.0)
      System.Runtime (>= 4.3) - restriction: || (&& (== net46) (< net45)) (&& (== net46) (>= netcoreapp5.0)) (== netcoreapp1.1) (== netstandard1.0) (== netstandard1.6) (== netstandard2.0)
      System.Threading (>= 4.3) - restriction: || (&& (== net46) (< net45)) (&& (== net46) (>= netcoreapp5.0)) (== netcoreapp1.1) (&& (== netstandard1.0) (>= netcoreapp5.0)) (&& (== netstandard1.0) (>= netstandard1.3)) (== netstandard1.6) (== netstandard2.0)
    System.Reflection (4.3) - restriction: || (&& (== net46) (== netstandard2.0)) (&& (== net46) (< net20)) (== netcoreapp1.1) (== netstandard1.0) (== netstandard1.6) (&& (== netstandard2.0) (< netstandard1.3))
      Microsoft.NETCore.Platforms (>= 1.1) - restriction: || (&& (== net46) (< net45)) (&& (== net46) (>= netcoreapp5.0)) (== netcoreapp1.1) (== netstandard1.0) (== netstandard1.6) (== netstandard2.0)
      Microsoft.NETCore.Targets (>= 1.1) - restriction: || (&& (== net46) (< net45)) (&& (== net46) (>= netcoreapp5.0)) (== netcoreapp1.1) (== netstandard1.0) (== netstandard1.6) (== netstandard2.0)
      System.IO (>= 4.3) - restriction: || (&& (== net46) (< net45)) (&& (== net46) (>= netcoreapp5.0)) (== netcoreapp1.1) (== netstandard1.0) (== netstandard1.6) (== netstandard2.0)
      System.Reflection.Primitives (>= 4.3) - restriction: || (&& (== net46) (< net45)) (&& (== net46) (>= netcoreapp5.0)) (== netcoreapp1.1) (== netstandard1.0) (== netstandard1.6) (== netstandard2.0)
      System.Runtime (>= 4.3) - restriction: || (&& (== net46) (< net45)) (&& (== net46) (>= netcoreapp5.0)) (== netcoreapp1.1) (== netstandard1.0) (== netstandard1.6) (== netstandard2.0)
    System.Reflection.Emit (4.3) - restriction: || (&& (== net46) (== netstandard1.0)) (&& (== net46) (== netstandard2.0)) (&& (== net46) (< net20)) (&& (== net46) (>= netcoreapp5.0)) (== netcoreapp1.1) (&& (== netstandard1.0) (== netstandard2.0)) (&& (== netstandard1.0) (>= netstandard1.3)) (== netstandard1.6) (&& (== netstandard2.0) (< netstandard1.3))
      System.IO (>= 4.3) - restriction: || (&& (== net46) (< net45)) (== netcoreapp1.1) (&& (== netstandard1.0) (>= netstandard1.1)) (== netstandard1.6) (== netstandard2.0)
      System.Reflection (>= 4.3) - restriction: || (&& (== net46) (< net45)) (== netcoreapp1.1) (&& (== netstandard1.0) (>= netstandard1.1)) (== netstandard1.6) (== netstandard2.0)
      System.Reflection.Emit.ILGeneration (>= 4.3) - restriction: || (&& (== net46) (< net45)) (== netcoreapp1.1) (&& (== netstandard1.0) (>= netstandard1.1)) (== netstandard1.6) (== netstandard2.0)
      System.Reflection.Primitives (>= 4.3) - restriction: || (&& (== net46) (< net45)) (== netcoreapp1.1) (&& (== netstandard1.0) (>= netstandard1.1)) (== netstandard1.6) (== netstandard2.0)
      System.Runtime (>= 4.3) - restriction: || (&& (== net46) (< net45)) (== netcoreapp1.1) (&& (== netstandard1.0) (>= netstandard1.1)) (== netstandard1.6) (== netstandard2.0)
    System.Reflection.Emit.ILGeneration (4.3) - restriction: || (&& (== net46) (== netstandard1.0)) (&& (== net46) (== netstandard2.0)) (&& (== net46) (< net20)) (&& (== net46) (>= netcoreapp5.0)) (== netcoreapp1.1) (&& (== netstandard1.0) (== netstandard2.0)) (&& (== netstandard1.0) (>= netstandard1.3)) (== netstandard1.6) (&& (== netstandard2.0) (< netstandard1.3))
      System.Reflection (>= 4.3) - restriction: || (&& (== net46) (< net45)) (== netcoreapp1.1) (== netstandard1.0) (== netstandard1.6) (== netstandard2.0)
      System.Reflection.Primitives (>= 4.3) - restriction: || (&& (== net46) (< net45)) (== netcoreapp1.1) (== netstandard1.0) (== netstandard1.6) (== netstandard2.0)
      System.Runtime (>= 4.3) - restriction: || (&& (== net46) (< net45)) (== netcoreapp1.1) (== netstandard1.0) (== netstandard1.6) (== netstandard2.0)
    System.Reflection.Emit.Lightweight (4.3) - restriction: || (&& (== net46) (== netstandard2.0)) (&& (== net46) (< net20) (>= netstandard1.6)) (&& (== net46) (>= netcoreapp5.0)) (&& (== net46) (>= netstandard1.6) (>= uap10.0)) (== netcoreapp1.1) (&& (== netstandard1.0) (== netstandard2.0)) (&& (== netstandard1.0) (>= netcoreapp5.0)) (&& (== netstandard1.0) (>= netstandard1.6)) (== netstandard1.6) (&& (== netstandard2.0) (< netstandard1.3)) (&& (== netstandard2.0) (< portable-net45+win8+wpa81)) (&& (== netstandard2.0) (< portable-net451+win81+wpa81))
      System.Reflection (>= 4.3) - restriction: || (&& (== net46) (< net45)) (== netcoreapp1.1) (== netstandard1.0) (== netstandard1.6) (== netstandard2.0)
      System.Reflection.Emit.ILGeneration (>= 4.3) - restriction: || (&& (== net46) (< net45)) (== netcoreapp1.1) (== netstandard1.0) (== netstandard1.6) (== netstandard2.0)
      System.Reflection.Primitives (>= 4.3) - restriction: || (&& (== net46) (< net45)) (== netcoreapp1.1) (== netstandard1.0) (== netstandard1.6) (== netstandard2.0)
      System.Runtime (>= 4.3) - restriction: || (&& (== net46) (< net45)) (== netcoreapp1.1) (== netstandard1.0) (== netstandard1.6) (== netstandard2.0)
    System.Reflection.Extensions (4.3) - restriction: || (&& (== net46) (== netstandard2.0)) (&& (== net46) (< net20)) (&& (== net46) (>= netcoreapp5.0)) (&& (== net46) (>= netstandard1.6) (>= uap10.0)) (== netcoreapp1.1) (== netstandard1.0) (== netstandard1.6) (&& (== netstandard2.0) (< netstandard1.3)) (&& (== netstandard2.0) (< portable-net45+win8+wpa81)) (&& (== netstandard2.0) (< portable-net451+win81+wpa81))
      Microsoft.NETCore.Platforms (>= 1.1) - restriction: || (&& (== net46) (< net45)) (&& (== net46) (>= netcoreapp5.0)) (== netcoreapp1.1) (== netstandard1.0) (== netstandard1.6) (== netstandard2.0)
      Microsoft.NETCore.Targets (>= 1.1) - restriction: || (&& (== net46) (< net45)) (&& (== net46) (>= netcoreapp5.0)) (== netcoreapp1.1) (== netstandard1.0) (== netstandard1.6) (== netstandard2.0)
      System.Reflection (>= 4.3) - restriction: || (&& (== net46) (< net45)) (&& (== net46) (>= netcoreapp5.0)) (== netcoreapp1.1) (== netstandard1.0) (== netstandard1.6) (== netstandard2.0)
      System.Runtime (>= 4.3) - restriction: || (&& (== net46) (< net45)) (&& (== net46) (>= netcoreapp5.0)) (== netcoreapp1.1) (== netstandard1.0) (== netstandard1.6) (== netstandard2.0)
    System.Reflection.Primitives (4.3) - restriction: || (&& (== net46) (== netstandard2.0)) (&& (== net46) (< net20)) (&& (== net46) (>= netcoreapp5.0)) (== netcoreapp1.1) (== netstandard1.0) (== netstandard1.6) (&& (== netstandard2.0) (< netstandard1.3))
      Microsoft.NETCore.Platforms (>= 1.1) - restriction: || (&& (== net46) (< net45)) (&& (== net46) (>= netcoreapp5.0)) (== netcoreapp1.1) (== netstandard1.0) (== netstandard1.6) (== netstandard2.0)
      Microsoft.NETCore.Targets (>= 1.1) - restriction: || (&& (== net46) (< net45)) (&& (== net46) (>= netcoreapp5.0)) (== netcoreapp1.1) (== netstandard1.0) (== netstandard1.6) (== netstandard2.0)
      System.Runtime (>= 4.3) - restriction: || (&& (== net46) (< net45)) (&& (== net46) (>= netcoreapp5.0)) (== netcoreapp1.1) (== netstandard1.0) (== netstandard1.6) (== netstandard2.0)
    System.Reflection.TypeExtensions (4.4) - restriction: || (&& (== net46) (== netstandard1.0)) (&& (== net46) (== netstandard2.0)) (&& (== net46) (< net20)) (&& (== net46) (>= netcoreapp5.0)) (== netcoreapp1.1) (&& (== netstandard1.0) (== netstandard2.0)) (&& (== netstandard1.0) (>= netcoreapp5.0)) (&& (== netstandard1.0) (>= netstandard1.3)) (== netstandard1.6) (&& (== netstandard2.0) (< netstandard1.3))
      System.Reflection (>= 4.3) - restriction: || (&& (== net46) (>= netcoreapp5.0)) (== netcoreapp1.1) (&& (== netstandard1.0) (>= netcoreapp5.0)) (&& (== netstandard1.0) (>= netstandard1.3)) (&& (== netstandard1.0) (>= netstandard1.5)) (== netstandard1.6) (&& (== netstandard2.0) (>= netcoreapp5.0)) (&& (== netstandard2.0) (< netstandard1.5))
      System.Resources.ResourceManager (>= 4.3) - restriction: || (&& (== net46) (>= netcoreapp5.0)) (== netcoreapp1.1) (&& (== netstandard1.0) (>= netcoreapp5.0)) (&& (== netstandard1.0) (>= netstandard1.3)) (&& (== netstandard1.0) (>= netstandard1.5)) (== netstandard1.6) (&& (== netstandard2.0) (>= netcoreapp5.0)) (&& (== netstandard2.0) (< netstandard1.5))
      System.Runtime (>= 4.3) - restriction: || (&& (== net46) (>= netcoreapp5.0)) (== netcoreapp1.1) (&& (== netstandard1.0) (>= netcoreapp5.0)) (&& (== netstandard1.0) (>= netstandard1.3)) (&& (== netstandard1.0) (>= netstandard1.5)) (== netstandard1.6) (&& (== netstandard2.0) (>= netcoreapp5.0)) (&& (== netstandard2.0) (< netstandard1.5))
    System.Resources.ResourceManager (4.3) - restriction: || (&& (== net46) (== netstandard2.0)) (&& (== net46) (< net20)) (&& (== net46) (>= netcoreapp5.0)) (&& (== net46) (>= netstandard1.6) (>= uap10.0)) (== netcoreapp1.1) (== netstandard1.0) (== netstandard1.6) (&& (== netstandard2.0) (< netstandard1.3)) (&& (== netstandard2.0) (< portable-net45+win8+wpa81)) (&& (== netstandard2.0) (< portable-net451+win81+wpa81))
      Microsoft.NETCore.Platforms (>= 1.1) - restriction: || (&& (== net46) (< net45)) (&& (== net46) (>= netcoreapp5.0)) (== netcoreapp1.1) (== netstandard1.0) (== netstandard1.6) (== netstandard2.0)
      Microsoft.NETCore.Targets (>= 1.1) - restriction: || (&& (== net46) (< net45)) (&& (== net46) (>= netcoreapp5.0)) (== netcoreapp1.1) (== netstandard1.0) (== netstandard1.6) (== netstandard2.0)
      System.Globalization (>= 4.3) - restriction: || (&& (== net46) (< net45)) (&& (== net46) (>= netcoreapp5.0)) (== netcoreapp1.1) (== netstandard1.0) (== netstandard1.6) (== netstandard2.0)
      System.Reflection (>= 4.3) - restriction: || (&& (== net46) (< net45)) (&& (== net46) (>= netcoreapp5.0)) (== netcoreapp1.1) (== netstandard1.0) (== netstandard1.6) (== netstandard2.0)
      System.Runtime (>= 4.3) - restriction: || (&& (== net46) (< net45)) (&& (== net46) (>= netcoreapp5.0)) (== netcoreapp1.1) (== netstandard1.0) (== netstandard1.6) (== netstandard2.0)
    System.Runtime (4.3) - restriction: || (&& (== net46) (== netstandard2.0)) (&& (== net46) (< net20)) (== netcoreapp1.1) (== netstandard1.0) (== netstandard1.6) (&& (== netstandard2.0) (< netstandard1.3))
      Microsoft.NETCore.Platforms (>= 1.1) - restriction: || (&& (== net46) (< net45)) (&& (== net46) (>= netcoreapp5.0)) (== netcoreapp1.1) (== netstandard1.0) (== netstandard1.6) (== netstandard2.0)
      Microsoft.NETCore.Targets (>= 1.1) - restriction: || (&& (== net46) (< net45)) (&& (== net46) (>= netcoreapp5.0)) (== netcoreapp1.1) (== netstandard1.0) (== netstandard1.6) (== netstandard2.0)
    System.Runtime.Extensions (4.3) - restriction: || (&& (== net46) (== netstandard2.0)) (&& (== net46) (< net20)) (&& (== net46) (>= netcoreapp5.0)) (&& (== net46) (>= netstandard1.6) (>= uap10.0)) (== netcoreapp1.1) (== netstandard1.0) (== netstandard1.6) (&& (== netstandard2.0) (< netstandard1.3)) (&& (== netstandard2.0) (< portable-net45+win8+wpa81)) (&& (== netstandard2.0) (< portable-net451+win81+wpa81))
      Microsoft.NETCore.Platforms (>= 1.1) - restriction: || (&& (== net46) (< net45)) (&& (== net46) (>= netcoreapp5.0)) (== netcoreapp1.1) (== netstandard1.0) (== netstandard1.6) (== netstandard2.0)
      Microsoft.NETCore.Targets (>= 1.1) - restriction: || (&& (== net46) (< net45)) (&& (== net46) (>= netcoreapp5.0)) (== netcoreapp1.1) (== netstandard1.0) (== netstandard1.6) (== netstandard2.0)
      System.Runtime (>= 4.3) - restriction: || (&& (== net46) (< net45)) (&& (== net46) (>= netcoreapp5.0)) (== netcoreapp1.1) (== netstandard1.0) (== netstandard1.6) (== netstandard2.0)
    System.Runtime.Handles (4.3) - restriction: || (&& (== net46) (== netstandard1.0)) (&& (== net46) (== netstandard2.0)) (&& (== net46) (< net20)) (&& (== net46) (>= uap10.0)) (== netcoreapp1.1) (&& (== netstandard1.0) (== netstandard2.0)) (&& (== netstandard1.0) (>= netstandard1.3)) (&& (== netstandard1.0) (>= netstandard1.4)) (&& (== netstandard1.0) (>= netstandard1.5)) (&& (== netstandard1.0) (>= netstandard1.6)) (&& (== netstandard1.0) (>= uap10.0)) (== netstandard1.6) (&& (== netstandard2.0) (< netstandard1.3))
      Microsoft.NETCore.Platforms (>= 1.1) - restriction: || (== netcoreapp1.1) (&& (== netstandard1.0) (>= netstandard1.3)) (== netstandard1.6) (== netstandard2.0)
      Microsoft.NETCore.Targets (>= 1.1) - restriction: || (== netcoreapp1.1) (&& (== netstandard1.0) (>= netstandard1.3)) (== netstandard1.6) (== netstandard2.0)
      System.Runtime (>= 4.3) - restriction: || (== netcoreapp1.1) (&& (== netstandard1.0) (>= netstandard1.3)) (== netstandard1.6) (== netstandard2.0)
    System.Runtime.InteropServices (4.3) - restriction: || (&& (== net46) (== netstandard1.0)) (&& (== net46) (== netstandard2.0)) (&& (== net46) (< net20)) (&& (== net46) (>= uap10.0)) (== netcoreapp1.1) (&& (== netstandard1.0) (== netstandard2.0)) (&& (== netstandard1.0) (>= netstandard1.1)) (&& (== netstandard1.0) (>= netstandard1.2)) (&& (== netstandard1.0) (>= netstandard1.3)) (&& (== netstandard1.0) (>= netstandard1.4)) (&& (== netstandard1.0) (>= netstandard1.5)) (&& (== netstandard1.0) (>= netstandard1.6)) (&& (== netstandard1.0) (>= uap10.0)) (== netstandard1.6) (&& (== netstandard2.0) (< netstandard1.3)) (&& (== netstandard2.0) (< portable-net451+win81+wpa81))
      Microsoft.NETCore.Platforms (>= 1.1) - restriction: || (&& (== net46) (< net45)) (&& (== net46) (>= netcoreapp1.1)) (== netcoreapp1.1) (&& (== netstandard1.0) (>= netcoreapp1.1)) (&& (== netstandard1.0) (>= netstandard1.1)) (&& (== netstandard1.0) (>= netstandard1.2)) (&& (== netstandard1.0) (>= netstandard1.3)) (&& (== netstandard1.0) (>= netstandard1.5)) (== netstandard1.6) (== netstandard2.0)
      Microsoft.NETCore.Targets (>= 1.1) - restriction: || (&& (== net46) (< net45)) (&& (== net46) (>= netcoreapp1.1)) (== netcoreapp1.1) (&& (== netstandard1.0) (>= netcoreapp1.1)) (&& (== netstandard1.0) (>= netstandard1.1)) (&& (== netstandard1.0) (>= netstandard1.2)) (&& (== netstandard1.0) (>= netstandard1.3)) (&& (== netstandard1.0) (>= netstandard1.5)) (== netstandard1.6) (== netstandard2.0)
      System.Reflection (>= 4.3) - restriction: || (&& (== net46) (< net45)) (&& (== net46) (>= netcoreapp1.1)) (== netcoreapp1.1) (&& (== netstandard1.0) (>= netcoreapp1.1)) (&& (== netstandard1.0) (>= netstandard1.1)) (&& (== netstandard1.0) (>= netstandard1.2)) (&& (== netstandard1.0) (>= netstandard1.3)) (&& (== netstandard1.0) (>= netstandard1.5)) (== netstandard1.6) (== netstandard2.0)
      System.Reflection.Primitives (>= 4.3) - restriction: || (&& (== net46) (< net45)) (&& (== net46) (>= netcoreapp1.1)) (== netcoreapp1.1) (&& (== netstandard1.0) (>= netcoreapp1.1)) (&& (== netstandard1.0) (>= netstandard1.1)) (&& (== netstandard1.0) (>= netstandard1.2)) (&& (== netstandard1.0) (>= netstandard1.3)) (&& (== netstandard1.0) (>= netstandard1.5)) (== netstandard1.6) (== netstandard2.0)
      System.Runtime (>= 4.3) - restriction: || (&& (== net46) (< net45)) (&& (== net46) (>= net462)) (&& (== net46) (>= netcoreapp1.1)) (== netcoreapp1.1) (&& (== netstandard1.0) (>= net462)) (&& (== netstandard1.0) (>= netcoreapp1.1)) (&& (== netstandard1.0) (>= netstandard1.1)) (&& (== netstandard1.0) (>= netstandard1.2)) (&& (== netstandard1.0) (>= netstandard1.3)) (&& (== netstandard1.0) (>= netstandard1.5)) (== netstandard1.6) (== netstandard2.0)
      System.Runtime.Handles (>= 4.3) - restriction: || (&& (== net46) (< net45)) (&& (== net46) (>= netcoreapp1.1)) (== netcoreapp1.1) (&& (== netstandard1.0) (>= netcoreapp1.1)) (&& (== netstandard1.0) (>= netstandard1.3)) (&& (== netstandard1.0) (>= netstandard1.5)) (== netstandard1.6) (== netstandard2.0)
    System.Runtime.InteropServices.RuntimeInformation (4.3) - restriction: || (&& (== net46) (== netstandard1.0)) (&& (== net46) (== netstandard2.0)) (&& (== net46) (< net20)) (&& (== net46) (< netstandard1.3) (>= wpa81)) (&& (== net46) (>= uap10.0)) (== netcoreapp1.1) (&& (== netstandard1.0) (== netstandard2.0)) (&& (== netstandard1.0) (>= net45)) (&& (== netstandard1.0) (>= net451)) (&& (== netstandard1.0) (>= net46)) (&& (== netstandard1.0) (>= netstandard1.1)) (&& (== netstandard1.0) (>= netstandard1.2)) (&& (== netstandard1.0) (>= netstandard1.3)) (&& (== netstandard1.0) (>= netstandard1.4)) (&& (== netstandard1.0) (>= netstandard1.5)) (&& (== netstandard1.0) (>= netstandard1.6)) (&& (== netstandard1.0) (>= uap10.0)) (&& (== netstandard1.0) (>= wpa81)) (== netstandard1.6) (&& (== netstandard2.0) (< netstandard1.0)) (&& (== netstandard2.0) (< netstandard1.3)) (&& (== netstandard2.0) (< portable-net451+win81+wpa81))
      runtime.native.System (>= 4.3) - restriction: || (&& (== net46) (< net45)) (== netcoreapp1.1) (&& (== netstandard1.0) (>= netstandard1.1)) (== netstandard1.6) (== netstandard2.0)
      System.Reflection (>= 4.3) - restriction: || (&& (== net46) (< net45)) (&& (== net46) (>= netcoreapp5.0)) (== netcoreapp1.1) (&& (== netstandard1.0) (>= netcoreapp5.0)) (&& (== netstandard1.0) (>= netstandard1.1)) (== netstandard1.6) (== netstandard2.0)
      System.Reflection.Extensions (>= 4.3) - restriction: || (&& (== net46) (< net45)) (&& (== net46) (>= netcoreapp5.0)) (== netcoreapp1.1) (&& (== netstandard1.0) (>= netcoreapp5.0)) (&& (== netstandard1.0) (>= netstandard1.1)) (== netstandard1.6) (== netstandard2.0)
      System.Resources.ResourceManager (>= 4.3) - restriction: || (&& (== net46) (< net45)) (&& (== net46) (>= netcoreapp5.0)) (== netcoreapp1.1) (&& (== netstandard1.0) (>= netcoreapp5.0)) (&& (== netstandard1.0) (>= netstandard1.1)) (== netstandard1.6) (== netstandard2.0)
      System.Runtime (>= 4.3) - restriction: || (&& (== net46) (< net45)) (&& (== net46) (>= netcoreapp5.0)) (== netcoreapp1.1) (&& (== netstandard1.0) (>= netcoreapp5.0)) (&& (== netstandard1.0) (>= netstandard1.1)) (== netstandard1.6) (== netstandard2.0)
      System.Runtime.InteropServices (>= 4.3) - restriction: || (&& (== net46) (< net45)) (== netcoreapp1.1) (&& (== netstandard1.0) (>= netstandard1.1)) (== netstandard1.6) (== netstandard2.0)
      System.Threading (>= 4.3) - restriction: || (&& (== net46) (< net45)) (&& (== net46) (>= netcoreapp5.0)) (== netcoreapp1.1) (&& (== netstandard1.0) (>= netcoreapp5.0)) (&& (== netstandard1.0) (>= netstandard1.1)) (== netstandard1.6) (== netstandard2.0)
    System.Runtime.Numerics (4.3) - restriction: || (&& (== net46) (== netstandard1.0)) (&& (== net46) (== netstandard2.0)) (&& (== net46) (< net20)) (&& (== net46) (>= uap10.0)) (== netcoreapp1.1) (&& (== netstandard1.0) (== netstandard2.0)) (&& (== netstandard1.0) (>= netstandard1.1)) (&& (== netstandard1.0) (>= netstandard1.2)) (&& (== netstandard1.0) (>= netstandard1.3)) (&& (== netstandard1.0) (>= netstandard1.4)) (&& (== netstandard1.0) (>= netstandard1.5)) (&& (== netstandard1.0) (>= netstandard1.6)) (&& (== netstandard1.0) (>= uap10.0)) (== netstandard1.6) (&& (== netstandard2.0) (< netstandard1.3)) (&& (== netstandard2.0) (< portable-net451+win81+wpa81))
      System.Globalization (>= 4.3) - restriction: || (&& (== net46) (< net45)) (&& (== net46) (>= netcoreapp5.0)) (== netcoreapp1.1) (&& (== netstandard1.0) (>= netcoreapp5.0)) (&& (== netstandard1.0) (>= netstandard1.3)) (== netstandard1.6) (== netstandard2.0)
      System.Resources.ResourceManager (>= 4.3) - restriction: || (&& (== net46) (< net45)) (&& (== net46) (>= netcoreapp5.0)) (== netcoreapp1.1) (&& (== netstandard1.0) (>= netcoreapp5.0)) (&& (== netstandard1.0) (>= netstandard1.3)) (== netstandard1.6) (== netstandard2.0)
      System.Runtime (>= 4.3) - restriction: || (&& (== net46) (< net45)) (&& (== net46) (>= netcoreapp5.0)) (== netcoreapp1.1) (&& (== netstandard1.0) (>= netcoreapp5.0)) (&& (== netstandard1.0) (>= netstandard1.1)) (&& (== netstandard1.0) (>= netstandard1.3)) (== netstandard1.6) (== netstandard2.0)
      System.Runtime.Extensions (>= 4.3) - restriction: || (&& (== net46) (< net45)) (&& (== net46) (>= netcoreapp5.0)) (== netcoreapp1.1) (&& (== netstandard1.0) (>= netcoreapp5.0)) (&& (== netstandard1.0) (>= netstandard1.3)) (== netstandard1.6) (== netstandard2.0)
    System.Runtime.Serialization.Formatters (4.3) - restriction: || (&& (== net46) (== netstandard1.0)) (&& (== net46) (== netstandard2.0)) (&& (== net46) (< net20)) (== netcoreapp1.1) (&& (== netstandard1.0) (== netstandard2.0)) (&& (== netstandard1.0) (>= netstandard1.3)) (== netstandard1.6)
      System.Collections (>= 4.3) - restriction: || (== netcoreapp1.1) (&& (== netstandard1.0) (>= netstandard1.4)) (== netstandard1.6) (== netstandard2.0)
      System.Reflection (>= 4.3) - restriction: || (== netcoreapp1.1) (&& (== netstandard1.0) (>= netstandard1.4)) (== netstandard1.6) (== netstandard2.0)
      System.Resources.ResourceManager (>= 4.3) - restriction: || (== netcoreapp1.1) (&& (== netstandard1.0) (>= netstandard1.4)) (== netstandard1.6) (== netstandard2.0)
      System.Runtime (>= 4.3) - restriction: || (== netcoreapp1.1) (&& (== netstandard1.0) (>= netstandard1.3)) (&& (== netstandard1.0) (>= netstandard1.4)) (== netstandard1.6) (== netstandard2.0)
      System.Runtime.Serialization.Primitives (>= 4.3) - restriction: || (== net46) (== netcoreapp1.1) (&& (== netstandard1.0) (>= net46)) (&& (== netstandard1.0) (>= netstandard1.3)) (&& (== netstandard1.0) (>= netstandard1.4)) (== netstandard1.6) (== netstandard2.0)
    System.Runtime.Serialization.Primitives (4.3) - restriction: || (&& (== net46) (== netstandard2.0)) (&& (== net46) (< net20)) (== netcoreapp1.1) (== netstandard1.0) (== netstandard1.6) (&& (== netstandard2.0) (< netstandard1.3))
      System.Resources.ResourceManager (>= 4.3) - restriction: || (&& (== net46) (< net45)) (&& (== net46) (>= netcoreapp5.0)) (== netcoreapp1.1) (&& (== netstandard1.0) (>= netcoreapp5.0)) (&& (== netstandard1.0) (>= netstandard1.3)) (== netstandard1.6) (== netstandard2.0)
      System.Runtime (>= 4.3) - restriction: || (&& (== net46) (< net45)) (&& (== net46) (>= netcoreapp5.0)) (== netcoreapp1.1) (== netstandard1.0) (== netstandard1.6) (== netstandard2.0)
    System.Security.Cryptography.Algorithms (4.3.1) - restriction: || (&& (== net46) (== netstandard1.0)) (&& (== net46) (== netstandard2.0)) (&& (== net46) (< net20)) (&& (== net46) (>= uap10.0)) (== netcoreapp1.1) (&& (== netstandard1.0) (== netstandard2.0)) (&& (== netstandard1.0) (>= net46)) (&& (== netstandard1.0) (>= netstandard1.3)) (&& (== netstandard1.0) (>= netstandard1.4)) (&& (== netstandard1.0) (>= netstandard1.5)) (&& (== netstandard1.0) (>= netstandard1.6)) (&& (== netstandard1.0) (>= uap10.0)) (== netstandard1.6) (&& (== netstandard2.0) (< netstandard1.3))
      Microsoft.NETCore.Platforms (>= 1.1) - restriction: || (&& (== net46) (>= netcoreapp5.0)) (== netcoreapp1.1) (&& (== netstandard1.0) (>= netcoreapp5.0)) (&& (== netstandard1.0) (>= netstandard1.6)) (== netstandard1.6) (== netstandard2.0)
      runtime.native.System.Security.Cryptography.Apple (>= 4.3.1) - restriction: || (== netcoreapp1.1) (&& (== netstandard1.0) (>= netstandard1.6)) (== netstandard1.6) (== netstandard2.0)
      runtime.native.System.Security.Cryptography.OpenSsl (>= 4.3.2) - restriction: || (== netcoreapp1.1) (&& (== netstandard1.0) (>= netstandard1.6)) (== netstandard1.6) (== netstandard2.0)
      System.Collections (>= 4.3) - restriction: || (== netcoreapp1.1) (&& (== netstandard1.0) (>= netstandard1.6)) (== netstandard1.6) (== netstandard2.0)
      System.IO (>= 4.3) - restriction: || (&& (== net46) (>= net463)) (&& (== net46) (>= netcoreapp5.0)) (== netcoreapp1.1) (&& (== netstandard1.0) (>= net463)) (&& (== netstandard1.0) (>= netcoreapp5.0)) (&& (== netstandard1.0) (>= netstandard1.3)) (&& (== netstandard1.0) (>= netstandard1.4)) (&& (== netstandard1.0) (>= netstandard1.6)) (== netstandard1.6) (== netstandard2.0)
      System.Resources.ResourceManager (>= 4.3) - restriction: || (&& (== net46) (>= netcoreapp5.0)) (== netcoreapp1.1) (&& (== netstandard1.0) (>= netcoreapp5.0)) (&& (== netstandard1.0) (>= netstandard1.6)) (== netstandard1.6) (== netstandard2.0)
      System.Runtime (>= 4.3) - restriction: || (&& (== net46) (>= net463)) (&& (== net46) (>= netcoreapp5.0)) (== netcoreapp1.1) (&& (== netstandard1.0) (>= net463)) (&& (== netstandard1.0) (>= netcoreapp5.0)) (&& (== netstandard1.0) (>= netstandard1.3)) (&& (== netstandard1.0) (>= netstandard1.4)) (&& (== netstandard1.0) (>= netstandard1.6)) (== netstandard1.6) (== netstandard2.0)
      System.Runtime.Extensions (>= 4.3) - restriction: || (&& (== net46) (>= netcoreapp5.0)) (== netcoreapp1.1) (&& (== netstandard1.0) (>= netcoreapp5.0)) (&& (== netstandard1.0) (>= netstandard1.6)) (== netstandard1.6) (== netstandard2.0)
      System.Runtime.Handles (>= 4.3) - restriction: || (&& (== net46) (>= netcoreapp5.0)) (== netcoreapp1.1) (&& (== netstandard1.0) (>= netcoreapp5.0)) (&& (== netstandard1.0) (>= netstandard1.6)) (== netstandard1.6) (== netstandard2.0)
      System.Runtime.InteropServices (>= 4.3) - restriction: || (&& (== net46) (>= netcoreapp5.0)) (== netcoreapp1.1) (&& (== netstandard1.0) (>= netcoreapp5.0)) (&& (== netstandard1.0) (>= netstandard1.6)) (== netstandard1.6) (== netstandard2.0)
      System.Runtime.Numerics (>= 4.3) - restriction: || (== netcoreapp1.1) (&& (== netstandard1.0) (>= netstandard1.6)) (== netstandard1.6) (== netstandard2.0)
      System.Security.Cryptography.Encoding (>= 4.3) - restriction: || (&& (== net46) (>= net463)) (&& (== net46) (>= netcoreapp5.0)) (== netcoreapp1.1) (&& (== netstandard1.0) (>= net463)) (&& (== netstandard1.0) (>= netcoreapp5.0)) (&& (== netstandard1.0) (>= netstandard1.6)) (== netstandard1.6) (== netstandard2.0)
      System.Security.Cryptography.Primitives (>= 4.3) - restriction: || (== net46) (== netcoreapp1.1) (&& (== netstandard1.0) (>= net46)) (&& (== netstandard1.0) (>= net461)) (&& (== netstandard1.0) (>= net463)) (&& (== netstandard1.0) (>= netcoreapp5.0)) (&& (== netstandard1.0) (>= netstandard1.3)) (&& (== netstandard1.0) (>= netstandard1.4)) (&& (== netstandard1.0) (>= netstandard1.6)) (== netstandard1.6) (== netstandard2.0)
      System.Text.Encoding (>= 4.3) - restriction: || (&& (== net46) (>= netcoreapp5.0)) (== netcoreapp1.1) (&& (== netstandard1.0) (>= netcoreapp5.0)) (&& (== netstandard1.0) (>= netstandard1.6)) (== netstandard1.6) (== netstandard2.0)
    System.Security.Cryptography.Cng (4.4) - restriction: || (&& (== net46) (== netstandard2.0)) (&& (== net46) (< net20) (>= netstandard1.6)) (&& (== net46) (>= netcoreapp5.0)) (&& (== net46) (>= netstandard1.6) (>= uap10.0)) (== netcoreapp1.1) (&& (== netstandard1.0) (== netstandard2.0)) (&& (== netstandard1.0) (>= netcoreapp5.0)) (&& (== netstandard1.0) (>= netstandard1.6)) (== netstandard1.6) (&& (== netstandard2.0) (< netstandard1.3))
      System.IO (>= 4.3) - restriction: || (== netcoreapp1.1) (&& (== netstandard1.0) (>= netstandard1.3)) (&& (== netstandard1.0) (>= netstandard1.4)) (&& (== netstandard1.0) (>= netstandard1.6)) (== netstandard1.6) (&& (== netstandard2.0) (< netstandard1.4)) (&& (== netstandard2.0) (< netstandard1.6))
      System.Resources.ResourceManager (>= 4.3) - restriction: || (== netcoreapp1.1) (&& (== netstandard1.0) (>= netstandard1.3)) (&& (== netstandard1.0) (>= netstandard1.4)) (&& (== netstandard1.0) (>= netstandard1.6)) (== netstandard1.6) (&& (== netstandard2.0) (< netstandard1.4)) (&& (== netstandard2.0) (< netstandard1.6))
      System.Runtime (>= 4.3) - restriction: || (== netcoreapp1.1) (&& (== netstandard1.0) (>= netstandard1.3)) (&& (== netstandard1.0) (>= netstandard1.4)) (&& (== netstandard1.0) (>= netstandard1.6)) (== netstandard1.6) (&& (== netstandard2.0) (< netstandard1.4)) (&& (== netstandard2.0) (< netstandard1.6))
      System.Runtime.Extensions (>= 4.3) - restriction: || (== netcoreapp1.1) (&& (== netstandard1.0) (>= netstandard1.4)) (&& (== netstandard1.0) (>= netstandard1.6)) (== netstandard1.6) (&& (== netstandard2.0) (< netstandard1.6))
      System.Runtime.Handles (>= 4.3) - restriction: || (== netcoreapp1.1) (&& (== netstandard1.0) (>= netstandard1.3)) (&& (== netstandard1.0) (>= netstandard1.4)) (&& (== netstandard1.0) (>= netstandard1.6)) (== netstandard1.6) (&& (== netstandard2.0) (< netstandard1.4)) (&& (== netstandard2.0) (< netstandard1.6))
      System.Runtime.InteropServices (>= 4.3) - restriction: || (== netcoreapp1.1) (&& (== netstandard1.0) (>= netstandard1.3)) (&& (== netstandard1.0) (>= netstandard1.4)) (&& (== netstandard1.0) (>= netstandard1.6)) (== netstandard1.6) (&& (== netstandard2.0) (< netstandard1.4)) (&& (== netstandard2.0) (< netstandard1.6))
      System.Security.Cryptography.Algorithms (>= 4.3) - restriction: || (== net46) (== netcoreapp1.1) (&& (== netstandard1.0) (>= net46)) (&& (== netstandard1.0) (>= netstandard1.3)) (&& (== netstandard1.0) (>= netstandard1.4)) (&& (== netstandard1.0) (>= netstandard1.6)) (== netstandard1.6) (&& (== netstandard2.0) (< netstandard1.4)) (&& (== netstandard2.0) (< netstandard1.6))
      System.Security.Cryptography.Encoding (>= 4.3) - restriction: || (== netcoreapp1.1) (&& (== netstandard1.0) (>= netstandard1.4)) (&& (== netstandard1.0) (>= netstandard1.6)) (== netstandard1.6) (&& (== netstandard2.0) (< netstandard1.6))
      System.Security.Cryptography.Primitives (>= 4.3) - restriction: || (== net46) (== netcoreapp1.1) (&& (== netstandard1.0) (>= net46)) (&& (== netstandard1.0) (>= netstandard1.3)) (&& (== netstandard1.0) (>= netstandard1.4)) (&& (== netstandard1.0) (>= netstandard1.6)) (== netstandard1.6) (&& (== netstandard2.0) (< netstandard1.4)) (&& (== netstandard2.0) (< netstandard1.6))
      System.Text.Encoding (>= 4.3) - restriction: || (== netcoreapp1.1) (&& (== netstandard1.0) (>= netstandard1.4)) (&& (== netstandard1.0) (>= netstandard1.6)) (== netstandard1.6) (&& (== netstandard2.0) (< netstandard1.6))
    System.Security.Cryptography.Csp (4.3) - restriction: || (&& (== net46) (== netstandard2.0)) (&& (== net46) (< net20) (>= netstandard1.6)) (&& (== net46) (>= netstandard1.6) (>= uap10.0)) (== netcoreapp1.1) (&& (== netstandard1.0) (== netstandard2.0)) (&& (== netstandard1.0) (>= netstandard1.6)) (== netstandard1.6) (&& (== netstandard2.0) (< netstandard1.3))
      Microsoft.NETCore.Platforms (>= 1.1) - restriction: || (== netcoreapp1.1) (&& (== netstandard1.0) (>= netstandard1.3)) (== netstandard1.6) (== netstandard2.0)
      System.IO (>= 4.3) - restriction: || (== netcoreapp1.1) (&& (== netstandard1.0) (>= netstandard1.3)) (== netstandard1.6) (== netstandard2.0)
      System.Reflection (>= 4.3) - restriction: || (== netcoreapp1.1) (&& (== netstandard1.0) (>= netstandard1.3)) (== netstandard1.6) (== netstandard2.0)
      System.Resources.ResourceManager (>= 4.3) - restriction: || (== netcoreapp1.1) (&& (== netstandard1.0) (>= netstandard1.3)) (== netstandard1.6) (== netstandard2.0)
      System.Runtime (>= 4.3) - restriction: || (== netcoreapp1.1) (&& (== netstandard1.0) (>= netstandard1.3)) (== netstandard1.6) (== netstandard2.0)
      System.Runtime.Extensions (>= 4.3) - restriction: || (== netcoreapp1.1) (&& (== netstandard1.0) (>= netstandard1.3)) (== netstandard1.6) (== netstandard2.0)
      System.Runtime.Handles (>= 4.3) - restriction: || (== netcoreapp1.1) (&& (== netstandard1.0) (>= netstandard1.3)) (== netstandard1.6) (== netstandard2.0)
      System.Runtime.InteropServices (>= 4.3) - restriction: || (== netcoreapp1.1) (&& (== netstandard1.0) (>= netstandard1.3)) (== netstandard1.6) (== netstandard2.0)
      System.Security.Cryptography.Algorithms (>= 4.3) - restriction: || (== net46) (== netcoreapp1.1) (&& (== netstandard1.0) (>= net46)) (&& (== netstandard1.0) (>= netstandard1.3)) (== netstandard1.6) (== netstandard2.0)
      System.Security.Cryptography.Encoding (>= 4.3) - restriction: || (== netcoreapp1.1) (&& (== netstandard1.0) (>= netstandard1.3)) (== netstandard1.6) (== netstandard2.0)
      System.Security.Cryptography.Primitives (>= 4.3) - restriction: || (== net46) (== netcoreapp1.1) (&& (== netstandard1.0) (>= net46)) (&& (== netstandard1.0) (>= netstandard1.3)) (== netstandard1.6) (== netstandard2.0)
      System.Text.Encoding (>= 4.3) - restriction: || (== netcoreapp1.1) (&& (== netstandard1.0) (>= netstandard1.3)) (== netstandard1.6) (== netstandard2.0)
      System.Threading (>= 4.3) - restriction: || (== netcoreapp1.1) (&& (== netstandard1.0) (>= netstandard1.3)) (== netstandard1.6) (== netstandard2.0)
    System.Security.Cryptography.Encoding (4.3) - restriction: || (&& (== net46) (== netstandard1.0)) (&& (== net46) (== netstandard2.0)) (&& (== net46) (< net20)) (&& (== net46) (>= uap10.0)) (== netcoreapp1.1) (&& (== netstandard1.0) (== netstandard2.0)) (&& (== netstandard1.0) (>= net46)) (&& (== netstandard1.0) (>= netstandard1.3)) (&& (== netstandard1.0) (>= netstandard1.4)) (&& (== netstandard1.0) (>= netstandard1.5)) (&& (== netstandard1.0) (>= netstandard1.6)) (&& (== netstandard1.0) (>= uap10.0)) (== netstandard1.6) (&& (== netstandard2.0) (< netstandard1.3))
      Microsoft.NETCore.Platforms (>= 1.1) - restriction: || (== netcoreapp1.1) (&& (== netstandard1.0) (>= netstandard1.3)) (== netstandard1.6) (== netstandard2.0)
      runtime.native.System.Security.Cryptography.OpenSsl (>= 4.3) - restriction: || (== netcoreapp1.1) (&& (== netstandard1.0) (>= netstandard1.3)) (== netstandard1.6) (== netstandard2.0)
      System.Collections (>= 4.3) - restriction: || (== netcoreapp1.1) (&& (== netstandard1.0) (>= netstandard1.3)) (== netstandard1.6) (== netstandard2.0)
      System.Collections.Concurrent (>= 4.3) - restriction: || (== netcoreapp1.1) (&& (== netstandard1.0) (>= netstandard1.3)) (== netstandard1.6) (== netstandard2.0)
      System.Linq (>= 4.3) - restriction: || (== netcoreapp1.1) (&& (== netstandard1.0) (>= netstandard1.3)) (== netstandard1.6) (== netstandard2.0)
      System.Resources.ResourceManager (>= 4.3) - restriction: || (== netcoreapp1.1) (&& (== netstandard1.0) (>= netstandard1.3)) (== netstandard1.6) (== netstandard2.0)
      System.Runtime (>= 4.3) - restriction: || (== netcoreapp1.1) (&& (== netstandard1.0) (>= netstandard1.3)) (== netstandard1.6) (== netstandard2.0)
      System.Runtime.Extensions (>= 4.3) - restriction: || (== netcoreapp1.1) (&& (== netstandard1.0) (>= netstandard1.3)) (== netstandard1.6) (== netstandard2.0)
      System.Runtime.Handles (>= 4.3) - restriction: || (== netcoreapp1.1) (&& (== netstandard1.0) (>= netstandard1.3)) (== netstandard1.6) (== netstandard2.0)
      System.Runtime.InteropServices (>= 4.3) - restriction: || (== netcoreapp1.1) (&& (== netstandard1.0) (>= netstandard1.3)) (== netstandard1.6) (== netstandard2.0)
      System.Security.Cryptography.Primitives (>= 4.3) - restriction: || (== netcoreapp1.1) (&& (== netstandard1.0) (>= netstandard1.3)) (== netstandard1.6) (== netstandard2.0)
      System.Text.Encoding (>= 4.3) - restriction: || (== netcoreapp1.1) (&& (== netstandard1.0) (>= netstandard1.3)) (== netstandard1.6) (== netstandard2.0)
    System.Security.Cryptography.OpenSsl (4.4) - restriction: || (&& (== net46) (== netstandard2.0)) (&& (== net46) (< net20) (>= netstandard1.6)) (&& (== net46) (>= netstandard1.6) (>= uap10.0)) (== netcoreapp1.1) (&& (== netstandard1.0) (== netstandard2.0)) (&& (== netstandard1.0) (>= netstandard1.6)) (== netstandard1.6) (&& (== netstandard2.0) (< netstandard1.3)) (&& (== netstandard2.0) (< portable-net451+win81+wpa81))
      System.Collections (>= 4.3) - restriction: || (&& (== net46) (>= netstandard1.6)) (== netcoreapp1.1) (&& (== netstandard1.0) (>= netstandard1.6)) (== netstandard1.6)
      System.IO (>= 4.3) - restriction: || (&& (== net46) (>= netstandard1.6)) (== netcoreapp1.1) (&& (== netstandard1.0) (>= netstandard1.6)) (== netstandard1.6)
      System.Resources.ResourceManager (>= 4.3) - restriction: || (&& (== net46) (>= netstandard1.6)) (== netcoreapp1.1) (&& (== netstandard1.0) (>= netstandard1.6)) (== netstandard1.6)
      System.Runtime (>= 4.3) - restriction: || (&& (== net46) (>= netstandard1.6)) (== netcoreapp1.1) (&& (== netstandard1.0) (>= netstandard1.6)) (== netstandard1.6)
      System.Runtime.Extensions (>= 4.3) - restriction: || (&& (== net46) (>= netstandard1.6)) (== netcoreapp1.1) (&& (== netstandard1.0) (>= netstandard1.6)) (== netstandard1.6)
      System.Runtime.Handles (>= 4.3) - restriction: || (&& (== net46) (>= netstandard1.6)) (== netcoreapp1.1) (&& (== netstandard1.0) (>= netstandard1.6)) (== netstandard1.6)
      System.Runtime.InteropServices (>= 4.3) - restriction: || (&& (== net46) (>= netstandard1.6)) (== netcoreapp1.1) (&& (== netstandard1.0) (>= netstandard1.6)) (== netstandard1.6)
      System.Runtime.Numerics (>= 4.3) - restriction: || (&& (== net46) (>= netstandard1.6)) (== netcoreapp1.1) (&& (== netstandard1.0) (>= netstandard1.6)) (== netstandard1.6)
      System.Security.Cryptography.Algorithms (>= 4.3) - restriction: || (&& (== net46) (>= netstandard1.6)) (== netcoreapp1.1) (&& (== netstandard1.0) (>= netstandard1.6)) (== netstandard1.6)
      System.Security.Cryptography.Encoding (>= 4.3) - restriction: || (&& (== net46) (>= netstandard1.6)) (== netcoreapp1.1) (&& (== netstandard1.0) (>= netstandard1.6)) (== netstandard1.6)
      System.Security.Cryptography.Primitives (>= 4.3) - restriction: || (&& (== net46) (>= netstandard1.6)) (== netcoreapp1.1) (&& (== netstandard1.0) (>= netstandard1.6)) (== netstandard1.6)
      System.Text.Encoding (>= 4.3) - restriction: || (&& (== net46) (>= netstandard1.6)) (== netcoreapp1.1) (&& (== netstandard1.0) (>= netstandard1.6)) (== netstandard1.6)
    System.Security.Cryptography.Primitives (4.3) - restriction: || (&& (== net46) (== netstandard1.0)) (&& (== net46) (== netstandard2.0)) (&& (== net46) (< net20)) (&& (== net46) (>= uap10.0)) (== netcoreapp1.1) (&& (== netstandard1.0) (== netstandard2.0)) (&& (== netstandard1.0) (>= net46)) (&& (== netstandard1.0) (>= netstandard1.3)) (&& (== netstandard1.0) (>= netstandard1.4)) (&& (== netstandard1.0) (>= netstandard1.5)) (&& (== netstandard1.0) (>= netstandard1.6)) (&& (== netstandard1.0) (>= uap10.0)) (== netstandard1.6) (&& (== netstandard2.0) (< netstandard1.3))
      System.Diagnostics.Debug (>= 4.3) - restriction: || (== netcoreapp1.1) (&& (== netstandard1.0) (>= netstandard1.3)) (== netstandard1.6) (== netstandard2.0)
      System.Globalization (>= 4.3) - restriction: || (== netcoreapp1.1) (&& (== netstandard1.0) (>= netstandard1.3)) (== netstandard1.6) (== netstandard2.0)
      System.IO (>= 4.3) - restriction: || (== netcoreapp1.1) (&& (== netstandard1.0) (>= netstandard1.3)) (== netstandard1.6) (== netstandard2.0)
      System.Resources.ResourceManager (>= 4.3) - restriction: || (== netcoreapp1.1) (&& (== netstandard1.0) (>= netstandard1.3)) (== netstandard1.6) (== netstandard2.0)
      System.Runtime (>= 4.3) - restriction: || (== netcoreapp1.1) (&& (== netstandard1.0) (>= netstandard1.3)) (== netstandard1.6) (== netstandard2.0)
      System.Threading (>= 4.3) - restriction: || (== netcoreapp1.1) (&& (== netstandard1.0) (>= netstandard1.3)) (== netstandard1.6) (== netstandard2.0)
      System.Threading.Tasks (>= 4.3) - restriction: || (== netcoreapp1.1) (&& (== netstandard1.0) (>= netstandard1.3)) (== netstandard1.6) (== netstandard2.0)
    System.Security.Cryptography.X509Certificates (4.3.2) - restriction: || (&& (== net46) (== netstandard1.0)) (&& (== net46) (== netstandard2.0)) (&& (== net46) (< net20)) (&& (== net46) (>= uap10.0)) (== netcoreapp1.1) (&& (== netstandard1.0) (== netstandard2.0)) (&& (== netstandard1.0) (>= net46)) (&& (== netstandard1.0) (>= netstandard1.3)) (&& (== netstandard1.0) (>= netstandard1.4)) (&& (== netstandard1.0) (>= netstandard1.5)) (&& (== netstandard1.0) (>= netstandard1.6)) (&& (== netstandard1.0) (>= uap10.0)) (== netstandard1.6) (&& (== netstandard2.0) (< netstandard1.3))
      Microsoft.NETCore.Platforms (>= 1.1) - restriction: || (&& (== net46) (>= netcoreapp5.0)) (== netcoreapp1.1) (&& (== netstandard1.0) (>= netcoreapp5.0)) (&& (== netstandard1.0) (>= netstandard1.6)) (== netstandard1.6) (== netstandard2.0)
      runtime.native.System (>= 4.3) - restriction: || (== netcoreapp1.1) (&& (== netstandard1.0) (>= netstandard1.6)) (== netstandard1.6) (== netstandard2.0)
      runtime.native.System.Net.Http (>= 4.3) - restriction: || (== netcoreapp1.1) (&& (== netstandard1.0) (>= netstandard1.6)) (== netstandard1.6) (== netstandard2.0)
      runtime.native.System.Security.Cryptography.OpenSsl (>= 4.3.2) - restriction: || (== netcoreapp1.1) (&& (== netstandard1.0) (>= netstandard1.6)) (== netstandard1.6) (== netstandard2.0)
      System.Collections (>= 4.3) - restriction: || (&& (== net46) (>= netcoreapp5.0)) (== netcoreapp1.1) (&& (== netstandard1.0) (>= netcoreapp5.0)) (&& (== netstandard1.0) (>= netstandard1.6)) (== netstandard1.6) (== netstandard2.0)
      System.Diagnostics.Debug (>= 4.3) - restriction: || (== netcoreapp1.1) (&& (== netstandard1.0) (>= netstandard1.6)) (== netstandard1.6) (== netstandard2.0)
      System.Globalization (>= 4.3) - restriction: || (&& (== net46) (>= netcoreapp5.0)) (== netcoreapp1.1) (&& (== netstandard1.0) (>= netcoreapp5.0)) (&& (== netstandard1.0) (>= netstandard1.6)) (== netstandard1.6) (== netstandard2.0)
      System.Globalization.Calendars (>= 4.3) - restriction: || (&& (== net46) (>= netcoreapp5.0)) (== netcoreapp1.1) (&& (== netstandard1.0) (>= netcoreapp5.0)) (&& (== netstandard1.0) (>= netstandard1.6)) (== netstandard1.6) (== netstandard2.0)
      System.IO (>= 4.3) - restriction: || (&& (== net46) (>= netcoreapp5.0)) (== netcoreapp1.1) (&& (== netstandard1.0) (>= netcoreapp5.0)) (&& (== netstandard1.0) (>= netstandard1.6)) (== netstandard1.6) (== netstandard2.0)
      System.IO.FileSystem (>= 4.3) - restriction: || (&& (== net46) (>= netcoreapp5.0)) (== netcoreapp1.1) (&& (== netstandard1.0) (>= netcoreapp5.0)) (&& (== netstandard1.0) (>= netstandard1.6)) (== netstandard1.6) (== netstandard2.0)
      System.IO.FileSystem.Primitives (>= 4.3) - restriction: || (== netcoreapp1.1) (&& (== netstandard1.0) (>= netstandard1.6)) (== netstandard1.6) (== netstandard2.0)
      System.Resources.ResourceManager (>= 4.3) - restriction: || (&& (== net46) (>= netcoreapp5.0)) (== netcoreapp1.1) (&& (== netstandard1.0) (>= netcoreapp5.0)) (&& (== netstandard1.0) (>= netstandard1.6)) (== netstandard1.6) (== netstandard2.0)
      System.Runtime (>= 4.3) - restriction: || (&& (== net46) (>= netcoreapp5.0)) (== netcoreapp1.1) (&& (== netstandard1.0) (>= netcoreapp5.0)) (&& (== netstandard1.0) (>= netstandard1.3)) (&& (== netstandard1.0) (>= netstandard1.4)) (&& (== netstandard1.0) (>= netstandard1.6)) (== netstandard1.6) (== netstandard2.0)
      System.Runtime.Extensions (>= 4.3) - restriction: || (&& (== net46) (>= netcoreapp5.0)) (== netcoreapp1.1) (&& (== netstandard1.0) (>= netcoreapp5.0)) (&& (== netstandard1.0) (>= netstandard1.6)) (== netstandard1.6) (== netstandard2.0)
      System.Runtime.Handles (>= 4.3) - restriction: || (&& (== net46) (>= netcoreapp5.0)) (== netcoreapp1.1) (&& (== netstandard1.0) (>= netcoreapp5.0)) (&& (== netstandard1.0) (>= netstandard1.3)) (&& (== netstandard1.0) (>= netstandard1.4)) (&& (== netstandard1.0) (>= netstandard1.6)) (== netstandard1.6) (== netstandard2.0)
      System.Runtime.InteropServices (>= 4.3) - restriction: || (&& (== net46) (>= netcoreapp5.0)) (== netcoreapp1.1) (&& (== netstandard1.0) (>= netcoreapp5.0)) (&& (== netstandard1.0) (>= netstandard1.6)) (== netstandard1.6) (== netstandard2.0)
      System.Runtime.Numerics (>= 4.3) - restriction: || (&& (== net46) (>= netcoreapp5.0)) (== netcoreapp1.1) (&& (== netstandard1.0) (>= netcoreapp5.0)) (&& (== netstandard1.0) (>= netstandard1.6)) (== netstandard1.6) (== netstandard2.0)
      System.Security.Cryptography.Algorithms (>= 4.3) - restriction: || (== net46) (== netcoreapp1.1) (&& (== netstandard1.0) (>= net46)) (&& (== netstandard1.0) (>= net461)) (&& (== netstandard1.0) (>= netcoreapp5.0)) (&& (== netstandard1.0) (>= netstandard1.3)) (&& (== netstandard1.0) (>= netstandard1.4)) (&& (== netstandard1.0) (>= netstandard1.6)) (== netstandard1.6) (== netstandard2.0)
      System.Security.Cryptography.Cng (>= 4.3) - restriction: || (&& (== net46) (>= netcoreapp5.0)) (== netcoreapp1.1) (&& (== netstandard1.0) (>= netcoreapp5.0)) (&& (== netstandard1.0) (>= netstandard1.6)) (== netstandard1.6) (== netstandard2.0)
      System.Security.Cryptography.Csp (>= 4.3) - restriction: || (== netcoreapp1.1) (&& (== netstandard1.0) (>= netstandard1.6)) (== netstandard1.6) (== netstandard2.0)
      System.Security.Cryptography.Encoding (>= 4.3) - restriction: || (== net46) (== netcoreapp1.1) (&& (== netstandard1.0) (>= net46)) (&& (== netstandard1.0) (>= net461)) (&& (== netstandard1.0) (>= netcoreapp5.0)) (&& (== netstandard1.0) (>= netstandard1.3)) (&& (== netstandard1.0) (>= netstandard1.4)) (&& (== netstandard1.0) (>= netstandard1.6)) (== netstandard1.6) (== netstandard2.0)
      System.Security.Cryptography.OpenSsl (>= 4.3) - restriction: || (== netcoreapp1.1) (&& (== netstandard1.0) (>= netstandard1.6)) (== netstandard1.6) (== netstandard2.0)
      System.Security.Cryptography.Primitives (>= 4.3) - restriction: || (&& (== net46) (>= netcoreapp5.0)) (== netcoreapp1.1) (&& (== netstandard1.0) (>= netcoreapp5.0)) (&& (== netstandard1.0) (>= netstandard1.6)) (== netstandard1.6) (== netstandard2.0)
      System.Text.Encoding (>= 4.3) - restriction: || (&& (== net46) (>= netcoreapp5.0)) (== netcoreapp1.1) (&& (== netstandard1.0) (>= netcoreapp5.0)) (&& (== netstandard1.0) (>= netstandard1.6)) (== netstandard1.6) (== netstandard2.0)
      System.Threading (>= 4.3) - restriction: || (&& (== net46) (>= netcoreapp5.0)) (== netcoreapp1.1) (&& (== netstandard1.0) (>= netcoreapp5.0)) (&& (== netstandard1.0) (>= netstandard1.6)) (== netstandard1.6) (== netstandard2.0)
    System.Text.Encoding (4.3) - restriction: || (&& (== net46) (== netstandard2.0)) (&& (== net46) (< net20)) (&& (== net46) (>= uap10.0)) (== netcoreapp1.1) (== netstandard1.0) (== netstandard1.6) (&& (== netstandard2.0) (< netstandard1.3)) (&& (== netstandard2.0) (< portable-net45+win8+wpa81)) (&& (== netstandard2.0) (< portable-net451+win81+wpa81))
      Microsoft.NETCore.Platforms (>= 1.1) - restriction: || (&& (== net46) (< net45)) (&& (== net46) (>= netcoreapp5.0)) (== netcoreapp1.1) (== netstandard1.0) (== netstandard1.6) (== netstandard2.0)
      Microsoft.NETCore.Targets (>= 1.1) - restriction: || (&& (== net46) (< net45)) (&& (== net46) (>= netcoreapp5.0)) (== netcoreapp1.1) (== netstandard1.0) (== netstandard1.6) (== netstandard2.0)
      System.Runtime (>= 4.3) - restriction: || (&& (== net46) (< net45)) (&& (== net46) (>= netcoreapp5.0)) (== netcoreapp1.1) (== netstandard1.0) (== netstandard1.6) (== netstandard2.0)
    System.Text.Encoding.Extensions (4.3) - restriction: || (&& (== net46) (== netstandard2.0)) (&& (== net46) (< net20)) (&& (== net46) (>= netcoreapp5.0)) (&& (== net46) (>= uap10.0)) (== netcoreapp1.1) (== netstandard1.0) (== netstandard1.6) (&& (== netstandard2.0) (< netstandard1.3)) (&& (== netstandard2.0) (< portable-net45+win8+wpa81)) (&& (== netstandard2.0) (< portable-net451+win81+wpa81))
      Microsoft.NETCore.Platforms (>= 1.1) - restriction: || (&& (== net46) (< net45)) (&& (== net46) (>= netcoreapp5.0)) (== netcoreapp1.1) (== netstandard1.0) (== netstandard1.6) (== netstandard2.0)
      Microsoft.NETCore.Targets (>= 1.1) - restriction: || (&& (== net46) (< net45)) (&& (== net46) (>= netcoreapp5.0)) (== netcoreapp1.1) (== netstandard1.0) (== netstandard1.6) (== netstandard2.0)
      System.Runtime (>= 4.3) - restriction: || (&& (== net46) (< net45)) (&& (== net46) (>= netcoreapp5.0)) (== netcoreapp1.1) (== netstandard1.0) (== netstandard1.6) (== netstandard2.0)
      System.Text.Encoding (>= 4.3) - restriction: || (&& (== net46) (< net45)) (&& (== net46) (>= netcoreapp5.0)) (== netcoreapp1.1) (== netstandard1.0) (== netstandard1.6) (== netstandard2.0)
    System.Text.RegularExpressions (4.3) - restriction: || (&& (== net46) (== netstandard2.0)) (&& (== net46) (< net20)) (&& (== net46) (>= netcoreapp5.0)) (&& (== net46) (>= uap10.0)) (== netcoreapp1.1) (== netstandard1.0) (== netstandard1.6) (&& (== netstandard2.0) (< netstandard1.3)) (&& (== netstandard2.0) (< portable-net45+win8+wpa81)) (&& (== netstandard2.0) (< portable-net451+win81+wpa81))
      System.Collections (>= 4.3) - restriction: || (&& (== net46) (< net45) (>= netstandard1.6)) (&& (== net46) (>= netcoreapp5.0)) (&& (== netcoreapp1.1) (>= netcoreapp5.0)) (&& (== netstandard1.0) (>= netcoreapp5.0)) (&& (== netstandard1.0) (>= netstandard1.6)) (== netstandard1.6) (== netstandard2.0)
      System.Globalization (>= 4.3) - restriction: || (&& (== net46) (< net45) (>= netstandard1.6)) (&& (== net46) (>= netcoreapp5.0)) (&& (== netcoreapp1.1) (>= netcoreapp5.0)) (&& (== netstandard1.0) (>= netcoreapp5.0)) (&& (== netstandard1.0) (>= netstandard1.6)) (== netstandard1.6) (== netstandard2.0)
      System.Resources.ResourceManager (>= 4.3) - restriction: || (&& (== net46) (< net45) (>= netstandard1.6)) (&& (== net46) (>= netcoreapp5.0)) (&& (== netcoreapp1.1) (>= netcoreapp5.0)) (&& (== netstandard1.0) (>= netcoreapp5.0)) (&& (== netstandard1.0) (>= netstandard1.6)) (== netstandard1.6) (== netstandard2.0)
      System.Runtime (>= 4.3) - restriction: || (&& (== net46) (< net45)) (&& (== net46) (>= netcoreapp1.1)) (== netcoreapp1.1) (== netstandard1.0) (== netstandard1.6) (== netstandard2.0)
      System.Runtime.Extensions (>= 4.3) - restriction: || (&& (== net46) (< net45) (>= netstandard1.6)) (&& (== net46) (>= netcoreapp5.0)) (&& (== netcoreapp1.1) (>= netcoreapp5.0)) (&& (== netstandard1.0) (>= netcoreapp5.0)) (&& (== netstandard1.0) (>= netstandard1.6)) (== netstandard1.6) (== netstandard2.0)
      System.Threading (>= 4.3) - restriction: || (&& (== net46) (< net45) (>= netstandard1.6)) (&& (== net46) (>= netcoreapp5.0)) (&& (== netcoreapp1.1) (>= netcoreapp5.0)) (&& (== netstandard1.0) (>= netcoreapp5.0)) (&& (== netstandard1.0) (>= netstandard1.6)) (== netstandard1.6) (== netstandard2.0)
    System.Threading (4.3) - restriction: || (&& (== net46) (== netstandard2.0)) (&& (== net46) (< net20)) (&& (== net46) (>= netcoreapp5.0)) (&& (== net46) (>= netstandard1.6) (>= uap10.0)) (== netcoreapp1.1) (== netstandard1.0) (== netstandard1.6) (&& (== netstandard2.0) (< netstandard1.3)) (&& (== netstandard2.0) (< portable-net45+win8+wpa81)) (&& (== netstandard2.0) (< portable-net451+win81+wpa81))
      System.Runtime (>= 4.3) - restriction: || (&& (== net46) (< net45)) (&& (== net46) (>= netcoreapp5.0)) (== netcoreapp1.1) (== netstandard1.0) (== netstandard1.6) (== netstandard2.0)
      System.Threading.Tasks (>= 4.3) - restriction: || (&& (== net46) (< net45)) (&& (== net46) (>= netcoreapp5.0)) (== netcoreapp1.1) (== netstandard1.0) (== netstandard1.6) (== netstandard2.0)
    System.Threading.Tasks (4.3) - restriction: || (&& (== net46) (== netstandard2.0)) (&& (== net46) (< net20)) (&& (== net46) (>= netcoreapp5.0)) (&& (== net46) (>= uap10.0)) (== netcoreapp1.1) (== netstandard1.0) (== netstandard1.6) (&& (== netstandard2.0) (< netstandard1.3)) (&& (== netstandard2.0) (< portable-net45+win8+wpa81)) (&& (== netstandard2.0) (< portable-net451+win81+wpa81))
      Microsoft.NETCore.Platforms (>= 1.1) - restriction: || (&& (== net46) (< net45)) (&& (== net46) (>= netcoreapp5.0)) (== netcoreapp1.1) (== netstandard1.0) (== netstandard1.6) (== netstandard2.0)
      Microsoft.NETCore.Targets (>= 1.1) - restriction: || (&& (== net46) (< net45)) (&& (== net46) (>= netcoreapp5.0)) (== netcoreapp1.1) (== netstandard1.0) (== netstandard1.6) (== netstandard2.0)
      System.Runtime (>= 4.3) - restriction: || (&& (== net46) (< net45)) (&& (== net46) (>= netcoreapp5.0)) (== netcoreapp1.1) (== netstandard1.0) (== netstandard1.6) (== netstandard2.0)
    System.Threading.Tasks.Extensions (4.4) - restriction: || (&& (== net46) (== netstandard1.0)) (&& (== net46) (== netstandard2.0)) (&& (== net46) (< net20)) (&& (== net46) (>= netcoreapp5.0)) (&& (== net46) (>= uap10.0)) (== netcoreapp1.1) (&& (== netstandard1.0) (== netstandard2.0)) (&& (== netstandard1.0) (>= netcoreapp5.0)) (&& (== netstandard1.0) (>= netstandard1.3)) (== netstandard1.6) (&& (== netstandard2.0) (< netstandard1.3)) (&& (== netstandard2.0) (< portable-net45+win8+wpa81)) (&& (== netstandard2.0) (< portable-net451+win81+wpa81))
      System.Collections (>= 4.3) - restriction: || (== net46) (== netcoreapp1.1) (== netstandard1.0) (== netstandard1.6)
      System.Runtime (>= 4.3) - restriction: || (== net46) (== netcoreapp1.1) (== netstandard1.0) (== netstandard1.6)
      System.Threading.Tasks (>= 4.3) - restriction: || (== net46) (== netcoreapp1.1) (== netstandard1.0) (== netstandard1.6)
    System.Threading.Timer (4.3) - restriction: || (&& (== net46) (== netstandard1.0)) (&& (== net46) (== netstandard2.0)) (&& (== net46) (< net20)) (&& (== net46) (>= uap10.0)) (== netcoreapp1.1) (&& (== netstandard1.0) (== netstandard2.0)) (&& (== netstandard1.0) (>= netstandard1.2)) (&& (== netstandard1.0) (>= netstandard1.3)) (&& (== netstandard1.0) (>= netstandard1.4)) (&& (== netstandard1.0) (>= netstandard1.5)) (&& (== netstandard1.0) (>= netstandard1.6)) (&& (== netstandard1.0) (>= uap10.0)) (== netstandard1.6) (&& (== netstandard2.0) (< netstandard1.3))
      Microsoft.NETCore.Platforms (>= 1.1) - restriction: || (&& (== net46) (< net451)) (&& (== net46) (>= netcoreapp5.0)) (== netcoreapp1.1) (&& (== netstandard1.0) (>= netcoreapp5.0)) (&& (== netstandard1.0) (>= netstandard1.2)) (== netstandard1.6) (== netstandard2.0)
      Microsoft.NETCore.Targets (>= 1.1) - restriction: || (&& (== net46) (< net451)) (&& (== net46) (>= netcoreapp5.0)) (== netcoreapp1.1) (&& (== netstandard1.0) (>= netcoreapp5.0)) (&& (== netstandard1.0) (>= netstandard1.2)) (== netstandard1.6) (== netstandard2.0)
      System.Runtime (>= 4.3) - restriction: || (&& (== net46) (< net451)) (&& (== net46) (>= netcoreapp5.0)) (== netcoreapp1.1) (&& (== netstandard1.0) (>= netcoreapp5.0)) (&& (== netstandard1.0) (>= netstandard1.2)) (== netstandard1.6) (== netstandard2.0)
    System.Xml.ReaderWriter (4.3.1) - restriction: || (&& (== net46) (== netstandard2.0)) (&& (== net46) (< net20)) (&& (== net46) (>= uap10.0)) (== netcoreapp1.1) (== netstandard1.0) (== netstandard1.6) (&& (== netstandard2.0) (< netstandard1.3)) (&& (== netstandard2.0) (< portable-net45+win8+wpa81)) (&& (== netstandard2.0) (< portable-net451+win81+wpa81))
      System.Collections (>= 4.3) - restriction: || (&& (== net46) (< net45)) (&& (== net46) (>= netcoreapp5.0)) (== netcoreapp1.1) (&& (== netstandard1.0) (>= netcoreapp5.0)) (&& (== netstandard1.0) (>= netstandard1.3)) (== netstandard1.6) (== netstandard2.0)
      System.Diagnostics.Debug (>= 4.3) - restriction: || (&& (== net46) (< net45)) (&& (== net46) (>= netcoreapp5.0)) (== netcoreapp1.1) (&& (== netstandard1.0) (>= netcoreapp5.0)) (&& (== netstandard1.0) (>= netstandard1.3)) (== netstandard1.6) (== netstandard2.0)
      System.Globalization (>= 4.3) - restriction: || (&& (== net46) (< net45)) (&& (== net46) (>= netcoreapp5.0)) (== netcoreapp1.1) (&& (== netstandard1.0) (>= netcoreapp5.0)) (&& (== netstandard1.0) (>= netstandard1.3)) (== netstandard1.6) (== netstandard2.0)
      System.IO (>= 4.3) - restriction: || (&& (== net46) (< net45)) (&& (== net46) (>= netcoreapp5.0)) (== netcoreapp1.1) (== netstandard1.0) (== netstandard1.6) (== netstandard2.0)
      System.IO.FileSystem (>= 4.3) - restriction: || (&& (== net46) (< net45)) (&& (== net46) (>= netcoreapp5.0)) (== netcoreapp1.1) (&& (== netstandard1.0) (>= netcoreapp5.0)) (&& (== netstandard1.0) (>= netstandard1.3)) (== netstandard1.6) (== netstandard2.0)
      System.IO.FileSystem.Primitives (>= 4.3) - restriction: || (&& (== net46) (< net45)) (&& (== net46) (>= netcoreapp5.0)) (== netcoreapp1.1) (&& (== netstandard1.0) (>= netcoreapp5.0)) (&& (== netstandard1.0) (>= netstandard1.3)) (== netstandard1.6) (== netstandard2.0)
      System.Resources.ResourceManager (>= 4.3) - restriction: || (&& (== net46) (< net45)) (&& (== net46) (>= netcoreapp5.0)) (== netcoreapp1.1) (&& (== netstandard1.0) (>= netcoreapp5.0)) (&& (== netstandard1.0) (>= netstandard1.3)) (== netstandard1.6) (== netstandard2.0)
      System.Runtime (>= 4.3) - restriction: || (&& (== net46) (< net45)) (&& (== net46) (>= netcoreapp5.0)) (== netcoreapp1.1) (== netstandard1.0) (== netstandard1.6) (== netstandard2.0)
      System.Runtime.Extensions (>= 4.3) - restriction: || (&& (== net46) (< net45)) (&& (== net46) (>= netcoreapp5.0)) (== netcoreapp1.1) (&& (== netstandard1.0) (>= netcoreapp5.0)) (&& (== netstandard1.0) (>= netstandard1.3)) (== netstandard1.6) (== netstandard2.0)
      System.Runtime.InteropServices (>= 4.3) - restriction: || (&& (== net46) (< net45)) (&& (== net46) (>= netcoreapp5.0)) (== netcoreapp1.1) (&& (== netstandard1.0) (>= netcoreapp5.0)) (&& (== netstandard1.0) (>= netstandard1.3)) (== netstandard1.6) (== netstandard2.0)
      System.Text.Encoding (>= 4.3) - restriction: || (&& (== net46) (< net45)) (&& (== net46) (>= netcoreapp5.0)) (== netcoreapp1.1) (== netstandard1.0) (== netstandard1.6) (== netstandard2.0)
      System.Text.Encoding.Extensions (>= 4.3) - restriction: || (&& (== net46) (< net45)) (&& (== net46) (>= netcoreapp5.0)) (== netcoreapp1.1) (&& (== netstandard1.0) (>= netcoreapp5.0)) (&& (== netstandard1.0) (>= netstandard1.3)) (== netstandard1.6) (== netstandard2.0)
      System.Text.RegularExpressions (>= 4.3) - restriction: || (&& (== net46) (< net45)) (&& (== net46) (>= netcoreapp5.0)) (== netcoreapp1.1) (&& (== netstandard1.0) (>= netcoreapp5.0)) (&& (== netstandard1.0) (>= netstandard1.3)) (== netstandard1.6) (== netstandard2.0)
      System.Threading.Tasks (>= 4.3) - restriction: || (&& (== net46) (< net45)) (&& (== net46) (>= netcoreapp5.0)) (== netcoreapp1.1) (== netstandard1.0) (== netstandard1.6) (== netstandard2.0)
      System.Threading.Tasks.Extensions (>= 4.3) - restriction: || (&& (== net46) (< net45)) (&& (== net46) (>= netcoreapp5.0)) (== netcoreapp1.1) (&& (== netstandard1.0) (>= netcoreapp5.0)) (&& (== netstandard1.0) (>= netstandard1.3)) (== netstandard1.6) (== netstandard2.0)
    System.Xml.XDocument (4.3) - restriction: || (&& (== net46) (== netstandard2.0)) (&& (== net46) (< net20)) (&& (== net46) (>= uap10.0)) (== netcoreapp1.1) (== netstandard1.0) (== netstandard1.6) (&& (== netstandard2.0) (< netstandard1.3)) (&& (== netstandard2.0) (< portable-net45+win8+wpa81)) (&& (== netstandard2.0) (< portable-net451+win81+wpa81))
      System.Collections (>= 4.3) - restriction: || (&& (== net46) (< net45)) (&& (== net46) (>= netcoreapp5.0)) (== netcoreapp1.1) (&& (== netstandard1.0) (>= netcoreapp5.0)) (&& (== netstandard1.0) (>= netstandard1.3)) (== netstandard1.6) (== netstandard2.0)
      System.Diagnostics.Debug (>= 4.3) - restriction: || (&& (== net46) (< net45)) (&& (== net46) (>= netcoreapp5.0)) (== netcoreapp1.1) (&& (== netstandard1.0) (>= netcoreapp5.0)) (&& (== netstandard1.0) (>= netstandard1.3)) (== netstandard1.6) (== netstandard2.0)
      System.Diagnostics.Tools (>= 4.3) - restriction: || (&& (== net46) (< net45)) (&& (== net46) (>= netcoreapp5.0)) (== netcoreapp1.1) (&& (== netstandard1.0) (>= netcoreapp5.0)) (&& (== netstandard1.0) (>= netstandard1.3)) (== netstandard1.6) (== netstandard2.0)
      System.Globalization (>= 4.3) - restriction: || (&& (== net46) (< net45)) (&& (== net46) (>= netcoreapp5.0)) (== netcoreapp1.1) (&& (== netstandard1.0) (>= netcoreapp5.0)) (&& (== netstandard1.0) (>= netstandard1.3)) (== netstandard1.6) (== netstandard2.0)
      System.IO (>= 4.3) - restriction: || (&& (== net46) (< net45)) (&& (== net46) (>= netcoreapp5.0)) (== netcoreapp1.1) (== netstandard1.0) (== netstandard1.6) (== netstandard2.0)
      System.Reflection (>= 4.3) - restriction: || (&& (== net46) (< net45)) (&& (== net46) (>= netcoreapp5.0)) (== netcoreapp1.1) (&& (== netstandard1.0) (>= netcoreapp5.0)) (&& (== netstandard1.0) (>= netstandard1.3)) (== netstandard1.6) (== netstandard2.0)
      System.Resources.ResourceManager (>= 4.3) - restriction: || (&& (== net46) (< net45)) (&& (== net46) (>= netcoreapp5.0)) (== netcoreapp1.1) (&& (== netstandard1.0) (>= netcoreapp5.0)) (&& (== netstandard1.0) (>= netstandard1.3)) (== netstandard1.6) (== netstandard2.0)
      System.Runtime (>= 4.3) - restriction: || (&& (== net46) (< net45)) (&& (== net46) (>= netcoreapp5.0)) (== netcoreapp1.1) (== netstandard1.0) (== netstandard1.6) (== netstandard2.0)
      System.Runtime.Extensions (>= 4.3) - restriction: || (&& (== net46) (< net45)) (&& (== net46) (>= netcoreapp5.0)) (== netcoreapp1.1) (&& (== netstandard1.0) (>= netcoreapp5.0)) (&& (== netstandard1.0) (>= netstandard1.3)) (== netstandard1.6) (== netstandard2.0)
      System.Text.Encoding (>= 4.3) - restriction: || (&& (== net46) (< net45)) (&& (== net46) (>= netcoreapp5.0)) (== netcoreapp1.1) (&& (== netstandard1.0) (>= netcoreapp5.0)) (&& (== netstandard1.0) (>= netstandard1.3)) (== netstandard1.6) (== netstandard2.0)
      System.Threading (>= 4.3) - restriction: || (&& (== net46) (< net45)) (&& (== net46) (>= netcoreapp5.0)) (== netcoreapp1.1) (&& (== netstandard1.0) (>= netcoreapp5.0)) (&& (== netstandard1.0) (>= netstandard1.3)) (== netstandard1.6) (== netstandard2.0)
      System.Xml.ReaderWriter (>= 4.3) - restriction: || (&& (== net46) (< net45)) (&& (== net46) (>= netcoreapp5.0)) (== netcoreapp1.1) (== netstandard1.0) (== netstandard1.6) (== netstandard2.0)
    System.Xml.XmlDocument (4.3) - restriction: || (&& (== net46) (== netstandard1.0)) (&& (== net46) (== netstandard2.0)) (&& (== net46) (< net20)) (== netcoreapp1.1) (&& (== netstandard1.0) (== netstandard2.0)) (&& (== netstandard1.0) (>= netstandard1.3)) (== netstandard1.6)
      System.Collections (>= 4.3) - restriction: || (== netcoreapp1.1) (&& (== netstandard1.0) (>= netstandard1.3)) (== netstandard1.6) (== netstandard2.0)
      System.Diagnostics.Debug (>= 4.3) - restriction: || (== netcoreapp1.1) (&& (== netstandard1.0) (>= netstandard1.3)) (== netstandard1.6) (== netstandard2.0)
      System.Globalization (>= 4.3) - restriction: || (== netcoreapp1.1) (&& (== netstandard1.0) (>= netstandard1.3)) (== netstandard1.6) (== netstandard2.0)
      System.IO (>= 4.3) - restriction: || (== netcoreapp1.1) (&& (== netstandard1.0) (>= netstandard1.3)) (== netstandard1.6) (== netstandard2.0)
      System.Resources.ResourceManager (>= 4.3) - restriction: || (== netcoreapp1.1) (&& (== netstandard1.0) (>= netstandard1.3)) (== netstandard1.6) (== netstandard2.0)
      System.Runtime (>= 4.3) - restriction: || (== netcoreapp1.1) (&& (== netstandard1.0) (>= netstandard1.3)) (== netstandard1.6) (== netstandard2.0)
      System.Runtime.Extensions (>= 4.3) - restriction: || (== netcoreapp1.1) (&& (== netstandard1.0) (>= netstandard1.3)) (== netstandard1.6) (== netstandard2.0)
      System.Text.Encoding (>= 4.3) - restriction: || (== netcoreapp1.1) (&& (== netstandard1.0) (>= netstandard1.3)) (== netstandard1.6) (== netstandard2.0)
      System.Threading (>= 4.3) - restriction: || (== netcoreapp1.1) (&& (== netstandard1.0) (>= netstandard1.3)) (== netstandard1.6) (== netstandard2.0)
      System.Xml.ReaderWriter (>= 4.3) - restriction: || (== netcoreapp1.1) (&& (== netstandard1.0) (>= netstandard1.3)) (== netstandard1.6) (== netstandard2.0)

GROUP Test
STORAGE: NONE
RESTRICTION: || (== net46) (== netcoreapp1.1) (== netstandard1.0) (== netstandard1.6) (== netstandard2.0)
NUGET
  remote: https://www.nuget.org/api/v2
    dotnet-xunit (2.3.1)
      Microsoft.NETCore.App (>= 1.0) - restriction: || (&& (== net46) (>= netcoreapp1.0)) (== netcoreapp1.1) (&& (== netstandard1.0) (>= netcoreapp1.0)) (&& (== netstandard1.6) (>= netcoreapp1.0)) (&& (== netstandard2.0) (>= netcoreapp1.0))
    Libuv (1.10) - restriction: || (&& (== net46) (>= netcoreapp1.0)) (&& (== net46) (>= netcoreapp1.1)) (== netcoreapp1.1) (&& (== netstandard1.0) (>= netcoreapp1.0)) (&& (== netstandard1.0) (>= netcoreapp1.1)) (&& (== netstandard1.6) (>= netcoreapp1.0)) (&& (== netstandard1.6) (>= netcoreapp1.1)) (&& (== netstandard2.0) (>= netcoreapp1.0)) (&& (== netstandard2.0) (>= netcoreapp1.1))
      Microsoft.NETCore.Platforms (>= 1.0.1)
    Microsoft.CodeAnalysis.Analyzers (2.6) - restriction: || (&& (== net46) (>= netcoreapp1.0)) (&& (== net46) (>= netcoreapp1.1)) (== netcoreapp1.1) (&& (== netstandard1.0) (>= netcoreapp1.0)) (&& (== netstandard1.0) (>= netcoreapp1.1)) (&& (== netstandard1.6) (>= netcoreapp1.0)) (&& (== netstandard1.6) (>= netcoreapp1.1)) (&& (== netstandard2.0) (>= netcoreapp1.0)) (&& (== netstandard2.0) (>= netcoreapp1.1))
    Microsoft.CodeAnalysis.Common (2.6.1) - restriction: || (&& (== net46) (>= netcoreapp1.0)) (&& (== net46) (>= netcoreapp1.1)) (== netcoreapp1.1) (&& (== netstandard1.0) (>= netcoreapp1.0)) (&& (== netstandard1.0) (>= netcoreapp1.1)) (&& (== netstandard1.6) (>= netcoreapp1.0)) (&& (== netstandard1.6) (>= netcoreapp1.1)) (&& (== netstandard2.0) (>= netcoreapp1.0)) (&& (== netstandard2.0) (>= netcoreapp1.1))
      Microsoft.CodeAnalysis.Analyzers (>= 1.1) - restriction: || (== net46) (== netcoreapp1.1) (&& (== netstandard1.0) (>= netstandard1.3)) (== netstandard1.6) (== netstandard2.0)
      System.AppContext (>= 4.3) - restriction: || (== net46) (== netcoreapp1.1) (&& (== netstandard1.0) (>= netstandard1.3)) (== netstandard1.6) (== netstandard2.0)
      System.Collections (>= 4.3) - restriction: || (== net46) (== netcoreapp1.1) (&& (== netstandard1.0) (>= netstandard1.3)) (== netstandard1.6) (== netstandard2.0)
      System.Collections.Concurrent (>= 4.3) - restriction: || (== net46) (== netcoreapp1.1) (&& (== netstandard1.0) (>= netstandard1.3)) (== netstandard1.6) (== netstandard2.0)
      System.Collections.Immutable (>= 1.3.1) - restriction: || (== net46) (== netcoreapp1.1) (&& (== netstandard1.0) (>= netstandard1.3)) (== netstandard1.6) (== netstandard2.0)
      System.Console (>= 4.3) - restriction: || (== net46) (== netcoreapp1.1) (&& (== netstandard1.0) (>= netstandard1.3)) (== netstandard1.6) (== netstandard2.0)
      System.Diagnostics.Debug (>= 4.3) - restriction: || (== net46) (== netcoreapp1.1) (&& (== netstandard1.0) (>= netstandard1.3)) (== netstandard1.6) (== netstandard2.0)
      System.Diagnostics.FileVersionInfo (>= 4.3) - restriction: || (== net46) (== netcoreapp1.1) (&& (== netstandard1.0) (>= netstandard1.3)) (== netstandard1.6) (== netstandard2.0)
      System.Diagnostics.StackTrace (>= 4.3) - restriction: || (== net46) (== netcoreapp1.1) (&& (== netstandard1.0) (>= netstandard1.3)) (== netstandard1.6) (== netstandard2.0)
      System.Diagnostics.Tools (>= 4.3) - restriction: || (== net46) (== netcoreapp1.1) (&& (== netstandard1.0) (>= netstandard1.3)) (== netstandard1.6) (== netstandard2.0)
      System.Dynamic.Runtime (>= 4.3) - restriction: || (== net46) (== netcoreapp1.1) (&& (== netstandard1.0) (>= netstandard1.3)) (== netstandard1.6) (== netstandard2.0)
      System.Globalization (>= 4.3) - restriction: || (== net46) (== netcoreapp1.1) (&& (== netstandard1.0) (>= netstandard1.3)) (== netstandard1.6) (== netstandard2.0)
      System.IO.Compression (>= 4.3) - restriction: || (== net46) (== netcoreapp1.1) (&& (== netstandard1.0) (>= netstandard1.3)) (== netstandard1.6) (== netstandard2.0)
      System.IO.FileSystem (>= 4.3) - restriction: || (== net46) (== netcoreapp1.1) (&& (== netstandard1.0) (>= netstandard1.3)) (== netstandard1.6) (== netstandard2.0)
      System.IO.FileSystem.Primitives (>= 4.3) - restriction: || (== net46) (== netcoreapp1.1) (&& (== netstandard1.0) (>= netstandard1.3)) (== netstandard1.6) (== netstandard2.0)
      System.Linq (>= 4.3) - restriction: || (== net46) (== netcoreapp1.1) (&& (== netstandard1.0) (>= netstandard1.3)) (== netstandard1.6) (== netstandard2.0)
      System.Linq.Expressions (>= 4.3) - restriction: || (== net46) (== netcoreapp1.1) (&& (== netstandard1.0) (>= netstandard1.3)) (== netstandard1.6) (== netstandard2.0)
      System.Reflection (>= 4.3) - restriction: || (== net46) (== netcoreapp1.1) (&& (== netstandard1.0) (>= netstandard1.3)) (== netstandard1.6) (== netstandard2.0)
      System.Reflection.Metadata (>= 1.4.2) - restriction: || (== net46) (== netcoreapp1.1) (&& (== netstandard1.0) (>= netstandard1.3)) (== netstandard1.6) (== netstandard2.0)
      System.Resources.ResourceManager (>= 4.3) - restriction: || (== net46) (== netcoreapp1.1) (&& (== netstandard1.0) (>= netstandard1.3)) (== netstandard1.6) (== netstandard2.0)
      System.Runtime (>= 4.3) - restriction: || (== net46) (== netcoreapp1.1) (&& (== netstandard1.0) (>= netstandard1.3)) (== netstandard1.6) (== netstandard2.0)
      System.Runtime.Extensions (>= 4.3) - restriction: || (== net46) (== netcoreapp1.1) (&& (== netstandard1.0) (>= netstandard1.3)) (== netstandard1.6) (== netstandard2.0)
      System.Runtime.InteropServices (>= 4.3) - restriction: || (== net46) (== netcoreapp1.1) (&& (== netstandard1.0) (>= netstandard1.3)) (== netstandard1.6) (== netstandard2.0)
      System.Runtime.Numerics (>= 4.3) - restriction: || (== net46) (== netcoreapp1.1) (&& (== netstandard1.0) (>= netstandard1.3)) (== netstandard1.6) (== netstandard2.0)
      System.Security.Cryptography.Algorithms (>= 4.3) - restriction: || (== net46) (== netcoreapp1.1) (&& (== netstandard1.0) (>= netstandard1.3)) (== netstandard1.6) (== netstandard2.0)
      System.Security.Cryptography.Encoding (>= 4.3) - restriction: || (== net46) (== netcoreapp1.1) (&& (== netstandard1.0) (>= netstandard1.3)) (== netstandard1.6) (== netstandard2.0)
      System.Security.Cryptography.X509Certificates (>= 4.3) - restriction: || (== net46) (== netcoreapp1.1) (&& (== netstandard1.0) (>= netstandard1.3)) (== netstandard1.6) (== netstandard2.0)
      System.Text.Encoding (>= 4.3) - restriction: || (== net46) (== netcoreapp1.1) (&& (== netstandard1.0) (>= netstandard1.3)) (== netstandard1.6) (== netstandard2.0)
      System.Text.Encoding.CodePages (>= 4.3) - restriction: || (== net46) (== netcoreapp1.1) (&& (== netstandard1.0) (>= netstandard1.3)) (== netstandard1.6) (== netstandard2.0)
      System.Text.Encoding.Extensions (>= 4.3) - restriction: || (== net46) (== netcoreapp1.1) (&& (== netstandard1.0) (>= netstandard1.3)) (== netstandard1.6) (== netstandard2.0)
      System.Threading (>= 4.3) - restriction: || (== net46) (== netcoreapp1.1) (&& (== netstandard1.0) (>= netstandard1.3)) (== netstandard1.6) (== netstandard2.0)
      System.Threading.Tasks (>= 4.3) - restriction: || (== net46) (== netcoreapp1.1) (&& (== netstandard1.0) (>= netstandard1.3)) (== netstandard1.6) (== netstandard2.0)
      System.Threading.Tasks.Parallel (>= 4.3) - restriction: || (== net46) (== netcoreapp1.1) (&& (== netstandard1.0) (>= netstandard1.3)) (== netstandard1.6) (== netstandard2.0)
      System.Threading.Thread (>= 4.3) - restriction: || (== net46) (== netcoreapp1.1) (&& (== netstandard1.0) (>= netstandard1.3)) (== netstandard1.6) (== netstandard2.0)
      System.ValueTuple (>= 4.3) - restriction: || (== net46) (== netcoreapp1.1) (&& (== netstandard1.0) (>= netstandard1.3)) (== netstandard1.6) (== netstandard2.0)
      System.Xml.ReaderWriter (>= 4.3) - restriction: || (== net46) (== netcoreapp1.1) (&& (== netstandard1.0) (>= netstandard1.3)) (== netstandard1.6) (== netstandard2.0)
      System.Xml.XDocument (>= 4.3) - restriction: || (== net46) (== netcoreapp1.1) (&& (== netstandard1.0) (>= netstandard1.3)) (== netstandard1.6) (== netstandard2.0)
      System.Xml.XmlDocument (>= 4.3) - restriction: || (== net46) (== netcoreapp1.1) (&& (== netstandard1.0) (>= netstandard1.3)) (== netstandard1.6) (== netstandard2.0)
      System.Xml.XPath.XDocument (>= 4.3) - restriction: || (== net46) (== netcoreapp1.1) (&& (== netstandard1.0) (>= netstandard1.3)) (== netstandard1.6) (== netstandard2.0)
    Microsoft.CodeAnalysis.CSharp (2.6.1) - restriction: || (&& (== net46) (>= netcoreapp1.0)) (&& (== net46) (>= netcoreapp1.1)) (== netcoreapp1.1) (&& (== netstandard1.0) (>= netcoreapp1.0)) (&& (== netstandard1.0) (>= netcoreapp1.1)) (&& (== netstandard1.6) (>= netcoreapp1.0)) (&& (== netstandard1.6) (>= netcoreapp1.1)) (&& (== netstandard2.0) (>= netcoreapp1.0)) (&& (== netstandard2.0) (>= netcoreapp1.1))
      Microsoft.CodeAnalysis.Common (2.6.1)
    Microsoft.CodeAnalysis.VisualBasic (2.6.1) - restriction: || (&& (== net46) (>= netcoreapp1.0)) (&& (== net46) (>= netcoreapp1.1)) (== netcoreapp1.1) (&& (== netstandard1.0) (>= netcoreapp1.0)) (&& (== netstandard1.0) (>= netcoreapp1.1)) (&& (== netstandard1.6) (>= netcoreapp1.0)) (&& (== netstandard1.6) (>= netcoreapp1.1)) (&& (== netstandard2.0) (>= netcoreapp1.0)) (&& (== netstandard2.0) (>= netcoreapp1.1))
      Microsoft.CodeAnalysis.Common (>= 2.6.1)
    Microsoft.CodeCoverage (16.7.1) - restriction: || (== net46) (&& (== netcoreapp1.1) (>= net45)) (&& (== netcoreapp1.1) (>= netcoreapp2.1)) (&& (== netstandard1.0) (>= net45)) (&& (== netstandard1.0) (>= netcoreapp2.1)) (&& (== netstandard1.6) (>= net45)) (&& (== netstandard1.6) (>= netcoreapp2.1)) (&& (== netstandard2.0) (>= net45)) (&& (== netstandard2.0) (>= netcoreapp2.1))
    Microsoft.CSharp (4.4.1) - restriction: || (&& (== net46) (== netstandard2.0)) (&& (== net46) (< net20)) (&& (== net46) (>= netcoreapp1.1)) (== netcoreapp1.1) (== netstandard1.0) (== netstandard1.6) (&& (== netstandard2.0) (>= netcoreapp1.1)) (&& (== netstandard2.0) (< netstandard1.3))
      NETStandard.Library (>= 1.6.1) - restriction: || (&& (== net46) (< net45)) (&& (== net46) (>= netcoreapp5.0)) (== netcoreapp1.1) (== netstandard1.0) (== netstandard1.6) (&& (== netstandard2.0) (>= netcoreapp5.0)) (&& (== netstandard2.0) (< netstandard1.3))
      System.Dynamic.Runtime (>= 4.3) - restriction: || (&& (== net46) (< net45)) (&& (== net46) (>= netcoreapp5.0)) (== netcoreapp1.1) (== netstandard1.0) (== netstandard1.6) (&& (== netstandard2.0) (>= netcoreapp5.0)) (&& (== netstandard2.0) (< netstandard1.3))
      System.Reflection.TypeExtensions (>= 4.4) - restriction: || (&& (== net46) (< net45)) (&& (== net46) (>= netcoreapp5.0)) (== netcoreapp1.1) (&& (== netstandard1.0) (>= netcoreapp5.0)) (&& (== netstandard1.0) (>= netstandard1.3)) (== netstandard1.6) (&& (== netstandard2.0) (>= netcoreapp5.0))
    Microsoft.DiaSymReader.Native (1.7) - restriction: || (&& (== net46) (>= netcoreapp1.1)) (== netcoreapp1.1) (&& (== netstandard1.0) (>= netcoreapp1.1)) (&& (== netstandard1.6) (>= netcoreapp1.1)) (&& (== netstandard2.0) (>= netcoreapp1.1))
    Microsoft.NET.Test.Sdk (16.7.1)
      Microsoft.CodeCoverage (>= 16.7.1) - restriction: || (== net46) (&& (== netcoreapp1.1) (>= net45)) (&& (== netcoreapp1.1) (>= netcoreapp2.1)) (&& (== netstandard1.0) (>= net45)) (&& (== netstandard1.0) (>= netcoreapp2.1)) (&& (== netstandard1.6) (>= net45)) (&& (== netstandard1.6) (>= netcoreapp2.1)) (&& (== netstandard2.0) (>= net45)) (&& (== netstandard2.0) (>= netcoreapp2.1))
    Microsoft.NETCore.App (2.0.5) - restriction: || (&& (== net46) (>= netcoreapp1.0)) (== netcoreapp1.1) (&& (== netstandard1.0) (>= netcoreapp1.0)) (&& (== netstandard1.6) (>= netcoreapp1.0)) (&& (== netstandard2.0) (>= netcoreapp1.0))
      Libuv (>= 1.9.2) - restriction: || (&& (== net46) (>= netcoreapp1.0)) (&& (== net46) (>= netcoreapp1.1)) (== netcoreapp1.1) (&& (== netstandard1.0) (>= netcoreapp1.0)) (&& (== netstandard1.0) (>= netcoreapp1.1)) (&& (== netstandard1.6) (>= netcoreapp1.0)) (&& (== netstandard1.6) (>= netcoreapp1.1)) (&& (== netstandard2.0) (>= netcoreapp1.0)) (&& (== netstandard2.0) (>= netcoreapp1.1))
      Microsoft.CodeAnalysis.CSharp (>= 1.3) - restriction: || (&& (== net46) (>= netcoreapp1.0)) (&& (== net46) (>= netcoreapp1.1)) (== netcoreapp1.1) (&& (== netstandard1.0) (>= netcoreapp1.0)) (&& (== netstandard1.0) (>= netcoreapp1.1)) (&& (== netstandard1.6) (>= netcoreapp1.0)) (&& (== netstandard1.6) (>= netcoreapp1.1)) (&& (== netstandard2.0) (>= netcoreapp1.0)) (&& (== netstandard2.0) (>= netcoreapp1.1))
      Microsoft.CodeAnalysis.VisualBasic (>= 1.3) - restriction: || (&& (== net46) (>= netcoreapp1.0)) (&& (== net46) (>= netcoreapp1.1)) (== netcoreapp1.1) (&& (== netstandard1.0) (>= netcoreapp1.0)) (&& (== netstandard1.0) (>= netcoreapp1.1)) (&& (== netstandard1.6) (>= netcoreapp1.0)) (&& (== netstandard1.6) (>= netcoreapp1.1)) (&& (== netstandard2.0) (>= netcoreapp1.0)) (&& (== netstandard2.0) (>= netcoreapp1.1))
      Microsoft.CSharp (>= 4.3) - restriction: || (&& (== net46) (>= netcoreapp1.1)) (== netcoreapp1.1) (&& (== netstandard1.0) (>= netcoreapp1.1)) (&& (== netstandard1.6) (>= netcoreapp1.1)) (&& (== netstandard2.0) (>= netcoreapp1.1))
      Microsoft.DiaSymReader.Native (>= 1.4.1) - restriction: || (&& (== net46) (>= netcoreapp1.1)) (== netcoreapp1.1) (&& (== netstandard1.0) (>= netcoreapp1.1)) (&& (== netstandard1.6) (>= netcoreapp1.1)) (&& (== netstandard2.0) (>= netcoreapp1.1))
      Microsoft.NETCore.DotNetHostPolicy (>= 1.1.6) - restriction: || (&& (== net46) (>= netcoreapp1.1)) (== netcoreapp1.1) (&& (== netstandard1.0) (>= netcoreapp1.1)) (&& (== netstandard1.6) (>= netcoreapp1.1)) (&& (== netstandard2.0) (>= netcoreapp1.1))
      Microsoft.NETCore.Runtime.CoreCLR (>= 1.1.6) - restriction: || (&& (== net46) (>= netcoreapp1.1)) (== netcoreapp1.1) (&& (== netstandard1.0) (>= netcoreapp1.1)) (&& (== netstandard1.6) (>= netcoreapp1.1)) (&& (== netstandard2.0) (>= netcoreapp1.1))
      Microsoft.NETCore.Targets (>= 1.1.2) - restriction: || (&& (== net46) (>= netcoreapp1.1)) (== netcoreapp1.1) (&& (== netstandard1.0) (>= netcoreapp1.1)) (&& (== netstandard1.6) (>= netcoreapp1.1)) (&& (== netstandard2.0) (>= netcoreapp1.1))
      Microsoft.VisualBasic (>= 10.1) - restriction: || (&& (== net46) (>= netcoreapp1.1)) (== netcoreapp1.1) (&& (== netstandard1.0) (>= netcoreapp1.1)) (&& (== netstandard1.6) (>= netcoreapp1.1)) (&& (== netstandard2.0) (>= netcoreapp1.1))
      NETStandard.Library (>= 1.6.1) - restriction: || (&& (== net46) (>= netcoreapp1.1)) (== netcoreapp1.1) (&& (== netstandard1.0) (>= netcoreapp1.1)) (&& (== netstandard1.6) (>= netcoreapp1.1)) (&& (== netstandard2.0) (>= netcoreapp1.1))
      runtime.native.System.IO.Compression (>= 4.3.1) - restriction: || (&& (== net46) (>= netcoreapp1.1)) (== netcoreapp1.1) (&& (== netstandard1.0) (>= netcoreapp1.1)) (&& (== netstandard1.6) (>= netcoreapp1.1)) (&& (== netstandard2.0) (>= netcoreapp1.1))
      runtime.native.System.Security.Cryptography (>= 4.3.3) - restriction: || (&& (== net46) (>= netcoreapp1.1)) (== netcoreapp1.1) (&& (== netstandard1.0) (>= netcoreapp1.1)) (&& (== netstandard1.6) (>= netcoreapp1.1)) (&& (== netstandard2.0) (>= netcoreapp1.1))
      runtime.native.System.Security.Cryptography.Apple (>= 4.3.1) - restriction: || (&& (== net46) (>= netcoreapp1.1)) (== netcoreapp1.1) (&& (== netstandard1.0) (>= netcoreapp1.1)) (&& (== netstandard1.6) (>= netcoreapp1.1)) (&& (== netstandard2.0) (>= netcoreapp1.1))
      runtime.native.System.Security.Cryptography.OpenSsl (>= 4.3.2) - restriction: || (&& (== net46) (>= netcoreapp1.1)) (== netcoreapp1.1) (&& (== netstandard1.0) (>= netcoreapp1.1)) (&& (== netstandard1.6) (>= netcoreapp1.1)) (&& (== netstandard2.0) (>= netcoreapp1.1))
      System.Buffers (>= 4.3) - restriction: || (&& (== net46) (>= netcoreapp1.1)) (== netcoreapp1.1) (&& (== netstandard1.0) (>= netcoreapp1.1)) (&& (== netstandard1.6) (>= netcoreapp1.1)) (&& (== netstandard2.0) (>= netcoreapp1.1))
      System.Collections.Immutable (>= 1.3) - restriction: || (&& (== net46) (>= netcoreapp1.1)) (== netcoreapp1.1) (&& (== netstandard1.0) (>= netcoreapp1.1)) (&& (== netstandard1.6) (>= netcoreapp1.1)) (&& (== netstandard2.0) (>= netcoreapp1.1))
      System.ComponentModel (>= 4.3) - restriction: || (&& (== net46) (>= netcoreapp1.1)) (== netcoreapp1.1) (&& (== netstandard1.0) (>= netcoreapp1.1)) (&& (== netstandard1.6) (>= netcoreapp1.1)) (&& (== netstandard2.0) (>= netcoreapp1.1))
      System.ComponentModel.Annotations (>= 4.3) - restriction: || (&& (== net46) (>= netcoreapp1.1)) (== netcoreapp1.1) (&& (== netstandard1.0) (>= netcoreapp1.1)) (&& (== netstandard1.6) (>= netcoreapp1.1)) (&& (== netstandard2.0) (>= netcoreapp1.1))
      System.Diagnostics.DiagnosticSource (>= 4.3.1) - restriction: || (&& (== net46) (>= netcoreapp1.1)) (== netcoreapp1.1) (&& (== netstandard1.0) (>= netcoreapp1.1)) (&& (== netstandard1.6) (>= netcoreapp1.1)) (&& (== netstandard2.0) (>= netcoreapp1.1))
      System.Diagnostics.Process (>= 4.3) - restriction: || (&& (== net46) (>= netcoreapp1.1)) (== netcoreapp1.1) (&& (== netstandard1.0) (>= netcoreapp1.1)) (&& (== netstandard1.6) (>= netcoreapp1.1)) (&& (== netstandard2.0) (>= netcoreapp1.1))
      System.Dynamic.Runtime (>= 4.3) - restriction: || (&& (== net46) (>= netcoreapp1.1)) (== netcoreapp1.1) (&& (== netstandard1.0) (>= netcoreapp1.1)) (&& (== netstandard1.6) (>= netcoreapp1.1)) (&& (== netstandard2.0) (>= netcoreapp1.1))
      System.Globalization.Extensions (>= 4.3) - restriction: || (&& (== net46) (>= netcoreapp1.1)) (== netcoreapp1.1) (&& (== netstandard1.0) (>= netcoreapp1.1)) (&& (== netstandard1.6) (>= netcoreapp1.1)) (&& (== netstandard2.0) (>= netcoreapp1.1))
      System.IO.FileSystem.Watcher (>= 4.3) - restriction: || (&& (== net46) (>= netcoreapp1.1)) (== netcoreapp1.1) (&& (== netstandard1.0) (>= netcoreapp1.1)) (&& (== netstandard1.6) (>= netcoreapp1.1)) (&& (== netstandard2.0) (>= netcoreapp1.1))
      System.IO.MemoryMappedFiles (>= 4.3) - restriction: || (&& (== net46) (>= netcoreapp1.1)) (== netcoreapp1.1) (&& (== netstandard1.0) (>= netcoreapp1.1)) (&& (== netstandard1.6) (>= netcoreapp1.1)) (&& (== netstandard2.0) (>= netcoreapp1.1))
      System.IO.UnmanagedMemoryStream (>= 4.3) - restriction: || (&& (== net46) (>= netcoreapp1.1)) (== netcoreapp1.1) (&& (== netstandard1.0) (>= netcoreapp1.1)) (&& (== netstandard1.6) (>= netcoreapp1.1)) (&& (== netstandard2.0) (>= netcoreapp1.1))
      System.Linq.Expressions (>= 4.3) - restriction: || (&& (== net46) (>= netcoreapp1.1)) (== netcoreapp1.1) (&& (== netstandard1.0) (>= netcoreapp1.1)) (&& (== netstandard1.6) (>= netcoreapp1.1)) (&& (== netstandard2.0) (>= netcoreapp1.1))
      System.Linq.Parallel (>= 4.3) - restriction: || (&& (== net46) (>= netcoreapp1.1)) (== netcoreapp1.1) (&& (== netstandard1.0) (>= netcoreapp1.1)) (&& (== netstandard1.6) (>= netcoreapp1.1)) (&& (== netstandard2.0) (>= netcoreapp1.1))
      System.Linq.Queryable (>= 4.3) - restriction: || (&& (== net46) (>= netcoreapp1.1)) (== netcoreapp1.1) (&& (== netstandard1.0) (>= netcoreapp1.1)) (&& (== netstandard1.6) (>= netcoreapp1.1)) (&& (== netstandard2.0) (>= netcoreapp1.1))
      System.Net.Http (>= 4.3.3) - restriction: || (&& (== net46) (>= netcoreapp1.1)) (== netcoreapp1.1) (&& (== netstandard1.0) (>= netcoreapp1.1)) (&& (== netstandard1.6) (>= netcoreapp1.1)) (&& (== netstandard2.0) (>= netcoreapp1.1))
      System.Net.NameResolution (>= 4.3) - restriction: || (&& (== net46) (>= netcoreapp1.1)) (== netcoreapp1.1) (&& (== netstandard1.0) (>= netcoreapp1.1)) (&& (== netstandard1.6) (>= netcoreapp1.1)) (&& (== netstandard2.0) (>= netcoreapp1.1))
      System.Net.Requests (>= 4.3) - restriction: || (&& (== net46) (>= netcoreapp1.1)) (== netcoreapp1.1) (&& (== netstandard1.0) (>= netcoreapp1.1)) (&& (== netstandard1.6) (>= netcoreapp1.1)) (&& (== netstandard2.0) (>= netcoreapp1.1))
      System.Net.Security (>= 4.3.2) - restriction: || (&& (== net46) (>= netcoreapp1.1)) (== netcoreapp1.1) (&& (== netstandard1.0) (>= netcoreapp1.1)) (&& (== netstandard1.6) (>= netcoreapp1.1)) (&& (== netstandard2.0) (>= netcoreapp1.1))
      System.Net.WebHeaderCollection (>= 4.3) - restriction: || (&& (== net46) (>= netcoreapp1.1)) (== netcoreapp1.1) (&& (== netstandard1.0) (>= netcoreapp1.1)) (&& (== netstandard1.6) (>= netcoreapp1.1)) (&& (== netstandard2.0) (>= netcoreapp1.1))
      System.Numerics.Vectors (>= 4.3) - restriction: || (&& (== net46) (>= netcoreapp1.1)) (== netcoreapp1.1) (&& (== netstandard1.0) (>= netcoreapp1.1)) (&& (== netstandard1.6) (>= netcoreapp1.1)) (&& (== netstandard2.0) (>= netcoreapp1.1))
      System.Reflection.DispatchProxy (>= 4.3) - restriction: || (&& (== net46) (>= netcoreapp1.1)) (== netcoreapp1.1) (&& (== netstandard1.0) (>= netcoreapp1.1)) (&& (== netstandard1.6) (>= netcoreapp1.1)) (&& (== netstandard2.0) (>= netcoreapp1.1))
      System.Reflection.Metadata (>= 1.4.1) - restriction: || (&& (== net46) (>= netcoreapp1.1)) (== netcoreapp1.1) (&& (== netstandard1.0) (>= netcoreapp1.1)) (&& (== netstandard1.6) (>= netcoreapp1.1)) (&& (== netstandard2.0) (>= netcoreapp1.1))
      System.Reflection.TypeExtensions (>= 4.3) - restriction: || (&& (== net46) (>= netcoreapp1.1)) (== netcoreapp1.1) (&& (== netstandard1.0) (>= netcoreapp1.1)) (&& (== netstandard1.6) (>= netcoreapp1.1)) (&& (== netstandard2.0) (>= netcoreapp1.1))
      System.Resources.Reader (>= 4.3) - restriction: || (&& (== net46) (>= netcoreapp1.1)) (== netcoreapp1.1) (&& (== netstandard1.0) (>= netcoreapp1.1)) (&& (== netstandard1.6) (>= netcoreapp1.1)) (&& (== netstandard2.0) (>= netcoreapp1.1))
      System.Runtime.Loader (>= 4.3) - restriction: || (&& (== net46) (>= netcoreapp1.1)) (== netcoreapp1.1) (&& (== netstandard1.0) (>= netcoreapp1.1)) (&& (== netstandard1.6) (>= netcoreapp1.1)) (&& (== netstandard2.0) (>= netcoreapp1.1))
      System.Security.Cryptography.Algorithms (>= 4.3.1) - restriction: || (&& (== net46) (>= netcoreapp1.1)) (== netcoreapp1.1) (&& (== netstandard1.0) (>= netcoreapp1.1)) (&& (== netstandard1.6) (>= netcoreapp1.1)) (&& (== netstandard2.0) (>= netcoreapp1.1))
      System.Security.Cryptography.Encoding (>= 4.3) - restriction: || (&& (== net46) (>= netcoreapp1.1)) (== netcoreapp1.1) (&& (== netstandard1.0) (>= netcoreapp1.1)) (&& (== netstandard1.6) (>= netcoreapp1.1)) (&& (== netstandard2.0) (>= netcoreapp1.1))
      System.Security.Cryptography.OpenSsl (>= 4.3.1) - restriction: || (&& (== net46) (>= netcoreapp1.1)) (== netcoreapp1.1) (&& (== netstandard1.0) (>= netcoreapp1.1)) (&& (== netstandard1.6) (>= netcoreapp1.1)) (&& (== netstandard2.0) (>= netcoreapp1.1))
      System.Security.Cryptography.Primitives (>= 4.3) - restriction: || (&& (== net46) (>= netcoreapp1.1)) (== netcoreapp1.1) (&& (== netstandard1.0) (>= netcoreapp1.1)) (&& (== netstandard1.6) (>= netcoreapp1.1)) (&& (== netstandard2.0) (>= netcoreapp1.1))
      System.Security.Cryptography.X509Certificates (>= 4.3.2) - restriction: || (&& (== net46) (>= netcoreapp1.1)) (== netcoreapp1.1) (&& (== netstandard1.0) (>= netcoreapp1.1)) (&& (== netstandard1.6) (>= netcoreapp1.1)) (&& (== netstandard2.0) (>= netcoreapp1.1))
      System.Threading.Tasks.Dataflow (>= 4.7) - restriction: || (&& (== net46) (>= netcoreapp1.1)) (== netcoreapp1.1) (&& (== netstandard1.0) (>= netcoreapp1.1)) (&& (== netstandard1.6) (>= netcoreapp1.1)) (&& (== netstandard2.0) (>= netcoreapp1.1))
      System.Threading.Tasks.Extensions (>= 4.3) - restriction: || (&& (== net46) (>= netcoreapp1.1)) (== netcoreapp1.1) (&& (== netstandard1.0) (>= netcoreapp1.1)) (&& (== netstandard1.6) (>= netcoreapp1.1)) (&& (== netstandard2.0) (>= netcoreapp1.1))
      System.Threading.Tasks.Parallel (>= 4.3) - restriction: || (&& (== net46) (>= netcoreapp1.1)) (== netcoreapp1.1) (&& (== netstandard1.0) (>= netcoreapp1.1)) (&& (== netstandard1.6) (>= netcoreapp1.1)) (&& (== netstandard2.0) (>= netcoreapp1.1))
      System.Threading.Thread (>= 4.3) - restriction: || (&& (== net46) (>= netcoreapp1.1)) (== netcoreapp1.1) (&& (== netstandard1.0) (>= netcoreapp1.1)) (&& (== netstandard1.6) (>= netcoreapp1.1)) (&& (== netstandard2.0) (>= netcoreapp1.1))
      System.Threading.ThreadPool (>= 4.3) - restriction: || (&& (== net46) (>= netcoreapp1.1)) (== netcoreapp1.1) (&& (== netstandard1.0) (>= netcoreapp1.1)) (&& (== netstandard1.6) (>= netcoreapp1.1)) (&& (== netstandard2.0) (>= netcoreapp1.1))
      System.Xml.ReaderWriter (>= 4.3.1) - restriction: || (&& (== net46) (>= netcoreapp1.1)) (== netcoreapp1.1) (&& (== netstandard1.0) (>= netcoreapp1.1)) (&& (== netstandard1.6) (>= netcoreapp1.1)) (&& (== netstandard2.0) (>= netcoreapp1.1))
    Microsoft.NETCore.DotNetAppHost (2.0.5) - restriction: || (&& (== net46) (>= netcoreapp1.1)) (== netcoreapp1.1) (&& (== netstandard1.0) (>= netcoreapp1.1)) (&& (== netstandard1.6) (>= netcoreapp1.1)) (&& (== netstandard2.0) (>= netcoreapp1.1))
    Microsoft.NETCore.DotNetHostPolicy (2.0.5) - restriction: || (&& (== net46) (>= netcoreapp1.1)) (== netcoreapp1.1) (&& (== netstandard1.0) (>= netcoreapp1.1)) (&& (== netstandard1.6) (>= netcoreapp1.1)) (&& (== netstandard2.0) (>= netcoreapp1.1))
      Microsoft.NETCore.DotNetHostResolver (>= 2.0.5)
    Microsoft.NETCore.DotNetHostResolver (2.0.5) - restriction: || (&& (== net46) (>= netcoreapp1.1)) (== netcoreapp1.1) (&& (== netstandard1.0) (>= netcoreapp1.1)) (&& (== netstandard1.6) (>= netcoreapp1.1)) (&& (== netstandard2.0) (>= netcoreapp1.1))
      Microsoft.NETCore.DotNetAppHost (>= 2.0.5)
    Microsoft.NETCore.Jit (2.0.5) - restriction: || (&& (== net46) (>= netcoreapp1.1)) (== netcoreapp1.1) (&& (== netstandard1.0) (>= netcoreapp1.1)) (&& (== netstandard1.6) (>= netcoreapp1.1)) (&& (== netstandard2.0) (>= netcoreapp1.1))
    Microsoft.NETCore.Platforms (2.0.1) - restriction: || (&& (== net46) (== netstandard2.0)) (&& (== net46) (>= monoandroid)) (&& (== net46) (>= monotouch)) (&& (== net46) (< net20)) (&& (== net46) (>= netcoreapp1.1)) (&& (== net46) (>= netcoreapp2.0)) (&& (== net46) (>= netcoreapp5.0)) (&& (== net46) (< netstandard1.3) (>= wpa81)) (&& (== net46) (>= uap10.0)) (&& (== net46) (>= uap10.1)) (&& (== net46) (>= xamarinios)) (&& (== net46) (>= xamarinmac)) (&& (== net46) (>= xamarintvos)) (&& (== net46) (>= xamarinwatchos)) (== netcoreapp1.1) (== netstandard1.0) (== netstandard1.6) (&& (== netstandard2.0) (>= netcoreapp1.1)) (&& (== netstandard2.0) (>= netcoreapp5.0)) (&& (== netstandard2.0) (< netstandard1.0)) (&& (== netstandard2.0) (< netstandard1.3)) (&& (== netstandard2.0) (< portable-net45+win8+wpa81)) (&& (== netstandard2.0) (< portable-net451+win81+wpa81))
    Microsoft.NETCore.Runtime.CoreCLR (2.0.5) - restriction: || (&& (== net46) (>= netcoreapp1.1)) (== netcoreapp1.1) (&& (== netstandard1.0) (>= netcoreapp1.1)) (&& (== netstandard1.6) (>= netcoreapp1.1)) (&& (== netstandard2.0) (>= netcoreapp1.1))
      Microsoft.NETCore.Jit (>= 2.0.5)
    Microsoft.NETCore.Targets (2.0) - restriction: || (&& (== net46) (== netstandard2.0)) (&& (== net46) (< net20)) (&& (== net46) (>= netcoreapp1.1)) (&& (== net46) (>= netcoreapp5.0)) (&& (== net46) (>= uap10.0)) (== netcoreapp1.1) (== netstandard1.0) (== netstandard1.6) (&& (== netstandard2.0) (>= netcoreapp1.1)) (&& (== netstandard2.0) (< netstandard1.3)) (&& (== netstandard2.0) (< portable-net45+win8+wpa81)) (&& (== netstandard2.0) (< portable-net451+win81+wpa81))
    Microsoft.VisualBasic (10.2) - restriction: || (&& (== net46) (>= netcoreapp1.1)) (== netcoreapp1.1) (&& (== netstandard1.0) (>= netcoreapp1.1)) (&& (== netstandard1.6) (>= netcoreapp1.1)) (&& (== netstandard2.0) (>= netcoreapp1.1))
      NETStandard.Library (>= 1.6.1) - restriction: || (&& (== net46) (< net45)) (&& (== net46) (>= netcoreapp5.0)) (== netcoreapp1.1) (&& (== netstandard1.0) (>= netcoreapp5.0)) (&& (== netstandard1.0) (>= netstandard1.1)) (&& (== netstandard1.0) (>= netstandard1.3)) (== netstandard1.6) (&& (== netstandard2.0) (>= netcoreapp5.0)) (&& (== netstandard2.0) (< netstandard1.3))
      System.Dynamic.Runtime (>= 4.3) - restriction: || (&& (== net46) (< net45)) (&& (== net46) (>= netcoreapp5.0)) (== netcoreapp1.1) (&& (== netstandard1.0) (>= netcoreapp5.0)) (&& (== netstandard1.0) (>= netstandard1.3)) (== netstandard1.6) (&& (== netstandard2.0) (>= netcoreapp5.0))
      System.Reflection.TypeExtensions (>= 4.3) - restriction: || (&& (== net46) (< net45)) (&& (== net46) (>= netcoreapp5.0)) (== netcoreapp1.1) (&& (== netstandard1.0) (>= netcoreapp5.0)) (&& (== netstandard1.0) (>= netstandard1.3)) (== netstandard1.6) (&& (== netstandard2.0) (>= netcoreapp5.0))
    Microsoft.Win32.Primitives (4.3) - restriction: || (&& (== net46) (== netstandard1.0)) (&& (== net46) (== netstandard2.0)) (&& (== net46) (< net20)) (&& (== net46) (>= netcoreapp1.1)) (&& (== net46) (>= uap10.0)) (== netcoreapp1.1) (&& (== netstandard1.0) (== netstandard2.0)) (&& (== netstandard1.0) (>= net46)) (&& (== netstandard1.0) (>= netcoreapp1.1)) (&& (== netstandard1.0) (>= netstandard1.3)) (&& (== netstandard1.0) (>= netstandard1.4)) (&& (== netstandard1.0) (>= netstandard1.5)) (&& (== netstandard1.0) (>= netstandard1.6)) (&& (== netstandard1.0) (>= uap10.0)) (== netstandard1.6) (&& (== netstandard2.0) (>= netcoreapp1.1)) (&& (== netstandard2.0) (< netstandard1.3))
      Microsoft.NETCore.Platforms (>= 1.1) - restriction: || (== netcoreapp1.1) (&& (== netstandard1.0) (>= netstandard1.3)) (== netstandard1.6) (== netstandard2.0)
      Microsoft.NETCore.Targets (>= 1.1) - restriction: || (== netcoreapp1.1) (&& (== netstandard1.0) (>= netstandard1.3)) (== netstandard1.6) (== netstandard2.0)
      System.Runtime (>= 4.3) - restriction: || (== netcoreapp1.1) (&& (== netstandard1.0) (>= netstandard1.3)) (== netstandard1.6) (== netstandard2.0)
    Microsoft.Win32.Registry (4.4) - restriction: || (&& (== net46) (>= netcoreapp1.1)) (== netcoreapp1.1) (&& (== netstandard1.0) (>= netcoreapp1.1)) (&& (== netstandard1.6) (>= netcoreapp1.1)) (&& (== netstandard2.0) (>= netcoreapp1.1))
      NETStandard.Library (>= 1.6.1) - restriction: || (== netcoreapp1.1) (&& (== netstandard1.0) (>= netstandard1.3)) (== netstandard1.6)
    NETStandard.Library (2.0.1) - restriction: || (&& (== net46) (< net20)) (&& (== net46) (< net35)) (&& (== net46) (< net452)) (&& (== net46) (>= netcoreapp1.1)) (== netcoreapp1.1) (== netstandard1.0) (== netstandard1.6) (== netstandard2.0)
      Microsoft.NETCore.Platforms (>= 1.1)
      Microsoft.Win32.Primitives (>= 4.3) - restriction: || (== net46) (== netcoreapp1.1) (&& (== netstandard1.0) (>= net46)) (&& (== netstandard1.0) (>= netstandard1.3)) (&& (== netstandard1.0) (>= netstandard1.4)) (&& (== netstandard1.0) (>= netstandard1.5)) (&& (== netstandard1.0) (>= netstandard1.6)) (&& (== netstandard1.0) (>= uap10.0)) (== netstandard1.6) (&& (== netstandard2.0) (< netstandard1.4)) (&& (== netstandard2.0) (< netstandard1.5)) (&& (== netstandard2.0) (< netstandard1.6))
      System.AppContext (>= 4.3) - restriction: || (== net46) (== netcoreapp1.1) (&& (== netstandard1.0) (>= net46)) (&& (== netstandard1.0) (>= netstandard1.3)) (&& (== netstandard1.0) (>= netstandard1.4)) (&& (== netstandard1.0) (>= netstandard1.5)) (&& (== netstandard1.0) (>= netstandard1.6)) (&& (== netstandard1.0) (>= uap10.0)) (== netstandard1.6) (&& (== netstandard2.0) (< netstandard1.4)) (&& (== netstandard2.0) (< netstandard1.5)) (&& (== netstandard2.0) (< netstandard1.6))
      System.Collections (>= 4.3) - restriction: || (&& (== net46) (< net45)) (&& (== net46) (< portable-net45+win8+wpa81)) (&& (== net46) (>= uap10.0)) (== netcoreapp1.1) (== netstandard1.0) (== netstandard1.6) (&& (== netstandard2.0) (< netstandard1.3)) (&& (== netstandard2.0) (< netstandard1.4)) (&& (== netstandard2.0) (< netstandard1.5)) (&& (== netstandard2.0) (< netstandard1.6)) (&& (== netstandard2.0) (< portable-net45+win8+wpa81)) (&& (== netstandard2.0) (< portable-net451+win81+wpa81))
      System.Collections.Concurrent (>= 4.3) - restriction: || (&& (== net46) (< net45)) (&& (== net46) (>= uap10.0)) (== netcoreapp1.1) (&& (== netstandard1.0) (>= netstandard1.1)) (&& (== netstandard1.0) (>= netstandard1.2)) (&& (== netstandard1.0) (>= netstandard1.3)) (&& (== netstandard1.0) (>= netstandard1.4)) (&& (== netstandard1.0) (>= netstandard1.5)) (&& (== netstandard1.0) (>= netstandard1.6)) (&& (== netstandard1.0) (>= uap10.0)) (== netstandard1.6) (&& (== netstandard2.0) (< netstandard1.3)) (&& (== netstandard2.0) (< netstandard1.4)) (&& (== netstandard2.0) (< netstandard1.5)) (&& (== netstandard2.0) (< netstandard1.6)) (&& (== netstandard2.0) (< portable-net451+win81+wpa81))
      System.Console (>= 4.3) - restriction: || (== net46) (== netcoreapp1.1) (&& (== netstandard1.0) (>= net46)) (&& (== netstandard1.0) (>= netstandard1.3)) (&& (== netstandard1.0) (>= netstandard1.4)) (&& (== netstandard1.0) (>= netstandard1.5)) (&& (== netstandard1.0) (>= netstandard1.6)) (&& (== netstandard1.0) (>= uap10.0)) (== netstandard1.6) (&& (== netstandard2.0) (< netstandard1.4)) (&& (== netstandard2.0) (< netstandard1.5)) (&& (== netstandard2.0) (< netstandard1.6))
      System.Diagnostics.Debug (>= 4.3) - restriction: || (&& (== net46) (< net45)) (&& (== net46) (< portable-net45+win8+wpa81)) (&& (== net46) (>= uap10.0)) (== netcoreapp1.1) (== netstandard1.0) (== netstandard1.6) (&& (== netstandard2.0) (< netstandard1.3)) (&& (== netstandard2.0) (< netstandard1.4)) (&& (== netstandard2.0) (< netstandard1.5)) (&& (== netstandard2.0) (< netstandard1.6)) (&& (== netstandard2.0) (< portable-net45+win8+wpa81)) (&& (== netstandard2.0) (< portable-net451+win81+wpa81))
      System.Diagnostics.Tools (>= 4.3) - restriction: || (&& (== net46) (< net45)) (&& (== net46) (< portable-net45+win8+wpa81)) (&& (== net46) (>= uap10.0)) (== netcoreapp1.1) (== netstandard1.0) (== netstandard1.6) (&& (== netstandard2.0) (< netstandard1.3)) (&& (== netstandard2.0) (< netstandard1.4)) (&& (== netstandard2.0) (< netstandard1.5)) (&& (== netstandard2.0) (< netstandard1.6)) (&& (== netstandard2.0) (< portable-net45+win8+wpa81)) (&& (== netstandard2.0) (< portable-net451+win81+wpa81))
      System.Diagnostics.Tracing (>= 4.3) - restriction: || (&& (== net46) (< net45)) (&& (== net46) (>= uap10.0)) (== netcoreapp1.1) (&& (== netstandard1.0) (>= netstandard1.1)) (&& (== netstandard1.0) (>= netstandard1.2)) (&& (== netstandard1.0) (>= netstandard1.3)) (&& (== netstandard1.0) (>= netstandard1.4)) (&& (== netstandard1.0) (>= netstandard1.5)) (&& (== netstandard1.0) (>= netstandard1.6)) (&& (== netstandard1.0) (>= uap10.0)) (== netstandard1.6) (&& (== netstandard2.0) (< netstandard1.3)) (&& (== netstandard2.0) (< netstandard1.4)) (&& (== netstandard2.0) (< netstandard1.5)) (&& (== netstandard2.0) (< netstandard1.6)) (&& (== netstandard2.0) (< portable-net451+win81+wpa81))
      System.Globalization (>= 4.3) - restriction: || (&& (== net46) (< net45)) (&& (== net46) (< portable-net45+win8+wpa81)) (&& (== net46) (>= uap10.0)) (== netcoreapp1.1) (== netstandard1.0) (== netstandard1.6) (&& (== netstandard2.0) (< netstandard1.3)) (&& (== netstandard2.0) (< netstandard1.4)) (&& (== netstandard2.0) (< netstandard1.5)) (&& (== netstandard2.0) (< netstandard1.6)) (&& (== netstandard2.0) (< portable-net45+win8+wpa81)) (&& (== netstandard2.0) (< portable-net451+win81+wpa81))
      System.Globalization.Calendars (>= 4.3) - restriction: || (== net46) (== netcoreapp1.1) (&& (== netstandard1.0) (>= net46)) (&& (== netstandard1.0) (>= netstandard1.3)) (&& (== netstandard1.0) (>= netstandard1.4)) (&& (== netstandard1.0) (>= netstandard1.5)) (&& (== netstandard1.0) (>= netstandard1.6)) (&& (== netstandard1.0) (>= uap10.0)) (== netstandard1.6) (&& (== netstandard2.0) (< netstandard1.4)) (&& (== netstandard2.0) (< netstandard1.5)) (&& (== netstandard2.0) (< netstandard1.6))
      System.IO (>= 4.3) - restriction: || (&& (== net46) (< net45)) (&& (== net46) (< portable-net45+win8+wpa81)) (&& (== net46) (>= uap10.0)) (== netcoreapp1.1) (== netstandard1.0) (== netstandard1.6) (&& (== netstandard2.0) (< netstandard1.3)) (&& (== netstandard2.0) (< netstandard1.4)) (&& (== netstandard2.0) (< netstandard1.5)) (&& (== netstandard2.0) (< netstandard1.6)) (&& (== netstandard2.0) (< portable-net45+win8+wpa81)) (&& (== netstandard2.0) (< portable-net451+win81+wpa81))
      System.IO.Compression (>= 4.3) - restriction: || (== net46) (== netcoreapp1.1) (&& (== netstandard1.0) (>= net46)) (&& (== netstandard1.0) (>= netstandard1.1)) (&& (== netstandard1.0) (>= netstandard1.2)) (&& (== netstandard1.0) (>= netstandard1.3)) (&& (== netstandard1.0) (>= netstandard1.4)) (&& (== netstandard1.0) (>= netstandard1.5)) (&& (== netstandard1.0) (>= netstandard1.6)) (&& (== netstandard1.0) (>= uap10.0)) (== netstandard1.6) (&& (== netstandard2.0) (< netstandard1.3)) (&& (== netstandard2.0) (< netstandard1.4)) (&& (== netstandard2.0) (< netstandard1.5)) (&& (== netstandard2.0) (< netstandard1.6)) (&& (== netstandard2.0) (< portable-net451+win81+wpa81))
      System.IO.Compression.ZipFile (>= 4.3) - restriction: || (== net46) (== netcoreapp1.1) (&& (== netstandard1.0) (>= net46)) (&& (== netstandard1.0) (>= netstandard1.3)) (&& (== netstandard1.0) (>= netstandard1.4)) (&& (== netstandard1.0) (>= netstandard1.5)) (&& (== netstandard1.0) (>= netstandard1.6)) (&& (== netstandard1.0) (>= uap10.0)) (== netstandard1.6) (&& (== netstandard2.0) (< netstandard1.4)) (&& (== netstandard2.0) (< netstandard1.5)) (&& (== netstandard2.0) (< netstandard1.6))
      System.IO.FileSystem (>= 4.3) - restriction: || (== net46) (== netcoreapp1.1) (&& (== netstandard1.0) (>= net46)) (&& (== netstandard1.0) (>= netstandard1.3)) (&& (== netstandard1.0) (>= netstandard1.4)) (&& (== netstandard1.0) (>= netstandard1.5)) (&& (== netstandard1.0) (>= netstandard1.6)) (&& (== netstandard1.0) (>= uap10.0)) (== netstandard1.6) (&& (== netstandard2.0) (< netstandard1.4)) (&& (== netstandard2.0) (< netstandard1.5)) (&& (== netstandard2.0) (< netstandard1.6))
      System.IO.FileSystem.Primitives (>= 4.3) - restriction: || (== net46) (== netcoreapp1.1) (&& (== netstandard1.0) (>= net46)) (&& (== netstandard1.0) (>= netstandard1.3)) (&& (== netstandard1.0) (>= netstandard1.4)) (&& (== netstandard1.0) (>= netstandard1.5)) (&& (== netstandard1.0) (>= netstandard1.6)) (&& (== netstandard1.0) (>= uap10.0)) (== netstandard1.6) (&& (== netstandard2.0) (< netstandard1.4)) (&& (== netstandard2.0) (< netstandard1.5)) (&& (== netstandard2.0) (< netstandard1.6))
      System.Linq (>= 4.3) - restriction: || (&& (== net46) (< net45)) (&& (== net46) (< portable-net45+win8+wpa81)) (&& (== net46) (>= uap10.0)) (== netcoreapp1.1) (== netstandard1.0) (== netstandard1.6) (&& (== netstandard2.0) (< netstandard1.3)) (&& (== netstandard2.0) (< netstandard1.4)) (&& (== netstandard2.0) (< netstandard1.5)) (&& (== netstandard2.0) (< netstandard1.6)) (&& (== netstandard2.0) (< portable-net45+win8+wpa81)) (&& (== netstandard2.0) (< portable-net451+win81+wpa81))
      System.Linq.Expressions (>= 4.3) - restriction: || (&& (== net46) (< net45)) (&& (== net46) (< portable-net45+win8+wpa81)) (&& (== net46) (>= uap10.0)) (== netcoreapp1.1) (== netstandard1.0) (== netstandard1.6) (&& (== netstandard2.0) (< netstandard1.3)) (&& (== netstandard2.0) (< netstandard1.4)) (&& (== netstandard2.0) (< netstandard1.5)) (&& (== netstandard2.0) (< netstandard1.6)) (&& (== netstandard2.0) (< portable-net45+win8+wpa81)) (&& (== netstandard2.0) (< portable-net451+win81+wpa81))
      System.Net.Http (>= 4.3.2) - restriction: || (== net46) (== netcoreapp1.1) (&& (== netstandard1.0) (>= net46)) (&& (== netstandard1.0) (>= netstandard1.1)) (&& (== netstandard1.0) (>= netstandard1.2)) (&& (== netstandard1.0) (>= netstandard1.3)) (&& (== netstandard1.0) (>= netstandard1.4)) (&& (== netstandard1.0) (>= netstandard1.5)) (&& (== netstandard1.0) (>= netstandard1.6)) (&& (== netstandard1.0) (>= uap10.0)) (== netstandard1.6) (&& (== netstandard2.0) (< netstandard1.3)) (&& (== netstandard2.0) (< netstandard1.4)) (&& (== netstandard2.0) (< netstandard1.5)) (&& (== netstandard2.0) (< netstandard1.6)) (&& (== netstandard2.0) (< portable-net451+win81+wpa81))
      System.Net.Primitives (>= 4.3) - restriction: || (&& (== net46) (< net45)) (&& (== net46) (< portable-net45+win8+wpa81)) (&& (== net46) (>= uap10.0)) (== netcoreapp1.1) (== netstandard1.0) (== netstandard1.6) (&& (== netstandard2.0) (< netstandard1.3)) (&& (== netstandard2.0) (< netstandard1.4)) (&& (== netstandard2.0) (< netstandard1.5)) (&& (== netstandard2.0) (< netstandard1.6)) (&& (== netstandard2.0) (< portable-net45+win8+wpa81)) (&& (== netstandard2.0) (< portable-net451+win81+wpa81))
      System.Net.Sockets (>= 4.3) - restriction: || (== net46) (== netcoreapp1.1) (&& (== netstandard1.0) (>= net46)) (&& (== netstandard1.0) (>= netstandard1.3)) (&& (== netstandard1.0) (>= netstandard1.4)) (&& (== netstandard1.0) (>= netstandard1.5)) (&& (== netstandard1.0) (>= netstandard1.6)) (&& (== netstandard1.0) (>= uap10.0)) (== netstandard1.6) (&& (== netstandard2.0) (< netstandard1.4)) (&& (== netstandard2.0) (< netstandard1.5)) (&& (== netstandard2.0) (< netstandard1.6))
      System.ObjectModel (>= 4.3) - restriction: || (&& (== net46) (< net45)) (&& (== net46) (< portable-net45+win8+wpa81)) (&& (== net46) (>= uap10.0)) (== netcoreapp1.1) (== netstandard1.0) (== netstandard1.6) (&& (== netstandard2.0) (< netstandard1.3)) (&& (== netstandard2.0) (< netstandard1.4)) (&& (== netstandard2.0) (< netstandard1.5)) (&& (== netstandard2.0) (< netstandard1.6)) (&& (== netstandard2.0) (< portable-net45+win8+wpa81)) (&& (== netstandard2.0) (< portable-net451+win81+wpa81))
      System.Reflection (>= 4.3) - restriction: || (&& (== net46) (< net45)) (&& (== net46) (< portable-net45+win8+wpa81)) (&& (== net46) (>= uap10.0)) (== netcoreapp1.1) (== netstandard1.0) (== netstandard1.6) (&& (== netstandard2.0) (< netstandard1.3)) (&& (== netstandard2.0) (< netstandard1.4)) (&& (== netstandard2.0) (< netstandard1.5)) (&& (== netstandard2.0) (< netstandard1.6)) (&& (== netstandard2.0) (< portable-net45+win8+wpa81)) (&& (== netstandard2.0) (< portable-net451+win81+wpa81))
      System.Reflection.Extensions (>= 4.3) - restriction: || (&& (== net46) (< net45)) (&& (== net46) (< portable-net45+win8+wpa81)) (&& (== net46) (>= uap10.0)) (== netcoreapp1.1) (== netstandard1.0) (== netstandard1.6) (&& (== netstandard2.0) (< netstandard1.3)) (&& (== netstandard2.0) (< netstandard1.4)) (&& (== netstandard2.0) (< netstandard1.5)) (&& (== netstandard2.0) (< netstandard1.6)) (&& (== netstandard2.0) (< portable-net45+win8+wpa81)) (&& (== netstandard2.0) (< portable-net451+win81+wpa81))
      System.Reflection.Primitives (>= 4.3) - restriction: || (&& (== net46) (< net45)) (&& (== net46) (< portable-net45+win8+wpa81)) (&& (== net46) (>= uap10.0)) (== netcoreapp1.1) (== netstandard1.0) (== netstandard1.6) (&& (== netstandard2.0) (< netstandard1.3)) (&& (== netstandard2.0) (< netstandard1.4)) (&& (== netstandard2.0) (< netstandard1.5)) (&& (== netstandard2.0) (< netstandard1.6)) (&& (== netstandard2.0) (< portable-net45+win8+wpa81)) (&& (== netstandard2.0) (< portable-net451+win81+wpa81))
      System.Resources.ResourceManager (>= 4.3) - restriction: || (&& (== net46) (< net45)) (&& (== net46) (< portable-net45+win8+wpa81)) (&& (== net46) (>= uap10.0)) (== netcoreapp1.1) (== netstandard1.0) (== netstandard1.6) (&& (== netstandard2.0) (< netstandard1.3)) (&& (== netstandard2.0) (< netstandard1.4)) (&& (== netstandard2.0) (< netstandard1.5)) (&& (== netstandard2.0) (< netstandard1.6)) (&& (== netstandard2.0) (< portable-net45+win8+wpa81)) (&& (== netstandard2.0) (< portable-net451+win81+wpa81))
      System.Runtime (>= 4.3) - restriction: || (&& (== net46) (< net45)) (&& (== net46) (< portable-net45+win8+wpa81)) (&& (== net46) (>= uap10.0)) (== netcoreapp1.1) (== netstandard1.0) (== netstandard1.6) (&& (== netstandard2.0) (< netstandard1.3)) (&& (== netstandard2.0) (< netstandard1.4)) (&& (== netstandard2.0) (< netstandard1.5)) (&& (== netstandard2.0) (< netstandard1.6)) (&& (== netstandard2.0) (< portable-net45+win8+wpa81)) (&& (== netstandard2.0) (< portable-net451+win81+wpa81))
      System.Runtime.Extensions (>= 4.3) - restriction: || (&& (== net46) (< net45)) (&& (== net46) (< portable-net45+win8+wpa81)) (&& (== net46) (>= uap10.0)) (== netcoreapp1.1) (== netstandard1.0) (== netstandard1.6) (&& (== netstandard2.0) (< netstandard1.3)) (&& (== netstandard2.0) (< netstandard1.4)) (&& (== netstandard2.0) (< netstandard1.5)) (&& (== netstandard2.0) (< netstandard1.6)) (&& (== netstandard2.0) (< portable-net45+win8+wpa81)) (&& (== netstandard2.0) (< portable-net451+win81+wpa81))
      System.Runtime.Handles (>= 4.3) - restriction: || (&& (== net46) (< net45)) (&& (== net46) (>= uap10.0)) (== netcoreapp1.1) (&& (== netstandard1.0) (>= netstandard1.3)) (&& (== netstandard1.0) (>= netstandard1.4)) (&& (== netstandard1.0) (>= netstandard1.5)) (&& (== netstandard1.0) (>= netstandard1.6)) (&& (== netstandard1.0) (>= uap10.0)) (== netstandard1.6) (&& (== netstandard2.0) (< netstandard1.4)) (&& (== netstandard2.0) (< netstandard1.5)) (&& (== netstandard2.0) (< netstandard1.6))
      System.Runtime.InteropServices (>= 4.3) - restriction: || (&& (== net46) (< net45)) (&& (== net46) (>= uap10.0)) (== netcoreapp1.1) (&& (== netstandard1.0) (>= netstandard1.1)) (&& (== netstandard1.0) (>= netstandard1.2)) (&& (== netstandard1.0) (>= netstandard1.3)) (&& (== netstandard1.0) (>= netstandard1.4)) (&& (== netstandard1.0) (>= netstandard1.5)) (&& (== netstandard1.0) (>= netstandard1.6)) (&& (== netstandard1.0) (>= uap10.0)) (== netstandard1.6) (&& (== netstandard2.0) (< netstandard1.3)) (&& (== netstandard2.0) (< netstandard1.4)) (&& (== netstandard2.0) (< netstandard1.5)) (&& (== netstandard2.0) (< netstandard1.6)) (&& (== netstandard2.0) (< portable-net451+win81+wpa81))
      System.Runtime.InteropServices.RuntimeInformation (>= 4.3) - restriction: || (== net46) (== netcoreapp1.1) (&& (== netstandard1.0) (>= net45)) (&& (== netstandard1.0) (>= net451)) (&& (== netstandard1.0) (>= net46)) (&& (== netstandard1.0) (>= netstandard1.1)) (&& (== netstandard1.0) (>= netstandard1.2)) (&& (== netstandard1.0) (>= netstandard1.3)) (&& (== netstandard1.0) (>= netstandard1.4)) (&& (== netstandard1.0) (>= netstandard1.5)) (&& (== netstandard1.0) (>= netstandard1.6)) (&& (== netstandard1.0) (>= uap10.0)) (&& (== netstandard1.0) (>= wpa81)) (== netstandard1.6) (&& (== netstandard2.0) (< netstandard1.0)) (&& (== netstandard2.0) (< netstandard1.3)) (&& (== netstandard2.0) (< netstandard1.4)) (&& (== netstandard2.0) (< netstandard1.5)) (&& (== netstandard2.0) (< netstandard1.6)) (&& (== netstandard2.0) (< portable-net451+win81+wpa81))
      System.Runtime.Numerics (>= 4.3) - restriction: || (&& (== net46) (< net45)) (&& (== net46) (>= uap10.0)) (== netcoreapp1.1) (&& (== netstandard1.0) (>= netstandard1.1)) (&& (== netstandard1.0) (>= netstandard1.2)) (&& (== netstandard1.0) (>= netstandard1.3)) (&& (== netstandard1.0) (>= netstandard1.4)) (&& (== netstandard1.0) (>= netstandard1.5)) (&& (== netstandard1.0) (>= netstandard1.6)) (&& (== netstandard1.0) (>= uap10.0)) (== netstandard1.6) (&& (== netstandard2.0) (< netstandard1.3)) (&& (== netstandard2.0) (< netstandard1.4)) (&& (== netstandard2.0) (< netstandard1.5)) (&& (== netstandard2.0) (< netstandard1.6)) (&& (== netstandard2.0) (< portable-net451+win81+wpa81))
      System.Security.Cryptography.Algorithms (>= 4.3) - restriction: || (== net46) (== netcoreapp1.1) (&& (== netstandard1.0) (>= net46)) (&& (== netstandard1.0) (>= netstandard1.3)) (&& (== netstandard1.0) (>= netstandard1.4)) (&& (== netstandard1.0) (>= netstandard1.5)) (&& (== netstandard1.0) (>= netstandard1.6)) (&& (== netstandard1.0) (>= uap10.0)) (== netstandard1.6) (&& (== netstandard2.0) (< netstandard1.4)) (&& (== netstandard2.0) (< netstandard1.5)) (&& (== netstandard2.0) (< netstandard1.6))
      System.Security.Cryptography.Encoding (>= 4.3) - restriction: || (== net46) (== netcoreapp1.1) (&& (== netstandard1.0) (>= net46)) (&& (== netstandard1.0) (>= netstandard1.3)) (&& (== netstandard1.0) (>= netstandard1.4)) (&& (== netstandard1.0) (>= netstandard1.5)) (&& (== netstandard1.0) (>= netstandard1.6)) (&& (== netstandard1.0) (>= uap10.0)) (== netstandard1.6) (&& (== netstandard2.0) (< netstandard1.4)) (&& (== netstandard2.0) (< netstandard1.5)) (&& (== netstandard2.0) (< netstandard1.6))
      System.Security.Cryptography.Primitives (>= 4.3) - restriction: || (== net46) (== netcoreapp1.1) (&& (== netstandard1.0) (>= net46)) (&& (== netstandard1.0) (>= netstandard1.3)) (&& (== netstandard1.0) (>= netstandard1.4)) (&& (== netstandard1.0) (>= netstandard1.5)) (&& (== netstandard1.0) (>= netstandard1.6)) (&& (== netstandard1.0) (>= uap10.0)) (== netstandard1.6) (&& (== netstandard2.0) (< netstandard1.4)) (&& (== netstandard2.0) (< netstandard1.5)) (&& (== netstandard2.0) (< netstandard1.6))
      System.Security.Cryptography.X509Certificates (>= 4.3) - restriction: || (== net46) (== netcoreapp1.1) (&& (== netstandard1.0) (>= net46)) (&& (== netstandard1.0) (>= netstandard1.3)) (&& (== netstandard1.0) (>= netstandard1.4)) (&& (== netstandard1.0) (>= netstandard1.5)) (&& (== netstandard1.0) (>= netstandard1.6)) (&& (== netstandard1.0) (>= uap10.0)) (== netstandard1.6) (&& (== netstandard2.0) (< netstandard1.4)) (&& (== netstandard2.0) (< netstandard1.5)) (&& (== netstandard2.0) (< netstandard1.6))
      System.Text.Encoding (>= 4.3) - restriction: || (&& (== net46) (< net45)) (&& (== net46) (< portable-net45+win8+wpa81)) (&& (== net46) (>= uap10.0)) (== netcoreapp1.1) (== netstandard1.0) (== netstandard1.6) (&& (== netstandard2.0) (< netstandard1.3)) (&& (== netstandard2.0) (< netstandard1.4)) (&& (== netstandard2.0) (< netstandard1.5)) (&& (== netstandard2.0) (< netstandard1.6)) (&& (== netstandard2.0) (< portable-net45+win8+wpa81)) (&& (== netstandard2.0) (< portable-net451+win81+wpa81))
      System.Text.Encoding.Extensions (>= 4.3) - restriction: || (&& (== net46) (< net45)) (&& (== net46) (< portable-net45+win8+wpa81)) (&& (== net46) (>= uap10.0)) (== netcoreapp1.1) (== netstandard1.0) (== netstandard1.6) (&& (== netstandard2.0) (< netstandard1.3)) (&& (== netstandard2.0) (< netstandard1.4)) (&& (== netstandard2.0) (< netstandard1.5)) (&& (== netstandard2.0) (< netstandard1.6)) (&& (== netstandard2.0) (< portable-net45+win8+wpa81)) (&& (== netstandard2.0) (< portable-net451+win81+wpa81))
      System.Text.RegularExpressions (>= 4.3) - restriction: || (&& (== net46) (< net45)) (&& (== net46) (< portable-net45+win8+wpa81)) (&& (== net46) (>= uap10.0)) (== netcoreapp1.1) (== netstandard1.0) (== netstandard1.6) (&& (== netstandard2.0) (< netstandard1.3)) (&& (== netstandard2.0) (< netstandard1.4)) (&& (== netstandard2.0) (< netstandard1.5)) (&& (== netstandard2.0) (< netstandard1.6)) (&& (== netstandard2.0) (< portable-net45+win8+wpa81)) (&& (== netstandard2.0) (< portable-net451+win81+wpa81))
      System.Threading (>= 4.3) - restriction: || (&& (== net46) (< net45)) (&& (== net46) (< portable-net45+win8+wpa81)) (&& (== net46) (>= uap10.0)) (== netcoreapp1.1) (== netstandard1.0) (== netstandard1.6) (&& (== netstandard2.0) (< netstandard1.3)) (&& (== netstandard2.0) (< netstandard1.4)) (&& (== netstandard2.0) (< netstandard1.5)) (&& (== netstandard2.0) (< netstandard1.6)) (&& (== netstandard2.0) (< portable-net45+win8+wpa81)) (&& (== netstandard2.0) (< portable-net451+win81+wpa81))
      System.Threading.Tasks (>= 4.3) - restriction: || (&& (== net46) (< net45)) (&& (== net46) (< portable-net45+win8+wpa81)) (&& (== net46) (>= uap10.0)) (== netcoreapp1.1) (== netstandard1.0) (== netstandard1.6) (&& (== netstandard2.0) (< netstandard1.3)) (&& (== netstandard2.0) (< netstandard1.4)) (&& (== netstandard2.0) (< netstandard1.5)) (&& (== netstandard2.0) (< netstandard1.6)) (&& (== netstandard2.0) (< portable-net45+win8+wpa81)) (&& (== netstandard2.0) (< portable-net451+win81+wpa81))
      System.Threading.Timer (>= 4.3) - restriction: || (&& (== net46) (< net45)) (&& (== net46) (>= uap10.0)) (== netcoreapp1.1) (&& (== netstandard1.0) (>= netstandard1.2)) (&& (== netstandard1.0) (>= netstandard1.3)) (&& (== netstandard1.0) (>= netstandard1.4)) (&& (== netstandard1.0) (>= netstandard1.5)) (&& (== netstandard1.0) (>= netstandard1.6)) (&& (== netstandard1.0) (>= uap10.0)) (== netstandard1.6) (&& (== netstandard2.0) (< netstandard1.3)) (&& (== netstandard2.0) (< netstandard1.4)) (&& (== netstandard2.0) (< netstandard1.5)) (&& (== netstandard2.0) (< netstandard1.6))
      System.Xml.ReaderWriter (>= 4.3) - restriction: || (== net46) (== netcoreapp1.1) (== netstandard1.0) (== netstandard1.6) (&& (== netstandard2.0) (< netstandard1.3)) (&& (== netstandard2.0) (< netstandard1.4)) (&& (== netstandard2.0) (< netstandard1.5)) (&& (== netstandard2.0) (< netstandard1.6)) (&& (== netstandard2.0) (< portable-net45+win8+wpa81)) (&& (== netstandard2.0) (< portable-net451+win81+wpa81))
      System.Xml.XDocument (>= 4.3) - restriction: || (&& (== net46) (< net45)) (&& (== net46) (< portable-net45+win8+wpa81)) (&& (== net46) (>= uap10.0)) (== netcoreapp1.1) (== netstandard1.0) (== netstandard1.6) (&& (== netstandard2.0) (< netstandard1.3)) (&& (== netstandard2.0) (< netstandard1.4)) (&& (== netstandard2.0) (< netstandard1.5)) (&& (== netstandard2.0) (< netstandard1.6)) (&& (== netstandard2.0) (< portable-net45+win8+wpa81)) (&& (== netstandard2.0) (< portable-net451+win81+wpa81))
    Newtonsoft.Json (12.0.3)
      Microsoft.CSharp (>= 4.3) - restriction: || (&& (== net46) (< net20)) (== netcoreapp1.1) (== netstandard1.0) (== netstandard1.6) (&& (== netstandard2.0) (< netstandard1.3))
      NETStandard.Library (>= 1.6.1) - restriction: || (&& (== net46) (< net20)) (== netcoreapp1.1) (== netstandard1.0) (== netstandard1.6) (&& (== netstandard2.0) (< netstandard1.3))
      System.ComponentModel.TypeConverter (>= 4.3) - restriction: || (&& (== net46) (< net20)) (== netcoreapp1.1) (== netstandard1.0) (== netstandard1.6) (&& (== netstandard2.0) (< netstandard1.3))
      System.Runtime.Serialization.Formatters (>= 4.3) - restriction: || (&& (== net46) (< net20)) (== netcoreapp1.1) (&& (== netstandard1.0) (>= netstandard1.3)) (== netstandard1.6)
      System.Runtime.Serialization.Primitives (>= 4.3) - restriction: || (&& (== net46) (< net20)) (== netcoreapp1.1) (== netstandard1.0) (== netstandard1.6) (&& (== netstandard2.0) (< netstandard1.3))
      System.Xml.XmlDocument (>= 4.3) - restriction: || (&& (== net46) (< net20)) (== netcoreapp1.1) (&& (== netstandard1.0) (>= netstandard1.3)) (== netstandard1.6)
    runtime.debian.8-x64.runtime.native.System.Security.Cryptography (4.3.3) - restriction: || (&& (== net46) (>= netcoreapp1.1)) (== netcoreapp1.1) (&& (== netstandard1.0) (>= netcoreapp1.1)) (&& (== netstandard1.6) (>= netcoreapp1.1)) (&& (== netstandard2.0) (>= netcoreapp1.1))
    runtime.debian.8-x64.runtime.native.System.Security.Cryptography.OpenSsl (4.3.2) - restriction: || (&& (== net46) (>= netcoreapp1.1)) (== netcoreapp1.1) (&& (== netstandard1.0) (>= netcoreapp1.1)) (&& (== netstandard1.6) (>= netcoreapp1.1)) (&& (== netstandard2.0) (>= netcoreapp1.1))
    runtime.fedora.23-x64.runtime.native.System.Security.Cryptography (4.3.3) - restriction: || (&& (== net46) (>= netcoreapp1.1)) (== netcoreapp1.1) (&& (== netstandard1.0) (>= netcoreapp1.1)) (&& (== netstandard1.6) (>= netcoreapp1.1)) (&& (== netstandard2.0) (>= netcoreapp1.1))
    runtime.fedora.23-x64.runtime.native.System.Security.Cryptography.OpenSsl (4.3.2) - restriction: || (&& (== net46) (>= netcoreapp1.1)) (== netcoreapp1.1) (&& (== netstandard1.0) (>= netcoreapp1.1)) (&& (== netstandard1.6) (>= netcoreapp1.1)) (&& (== netstandard2.0) (>= netcoreapp1.1))
    runtime.fedora.24-x64.runtime.native.System.Security.Cryptography (4.3.3) - restriction: || (&& (== net46) (>= netcoreapp1.1)) (== netcoreapp1.1) (&& (== netstandard1.0) (>= netcoreapp1.1)) (&& (== netstandard1.6) (>= netcoreapp1.1)) (&& (== netstandard2.0) (>= netcoreapp1.1))
    runtime.fedora.24-x64.runtime.native.System.Security.Cryptography.OpenSsl (4.3.2) - restriction: || (&& (== net46) (>= netcoreapp1.1)) (== netcoreapp1.1) (&& (== netstandard1.0) (>= netcoreapp1.1)) (&& (== netstandard1.6) (>= netcoreapp1.1)) (&& (== netstandard2.0) (>= netcoreapp1.1))
    runtime.native.System (4.3) - restriction: || (&& (== net46) (== netstandard1.0)) (&& (== net46) (== netstandard2.0)) (&& (== net46) (< net20)) (&& (== net46) (>= netcoreapp1.1)) (&& (== net46) (>= uap10.0)) (== netcoreapp1.1) (&& (== netstandard1.0) (== netstandard2.0)) (&& (== netstandard1.0) (>= net46)) (&& (== netstandard1.0) (>= netcoreapp1.1)) (&& (== netstandard1.0) (>= netstandard1.3)) (&& (== netstandard1.0) (>= netstandard1.4)) (&& (== netstandard1.0) (>= netstandard1.5)) (&& (== netstandard1.0) (>= netstandard1.6)) (&& (== netstandard1.0) (>= uap10.0)) (== netstandard1.6) (&& (== netstandard2.0) (>= netcoreapp1.1)) (&& (== netstandard2.0) (< netstandard1.3)) (&& (== netstandard2.0) (< portable-net451+win81+wpa81))
      Microsoft.NETCore.Platforms (>= 1.1)
      Microsoft.NETCore.Targets (>= 1.1)
    runtime.native.System.IO.Compression (4.3.1) - restriction: || (&& (== net46) (== netstandard1.0)) (&& (== net46) (== netstandard2.0)) (&& (== net46) (< net20)) (&& (== net46) (>= netcoreapp1.1)) (&& (== net46) (>= netcoreapp5.0)) (&& (== net46) (>= uap10.0)) (== netcoreapp1.1) (&& (== netstandard1.0) (== netstandard2.0)) (&& (== netstandard1.0) (>= net46)) (&& (== netstandard1.0) (>= netcoreapp1.1)) (&& (== netstandard1.0) (>= netcoreapp5.0)) (&& (== netstandard1.0) (>= netstandard1.3)) (&& (== netstandard1.0) (>= netstandard1.4)) (&& (== netstandard1.0) (>= netstandard1.5)) (&& (== netstandard1.0) (>= netstandard1.6)) (&& (== netstandard1.0) (>= uap10.0)) (== netstandard1.6) (&& (== netstandard2.0) (>= netcoreapp1.1)) (&& (== netstandard2.0) (< netstandard1.3)) (&& (== netstandard2.0) (< portable-net451+win81+wpa81))
      Microsoft.NETCore.Platforms (>= 1.1)
      Microsoft.NETCore.Targets (>= 1.1.1)
    runtime.native.System.Net.Http (4.3) - restriction: || (&& (== net46) (>= netcoreapp1.1)) (== netcoreapp1.1) (&& (== netstandard1.0) (>= netcoreapp1.1)) (&& (== netstandard1.6) (>= netcoreapp1.1)) (&& (== netstandard2.0) (>= netcoreapp1.1))
      Microsoft.NETCore.Platforms (>= 1.1)
      Microsoft.NETCore.Targets (>= 1.1)
    runtime.native.System.Net.Security (4.3) - restriction: || (&& (== net46) (>= netcoreapp1.1)) (== netcoreapp1.1) (&& (== netstandard1.0) (>= netcoreapp1.1)) (&& (== netstandard1.6) (>= netcoreapp1.1)) (&& (== netstandard2.0) (>= netcoreapp1.1))
      Microsoft.NETCore.Platforms (>= 1.1)
      Microsoft.NETCore.Targets (>= 1.1)
    runtime.native.System.Security.Cryptography (4.3.3) - restriction: || (&& (== net46) (>= netcoreapp1.1)) (== netcoreapp1.1) (&& (== netstandard1.0) (>= netcoreapp1.1)) (&& (== netstandard1.6) (>= netcoreapp1.1)) (&& (== netstandard2.0) (>= netcoreapp1.1))
      runtime.debian.8-x64.runtime.native.System.Security.Cryptography (>= 4.3.3)
      runtime.fedora.23-x64.runtime.native.System.Security.Cryptography (>= 4.3.3)
      runtime.fedora.24-x64.runtime.native.System.Security.Cryptography (>= 4.3.3)
      runtime.opensuse.13.2-x64.runtime.native.System.Security.Cryptography (>= 4.3.3)
      runtime.opensuse.42.1-x64.runtime.native.System.Security.Cryptography (>= 4.3.3)
      runtime.osx.10.10-x64.runtime.native.System.Security.Cryptography (>= 4.3.3)
      runtime.rhel.7-x64.runtime.native.System.Security.Cryptography (>= 4.3.3)
      runtime.ubuntu.14.04-x64.runtime.native.System.Security.Cryptography (>= 4.3.3)
      runtime.ubuntu.16.04-x64.runtime.native.System.Security.Cryptography (>= 4.3.3)
      runtime.ubuntu.16.10-x64.runtime.native.System.Security.Cryptography (>= 4.3.3)
    runtime.native.System.Security.Cryptography.Apple (4.3.1) - restriction: || (&& (== net46) (>= netcoreapp1.1)) (== netcoreapp1.1) (&& (== netstandard1.0) (>= netcoreapp1.1)) (&& (== netstandard1.6) (>= netcoreapp1.1)) (&& (== netstandard2.0) (>= netcoreapp1.1))
      runtime.osx.10.10-x64.runtime.native.System.Security.Cryptography.Apple (>= 4.3.1)
    runtime.native.System.Security.Cryptography.OpenSsl (4.3.2) - restriction: || (&& (== net46) (>= netcoreapp1.1)) (== netcoreapp1.1) (&& (== netstandard1.0) (>= netcoreapp1.1)) (&& (== netstandard1.6) (>= netcoreapp1.1)) (&& (== netstandard2.0) (>= netcoreapp1.1))
      runtime.debian.8-x64.runtime.native.System.Security.Cryptography.OpenSsl (>= 4.3.2)
      runtime.fedora.23-x64.runtime.native.System.Security.Cryptography.OpenSsl (>= 4.3.2)
      runtime.fedora.24-x64.runtime.native.System.Security.Cryptography.OpenSsl (>= 4.3.2)
      runtime.opensuse.13.2-x64.runtime.native.System.Security.Cryptography.OpenSsl (>= 4.3.2)
      runtime.opensuse.42.1-x64.runtime.native.System.Security.Cryptography.OpenSsl (>= 4.3.2)
      runtime.osx.10.10-x64.runtime.native.System.Security.Cryptography.OpenSsl (>= 4.3.2)
      runtime.rhel.7-x64.runtime.native.System.Security.Cryptography.OpenSsl (>= 4.3.2)
      runtime.ubuntu.14.04-x64.runtime.native.System.Security.Cryptography.OpenSsl (>= 4.3.2)
      runtime.ubuntu.16.04-x64.runtime.native.System.Security.Cryptography.OpenSsl (>= 4.3.2)
      runtime.ubuntu.16.10-x64.runtime.native.System.Security.Cryptography.OpenSsl (>= 4.3.2)
    runtime.opensuse.13.2-x64.runtime.native.System.Security.Cryptography (4.3.3) - restriction: || (&& (== net46) (>= netcoreapp1.1)) (== netcoreapp1.1) (&& (== netstandard1.0) (>= netcoreapp1.1)) (&& (== netstandard1.6) (>= netcoreapp1.1)) (&& (== netstandard2.0) (>= netcoreapp1.1))
    runtime.opensuse.13.2-x64.runtime.native.System.Security.Cryptography.OpenSsl (4.3.2) - restriction: || (&& (== net46) (>= netcoreapp1.1)) (== netcoreapp1.1) (&& (== netstandard1.0) (>= netcoreapp1.1)) (&& (== netstandard1.6) (>= netcoreapp1.1)) (&& (== netstandard2.0) (>= netcoreapp1.1))
    runtime.opensuse.42.1-x64.runtime.native.System.Security.Cryptography (4.3.3) - restriction: || (&& (== net46) (>= netcoreapp1.1)) (== netcoreapp1.1) (&& (== netstandard1.0) (>= netcoreapp1.1)) (&& (== netstandard1.6) (>= netcoreapp1.1)) (&& (== netstandard2.0) (>= netcoreapp1.1))
    runtime.opensuse.42.1-x64.runtime.native.System.Security.Cryptography.OpenSsl (4.3.2) - restriction: || (&& (== net46) (>= netcoreapp1.1)) (== netcoreapp1.1) (&& (== netstandard1.0) (>= netcoreapp1.1)) (&& (== netstandard1.6) (>= netcoreapp1.1)) (&& (== netstandard2.0) (>= netcoreapp1.1))
    runtime.osx.10.10-x64.runtime.native.System.Security.Cryptography (4.3.3) - restriction: || (&& (== net46) (>= netcoreapp1.1)) (== netcoreapp1.1) (&& (== netstandard1.0) (>= netcoreapp1.1)) (&& (== netstandard1.6) (>= netcoreapp1.1)) (&& (== netstandard2.0) (>= netcoreapp1.1))
    runtime.osx.10.10-x64.runtime.native.System.Security.Cryptography.Apple (4.3.1) - restriction: || (&& (== net46) (>= netcoreapp1.1)) (== netcoreapp1.1) (&& (== netstandard1.0) (>= netcoreapp1.1)) (&& (== netstandard1.6) (>= netcoreapp1.1)) (&& (== netstandard2.0) (>= netcoreapp1.1))
    runtime.osx.10.10-x64.runtime.native.System.Security.Cryptography.OpenSsl (4.3.2) - restriction: || (&& (== net46) (>= netcoreapp1.1)) (== netcoreapp1.1) (&& (== netstandard1.0) (>= netcoreapp1.1)) (&& (== netstandard1.6) (>= netcoreapp1.1)) (&& (== netstandard2.0) (>= netcoreapp1.1))
    runtime.rhel.7-x64.runtime.native.System.Security.Cryptography (4.3.3) - restriction: || (&& (== net46) (>= netcoreapp1.1)) (== netcoreapp1.1) (&& (== netstandard1.0) (>= netcoreapp1.1)) (&& (== netstandard1.6) (>= netcoreapp1.1)) (&& (== netstandard2.0) (>= netcoreapp1.1))
    runtime.rhel.7-x64.runtime.native.System.Security.Cryptography.OpenSsl (4.3.2) - restriction: || (&& (== net46) (>= netcoreapp1.1)) (== netcoreapp1.1) (&& (== netstandard1.0) (>= netcoreapp1.1)) (&& (== netstandard1.6) (>= netcoreapp1.1)) (&& (== netstandard2.0) (>= netcoreapp1.1))
    runtime.ubuntu.14.04-x64.runtime.native.System.Security.Cryptography (4.3.3) - restriction: || (&& (== net46) (>= netcoreapp1.1)) (== netcoreapp1.1) (&& (== netstandard1.0) (>= netcoreapp1.1)) (&& (== netstandard1.6) (>= netcoreapp1.1)) (&& (== netstandard2.0) (>= netcoreapp1.1))
    runtime.ubuntu.14.04-x64.runtime.native.System.Security.Cryptography.OpenSsl (4.3.2) - restriction: || (&& (== net46) (>= netcoreapp1.1)) (== netcoreapp1.1) (&& (== netstandard1.0) (>= netcoreapp1.1)) (&& (== netstandard1.6) (>= netcoreapp1.1)) (&& (== netstandard2.0) (>= netcoreapp1.1))
    runtime.ubuntu.16.04-x64.runtime.native.System.Security.Cryptography (4.3.3) - restriction: || (&& (== net46) (>= netcoreapp1.1)) (== netcoreapp1.1) (&& (== netstandard1.0) (>= netcoreapp1.1)) (&& (== netstandard1.6) (>= netcoreapp1.1)) (&& (== netstandard2.0) (>= netcoreapp1.1))
    runtime.ubuntu.16.04-x64.runtime.native.System.Security.Cryptography.OpenSsl (4.3.2) - restriction: || (&& (== net46) (>= netcoreapp1.1)) (== netcoreapp1.1) (&& (== netstandard1.0) (>= netcoreapp1.1)) (&& (== netstandard1.6) (>= netcoreapp1.1)) (&& (== netstandard2.0) (>= netcoreapp1.1))
    runtime.ubuntu.16.10-x64.runtime.native.System.Security.Cryptography (4.3.3) - restriction: || (&& (== net46) (>= netcoreapp1.1)) (== netcoreapp1.1) (&& (== netstandard1.0) (>= netcoreapp1.1)) (&& (== netstandard1.6) (>= netcoreapp1.1)) (&& (== netstandard2.0) (>= netcoreapp1.1))
    runtime.ubuntu.16.10-x64.runtime.native.System.Security.Cryptography.OpenSsl (4.3.2) - restriction: || (&& (== net46) (>= netcoreapp1.1)) (== netcoreapp1.1) (&& (== netstandard1.0) (>= netcoreapp1.1)) (&& (== netstandard1.6) (>= netcoreapp1.1)) (&& (== netstandard2.0) (>= netcoreapp1.1))
    System.AppContext (4.3) - restriction: || (&& (== net46) (== netstandard1.0)) (&& (== net46) (== netstandard2.0)) (&& (== net46) (< net20)) (&& (== net46) (>= netcoreapp1.0)) (&& (== net46) (>= netcoreapp1.1)) (&& (== net46) (>= uap10.0)) (== netcoreapp1.1) (&& (== netstandard1.0) (== netstandard2.0)) (&& (== netstandard1.0) (>= net46)) (&& (== netstandard1.0) (>= netcoreapp1.0)) (&& (== netstandard1.0) (>= netcoreapp1.1)) (&& (== netstandard1.0) (>= netstandard1.3)) (&& (== netstandard1.0) (>= netstandard1.4)) (&& (== netstandard1.0) (>= netstandard1.5)) (&& (== netstandard1.0) (>= netstandard1.6)) (&& (== netstandard1.0) (>= uap10.0)) (== netstandard1.6) (&& (== netstandard2.0) (>= netcoreapp1.0)) (&& (== netstandard2.0) (>= netcoreapp1.1)) (&& (== netstandard2.0) (< netstandard1.3))
      System.Runtime (>= 4.3) - restriction: || (&& (== net46) (>= netcoreapp5.0)) (== netcoreapp1.1) (&& (== netstandard1.0) (>= netcoreapp5.0)) (&& (== netstandard1.0) (>= netstandard1.3)) (&& (== netstandard1.0) (>= netstandard1.6)) (== netstandard1.6) (== netstandard2.0)
    System.Buffers (4.4) - restriction: || (&& (== net46) (== netstandard1.0)) (&& (== net46) (== netstandard2.0)) (&& (== net46) (< net20)) (&& (== net46) (>= netcoreapp1.1)) (&& (== net46) (>= netcoreapp5.0)) (&& (== net46) (>= uap10.0)) (== netcoreapp1.1) (&& (== netstandard1.0) (== netstandard2.0)) (&& (== netstandard1.0) (>= net46)) (&& (== netstandard1.0) (>= netcoreapp1.1)) (&& (== netstandard1.0) (>= netcoreapp5.0)) (&& (== netstandard1.0) (>= netstandard1.3)) (&& (== netstandard1.0) (>= netstandard1.4)) (&& (== netstandard1.0) (>= netstandard1.5)) (&& (== netstandard1.0) (>= netstandard1.6)) (&& (== netstandard1.0) (>= uap10.0)) (== netstandard1.6) (&& (== netstandard2.0) (>= netcoreapp1.1)) (&& (== netstandard2.0) (< netstandard1.3)) (&& (== netstandard2.0) (< portable-net451+win81+wpa81))
      System.Diagnostics.Debug (>= 4.3) - restriction: || (== net46) (== netcoreapp1.1) (&& (== netstandard1.0) (>= netstandard1.1)) (== netstandard1.6)
      System.Diagnostics.Tracing (>= 4.3) - restriction: || (== net46) (== netcoreapp1.1) (&& (== netstandard1.0) (>= netstandard1.1)) (== netstandard1.6)
      System.Resources.ResourceManager (>= 4.3) - restriction: || (== net46) (== netcoreapp1.1) (&& (== netstandard1.0) (>= netstandard1.1)) (== netstandard1.6)
      System.Runtime (>= 4.3) - restriction: || (== net46) (== netcoreapp1.1) (&& (== netstandard1.0) (>= netstandard1.1)) (== netstandard1.6)
      System.Threading (>= 4.3) - restriction: || (== net46) (== netcoreapp1.1) (&& (== netstandard1.0) (>= netstandard1.1)) (== netstandard1.6)
    System.Collections (4.3) - restriction: || (&& (== net46) (== netstandard2.0)) (&& (== net46) (< net20)) (&& (== net46) (>= netcoreapp1.1)) (&& (== net46) (>= netcoreapp5.0)) (&& (== net46) (>= netstandard1.6) (>= uap10.0)) (== netcoreapp1.1) (== netstandard1.0) (== netstandard1.6) (&& (== netstandard2.0) (>= netcoreapp1.1)) (&& (== netstandard2.0) (>= netcoreapp5.0)) (&& (== netstandard2.0) (< netstandard1.3)) (&& (== netstandard2.0) (< portable-net45+win8+wpa81)) (&& (== netstandard2.0) (< portable-net451+win81+wpa81))
      Microsoft.NETCore.Platforms (>= 1.1) - restriction: || (&& (== net46) (< net45)) (&& (== net46) (>= netcoreapp5.0)) (== netcoreapp1.1) (== netstandard1.0) (== netstandard1.6) (== netstandard2.0)
      Microsoft.NETCore.Targets (>= 1.1) - restriction: || (&& (== net46) (< net45)) (&& (== net46) (>= netcoreapp5.0)) (== netcoreapp1.1) (== netstandard1.0) (== netstandard1.6) (== netstandard2.0)
      System.Runtime (>= 4.3) - restriction: || (&& (== net46) (< net45)) (&& (== net46) (>= netcoreapp5.0)) (== netcoreapp1.1) (== netstandard1.0) (== netstandard1.6) (== netstandard2.0)
    System.Collections.Concurrent (4.3) - restriction: || (&& (== net46) (== netstandard1.0)) (&& (== net46) (== netstandard2.0)) (&& (== net46) (< net20)) (&& (== net46) (>= netcoreapp1.1)) (&& (== net46) (>= uap10.0)) (== netcoreapp1.1) (&& (== netstandard1.0) (== netstandard2.0)) (&& (== netstandard1.0) (>= netcoreapp1.1)) (&& (== netstandard1.0) (>= netstandard1.1)) (&& (== netstandard1.0) (>= netstandard1.2)) (&& (== netstandard1.0) (>= netstandard1.3)) (&& (== netstandard1.0) (>= netstandard1.4)) (&& (== netstandard1.0) (>= netstandard1.5)) (&& (== netstandard1.0) (>= netstandard1.6)) (&& (== netstandard1.0) (>= uap10.0)) (== netstandard1.6) (&& (== netstandard2.0) (>= netcoreapp1.1)) (&& (== netstandard2.0) (< netstandard1.3)) (&& (== netstandard2.0) (< portable-net451+win81+wpa81))
      System.Collections (>= 4.3) - restriction: || (&& (== net46) (< net45)) (&& (== net46) (>= netcoreapp5.0)) (== netcoreapp1.1) (&& (== netstandard1.0) (>= netcoreapp5.0)) (&& (== netstandard1.0) (>= netstandard1.3)) (== netstandard1.6) (== netstandard2.0)
      System.Diagnostics.Debug (>= 4.3) - restriction: || (&& (== net46) (< net45)) (&& (== net46) (>= netcoreapp5.0)) (== netcoreapp1.1) (&& (== netstandard1.0) (>= netcoreapp5.0)) (&& (== netstandard1.0) (>= netstandard1.3)) (== netstandard1.6) (== netstandard2.0)
      System.Diagnostics.Tracing (>= 4.3) - restriction: || (&& (== net46) (< net45)) (&& (== net46) (>= netcoreapp5.0)) (== netcoreapp1.1) (&& (== netstandard1.0) (>= netcoreapp5.0)) (&& (== netstandard1.0) (>= netstandard1.3)) (== netstandard1.6) (== netstandard2.0)
      System.Globalization (>= 4.3) - restriction: || (&& (== net46) (< net45)) (&& (== net46) (>= netcoreapp5.0)) (== netcoreapp1.1) (&& (== netstandard1.0) (>= netcoreapp5.0)) (&& (== netstandard1.0) (>= netstandard1.3)) (== netstandard1.6) (== netstandard2.0)
      System.Reflection (>= 4.3) - restriction: || (&& (== net46) (< net45)) (== netcoreapp1.1) (&& (== netstandard1.0) (>= netstandard1.3)) (== netstandard1.6) (== netstandard2.0)
      System.Resources.ResourceManager (>= 4.3) - restriction: || (&& (== net46) (< net45)) (&& (== net46) (>= netcoreapp5.0)) (== netcoreapp1.1) (&& (== netstandard1.0) (>= netcoreapp5.0)) (&& (== netstandard1.0) (>= netstandard1.3)) (== netstandard1.6) (== netstandard2.0)
      System.Runtime (>= 4.3) - restriction: || (&& (== net46) (< net45)) (&& (== net46) (>= netcoreapp5.0)) (== netcoreapp1.1) (&& (== netstandard1.0) (>= netcoreapp5.0)) (&& (== netstandard1.0) (>= netstandard1.1)) (&& (== netstandard1.0) (>= netstandard1.3)) (== netstandard1.6) (== netstandard2.0)
      System.Runtime.Extensions (>= 4.3) - restriction: || (&& (== net46) (< net45)) (&& (== net46) (>= netcoreapp5.0)) (== netcoreapp1.1) (&& (== netstandard1.0) (>= netcoreapp5.0)) (&& (== netstandard1.0) (>= netstandard1.3)) (== netstandard1.6) (== netstandard2.0)
      System.Threading (>= 4.3) - restriction: || (&& (== net46) (< net45)) (&& (== net46) (>= netcoreapp5.0)) (== netcoreapp1.1) (&& (== netstandard1.0) (>= netcoreapp5.0)) (&& (== netstandard1.0) (>= netstandard1.3)) (== netstandard1.6) (== netstandard2.0)
      System.Threading.Tasks (>= 4.3) - restriction: || (&& (== net46) (< net45)) (&& (== net46) (>= netcoreapp5.0)) (== netcoreapp1.1) (&& (== netstandard1.0) (>= netcoreapp5.0)) (&& (== netstandard1.0) (>= netstandard1.1)) (&& (== netstandard1.0) (>= netstandard1.3)) (== netstandard1.6) (== netstandard2.0)
    System.Collections.Immutable (1.4) - restriction: || (&& (== net46) (>= netcoreapp1.1)) (== netcoreapp1.1) (&& (== netstandard1.0) (>= netcoreapp1.1)) (&& (== netstandard1.6) (>= netcoreapp1.1)) (&& (== netstandard2.0) (>= netcoreapp1.1))
      NETStandard.Library (>= 1.6.1) - restriction: || (== net46) (== netcoreapp1.1) (== netstandard1.0) (== netstandard1.6)
    System.Collections.NonGeneric (4.3) - restriction: || (&& (== net46) (== netstandard2.0)) (&& (== net46) (< net20) (>= net462)) (&& (== net46) (< net20) (>= netstandard1.5)) (== netcoreapp1.1) (&& (== netstandard1.0) (== netstandard2.0)) (&& (== netstandard1.0) (>= net462)) (&& (== netstandard1.0) (>= netstandard1.5)) (== netstandard1.6) (&& (== netstandard2.0) (< netstandard1.3))
      System.Diagnostics.Debug (>= 4.3) - restriction: || (== netcoreapp1.1) (&& (== netstandard1.0) (>= netstandard1.3)) (== netstandard1.6) (== netstandard2.0)
      System.Globalization (>= 4.3) - restriction: || (== netcoreapp1.1) (&& (== netstandard1.0) (>= netstandard1.3)) (== netstandard1.6) (== netstandard2.0)
      System.Resources.ResourceManager (>= 4.3) - restriction: || (== netcoreapp1.1) (&& (== netstandard1.0) (>= netstandard1.3)) (== netstandard1.6) (== netstandard2.0)
      System.Runtime (>= 4.3) - restriction: || (== netcoreapp1.1) (&& (== netstandard1.0) (>= netstandard1.3)) (== netstandard1.6) (== netstandard2.0)
      System.Runtime.Extensions (>= 4.3) - restriction: || (== netcoreapp1.1) (&& (== netstandard1.0) (>= netstandard1.3)) (== netstandard1.6) (== netstandard2.0)
      System.Threading (>= 4.3) - restriction: || (== netcoreapp1.1) (&& (== netstandard1.0) (>= netstandard1.3)) (== netstandard1.6) (== netstandard2.0)
    System.Collections.Specialized (4.3) - restriction: || (&& (== net46) (== netstandard2.0)) (&& (== net46) (< net20) (>= netstandard1.5)) (== netcoreapp1.1) (&& (== netstandard1.0) (== netstandard2.0)) (&& (== netstandard1.0) (>= netstandard1.5)) (== netstandard1.6) (&& (== netstandard2.0) (< netstandard1.3))
      System.Collections.NonGeneric (>= 4.3) - restriction: || (== netcoreapp1.1) (&& (== netstandard1.0) (>= netstandard1.3)) (== netstandard1.6) (== netstandard2.0)
      System.Globalization (>= 4.3) - restriction: || (== netcoreapp1.1) (&& (== netstandard1.0) (>= netstandard1.3)) (== netstandard1.6) (== netstandard2.0)
      System.Globalization.Extensions (>= 4.3) - restriction: || (== netcoreapp1.1) (&& (== netstandard1.0) (>= netstandard1.3)) (== netstandard1.6) (== netstandard2.0)
      System.Resources.ResourceManager (>= 4.3) - restriction: || (== netcoreapp1.1) (&& (== netstandard1.0) (>= netstandard1.3)) (== netstandard1.6) (== netstandard2.0)
      System.Runtime (>= 4.3) - restriction: || (== netcoreapp1.1) (&& (== netstandard1.0) (>= netstandard1.3)) (== netstandard1.6) (== netstandard2.0)
      System.Runtime.Extensions (>= 4.3) - restriction: || (== netcoreapp1.1) (&& (== netstandard1.0) (>= netstandard1.3)) (== netstandard1.6) (== netstandard2.0)
      System.Threading (>= 4.3) - restriction: || (== netcoreapp1.1) (&& (== netstandard1.0) (>= netstandard1.3)) (== netstandard1.6) (== netstandard2.0)
    System.ComponentModel (4.3) - restriction: || (&& (== net46) (== netstandard2.0)) (&& (== net46) (< net20)) (&& (== net46) (>= netcoreapp1.1)) (== netcoreapp1.1) (== netstandard1.0) (== netstandard1.6) (&& (== netstandard2.0) (>= netcoreapp1.1)) (&& (== netstandard2.0) (< netstandard1.3))
      System.Runtime (>= 4.3) - restriction: || (&& (== net46) (< net45)) (&& (== net46) (>= netcoreapp5.0)) (== netcoreapp1.1) (== netstandard1.0) (== netstandard1.6) (== netstandard2.0)
    System.ComponentModel.Annotations (4.4.1) - restriction: || (&& (== net46) (>= netcoreapp1.1)) (== netcoreapp1.1) (&& (== netstandard1.0) (>= netcoreapp1.1)) (&& (== netstandard1.6) (>= netcoreapp1.1)) (&& (== netstandard2.0) (>= netcoreapp1.1))
      NETStandard.Library (>= 1.6.1) - restriction: || (&& (== net46) (< net45)) (&& (== net46) (>= netcoreapp5.0)) (== netcoreapp1.1) (&& (== netstandard1.0) (>= netcoreapp5.0)) (&& (== netstandard1.0) (>= netstandard1.1)) (&& (== netstandard1.0) (>= netstandard1.3)) (&& (== netstandard1.0) (>= netstandard1.4)) (== netstandard1.6) (&& (== netstandard2.0) (>= netcoreapp5.0)) (&& (== netstandard2.0) (< netstandard1.3)) (&& (== netstandard2.0) (< netstandard1.4))
      System.ComponentModel (>= 4.3) - restriction: || (&& (== net46) (< net45)) (&& (== net46) (>= netcoreapp5.0)) (== netcoreapp1.1) (&& (== netstandard1.0) (>= netcoreapp5.0)) (&& (== netstandard1.0) (>= netstandard1.3)) (&& (== netstandard1.0) (>= netstandard1.4)) (== netstandard1.6) (&& (== netstandard2.0) (>= netcoreapp5.0)) (&& (== netstandard2.0) (< netstandard1.4))
    System.ComponentModel.Primitives (4.3) - restriction: || (&& (== net46) (== netstandard2.0)) (&& (== net46) (< net20)) (&& (== net46) (< netstandard1.0) (>= win8)) (&& (== net46) (>= wp8)) (&& (== net46) (>= wpa81)) (== netcoreapp1.1) (== netstandard1.0) (== netstandard1.6) (&& (== netstandard2.0) (< netstandard1.0) (>= win8)) (&& (== netstandard2.0) (< netstandard1.3)) (&& (== netstandard2.0) (>= wp8))
      System.ComponentModel (>= 4.3) - restriction: || (&& (== net46) (< net45)) (== netcoreapp1.1) (== netstandard1.0) (== netstandard1.6) (== netstandard2.0)
      System.Resources.ResourceManager (>= 4.3) - restriction: || (&& (== net46) (< net45)) (== netcoreapp1.1) (== netstandard1.0) (== netstandard1.6) (== netstandard2.0)
      System.Runtime (>= 4.3) - restriction: || (&& (== net46) (< net45)) (== netcoreapp1.1) (== netstandard1.0) (== netstandard1.6) (== netstandard2.0)
    System.ComponentModel.TypeConverter (4.3) - restriction: || (&& (== net46) (== netstandard2.0)) (&& (== net46) (< net20)) (== netcoreapp1.1) (== netstandard1.0) (== netstandard1.6) (&& (== netstandard2.0) (< netstandard1.3))
      System.Collections (>= 4.3) - restriction: || (&& (== net46) (< net45)) (== netcoreapp1.1) (== netstandard1.0) (== netstandard1.6) (== netstandard2.0)
      System.Collections.NonGeneric (>= 4.3) - restriction: || (&& (== net46) (< net45) (>= netstandard1.5)) (&& (== net46) (>= net462)) (== netcoreapp1.1) (&& (== netstandard1.0) (>= net462)) (&& (== netstandard1.0) (>= netstandard1.5)) (== netstandard1.6) (== netstandard2.0)
      System.Collections.Specialized (>= 4.3) - restriction: || (&& (== net46) (< net45) (>= netstandard1.5)) (== netcoreapp1.1) (&& (== netstandard1.0) (>= netstandard1.5)) (== netstandard1.6) (== netstandard2.0)
      System.ComponentModel (>= 4.3) - restriction: || (&& (== net46) (< net45)) (== netcoreapp1.1) (== netstandard1.0) (== netstandard1.6) (== netstandard2.0)
      System.ComponentModel.Primitives (>= 4.3)
      System.Globalization (>= 4.3) - restriction: || (&& (== net46) (< net45)) (== netcoreapp1.1) (== netstandard1.0) (== netstandard1.6) (== netstandard2.0)
      System.Linq (>= 4.3) - restriction: || (&& (== net46) (< net45) (>= netstandard1.5)) (== netcoreapp1.1) (&& (== netstandard1.0) (>= netstandard1.5)) (== netstandard1.6) (== netstandard2.0)
      System.Reflection (>= 4.3) - restriction: || (&& (== net46) (< net45)) (== netcoreapp1.1) (== netstandard1.0) (== netstandard1.6) (== netstandard2.0)
      System.Reflection.Extensions (>= 4.3) - restriction: || (&& (== net46) (< net45)) (== netcoreapp1.1) (== netstandard1.0) (== netstandard1.6) (== netstandard2.0)
      System.Reflection.Primitives (>= 4.3) - restriction: || (&& (== net46) (< net45)) (== netcoreapp1.1) (== netstandard1.0) (== netstandard1.6) (== netstandard2.0)
      System.Reflection.TypeExtensions (>= 4.3) - restriction: || (&& (== net46) (< net45) (>= netstandard1.5)) (== netcoreapp1.1) (&& (== netstandard1.0) (>= netstandard1.5)) (== netstandard1.6) (== netstandard2.0)
      System.Resources.ResourceManager (>= 4.3) - restriction: || (&& (== net46) (< net45)) (== netcoreapp1.1) (== netstandard1.0) (== netstandard1.6) (== netstandard2.0)
      System.Runtime (>= 4.3) - restriction: || (&& (== net46) (< net45)) (== netcoreapp1.1) (== netstandard1.0) (== netstandard1.6) (== netstandard2.0)
      System.Runtime.Extensions (>= 4.3) - restriction: || (&& (== net46) (< net45)) (== netcoreapp1.1) (== netstandard1.0) (== netstandard1.6) (== netstandard2.0)
      System.Threading (>= 4.3) - restriction: || (&& (== net46) (< net45)) (== netcoreapp1.1) (== netstandard1.0) (== netstandard1.6) (== netstandard2.0)
    System.Console (4.3) - restriction: || (&& (== net46) (== netstandard1.0)) (&& (== net46) (== netstandard2.0)) (&& (== net46) (< net20)) (&& (== net46) (>= netcoreapp1.0)) (&& (== net46) (>= netcoreapp1.1)) (&& (== net46) (>= uap10.0)) (== netcoreapp1.1) (&& (== netstandard1.0) (== netstandard2.0)) (&& (== netstandard1.0) (>= net46)) (&& (== netstandard1.0) (>= netcoreapp1.0)) (&& (== netstandard1.0) (>= netcoreapp1.1)) (&& (== netstandard1.0) (>= netstandard1.3)) (&& (== netstandard1.0) (>= netstandard1.4)) (&& (== netstandard1.0) (>= netstandard1.5)) (&& (== netstandard1.0) (>= netstandard1.6)) (&& (== netstandard1.0) (>= uap10.0)) (== netstandard1.6) (&& (== netstandard2.0) (>= netcoreapp1.0)) (&& (== netstandard2.0) (>= netcoreapp1.1)) (&& (== netstandard2.0) (< netstandard1.3))
      Microsoft.NETCore.Platforms (>= 1.1) - restriction: || (== netcoreapp1.1) (&& (== netstandard1.0) (>= netstandard1.3)) (== netstandard1.6) (== netstandard2.0)
      Microsoft.NETCore.Targets (>= 1.1) - restriction: || (== netcoreapp1.1) (&& (== netstandard1.0) (>= netstandard1.3)) (== netstandard1.6) (== netstandard2.0)
      System.IO (>= 4.3) - restriction: || (== netcoreapp1.1) (&& (== netstandard1.0) (>= netstandard1.3)) (== netstandard1.6) (== netstandard2.0)
      System.Runtime (>= 4.3) - restriction: || (== netcoreapp1.1) (&& (== netstandard1.0) (>= netstandard1.3)) (== netstandard1.6) (== netstandard2.0)
      System.Text.Encoding (>= 4.3) - restriction: || (== netcoreapp1.1) (&& (== netstandard1.0) (>= netstandard1.3)) (== netstandard1.6) (== netstandard2.0)
    System.Diagnostics.Debug (4.3) - restriction: || (&& (== net46) (== netstandard2.0)) (&& (== net46) (< net20)) (&& (== net46) (>= netcoreapp1.1)) (&& (== net46) (>= netcoreapp5.0)) (&& (== net46) (>= uap10.0)) (== netcoreapp1.1) (== netstandard1.0) (== netstandard1.6) (&& (== netstandard2.0) (>= netcoreapp1.1)) (&& (== netstandard2.0) (>= netcoreapp5.0)) (&& (== netstandard2.0) (< netstandard1.3)) (&& (== netstandard2.0) (< portable-net45+win8+wpa81)) (&& (== netstandard2.0) (< portable-net451+win81+wpa81))
      Microsoft.NETCore.Platforms (>= 1.1) - restriction: || (&& (== net46) (< net45)) (&& (== net46) (>= netcoreapp5.0)) (== netcoreapp1.1) (== netstandard1.0) (== netstandard1.6) (== netstandard2.0)
      Microsoft.NETCore.Targets (>= 1.1) - restriction: || (&& (== net46) (< net45)) (&& (== net46) (>= netcoreapp5.0)) (== netcoreapp1.1) (== netstandard1.0) (== netstandard1.6) (== netstandard2.0)
      System.Runtime (>= 4.3) - restriction: || (&& (== net46) (< net45)) (&& (== net46) (>= netcoreapp5.0)) (== netcoreapp1.1) (== netstandard1.0) (== netstandard1.6) (== netstandard2.0)
    System.Diagnostics.DiagnosticSource (4.4.1) - restriction: || (&& (== net46) (>= netcoreapp1.1)) (== netcoreapp1.1) (&& (== netstandard1.0) (>= netcoreapp1.1)) (&& (== netstandard1.6) (>= netcoreapp1.1)) (&& (== netstandard2.0) (>= netcoreapp1.1))
      System.Collections (>= 4.3) - restriction: || (&& (== net46) (< net45)) (== netcoreapp1.1) (&& (== netstandard1.0) (>= netstandard1.1)) (&& (== netstandard1.0) (>= netstandard1.3)) (== netstandard1.6) (== netstandard2.0)
      System.Diagnostics.Debug (>= 4.3) - restriction: || (&& (== net46) (< net45)) (== netcoreapp1.1) (&& (== netstandard1.0) (>= netstandard1.3)) (== netstandard1.6) (== netstandard2.0)
      System.Diagnostics.Tracing (>= 4.3) - restriction: || (&& (== net46) (< net45)) (== netcoreapp1.1) (&& (== netstandard1.0) (>= netstandard1.1)) (&& (== netstandard1.0) (>= netstandard1.3)) (== netstandard1.6) (== netstandard2.0)
      System.Reflection (>= 4.3) - restriction: || (&& (== net46) (< net45)) (== netcoreapp1.1) (&& (== netstandard1.0) (>= netstandard1.1)) (&& (== netstandard1.0) (>= netstandard1.3)) (== netstandard1.6) (== netstandard2.0)
      System.Runtime (>= 4.3) - restriction: || (&& (== net46) (< net45)) (== netcoreapp1.1) (&& (== netstandard1.0) (>= netstandard1.1)) (&& (== netstandard1.0) (>= netstandard1.3)) (== netstandard1.6) (== netstandard2.0)
      System.Runtime.Extensions (>= 4.3) - restriction: || (&& (== net46) (< net45)) (== netcoreapp1.1) (&& (== netstandard1.0) (>= netstandard1.3)) (== netstandard1.6) (== netstandard2.0)
      System.Threading (>= 4.3) - restriction: || (&& (== net46) (< net45)) (== netcoreapp1.1) (&& (== netstandard1.0) (>= netstandard1.1)) (&& (== netstandard1.0) (>= netstandard1.3)) (== netstandard1.6) (== netstandard2.0)
    System.Diagnostics.FileVersionInfo (4.3) - restriction: || (&& (== net46) (>= netcoreapp1.0)) (&& (== net46) (>= netcoreapp1.1)) (== netcoreapp1.1) (&& (== netstandard1.0) (>= netcoreapp1.0)) (&& (== netstandard1.0) (>= netcoreapp1.1)) (&& (== netstandard1.6) (>= netcoreapp1.0)) (&& (== netstandard1.6) (>= netcoreapp1.1)) (&& (== netstandard2.0) (>= netcoreapp1.0)) (&& (== netstandard2.0) (>= netcoreapp1.1))
      Microsoft.NETCore.Platforms (>= 1.1) - restriction: || (&& (== net46) (>= netcoreapp5.0)) (== netcoreapp1.1) (&& (== netstandard1.0) (>= netcoreapp5.0)) (&& (== netstandard1.0) (>= netstandard1.3)) (== netstandard1.6) (== netstandard2.0)
      System.Globalization (>= 4.3) - restriction: || (== netcoreapp1.1) (&& (== netstandard1.0) (>= netstandard1.3)) (== netstandard1.6) (== netstandard2.0)
      System.IO (>= 4.3) - restriction: || (&& (== net46) (>= netcoreapp5.0)) (== netcoreapp1.1) (&& (== netstandard1.0) (>= netcoreapp5.0)) (&& (== netstandard1.0) (>= netstandard1.3)) (== netstandard1.6) (== netstandard2.0)
      System.IO.FileSystem (>= 4.3) - restriction: || (&& (== net46) (>= netcoreapp5.0)) (== netcoreapp1.1) (&& (== netstandard1.0) (>= netcoreapp5.0)) (&& (== netstandard1.0) (>= netstandard1.3)) (== netstandard1.6) (== netstandard2.0)
      System.IO.FileSystem.Primitives (>= 4.3) - restriction: || (&& (== net46) (>= netcoreapp5.0)) (== netcoreapp1.1) (&& (== netstandard1.0) (>= netcoreapp5.0)) (&& (== netstandard1.0) (>= netstandard1.3)) (== netstandard1.6) (== netstandard2.0)
      System.Reflection.Metadata (>= 1.4.1) - restriction: || (&& (== net46) (>= netcoreapp5.0)) (== netcoreapp1.1) (&& (== netstandard1.0) (>= netcoreapp5.0)) (&& (== netstandard1.0) (>= netstandard1.3)) (== netstandard1.6) (== netstandard2.0)
      System.Runtime (>= 4.3) - restriction: || (&& (== net46) (>= netcoreapp5.0)) (== netcoreapp1.1) (&& (== netstandard1.0) (>= netcoreapp5.0)) (&& (== netstandard1.0) (>= netstandard1.3)) (== netstandard1.6) (== netstandard2.0)
      System.Runtime.Extensions (>= 4.3) - restriction: || (&& (== net46) (>= netcoreapp5.0)) (== netcoreapp1.1) (&& (== netstandard1.0) (>= netcoreapp5.0)) (&& (== netstandard1.0) (>= netstandard1.3)) (== netstandard1.6) (== netstandard2.0)
      System.Runtime.InteropServices (>= 4.3) - restriction: || (== netcoreapp1.1) (&& (== netstandard1.0) (>= netstandard1.3)) (== netstandard1.6) (== netstandard2.0)
    System.Diagnostics.Process (4.3) - restriction: || (&& (== net46) (>= netcoreapp1.1)) (== netcoreapp1.1) (&& (== netstandard1.0) (>= netcoreapp1.1)) (&& (== netstandard1.6) (>= netcoreapp1.1)) (&& (== netstandard2.0) (>= netcoreapp1.1))
      Microsoft.NETCore.Platforms (>= 1.1) - restriction: || (== netcoreapp1.1) (&& (== netstandard1.0) (>= netstandard1.4)) (== netstandard1.6) (== netstandard2.0)
      Microsoft.Win32.Primitives (>= 4.3) - restriction: || (== netcoreapp1.1) (&& (== netstandard1.0) (>= netstandard1.4)) (== netstandard1.6) (== netstandard2.0)
      Microsoft.Win32.Registry (>= 4.3) - restriction: || (== netcoreapp1.1) (&& (== netstandard1.0) (>= netstandard1.4)) (== netstandard1.6) (== netstandard2.0)
      runtime.native.System (>= 4.3) - restriction: || (== netcoreapp1.1) (&& (== netstandard1.0) (>= netstandard1.4)) (== netstandard1.6) (== netstandard2.0)
      System.Collections (>= 4.3) - restriction: || (== netcoreapp1.1) (&& (== netstandard1.0) (>= netstandard1.4)) (== netstandard1.6) (== netstandard2.0)
      System.Diagnostics.Debug (>= 4.3) - restriction: || (== netcoreapp1.1) (&& (== netstandard1.0) (>= netstandard1.4)) (== netstandard1.6) (== netstandard2.0)
      System.Globalization (>= 4.3) - restriction: || (== netcoreapp1.1) (&& (== netstandard1.0) (>= netstandard1.4)) (== netstandard1.6) (== netstandard2.0)
      System.IO (>= 4.3) - restriction: || (== netcoreapp1.1) (&& (== netstandard1.0) (>= netstandard1.3)) (&& (== netstandard1.0) (>= netstandard1.4)) (== netstandard1.6) (== netstandard2.0)
      System.IO.FileSystem (>= 4.3) - restriction: || (== netcoreapp1.1) (&& (== netstandard1.0) (>= netstandard1.4)) (== netstandard1.6) (== netstandard2.0)
      System.IO.FileSystem.Primitives (>= 4.3) - restriction: || (== netcoreapp1.1) (&& (== netstandard1.0) (>= netstandard1.4)) (== netstandard1.6) (== netstandard2.0)
      System.Resources.ResourceManager (>= 4.3) - restriction: || (== netcoreapp1.1) (&& (== netstandard1.0) (>= netstandard1.4)) (== netstandard1.6) (== netstandard2.0)
      System.Runtime (>= 4.3) - restriction: || (== netcoreapp1.1) (&& (== netstandard1.0) (>= netstandard1.3)) (&& (== netstandard1.0) (>= netstandard1.4)) (== netstandard1.6) (== netstandard2.0)
      System.Runtime.Extensions (>= 4.3) - restriction: || (== netcoreapp1.1) (&& (== netstandard1.0) (>= netstandard1.4)) (== netstandard1.6) (== netstandard2.0)
      System.Runtime.Handles (>= 4.3) - restriction: || (== netcoreapp1.1) (&& (== netstandard1.0) (>= netstandard1.3)) (&& (== netstandard1.0) (>= netstandard1.4)) (== netstandard1.6) (== netstandard2.0)
      System.Runtime.InteropServices (>= 4.3) - restriction: || (== netcoreapp1.1) (&& (== netstandard1.0) (>= netstandard1.4)) (== netstandard1.6) (== netstandard2.0)
      System.Text.Encoding (>= 4.3) - restriction: || (== netcoreapp1.1) (&& (== netstandard1.0) (>= netstandard1.3)) (&& (== netstandard1.0) (>= netstandard1.4)) (== netstandard1.6) (== netstandard2.0)
      System.Text.Encoding.Extensions (>= 4.3) - restriction: || (== netcoreapp1.1) (&& (== netstandard1.0) (>= netstandard1.4)) (== netstandard1.6) (== netstandard2.0)
      System.Threading (>= 4.3) - restriction: || (== netcoreapp1.1) (&& (== netstandard1.0) (>= netstandard1.4)) (== netstandard1.6) (== netstandard2.0)
      System.Threading.Tasks (>= 4.3) - restriction: || (== netcoreapp1.1) (&& (== netstandard1.0) (>= netstandard1.4)) (== netstandard1.6) (== netstandard2.0)
      System.Threading.Thread (>= 4.3) - restriction: || (== netcoreapp1.1) (&& (== netstandard1.0) (>= netstandard1.4)) (== netstandard1.6) (== netstandard2.0)
      System.Threading.ThreadPool (>= 4.3) - restriction: || (== netcoreapp1.1) (&& (== netstandard1.0) (>= netstandard1.4)) (== netstandard1.6) (== netstandard2.0)
    System.Diagnostics.StackTrace (4.3) - restriction: || (&& (== net46) (>= netcoreapp1.0)) (&& (== net46) (>= netcoreapp1.1)) (== netcoreapp1.1) (&& (== netstandard1.0) (>= netcoreapp1.0)) (&& (== netstandard1.0) (>= netcoreapp1.1)) (&& (== netstandard1.6) (>= netcoreapp1.0)) (&& (== netstandard1.6) (>= netcoreapp1.1)) (&& (== netstandard2.0) (>= netcoreapp1.0)) (&& (== netstandard2.0) (>= netcoreapp1.1))
      System.IO.FileSystem (>= 4.3) - restriction: || (== netcoreapp1.1) (&& (== netstandard1.0) (>= netstandard1.3)) (== netstandard1.6) (== netstandard2.0)
      System.Reflection (>= 4.3) - restriction: || (== netcoreapp1.1) (&& (== netstandard1.0) (>= netstandard1.3)) (== netstandard1.6) (== netstandard2.0)
      System.Reflection.Metadata (>= 1.4.1) - restriction: || (== netcoreapp1.1) (&& (== netstandard1.0) (>= netstandard1.3)) (== netstandard1.6) (== netstandard2.0)
      System.Runtime (>= 4.3) - restriction: || (== netcoreapp1.1) (&& (== netstandard1.0) (>= netstandard1.3)) (== netstandard1.6) (== netstandard2.0)
    System.Diagnostics.Tools (4.3) - restriction: || (&& (== net46) (== netstandard2.0)) (&& (== net46) (< net20)) (&& (== net46) (>= netcoreapp1.0)) (&& (== net46) (>= netcoreapp1.1)) (&& (== net46) (>= netcoreapp5.0)) (&& (== net46) (>= uap10.0)) (== netcoreapp1.1) (== netstandard1.0) (== netstandard1.6) (&& (== netstandard2.0) (>= netcoreapp1.0)) (&& (== netstandard2.0) (>= netcoreapp1.1)) (&& (== netstandard2.0) (< netstandard1.3)) (&& (== netstandard2.0) (< portable-net45+win8+wpa81)) (&& (== netstandard2.0) (< portable-net451+win81+wpa81))
      Microsoft.NETCore.Platforms (>= 1.1) - restriction: || (&& (== net46) (< net45)) (&& (== net46) (>= netcoreapp5.0)) (== netcoreapp1.1) (== netstandard1.0) (== netstandard1.6) (== netstandard2.0)
      Microsoft.NETCore.Targets (>= 1.1) - restriction: || (&& (== net46) (< net45)) (&& (== net46) (>= netcoreapp5.0)) (== netcoreapp1.1) (== netstandard1.0) (== netstandard1.6) (== netstandard2.0)
      System.Runtime (>= 4.3) - restriction: || (&& (== net46) (< net45)) (&& (== net46) (>= netcoreapp5.0)) (== netcoreapp1.1) (== netstandard1.0) (== netstandard1.6) (== netstandard2.0)
    System.Diagnostics.Tracing (4.3) - restriction: || (&& (== net46) (== netstandard1.0)) (&& (== net46) (== netstandard2.0)) (&& (== net46) (< net20)) (&& (== net46) (>= netcoreapp1.1)) (&& (== net46) (>= netcoreapp5.0)) (&& (== net46) (>= uap10.0)) (== netcoreapp1.1) (&& (== netstandard1.0) (== netstandard2.0)) (&& (== netstandard1.0) (>= netcoreapp1.1)) (&& (== netstandard1.0) (>= netcoreapp5.0)) (&& (== netstandard1.0) (>= netstandard1.1)) (&& (== netstandard1.0) (>= netstandard1.2)) (&& (== netstandard1.0) (>= netstandard1.3)) (&& (== netstandard1.0) (>= netstandard1.4)) (&& (== netstandard1.0) (>= netstandard1.5)) (&& (== netstandard1.0) (>= netstandard1.6)) (&& (== netstandard1.0) (>= uap10.0)) (== netstandard1.6) (&& (== netstandard2.0) (>= netcoreapp1.1)) (&& (== netstandard2.0) (>= netcoreapp5.0)) (&& (== netstandard2.0) (< netstandard1.3)) (&& (== netstandard2.0) (< portable-net451+win81+wpa81))
      Microsoft.NETCore.Platforms (>= 1.1) - restriction: || (&& (== net46) (< net45)) (&& (== net46) (>= netcoreapp5.0)) (== netcoreapp1.1) (&& (== netstandard1.0) (>= netcoreapp5.0)) (&& (== netstandard1.0) (>= netstandard1.1)) (&& (== netstandard1.0) (>= netstandard1.2)) (&& (== netstandard1.0) (>= netstandard1.3)) (&& (== netstandard1.0) (>= netstandard1.5)) (== netstandard1.6) (== netstandard2.0)
      Microsoft.NETCore.Targets (>= 1.1) - restriction: || (&& (== net46) (< net45)) (&& (== net46) (>= netcoreapp5.0)) (== netcoreapp1.1) (&& (== netstandard1.0) (>= netcoreapp5.0)) (&& (== netstandard1.0) (>= netstandard1.1)) (&& (== netstandard1.0) (>= netstandard1.2)) (&& (== netstandard1.0) (>= netstandard1.3)) (&& (== netstandard1.0) (>= netstandard1.5)) (== netstandard1.6) (== netstandard2.0)
      System.Runtime (>= 4.3) - restriction: || (&& (== net46) (< net45)) (&& (== net46) (>= netcoreapp5.0)) (== netcoreapp1.1) (&& (== netstandard1.0) (>= netcoreapp5.0)) (&& (== netstandard1.0) (>= netstandard1.1)) (&& (== netstandard1.0) (>= netstandard1.2)) (&& (== netstandard1.0) (>= netstandard1.3)) (&& (== netstandard1.0) (>= netstandard1.5)) (== netstandard1.6) (== netstandard2.0)
    System.Dynamic.Runtime (4.3) - restriction: || (&& (== net46) (== netstandard2.0)) (&& (== net46) (< net20)) (&& (== net46) (>= netcoreapp1.1)) (&& (== net46) (>= netcoreapp5.0)) (== netcoreapp1.1) (== netstandard1.0) (== netstandard1.6) (&& (== netstandard2.0) (>= netcoreapp1.1)) (&& (== netstandard2.0) (< netstandard1.3))
      System.Collections (>= 4.3) - restriction: || (&& (== net46) (< net45)) (&& (== net46) (>= netcoreapp5.0)) (== netcoreapp1.1) (&& (== netstandard1.0) (>= netcoreapp5.0)) (&& (== netstandard1.0) (>= netstandard1.3)) (== netstandard1.6) (== netstandard2.0)
      System.Diagnostics.Debug (>= 4.3) - restriction: || (&& (== net46) (< net45)) (&& (== net46) (>= netcoreapp5.0)) (== netcoreapp1.1) (&& (== netstandard1.0) (>= netcoreapp5.0)) (&& (== netstandard1.0) (>= netstandard1.3)) (== netstandard1.6) (== netstandard2.0)
      System.Linq (>= 4.3) - restriction: || (&& (== net46) (< net45)) (&& (== net46) (>= netcoreapp5.0)) (== netcoreapp1.1) (&& (== netstandard1.0) (>= netcoreapp5.0)) (&& (== netstandard1.0) (>= netstandard1.3)) (== netstandard1.6) (== netstandard2.0)
      System.Linq.Expressions (>= 4.3) - restriction: || (&& (== net46) (< net45)) (&& (== net46) (>= netcoreapp5.0)) (== netcoreapp1.1) (== netstandard1.0) (== netstandard1.6) (== netstandard2.0)
      System.ObjectModel (>= 4.3) - restriction: || (&& (== net46) (< net45)) (&& (== net46) (>= netcoreapp5.0)) (== netcoreapp1.1) (== netstandard1.0) (== netstandard1.6) (== netstandard2.0)
      System.Reflection (>= 4.3) - restriction: || (&& (== net46) (< net45)) (&& (== net46) (>= netcoreapp5.0)) (== netcoreapp1.1) (== netstandard1.0) (== netstandard1.6) (== netstandard2.0)
      System.Reflection.Emit (>= 4.3) - restriction: || (&& (== net46) (< net45)) (== netcoreapp1.1) (&& (== netstandard1.0) (>= netstandard1.3)) (== netstandard1.6) (== netstandard2.0)
      System.Reflection.Emit.ILGeneration (>= 4.3) - restriction: || (&& (== net46) (< net45)) (== netcoreapp1.1) (&& (== netstandard1.0) (>= netstandard1.3)) (== netstandard1.6) (== netstandard2.0)
      System.Reflection.Primitives (>= 4.3) - restriction: || (&& (== net46) (< net45)) (== netcoreapp1.1) (&& (== netstandard1.0) (>= netstandard1.3)) (== netstandard1.6) (== netstandard2.0)
      System.Reflection.TypeExtensions (>= 4.3) - restriction: || (&& (== net46) (< net45)) (&& (== net46) (>= netcoreapp5.0)) (== netcoreapp1.1) (&& (== netstandard1.0) (>= netcoreapp5.0)) (&& (== netstandard1.0) (>= netstandard1.3)) (== netstandard1.6) (== netstandard2.0)
      System.Resources.ResourceManager (>= 4.3) - restriction: || (&& (== net46) (< net45)) (&& (== net46) (>= netcoreapp5.0)) (== netcoreapp1.1) (&& (== netstandard1.0) (>= netcoreapp5.0)) (&& (== netstandard1.0) (>= netstandard1.3)) (== netstandard1.6) (== netstandard2.0)
      System.Runtime (>= 4.3) - restriction: || (&& (== net46) (< net45)) (&& (== net46) (>= netcoreapp5.0)) (== netcoreapp1.1) (== netstandard1.0) (== netstandard1.6) (== netstandard2.0)
      System.Runtime.Extensions (>= 4.3) - restriction: || (&& (== net46) (< net45)) (&& (== net46) (>= netcoreapp5.0)) (== netcoreapp1.1) (&& (== netstandard1.0) (>= netcoreapp5.0)) (&& (== netstandard1.0) (>= netstandard1.3)) (== netstandard1.6) (== netstandard2.0)
      System.Threading (>= 4.3) - restriction: || (&& (== net46) (< net45)) (&& (== net46) (>= netcoreapp5.0)) (== netcoreapp1.1) (&& (== netstandard1.0) (>= netcoreapp5.0)) (&& (== netstandard1.0) (>= netstandard1.3)) (== netstandard1.6) (== netstandard2.0)
    System.Globalization (4.3) - restriction: || (&& (== net46) (== netstandard2.0)) (&& (== net46) (< net20)) (&& (== net46) (>= netcoreapp1.1)) (&& (== net46) (>= netcoreapp5.0)) (&& (== net46) (>= netstandard1.6) (>= uap10.0)) (== netcoreapp1.1) (== netstandard1.0) (== netstandard1.6) (&& (== netstandard2.0) (>= netcoreapp1.1)) (&& (== netstandard2.0) (>= netcoreapp5.0)) (&& (== netstandard2.0) (< netstandard1.3)) (&& (== netstandard2.0) (< portable-net45+win8+wpa81)) (&& (== netstandard2.0) (< portable-net451+win81+wpa81))
      Microsoft.NETCore.Platforms (>= 1.1) - restriction: || (&& (== net46) (< net45)) (&& (== net46) (>= netcoreapp5.0)) (== netcoreapp1.1) (== netstandard1.0) (== netstandard1.6) (== netstandard2.0)
      Microsoft.NETCore.Targets (>= 1.1) - restriction: || (&& (== net46) (< net45)) (&& (== net46) (>= netcoreapp5.0)) (== netcoreapp1.1) (== netstandard1.0) (== netstandard1.6) (== netstandard2.0)
      System.Runtime (>= 4.3) - restriction: || (&& (== net46) (< net45)) (&& (== net46) (>= netcoreapp5.0)) (== netcoreapp1.1) (== netstandard1.0) (== netstandard1.6) (== netstandard2.0)
    System.Globalization.Calendars (4.3) - restriction: || (&& (== net46) (== netstandard1.0)) (&& (== net46) (== netstandard2.0)) (&& (== net46) (< net20)) (&& (== net46) (>= netcoreapp1.1)) (&& (== net46) (>= netcoreapp5.0)) (&& (== net46) (>= uap10.0)) (== netcoreapp1.1) (&& (== netstandard1.0) (== netstandard2.0)) (&& (== netstandard1.0) (>= net46)) (&& (== netstandard1.0) (>= netcoreapp1.1)) (&& (== netstandard1.0) (>= netcoreapp5.0)) (&& (== netstandard1.0) (>= netstandard1.3)) (&& (== netstandard1.0) (>= netstandard1.4)) (&& (== netstandard1.0) (>= netstandard1.5)) (&& (== netstandard1.0) (>= netstandard1.6)) (&& (== netstandard1.0) (>= uap10.0)) (== netstandard1.6) (&& (== netstandard2.0) (>= netcoreapp1.1)) (&& (== netstandard2.0) (>= netcoreapp5.0)) (&& (== netstandard2.0) (< netstandard1.3))
      Microsoft.NETCore.Platforms (>= 1.1) - restriction: || (== netcoreapp1.1) (&& (== netstandard1.0) (>= netstandard1.3)) (== netstandard1.6) (== netstandard2.0)
      Microsoft.NETCore.Targets (>= 1.1) - restriction: || (== netcoreapp1.1) (&& (== netstandard1.0) (>= netstandard1.3)) (== netstandard1.6) (== netstandard2.0)
      System.Globalization (>= 4.3) - restriction: || (== netcoreapp1.1) (&& (== netstandard1.0) (>= netstandard1.3)) (== netstandard1.6) (== netstandard2.0)
      System.Runtime (>= 4.3) - restriction: || (== netcoreapp1.1) (&& (== netstandard1.0) (>= netstandard1.3)) (== netstandard1.6) (== netstandard2.0)
    System.Globalization.Extensions (4.3) - restriction: || (&& (== net46) (== netstandard2.0)) (&& (== net46) (< net20) (>= netstandard1.5)) (&& (== net46) (>= netcoreapp1.1)) (== netcoreapp1.1) (&& (== netstandard1.0) (== netstandard2.0)) (&& (== netstandard1.0) (>= netcoreapp1.1)) (&& (== netstandard1.0) (>= netstandard1.5)) (== netstandard1.6) (&& (== netstandard2.0) (>= netcoreapp1.1)) (&& (== netstandard2.0) (< netstandard1.3))
      Microsoft.NETCore.Platforms (>= 1.1) - restriction: || (== netcoreapp1.1) (&& (== netstandard1.0) (>= netstandard1.3)) (== netstandard1.6) (== netstandard2.0)
      System.Globalization (>= 4.3) - restriction: || (== netcoreapp1.1) (&& (== netstandard1.0) (>= netstandard1.3)) (== netstandard1.6) (== netstandard2.0)
      System.Resources.ResourceManager (>= 4.3) - restriction: || (== netcoreapp1.1) (&& (== netstandard1.0) (>= netstandard1.3)) (== netstandard1.6) (== netstandard2.0)
      System.Runtime (>= 4.3) - restriction: || (== netcoreapp1.1) (&& (== netstandard1.0) (>= netstandard1.3)) (== netstandard1.6) (== netstandard2.0)
      System.Runtime.Extensions (>= 4.3) - restriction: || (== netcoreapp1.1) (&& (== netstandard1.0) (>= netstandard1.3)) (== netstandard1.6) (== netstandard2.0)
      System.Runtime.InteropServices (>= 4.3) - restriction: || (== netcoreapp1.1) (&& (== netstandard1.0) (>= netstandard1.3)) (== netstandard1.6) (== netstandard2.0)
    System.IO (4.3) - restriction: || (&& (== net46) (== netstandard2.0)) (&& (== net46) (< net20)) (&& (== net46) (>= netcoreapp1.1)) (&& (== net46) (>= netcoreapp5.0)) (&& (== net46) (>= uap10.0)) (== netcoreapp1.1) (== netstandard1.0) (== netstandard1.6) (&& (== netstandard2.0) (>= netcoreapp1.1)) (&& (== netstandard2.0) (>= netcoreapp5.0)) (&& (== netstandard2.0) (< netstandard1.3)) (&& (== netstandard2.0) (< portable-net45+win8+wpa81)) (&& (== netstandard2.0) (< portable-net451+win81+wpa81))
      Microsoft.NETCore.Platforms (>= 1.1) - restriction: || (&& (== net46) (< net45)) (&& (== net46) (>= netcoreapp5.0)) (== netcoreapp1.1) (== netstandard1.0) (== netstandard1.6) (== netstandard2.0)
      Microsoft.NETCore.Targets (>= 1.1) - restriction: || (&& (== net46) (< net45)) (&& (== net46) (>= netcoreapp5.0)) (== netcoreapp1.1) (== netstandard1.0) (== netstandard1.6) (== netstandard2.0)
      System.Runtime (>= 4.3) - restriction: || (&& (== net46) (< net45)) (&& (== net46) (>= netcoreapp5.0)) (== netcoreapp1.1) (== netstandard1.0) (== netstandard1.6) (== netstandard2.0)
      System.Text.Encoding (>= 4.3) - restriction: || (&& (== net46) (< net45)) (&& (== net46) (>= netcoreapp5.0)) (== netcoreapp1.1) (== netstandard1.0) (== netstandard1.6) (== netstandard2.0)
      System.Threading.Tasks (>= 4.3) - restriction: || (&& (== net46) (< net45)) (&& (== net46) (>= netcoreapp5.0)) (== netcoreapp1.1) (== netstandard1.0) (== netstandard1.6) (== netstandard2.0)
    System.IO.Compression (4.3) - restriction: || (&& (== net46) (== netstandard1.0)) (&& (== net46) (== netstandard2.0)) (&& (== net46) (< net20)) (&& (== net46) (>= netcoreapp1.0)) (&& (== net46) (>= netcoreapp1.1)) (&& (== net46) (>= uap10.0)) (== netcoreapp1.1) (&& (== netstandard1.0) (== netstandard2.0)) (&& (== netstandard1.0) (>= net46)) (&& (== netstandard1.0) (>= netcoreapp1.0)) (&& (== netstandard1.0) (>= netcoreapp1.1)) (&& (== netstandard1.0) (>= netstandard1.1)) (&& (== netstandard1.0) (>= netstandard1.2)) (&& (== netstandard1.0) (>= netstandard1.3)) (&& (== netstandard1.0) (>= netstandard1.4)) (&& (== netstandard1.0) (>= netstandard1.5)) (&& (== netstandard1.0) (>= netstandard1.6)) (&& (== netstandard1.0) (>= uap10.0)) (== netstandard1.6) (&& (== netstandard2.0) (>= netcoreapp1.0)) (&& (== netstandard2.0) (>= netcoreapp1.1)) (&& (== netstandard2.0) (< netstandard1.3)) (&& (== netstandard2.0) (< portable-net451+win81+wpa81))
      Microsoft.NETCore.Platforms (>= 1.1) - restriction: || (&& (== net46) (< net45)) (== netcoreapp1.1) (&& (== netstandard1.0) (>= netstandard1.3)) (== netstandard1.6) (== netstandard2.0)
      runtime.native.System (>= 4.3) - restriction: || (&& (== net46) (< net45)) (== netcoreapp1.1) (&& (== netstandard1.0) (>= netstandard1.3)) (== netstandard1.6) (== netstandard2.0)
      runtime.native.System.IO.Compression (>= 4.3) - restriction: || (&& (== net46) (< net45)) (&& (== net46) (>= netcoreapp5.0)) (== netcoreapp1.1) (&& (== netstandard1.0) (>= netcoreapp5.0)) (&& (== netstandard1.0) (>= netstandard1.3)) (== netstandard1.6) (== netstandard2.0)
      System.Buffers (>= 4.3) - restriction: || (&& (== net46) (< net45)) (&& (== net46) (>= netcoreapp5.0)) (== netcoreapp1.1) (&& (== netstandard1.0) (>= netcoreapp5.0)) (&& (== netstandard1.0) (>= netstandard1.3)) (== netstandard1.6) (== netstandard2.0)
      System.Collections (>= 4.3) - restriction: || (&& (== net46) (< net45)) (&& (== net46) (>= netcoreapp5.0)) (== netcoreapp1.1) (&& (== netstandard1.0) (>= netcoreapp5.0)) (&& (== netstandard1.0) (>= netstandard1.3)) (== netstandard1.6) (== netstandard2.0)
      System.Diagnostics.Debug (>= 4.3) - restriction: || (&& (== net46) (< net45)) (&& (== net46) (>= netcoreapp5.0)) (== netcoreapp1.1) (&& (== netstandard1.0) (>= netcoreapp5.0)) (&& (== netstandard1.0) (>= netstandard1.3)) (== netstandard1.6) (== netstandard2.0)
      System.IO (>= 4.3) - restriction: || (&& (== net46) (< net45)) (&& (== net46) (>= netcoreapp5.0)) (== netcoreapp1.1) (&& (== netstandard1.0) (>= netcoreapp5.0)) (&& (== netstandard1.0) (>= netstandard1.1)) (&& (== netstandard1.0) (>= netstandard1.3)) (== netstandard1.6) (== netstandard2.0)
      System.Resources.ResourceManager (>= 4.3) - restriction: || (&& (== net46) (< net45)) (&& (== net46) (>= netcoreapp5.0)) (== netcoreapp1.1) (&& (== netstandard1.0) (>= netcoreapp5.0)) (&& (== netstandard1.0) (>= netstandard1.3)) (== netstandard1.6) (== netstandard2.0)
      System.Runtime (>= 4.3) - restriction: || (&& (== net46) (< net45)) (&& (== net46) (>= netcoreapp5.0)) (== netcoreapp1.1) (&& (== netstandard1.0) (>= netcoreapp5.0)) (&& (== netstandard1.0) (>= netstandard1.1)) (&& (== netstandard1.0) (>= netstandard1.3)) (== netstandard1.6) (== netstandard2.0)
      System.Runtime.Extensions (>= 4.3) - restriction: || (&& (== net46) (< net45)) (&& (== net46) (>= netcoreapp5.0)) (== netcoreapp1.1) (&& (== netstandard1.0) (>= netcoreapp5.0)) (&& (== netstandard1.0) (>= netstandard1.3)) (== netstandard1.6) (== netstandard2.0)
      System.Runtime.Handles (>= 4.3) - restriction: || (&& (== net46) (< net45)) (&& (== net46) (>= netcoreapp5.0)) (== netcoreapp1.1) (&& (== netstandard1.0) (>= netcoreapp5.0)) (&& (== netstandard1.0) (>= netstandard1.3)) (== netstandard1.6) (== netstandard2.0)
      System.Runtime.InteropServices (>= 4.3) - restriction: || (&& (== net46) (< net45)) (&& (== net46) (>= netcoreapp5.0)) (== netcoreapp1.1) (&& (== netstandard1.0) (>= netcoreapp5.0)) (&& (== netstandard1.0) (>= netstandard1.3)) (== netstandard1.6) (== netstandard2.0)
      System.Text.Encoding (>= 4.3) - restriction: || (&& (== net46) (< net45)) (&& (== net46) (>= netcoreapp5.0)) (== netcoreapp1.1) (&& (== netstandard1.0) (>= netcoreapp5.0)) (&& (== netstandard1.0) (>= netstandard1.1)) (&& (== netstandard1.0) (>= netstandard1.3)) (== netstandard1.6) (== netstandard2.0)
      System.Threading (>= 4.3) - restriction: || (&& (== net46) (< net45)) (&& (== net46) (>= netcoreapp5.0)) (== netcoreapp1.1) (&& (== netstandard1.0) (>= netcoreapp5.0)) (&& (== netstandard1.0) (>= netstandard1.3)) (== netstandard1.6) (== netstandard2.0)
      System.Threading.Tasks (>= 4.3) - restriction: || (&& (== net46) (< net45)) (&& (== net46) (>= netcoreapp5.0)) (== netcoreapp1.1) (&& (== netstandard1.0) (>= netcoreapp5.0)) (&& (== netstandard1.0) (>= netstandard1.3)) (== netstandard1.6) (== netstandard2.0)
    System.IO.Compression.ZipFile (4.3) - restriction: || (&& (== net46) (== netstandard1.0)) (&& (== net46) (== netstandard2.0)) (&& (== net46) (< net20)) (&& (== net46) (>= uap10.0)) (== netcoreapp1.1) (&& (== netstandard1.0) (== netstandard2.0)) (&& (== netstandard1.0) (>= net46)) (&& (== netstandard1.0) (>= netstandard1.3)) (&& (== netstandard1.0) (>= netstandard1.4)) (&& (== netstandard1.0) (>= netstandard1.5)) (&& (== netstandard1.0) (>= netstandard1.6)) (&& (== netstandard1.0) (>= uap10.0)) (== netstandard1.6) (&& (== netstandard2.0) (< netstandard1.3))
      System.Buffers (>= 4.3) - restriction: || (== netcoreapp1.1) (&& (== netstandard1.0) (>= netstandard1.3)) (== netstandard1.6) (== netstandard2.0)
      System.IO (>= 4.3) - restriction: || (== netcoreapp1.1) (&& (== netstandard1.0) (>= netstandard1.3)) (== netstandard1.6) (== netstandard2.0)
      System.IO.Compression (>= 4.3) - restriction: || (== netcoreapp1.1) (&& (== netstandard1.0) (>= netstandard1.3)) (== netstandard1.6) (== netstandard2.0)
      System.IO.FileSystem (>= 4.3) - restriction: || (== netcoreapp1.1) (&& (== netstandard1.0) (>= netstandard1.3)) (== netstandard1.6) (== netstandard2.0)
      System.IO.FileSystem.Primitives (>= 4.3) - restriction: || (== netcoreapp1.1) (&& (== netstandard1.0) (>= netstandard1.3)) (== netstandard1.6) (== netstandard2.0)
      System.Resources.ResourceManager (>= 4.3) - restriction: || (== netcoreapp1.1) (&& (== netstandard1.0) (>= netstandard1.3)) (== netstandard1.6) (== netstandard2.0)
      System.Runtime (>= 4.3) - restriction: || (== netcoreapp1.1) (&& (== netstandard1.0) (>= netstandard1.3)) (== netstandard1.6) (== netstandard2.0)
      System.Runtime.Extensions (>= 4.3) - restriction: || (== netcoreapp1.1) (&& (== netstandard1.0) (>= netstandard1.3)) (== netstandard1.6) (== netstandard2.0)
      System.Text.Encoding (>= 4.3) - restriction: || (== netcoreapp1.1) (&& (== netstandard1.0) (>= netstandard1.3)) (== netstandard1.6) (== netstandard2.0)
    System.IO.FileSystem (4.3) - restriction: || (&& (== net46) (== netstandard1.0)) (&& (== net46) (== netstandard2.0)) (&& (== net46) (< net20)) (&& (== net46) (>= netcoreapp1.1)) (&& (== net46) (>= uap10.0)) (== netcoreapp1.1) (&& (== netstandard1.0) (== netstandard2.0)) (&& (== netstandard1.0) (>= net46)) (&& (== netstandard1.0) (>= netcoreapp1.1)) (&& (== netstandard1.0) (>= netstandard1.3)) (&& (== netstandard1.0) (>= netstandard1.4)) (&& (== netstandard1.0) (>= netstandard1.5)) (&& (== netstandard1.0) (>= netstandard1.6)) (&& (== netstandard1.0) (>= uap10.0)) (== netstandard1.6) (&& (== netstandard2.0) (>= netcoreapp1.1)) (&& (== netstandard2.0) (< netstandard1.3))
      Microsoft.NETCore.Platforms (>= 1.1) - restriction: || (== netcoreapp1.1) (&& (== netstandard1.0) (>= netstandard1.3)) (== netstandard1.6) (== netstandard2.0)
      Microsoft.NETCore.Targets (>= 1.1) - restriction: || (== netcoreapp1.1) (&& (== netstandard1.0) (>= netstandard1.3)) (== netstandard1.6) (== netstandard2.0)
      System.IO (>= 4.3) - restriction: || (== netcoreapp1.1) (&& (== netstandard1.0) (>= netstandard1.3)) (== netstandard1.6) (== netstandard2.0)
      System.IO.FileSystem.Primitives (>= 4.3) - restriction: || (== net46) (== netcoreapp1.1) (&& (== netstandard1.0) (>= net46)) (&& (== netstandard1.0) (>= netstandard1.3)) (== netstandard1.6) (== netstandard2.0)
      System.Runtime (>= 4.3) - restriction: || (== netcoreapp1.1) (&& (== netstandard1.0) (>= netstandard1.3)) (== netstandard1.6) (== netstandard2.0)
      System.Runtime.Handles (>= 4.3) - restriction: || (== netcoreapp1.1) (&& (== netstandard1.0) (>= netstandard1.3)) (== netstandard1.6) (== netstandard2.0)
      System.Text.Encoding (>= 4.3) - restriction: || (== netcoreapp1.1) (&& (== netstandard1.0) (>= netstandard1.3)) (== netstandard1.6) (== netstandard2.0)
      System.Threading.Tasks (>= 4.3) - restriction: || (== netcoreapp1.1) (&& (== netstandard1.0) (>= netstandard1.3)) (== netstandard1.6) (== netstandard2.0)
    System.IO.FileSystem.Primitives (4.3) - restriction: || (&& (== net46) (== netstandard1.0)) (&& (== net46) (== netstandard2.0)) (&& (== net46) (< net20)) (&& (== net46) (>= netcoreapp1.1)) (&& (== net46) (>= uap10.0)) (== netcoreapp1.1) (&& (== netstandard1.0) (== netstandard2.0)) (&& (== netstandard1.0) (>= net46)) (&& (== netstandard1.0) (>= netcoreapp1.1)) (&& (== netstandard1.0) (>= netstandard1.3)) (&& (== netstandard1.0) (>= netstandard1.4)) (&& (== netstandard1.0) (>= netstandard1.5)) (&& (== netstandard1.0) (>= netstandard1.6)) (&& (== netstandard1.0) (>= uap10.0)) (== netstandard1.6) (&& (== netstandard2.0) (>= netcoreapp1.1)) (&& (== netstandard2.0) (< netstandard1.3))
      System.Runtime (>= 4.3) - restriction: || (== netcoreapp1.1) (&& (== netstandard1.0) (>= netstandard1.3)) (== netstandard1.6) (== netstandard2.0)
    System.IO.FileSystem.Watcher (4.3) - restriction: || (&& (== net46) (>= netcoreapp1.1)) (== netcoreapp1.1) (&& (== netstandard1.0) (>= netcoreapp1.1)) (&& (== netstandard1.6) (>= netcoreapp1.1)) (&& (== netstandard2.0) (>= netcoreapp1.1))
      Microsoft.NETCore.Platforms (>= 1.1) - restriction: || (== netcoreapp1.1) (&& (== netstandard1.0) (>= netstandard1.3)) (== netstandard1.6) (== netstandard2.0)
      Microsoft.Win32.Primitives (>= 4.3) - restriction: || (== netcoreapp1.1) (&& (== netstandard1.0) (>= netstandard1.3)) (== netstandard1.6) (== netstandard2.0)
      runtime.native.System (>= 4.3) - restriction: || (== netcoreapp1.1) (&& (== netstandard1.0) (>= netstandard1.3)) (== netstandard1.6) (== netstandard2.0)
      System.Collections (>= 4.3) - restriction: || (== netcoreapp1.1) (&& (== netstandard1.0) (>= netstandard1.3)) (== netstandard1.6) (== netstandard2.0)
      System.IO.FileSystem (>= 4.3) - restriction: || (== netcoreapp1.1) (&& (== netstandard1.0) (>= netstandard1.3)) (== netstandard1.6) (== netstandard2.0)
      System.IO.FileSystem.Primitives (>= 4.3) - restriction: || (== netcoreapp1.1) (&& (== netstandard1.0) (>= netstandard1.3)) (== netstandard1.6) (== netstandard2.0)
      System.Resources.ResourceManager (>= 4.3) - restriction: || (== netcoreapp1.1) (&& (== netstandard1.0) (>= netstandard1.3)) (== netstandard1.6) (== netstandard2.0)
      System.Runtime (>= 4.3) - restriction: || (== netcoreapp1.1) (&& (== netstandard1.0) (>= netstandard1.3)) (== netstandard1.6) (== netstandard2.0)
      System.Runtime.Extensions (>= 4.3) - restriction: || (== netcoreapp1.1) (&& (== netstandard1.0) (>= netstandard1.3)) (== netstandard1.6) (== netstandard2.0)
      System.Runtime.Handles (>= 4.3) - restriction: || (== netcoreapp1.1) (&& (== netstandard1.0) (>= netstandard1.3)) (== netstandard1.6) (== netstandard2.0)
      System.Runtime.InteropServices (>= 4.3) - restriction: || (== netcoreapp1.1) (&& (== netstandard1.0) (>= netstandard1.3)) (== netstandard1.6) (== netstandard2.0)
      System.Text.Encoding (>= 4.3) - restriction: || (== netcoreapp1.1) (&& (== netstandard1.0) (>= netstandard1.3)) (== netstandard1.6) (== netstandard2.0)
      System.Threading (>= 4.3) - restriction: || (== netcoreapp1.1) (&& (== netstandard1.0) (>= netstandard1.3)) (== netstandard1.6) (== netstandard2.0)
      System.Threading.Overlapped (>= 4.3) - restriction: || (== netcoreapp1.1) (&& (== netstandard1.0) (>= netstandard1.3)) (== netstandard1.6) (== netstandard2.0)
      System.Threading.Tasks (>= 4.3) - restriction: || (== netcoreapp1.1) (&& (== netstandard1.0) (>= netstandard1.3)) (== netstandard1.6) (== netstandard2.0)
      System.Threading.Thread (>= 4.3) - restriction: || (== netcoreapp1.1) (&& (== netstandard1.0) (>= netstandard1.3)) (== netstandard1.6) (== netstandard2.0)
    System.IO.MemoryMappedFiles (4.3) - restriction: || (&& (== net46) (>= netcoreapp1.1)) (== netcoreapp1.1) (&& (== netstandard1.0) (>= netcoreapp1.1)) (&& (== netstandard1.6) (>= netcoreapp1.1)) (&& (== netstandard2.0) (>= netcoreapp1.1))
      Microsoft.NETCore.Platforms (>= 1.1) - restriction: || (&& (== net46) (>= netcoreapp5.0)) (== netcoreapp1.1) (&& (== netstandard1.0) (>= netcoreapp5.0)) (&& (== netstandard1.0) (>= netstandard1.3)) (== netstandard1.6) (== netstandard2.0)
      runtime.native.System (>= 4.3) - restriction: || (== netcoreapp1.1) (&& (== netstandard1.0) (>= netstandard1.3)) (== netstandard1.6) (== netstandard2.0)
      System.IO (>= 4.3) - restriction: || (&& (== net46) (>= netcoreapp5.0)) (== netcoreapp1.1) (&& (== netstandard1.0) (>= netcoreapp5.0)) (&& (== netstandard1.0) (>= netstandard1.3)) (== netstandard1.6) (== netstandard2.0)
      System.IO.FileSystem (>= 4.3) - restriction: || (== net46) (== netcoreapp1.1) (&& (== netstandard1.0) (>= net46)) (&& (== netstandard1.0) (>= netcoreapp5.0)) (&& (== netstandard1.0) (>= netstandard1.3)) (== netstandard1.6) (== netstandard2.0)
      System.IO.FileSystem.Primitives (>= 4.3) - restriction: || (== net46) (== netcoreapp1.1) (&& (== netstandard1.0) (>= net46)) (&& (== netstandard1.0) (>= netcoreapp5.0)) (&& (== netstandard1.0) (>= netstandard1.3)) (== netstandard1.6) (== netstandard2.0)
      System.IO.UnmanagedMemoryStream (>= 4.3) - restriction: || (== net46) (== netcoreapp1.1) (&& (== netstandard1.0) (>= net46)) (&& (== netstandard1.0) (>= netcoreapp5.0)) (&& (== netstandard1.0) (>= netstandard1.3)) (== netstandard1.6) (== netstandard2.0)
      System.Resources.ResourceManager (>= 4.3) - restriction: || (&& (== net46) (>= netcoreapp5.0)) (== netcoreapp1.1) (&& (== netstandard1.0) (>= netcoreapp5.0)) (&& (== netstandard1.0) (>= netstandard1.3)) (== netstandard1.6) (== netstandard2.0)
      System.Runtime (>= 4.3) - restriction: || (&& (== net46) (>= netcoreapp5.0)) (== netcoreapp1.1) (&& (== netstandard1.0) (>= netcoreapp5.0)) (&& (== netstandard1.0) (>= netstandard1.3)) (== netstandard1.6) (== netstandard2.0)
      System.Runtime.Extensions (>= 4.3) - restriction: || (== netcoreapp1.1) (&& (== netstandard1.0) (>= netstandard1.3)) (== netstandard1.6) (== netstandard2.0)
      System.Runtime.Handles (>= 4.3) - restriction: || (&& (== net46) (>= netcoreapp5.0)) (== netcoreapp1.1) (&& (== netstandard1.0) (>= netcoreapp5.0)) (&& (== netstandard1.0) (>= netstandard1.3)) (== netstandard1.6) (== netstandard2.0)
      System.Runtime.InteropServices (>= 4.3) - restriction: || (&& (== net46) (>= netcoreapp5.0)) (== netcoreapp1.1) (&& (== netstandard1.0) (>= netcoreapp5.0)) (&& (== netstandard1.0) (>= netstandard1.3)) (== netstandard1.6) (== netstandard2.0)
      System.Threading (>= 4.3) - restriction: || (&& (== net46) (>= netcoreapp5.0)) (== netcoreapp1.1) (&& (== netstandard1.0) (>= netcoreapp5.0)) (&& (== netstandard1.0) (>= netstandard1.3)) (== netstandard1.6) (== netstandard2.0)
      System.Threading.Tasks (>= 4.3) - restriction: || (&& (== net46) (>= netcoreapp5.0)) (== netcoreapp1.1) (&& (== netstandard1.0) (>= netcoreapp5.0)) (&& (== netstandard1.0) (>= netstandard1.3)) (== netstandard1.6) (== netstandard2.0)
    System.IO.UnmanagedMemoryStream (4.3) - restriction: || (&& (== net46) (>= netcoreapp1.1)) (== netcoreapp1.1) (&& (== netstandard1.0) (>= netcoreapp1.1)) (&& (== netstandard1.6) (>= netcoreapp1.1)) (&& (== netstandard2.0) (>= netcoreapp1.1))
      System.Buffers (>= 4.3) - restriction: || (== netcoreapp1.1) (&& (== netstandard1.0) (>= netstandard1.3)) (== netstandard1.6) (== netstandard2.0)
      System.Diagnostics.Debug (>= 4.3) - restriction: || (== netcoreapp1.1) (&& (== netstandard1.0) (>= netstandard1.3)) (== netstandard1.6) (== netstandard2.0)
      System.IO (>= 4.3) - restriction: || (== netcoreapp1.1) (&& (== netstandard1.0) (>= netstandard1.3)) (== netstandard1.6) (== netstandard2.0)
      System.IO.FileSystem.Primitives (>= 4.3) - restriction: || (== net46) (== netcoreapp1.1) (&& (== netstandard1.0) (>= net46)) (&& (== netstandard1.0) (>= netstandard1.3)) (== netstandard1.6) (== netstandard2.0)
      System.Resources.ResourceManager (>= 4.3) - restriction: || (== netcoreapp1.1) (&& (== netstandard1.0) (>= netstandard1.3)) (== netstandard1.6) (== netstandard2.0)
      System.Runtime (>= 4.3) - restriction: || (== netcoreapp1.1) (&& (== netstandard1.0) (>= netstandard1.3)) (== netstandard1.6) (== netstandard2.0)
      System.Runtime.InteropServices (>= 4.3) - restriction: || (== netcoreapp1.1) (&& (== netstandard1.0) (>= netstandard1.3)) (== netstandard1.6) (== netstandard2.0)
      System.Threading (>= 4.3) - restriction: || (== netcoreapp1.1) (&& (== netstandard1.0) (>= netstandard1.3)) (== netstandard1.6) (== netstandard2.0)
      System.Threading.Tasks (>= 4.3) - restriction: || (== netcoreapp1.1) (&& (== netstandard1.0) (>= netstandard1.3)) (== netstandard1.6) (== netstandard2.0)
    System.Linq (4.3) - restriction: || (&& (== net46) (== netstandard2.0)) (&& (== net46) (< net20)) (&& (== net46) (>= netcoreapp1.1)) (&& (== net46) (>= netcoreapp5.0)) (&& (== net46) (>= uap10.0)) (== netcoreapp1.1) (== netstandard1.0) (== netstandard1.6) (&& (== netstandard2.0) (>= netcoreapp1.1)) (&& (== netstandard2.0) (>= netcoreapp5.0)) (&& (== netstandard2.0) (< netstandard1.3)) (&& (== netstandard2.0) (< portable-net45+win8+wpa81)) (&& (== netstandard2.0) (< portable-net451+win81+wpa81))
      System.Collections (>= 4.3) - restriction: || (&& (== net46) (< net45)) (&& (== net46) (>= netcoreapp5.0)) (== netcoreapp1.1) (== netstandard1.0) (== netstandard1.6) (== netstandard2.0)
      System.Diagnostics.Debug (>= 4.3) - restriction: || (&& (== net46) (< net45) (>= netstandard1.6)) (&& (== net46) (>= netcoreapp5.0)) (== netcoreapp1.1) (&& (== netstandard1.0) (>= netcoreapp5.0)) (&& (== netstandard1.0) (>= netstandard1.6)) (== netstandard1.6) (== netstandard2.0)
      System.Resources.ResourceManager (>= 4.3) - restriction: || (&& (== net46) (< net45) (>= netstandard1.6)) (&& (== net46) (>= netcoreapp5.0)) (== netcoreapp1.1) (&& (== netstandard1.0) (>= netcoreapp5.0)) (&& (== netstandard1.0) (>= netstandard1.6)) (== netstandard1.6) (== netstandard2.0)
      System.Runtime (>= 4.3) - restriction: || (&& (== net46) (< net45)) (&& (== net46) (>= netcoreapp5.0)) (== netcoreapp1.1) (== netstandard1.0) (== netstandard1.6) (== netstandard2.0)
      System.Runtime.Extensions (>= 4.3) - restriction: || (&& (== net46) (< net45) (>= netstandard1.6)) (&& (== net46) (>= netcoreapp5.0)) (== netcoreapp1.1) (&& (== netstandard1.0) (>= netcoreapp5.0)) (&& (== netstandard1.0) (>= netstandard1.6)) (== netstandard1.6) (== netstandard2.0)
    System.Linq.Expressions (4.3) - restriction: || (&& (== net46) (== netstandard2.0)) (&& (== net46) (< net20)) (&& (== net46) (>= netcoreapp1.1)) (&& (== net46) (>= uap10.0)) (== netcoreapp1.1) (== netstandard1.0) (== netstandard1.6) (&& (== netstandard2.0) (>= netcoreapp1.1)) (&& (== netstandard2.0) (< netstandard1.3)) (&& (== netstandard2.0) (< portable-net45+win8+wpa81)) (&& (== netstandard2.0) (< portable-net451+win81+wpa81))
      System.Collections (>= 4.3) - restriction: || (&& (== net46) (< net45) (>= netstandard1.6)) (&& (== net46) (>= netcoreapp5.0)) (== netcoreapp1.1) (&& (== netstandard1.0) (>= netcoreapp5.0)) (&& (== netstandard1.0) (>= netstandard1.6)) (== netstandard1.6) (== netstandard2.0)
      System.Diagnostics.Debug (>= 4.3) - restriction: || (&& (== net46) (< net45) (>= netstandard1.6)) (&& (== net46) (>= netcoreapp5.0)) (== netcoreapp1.1) (&& (== netstandard1.0) (>= netcoreapp5.0)) (&& (== netstandard1.0) (>= netstandard1.6)) (== netstandard1.6) (== netstandard2.0)
      System.Globalization (>= 4.3) - restriction: || (&& (== net46) (< net45) (>= netstandard1.6)) (&& (== net46) (>= netcoreapp5.0)) (== netcoreapp1.1) (&& (== netstandard1.0) (>= netcoreapp5.0)) (&& (== netstandard1.0) (>= netstandard1.6)) (== netstandard1.6) (== netstandard2.0)
      System.IO (>= 4.3) - restriction: || (&& (== net46) (< net45) (>= netstandard1.6)) (&& (== net46) (>= netcoreapp5.0)) (== netcoreapp1.1) (&& (== netstandard1.0) (>= netcoreapp5.0)) (&& (== netstandard1.0) (>= netstandard1.6)) (== netstandard1.6) (== netstandard2.0)
      System.Linq (>= 4.3) - restriction: || (&& (== net46) (< net45) (>= netstandard1.6)) (&& (== net46) (>= netcoreapp5.0)) (== netcoreapp1.1) (&& (== netstandard1.0) (>= netcoreapp5.0)) (&& (== netstandard1.0) (>= netstandard1.6)) (== netstandard1.6) (== netstandard2.0)
      System.ObjectModel (>= 4.3) - restriction: || (&& (== net46) (< net45) (>= netstandard1.6)) (== netcoreapp1.1) (&& (== netstandard1.0) (>= netstandard1.6)) (== netstandard1.6) (== netstandard2.0)
      System.Reflection (>= 4.3) - restriction: || (&& (== net46) (< net45)) (&& (== net46) (>= netcoreapp5.0)) (== netcoreapp1.1) (== netstandard1.0) (== netstandard1.6) (== netstandard2.0)
      System.Reflection.Emit (>= 4.3) - restriction: || (&& (== net46) (< net45) (>= netstandard1.6)) (== netcoreapp1.1) (&& (== netstandard1.0) (>= netstandard1.6)) (== netstandard1.6) (== netstandard2.0)
      System.Reflection.Emit.ILGeneration (>= 4.3) - restriction: || (&& (== net46) (< net45) (>= netstandard1.6)) (&& (== net46) (>= netcoreapp5.0)) (== netcoreapp1.1) (&& (== netstandard1.0) (>= netcoreapp5.0)) (&& (== netstandard1.0) (>= netstandard1.6)) (== netstandard1.6) (== netstandard2.0)
      System.Reflection.Emit.Lightweight (>= 4.3) - restriction: || (&& (== net46) (< net45) (>= netstandard1.6)) (&& (== net46) (>= netcoreapp5.0)) (== netcoreapp1.1) (&& (== netstandard1.0) (>= netcoreapp5.0)) (&& (== netstandard1.0) (>= netstandard1.6)) (== netstandard1.6) (== netstandard2.0)
      System.Reflection.Extensions (>= 4.3) - restriction: || (&& (== net46) (< net45) (>= netstandard1.6)) (&& (== net46) (>= netcoreapp5.0)) (== netcoreapp1.1) (&& (== netstandard1.0) (>= netcoreapp5.0)) (&& (== netstandard1.0) (>= netstandard1.6)) (== netstandard1.6) (== netstandard2.0)
      System.Reflection.Primitives (>= 4.3) - restriction: || (&& (== net46) (< net45) (>= netstandard1.6)) (&& (== net46) (>= netcoreapp5.0)) (== netcoreapp1.1) (&& (== netstandard1.0) (>= netcoreapp5.0)) (&& (== netstandard1.0) (>= netstandard1.6)) (== netstandard1.6) (== netstandard2.0)
      System.Reflection.TypeExtensions (>= 4.3) - restriction: || (&& (== net46) (< net45) (>= netstandard1.6)) (&& (== net46) (>= netcoreapp5.0)) (== netcoreapp1.1) (&& (== netstandard1.0) (>= netcoreapp5.0)) (&& (== netstandard1.0) (>= netstandard1.6)) (== netstandard1.6) (== netstandard2.0)
      System.Resources.ResourceManager (>= 4.3) - restriction: || (&& (== net46) (< net45) (>= netstandard1.6)) (&& (== net46) (>= netcoreapp5.0)) (== netcoreapp1.1) (&& (== netstandard1.0) (>= netcoreapp5.0)) (&& (== netstandard1.0) (>= netstandard1.6)) (== netstandard1.6) (== netstandard2.0)
      System.Runtime (>= 4.3) - restriction: || (&& (== net46) (< net45)) (&& (== net46) (>= netcoreapp5.0)) (== netcoreapp1.1) (== netstandard1.0) (== netstandard1.6) (== netstandard2.0)
      System.Runtime.Extensions (>= 4.3) - restriction: || (&& (== net46) (< net45) (>= netstandard1.6)) (&& (== net46) (>= netcoreapp5.0)) (== netcoreapp1.1) (&& (== netstandard1.0) (>= netcoreapp5.0)) (&& (== netstandard1.0) (>= netstandard1.6)) (== netstandard1.6) (== netstandard2.0)
      System.Threading (>= 4.3) - restriction: || (&& (== net46) (< net45) (>= netstandard1.6)) (&& (== net46) (>= netcoreapp5.0)) (== netcoreapp1.1) (&& (== netstandard1.0) (>= netcoreapp5.0)) (&& (== netstandard1.0) (>= netstandard1.6)) (== netstandard1.6) (== netstandard2.0)
    System.Linq.Parallel (4.3) - restriction: || (&& (== net46) (>= netcoreapp1.1)) (== netcoreapp1.1) (&& (== netstandard1.0) (>= netcoreapp1.1)) (&& (== netstandard1.6) (>= netcoreapp1.1)) (&& (== netstandard2.0) (>= netcoreapp1.1))
      System.Collections (>= 4.3) - restriction: || (&& (== net46) (< net45)) (&& (== net46) (>= netcoreapp5.0)) (== netcoreapp1.1) (&& (== netstandard1.0) (>= netcoreapp5.0)) (&& (== netstandard1.0) (>= netstandard1.1)) (&& (== netstandard1.0) (>= netstandard1.3)) (== netstandard1.6) (== netstandard2.0)
      System.Collections.Concurrent (>= 4.3) - restriction: || (&& (== net46) (< net45)) (&& (== net46) (>= netcoreapp5.0)) (== netcoreapp1.1) (&& (== netstandard1.0) (>= netcoreapp5.0)) (&& (== netstandard1.0) (>= netstandard1.1)) (&& (== netstandard1.0) (>= netstandard1.3)) (== netstandard1.6) (== netstandard2.0)
      System.Diagnostics.Debug (>= 4.3) - restriction: || (&& (== net46) (< net45)) (&& (== net46) (>= netcoreapp5.0)) (== netcoreapp1.1) (&& (== netstandard1.0) (>= netcoreapp5.0)) (&& (== netstandard1.0) (>= netstandard1.3)) (== netstandard1.6) (== netstandard2.0)
      System.Diagnostics.Tracing (>= 4.3) - restriction: || (&& (== net46) (< net45)) (&& (== net46) (>= netcoreapp5.0)) (== netcoreapp1.1) (&& (== netstandard1.0) (>= netcoreapp5.0)) (&& (== netstandard1.0) (>= netstandard1.3)) (== netstandard1.6) (== netstandard2.0)
      System.Linq (>= 4.3) - restriction: || (&& (== net46) (< net45)) (&& (== net46) (>= netcoreapp5.0)) (== netcoreapp1.1) (&& (== netstandard1.0) (>= netcoreapp5.0)) (&& (== netstandard1.0) (>= netstandard1.1)) (&& (== netstandard1.0) (>= netstandard1.3)) (== netstandard1.6) (== netstandard2.0)
      System.Resources.ResourceManager (>= 4.3) - restriction: || (&& (== net46) (< net45)) (&& (== net46) (>= netcoreapp5.0)) (== netcoreapp1.1) (&& (== netstandard1.0) (>= netcoreapp5.0)) (&& (== netstandard1.0) (>= netstandard1.3)) (== netstandard1.6) (== netstandard2.0)
      System.Runtime (>= 4.3) - restriction: || (&& (== net46) (< net45)) (&& (== net46) (>= netcoreapp5.0)) (== netcoreapp1.1) (&& (== netstandard1.0) (>= netcoreapp5.0)) (&& (== netstandard1.0) (>= netstandard1.1)) (&& (== netstandard1.0) (>= netstandard1.3)) (== netstandard1.6) (== netstandard2.0)
      System.Runtime.Extensions (>= 4.3) - restriction: || (&& (== net46) (< net45)) (&& (== net46) (>= netcoreapp5.0)) (== netcoreapp1.1) (&& (== netstandard1.0) (>= netcoreapp5.0)) (&& (== netstandard1.0) (>= netstandard1.3)) (== netstandard1.6) (== netstandard2.0)
      System.Threading (>= 4.3) - restriction: || (&& (== net46) (< net45)) (&& (== net46) (>= netcoreapp5.0)) (== netcoreapp1.1) (&& (== netstandard1.0) (>= netcoreapp5.0)) (&& (== netstandard1.0) (>= netstandard1.3)) (== netstandard1.6) (== netstandard2.0)
      System.Threading.Tasks (>= 4.3) - restriction: || (&& (== net46) (< net45)) (&& (== net46) (>= netcoreapp5.0)) (== netcoreapp1.1) (&& (== netstandard1.0) (>= netcoreapp5.0)) (&& (== netstandard1.0) (>= netstandard1.1)) (&& (== netstandard1.0) (>= netstandard1.3)) (== netstandard1.6) (== netstandard2.0)
    System.Linq.Queryable (4.3) - restriction: || (&& (== net46) (>= netcoreapp1.1)) (== netcoreapp1.1) (&& (== netstandard1.0) (>= netcoreapp1.1)) (&& (== netstandard1.6) (>= netcoreapp1.1)) (&& (== netstandard2.0) (>= netcoreapp1.1))
      System.Collections (>= 4.3) - restriction: || (&& (== net46) (< net45)) (&& (== net46) (>= netcoreapp5.0)) (== netcoreapp1.1) (&& (== netstandard1.0) (>= netcoreapp5.0)) (&& (== netstandard1.0) (>= netstandard1.3)) (== netstandard1.6) (== netstandard2.0)
      System.Diagnostics.Debug (>= 4.3) - restriction: || (&& (== net46) (< net45)) (&& (== net46) (>= netcoreapp5.0)) (== netcoreapp1.1) (&& (== netstandard1.0) (>= netcoreapp5.0)) (&& (== netstandard1.0) (>= netstandard1.3)) (== netstandard1.6) (== netstandard2.0)
      System.Linq (>= 4.3) - restriction: || (&& (== net46) (< net45)) (&& (== net46) (>= netcoreapp5.0)) (== netcoreapp1.1) (== netstandard1.0) (== netstandard1.6) (== netstandard2.0)
      System.Linq.Expressions (>= 4.3) - restriction: || (&& (== net46) (< net45)) (&& (== net46) (>= netcoreapp5.0)) (== netcoreapp1.1) (== netstandard1.0) (== netstandard1.6) (== netstandard2.0)
      System.Reflection (>= 4.3) - restriction: || (&& (== net46) (< net45)) (&& (== net46) (>= netcoreapp5.0)) (== netcoreapp1.1) (&& (== netstandard1.0) (>= netcoreapp5.0)) (&& (== netstandard1.0) (>= netstandard1.3)) (== netstandard1.6) (== netstandard2.0)
      System.Reflection.Extensions (>= 4.3) - restriction: || (&& (== net46) (< net45)) (&& (== net46) (>= netcoreapp5.0)) (== netcoreapp1.1) (&& (== netstandard1.0) (>= netcoreapp5.0)) (&& (== netstandard1.0) (>= netstandard1.3)) (== netstandard1.6) (== netstandard2.0)
      System.Resources.ResourceManager (>= 4.3) - restriction: || (&& (== net46) (< net45)) (&& (== net46) (>= netcoreapp5.0)) (== netcoreapp1.1) (&& (== netstandard1.0) (>= netcoreapp5.0)) (&& (== netstandard1.0) (>= netstandard1.3)) (== netstandard1.6) (== netstandard2.0)
      System.Runtime (>= 4.3) - restriction: || (&& (== net46) (< net45)) (&& (== net46) (>= netcoreapp5.0)) (== netcoreapp1.1) (== netstandard1.0) (== netstandard1.6) (== netstandard2.0)
    System.Net.Http (4.3.3) - restriction: || (&& (== net46) (== netstandard1.0)) (&& (== net46) (== netstandard2.0)) (&& (== net46) (< net20)) (&& (== net46) (>= netcoreapp1.1)) (&& (== net46) (>= uap10.0)) (== netcoreapp1.1) (&& (== netstandard1.0) (== netstandard2.0)) (&& (== netstandard1.0) (>= net46)) (&& (== netstandard1.0) (>= netcoreapp1.1)) (&& (== netstandard1.0) (>= netstandard1.1)) (&& (== netstandard1.0) (>= netstandard1.2)) (&& (== netstandard1.0) (>= netstandard1.3)) (&& (== netstandard1.0) (>= netstandard1.4)) (&& (== netstandard1.0) (>= netstandard1.5)) (&& (== netstandard1.0) (>= netstandard1.6)) (&& (== netstandard1.0) (>= uap10.0)) (== netstandard1.6) (&& (== netstandard2.0) (>= netcoreapp1.1)) (&& (== netstandard2.0) (< netstandard1.3)) (&& (== netstandard2.0) (< portable-net451+win81+wpa81))
      Microsoft.NETCore.Platforms (>= 1.1) - restriction: || (&& (== net46) (< net45)) (&& (== net46) (>= netcoreapp5.0)) (== netcoreapp1.1) (&& (== netstandard1.0) (>= netcoreapp5.0)) (&& (== netstandard1.0) (>= netstandard1.3)) (&& (== netstandard1.0) (>= netstandard1.6)) (== netstandard1.6) (== netstandard2.0)
      runtime.native.System (>= 4.3) - restriction: || (&& (== net46) (< net45) (>= netstandard1.6)) (== netcoreapp1.1) (&& (== netstandard1.0) (>= netstandard1.6)) (== netstandard1.6) (== netstandard2.0)
      runtime.native.System.Net.Http (>= 4.3) - restriction: || (&& (== net46) (< net45) (>= netstandard1.6)) (== netcoreapp1.1) (&& (== netstandard1.0) (>= netstandard1.6)) (== netstandard1.6) (== netstandard2.0)
      runtime.native.System.Security.Cryptography.OpenSsl (>= 4.3.2) - restriction: || (&& (== net46) (< net45) (>= netstandard1.6)) (== netcoreapp1.1) (&& (== netstandard1.0) (>= netstandard1.6)) (== netstandard1.6) (== netstandard2.0)
      System.Collections (>= 4.3) - restriction: || (&& (== net46) (< net45)) (&& (== net46) (>= netcoreapp5.0)) (== netcoreapp1.1) (&& (== netstandard1.0) (>= netcoreapp5.0)) (&& (== netstandard1.0) (>= netstandard1.3)) (&& (== netstandard1.0) (>= netstandard1.6)) (== netstandard1.6) (== netstandard2.0)
      System.Diagnostics.Debug (>= 4.3) - restriction: || (&& (== net46) (< net45)) (&& (== net46) (>= netcoreapp5.0)) (== netcoreapp1.1) (&& (== netstandard1.0) (>= netcoreapp5.0)) (&& (== netstandard1.0) (>= netstandard1.3)) (&& (== netstandard1.0) (>= netstandard1.6)) (== netstandard1.6) (== netstandard2.0)
      System.Diagnostics.DiagnosticSource (>= 4.3) - restriction: || (&& (== net46) (< net45)) (&& (== net46) (>= netcoreapp5.0)) (== netcoreapp1.1) (&& (== netstandard1.0) (>= netcoreapp5.0)) (&& (== netstandard1.0) (>= netstandard1.3)) (&& (== netstandard1.0) (>= netstandard1.6)) (== netstandard1.6) (== netstandard2.0)
      System.Diagnostics.Tracing (>= 4.3) - restriction: || (&& (== net46) (< net45)) (&& (== net46) (>= netcoreapp5.0)) (== netcoreapp1.1) (&& (== netstandard1.0) (>= netcoreapp5.0)) (&& (== netstandard1.0) (>= netstandard1.3)) (&& (== netstandard1.0) (>= netstandard1.6)) (== netstandard1.6) (== netstandard2.0)
      System.Globalization (>= 4.3) - restriction: || (&& (== net46) (< net45)) (&& (== net46) (>= netcoreapp5.0)) (== netcoreapp1.1) (&& (== netstandard1.0) (>= netcoreapp5.0)) (&& (== netstandard1.0) (>= netstandard1.3)) (&& (== netstandard1.0) (>= netstandard1.6)) (== netstandard1.6) (== netstandard2.0)
      System.Globalization.Extensions (>= 4.3) - restriction: || (&& (== net46) (< net45) (>= netstandard1.6)) (== netcoreapp1.1) (&& (== netstandard1.0) (>= netstandard1.6)) (== netstandard1.6) (== netstandard2.0)
      System.IO (>= 4.3) - restriction: || (&& (== net46) (< net45)) (&& (== net46) (>= netcoreapp5.0)) (== netcoreapp1.1) (&& (== netstandard1.0) (>= netcoreapp5.0)) (&& (== netstandard1.0) (>= netstandard1.1)) (&& (== netstandard1.0) (>= netstandard1.3)) (&& (== netstandard1.0) (>= netstandard1.6)) (== netstandard1.6) (== netstandard2.0)
      System.IO.FileSystem (>= 4.3) - restriction: || (&& (== net46) (< net45) (>= netstandard1.6)) (== netcoreapp1.1) (&& (== netstandard1.0) (>= netstandard1.6)) (== netstandard1.6) (== netstandard2.0)
      System.Net.Primitives (>= 4.3) - restriction: || (&& (== net46) (< net45)) (&& (== net46) (>= netcoreapp5.0)) (== netcoreapp1.1) (&& (== netstandard1.0) (>= netcoreapp5.0)) (&& (== netstandard1.0) (>= netstandard1.1)) (&& (== netstandard1.0) (>= netstandard1.3)) (&& (== netstandard1.0) (>= netstandard1.6)) (== netstandard1.6) (== netstandard2.0)
      System.Resources.ResourceManager (>= 4.3) - restriction: || (&& (== net46) (< net45)) (&& (== net46) (>= netcoreapp5.0)) (== netcoreapp1.1) (&& (== netstandard1.0) (>= netcoreapp5.0)) (&& (== netstandard1.0) (>= netstandard1.3)) (&& (== netstandard1.0) (>= netstandard1.6)) (== netstandard1.6) (== netstandard2.0)
      System.Runtime (>= 4.3) - restriction: || (&& (== net46) (< net45)) (&& (== net46) (>= netcoreapp5.0)) (== netcoreapp1.1) (&& (== netstandard1.0) (>= netcoreapp5.0)) (&& (== netstandard1.0) (>= netstandard1.1)) (&& (== netstandard1.0) (>= netstandard1.3)) (&& (== netstandard1.0) (>= netstandard1.6)) (== netstandard1.6) (== netstandard2.0)
      System.Runtime.Extensions (>= 4.3) - restriction: || (&& (== net46) (< net45)) (&& (== net46) (>= netcoreapp5.0)) (== netcoreapp1.1) (&& (== netstandard1.0) (>= netcoreapp5.0)) (&& (== netstandard1.0) (>= netstandard1.3)) (&& (== netstandard1.0) (>= netstandard1.6)) (== netstandard1.6) (== netstandard2.0)
      System.Runtime.Handles (>= 4.3) - restriction: || (&& (== net46) (< net45)) (== netcoreapp1.1) (&& (== netstandard1.0) (>= netstandard1.3)) (&& (== netstandard1.0) (>= netstandard1.6)) (== netstandard1.6) (== netstandard2.0)
      System.Runtime.InteropServices (>= 4.3) - restriction: || (&& (== net46) (< net45)) (&& (== net46) (>= netcoreapp5.0)) (== netcoreapp1.1) (&& (== netstandard1.0) (>= netcoreapp5.0)) (&& (== netstandard1.0) (>= netstandard1.3)) (&& (== netstandard1.0) (>= netstandard1.6)) (== netstandard1.6) (== netstandard2.0)
      System.Security.Cryptography.Algorithms (>= 4.3) - restriction: || (&& (== net46) (< net45) (>= netstandard1.6)) (== netcoreapp1.1) (&& (== netstandard1.0) (>= netstandard1.6)) (== netstandard1.6) (== netstandard2.0)
      System.Security.Cryptography.Encoding (>= 4.3) - restriction: || (&& (== net46) (< net45)) (== netcoreapp1.1) (&& (== netstandard1.0) (>= netstandard1.3)) (&& (== netstandard1.0) (>= netstandard1.6)) (== netstandard1.6) (== netstandard2.0)
      System.Security.Cryptography.OpenSsl (>= 4.3) - restriction: || (&& (== net46) (< net45) (>= netstandard1.6)) (== netcoreapp1.1) (&& (== netstandard1.0) (>= netstandard1.6)) (== netstandard1.6) (== netstandard2.0)
      System.Security.Cryptography.Primitives (>= 4.3) - restriction: || (&& (== net46) (< net45) (>= netstandard1.6)) (== netcoreapp1.1) (&& (== netstandard1.0) (>= netstandard1.6)) (== netstandard1.6) (== netstandard2.0)
      System.Security.Cryptography.X509Certificates (>= 4.3) - restriction: || (== net46) (== netcoreapp1.1) (&& (== netstandard1.0) (>= net46)) (&& (== netstandard1.0) (>= netcoreapp5.0)) (&& (== netstandard1.0) (>= netstandard1.3)) (&& (== netstandard1.0) (>= netstandard1.6)) (== netstandard1.6) (== netstandard2.0)
      System.Text.Encoding (>= 4.3) - restriction: || (&& (== net46) (< net45)) (&& (== net46) (>= netcoreapp5.0)) (== netcoreapp1.1) (&& (== netstandard1.0) (>= netcoreapp5.0)) (&& (== netstandard1.0) (>= netstandard1.1)) (&& (== netstandard1.0) (>= netstandard1.3)) (&& (== netstandard1.0) (>= netstandard1.6)) (== netstandard1.6) (== netstandard2.0)
      System.Threading (>= 4.3) - restriction: || (&& (== net46) (< net45)) (&& (== net46) (>= netcoreapp5.0)) (== netcoreapp1.1) (&& (== netstandard1.0) (>= netcoreapp5.0)) (&& (== netstandard1.0) (>= netstandard1.3)) (&& (== netstandard1.0) (>= netstandard1.6)) (== netstandard1.6) (== netstandard2.0)
      System.Threading.Tasks (>= 4.3) - restriction: || (&& (== net46) (< net45)) (&& (== net46) (>= netcoreapp5.0)) (== netcoreapp1.1) (&& (== netstandard1.0) (>= netcoreapp5.0)) (&& (== netstandard1.0) (>= netstandard1.1)) (&& (== netstandard1.0) (>= netstandard1.3)) (&& (== netstandard1.0) (>= netstandard1.6)) (== netstandard1.6) (== netstandard2.0)
    System.Net.NameResolution (4.3) - restriction: || (&& (== net46) (>= netcoreapp1.1)) (== netcoreapp1.1) (&& (== netstandard1.0) (>= netcoreapp1.1)) (&& (== netstandard1.6) (>= netcoreapp1.1)) (&& (== netstandard2.0) (>= netcoreapp1.1))
      Microsoft.NETCore.Platforms (>= 1.1) - restriction: || (&& (== net46) (>= netcoreapp5.0)) (== netcoreapp1.1) (&& (== netstandard1.0) (>= netcoreapp5.0)) (&& (== netstandard1.0) (>= netstandard1.3)) (== netstandard1.6) (== netstandard2.0)
      runtime.native.System (>= 4.3) - restriction: || (== netcoreapp1.1) (&& (== netstandard1.0) (>= netstandard1.3)) (== netstandard1.6) (== netstandard2.0)
      System.Collections (>= 4.3) - restriction: || (&& (== net46) (>= netcoreapp5.0)) (== netcoreapp1.1) (&& (== netstandard1.0) (>= netcoreapp5.0)) (&& (== netstandard1.0) (>= netstandard1.3)) (== netstandard1.6) (== netstandard2.0)
      System.Diagnostics.Tracing (>= 4.3) - restriction: || (&& (== net46) (>= netcoreapp5.0)) (== netcoreapp1.1) (&& (== netstandard1.0) (>= netcoreapp5.0)) (&& (== netstandard1.0) (>= netstandard1.3)) (== netstandard1.6) (== netstandard2.0)
      System.Globalization (>= 4.3) - restriction: || (&& (== net46) (>= netcoreapp5.0)) (== netcoreapp1.1) (&& (== netstandard1.0) (>= netcoreapp5.0)) (&& (== netstandard1.0) (>= netstandard1.3)) (== netstandard1.6) (== netstandard2.0)
      System.Net.Primitives (>= 4.3) - restriction: || (&& (== net46) (>= netcoreapp5.0)) (== netcoreapp1.1) (&& (== netstandard1.0) (>= netcoreapp5.0)) (&& (== netstandard1.0) (>= netstandard1.3)) (== netstandard1.6) (== netstandard2.0)
      System.Resources.ResourceManager (>= 4.3) - restriction: || (&& (== net46) (>= netcoreapp5.0)) (== netcoreapp1.1) (&& (== netstandard1.0) (>= netcoreapp5.0)) (&& (== netstandard1.0) (>= netstandard1.3)) (== netstandard1.6) (== netstandard2.0)
      System.Runtime (>= 4.3) - restriction: || (&& (== net46) (>= netcoreapp5.0)) (== netcoreapp1.1) (&& (== netstandard1.0) (>= netcoreapp5.0)) (&& (== netstandard1.0) (>= netstandard1.3)) (== netstandard1.6) (== netstandard2.0)
      System.Runtime.Extensions (>= 4.3) - restriction: || (&& (== net46) (>= netcoreapp5.0)) (== netcoreapp1.1) (&& (== netstandard1.0) (>= netcoreapp5.0)) (&& (== netstandard1.0) (>= netstandard1.3)) (== netstandard1.6) (== netstandard2.0)
      System.Runtime.Handles (>= 4.3) - restriction: || (&& (== net46) (>= netcoreapp5.0)) (== netcoreapp1.1) (&& (== netstandard1.0) (>= netcoreapp5.0)) (&& (== netstandard1.0) (>= netstandard1.3)) (== netstandard1.6) (== netstandard2.0)
      System.Runtime.InteropServices (>= 4.3) - restriction: || (&& (== net46) (>= netcoreapp5.0)) (== netcoreapp1.1) (&& (== netstandard1.0) (>= netcoreapp5.0)) (&& (== netstandard1.0) (>= netstandard1.3)) (== netstandard1.6) (== netstandard2.0)
      System.Security.Principal.Windows (>= 4.3) - restriction: || (== netcoreapp1.1) (&& (== netstandard1.0) (>= netstandard1.3)) (== netstandard1.6) (== netstandard2.0)
      System.Threading (>= 4.3) - restriction: || (&& (== net46) (>= netcoreapp5.0)) (== netcoreapp1.1) (&& (== netstandard1.0) (>= netcoreapp5.0)) (&& (== netstandard1.0) (>= netstandard1.3)) (== netstandard1.6) (== netstandard2.0)
      System.Threading.Tasks (>= 4.3) - restriction: || (&& (== net46) (>= netcoreapp5.0)) (== netcoreapp1.1) (&& (== netstandard1.0) (>= netcoreapp5.0)) (&& (== netstandard1.0) (>= netstandard1.3)) (== netstandard1.6) (== netstandard2.0)
    System.Net.Primitives (4.3) - restriction: || (&& (== net46) (== netstandard2.0)) (&& (== net46) (< net20)) (&& (== net46) (>= netcoreapp1.1)) (&& (== net46) (>= netcoreapp5.0)) (&& (== net46) (>= uap10.0)) (== netcoreapp1.1) (== netstandard1.0) (== netstandard1.6) (&& (== netstandard2.0) (>= netcoreapp1.1)) (&& (== netstandard2.0) (>= netcoreapp5.0)) (&& (== netstandard2.0) (< netstandard1.3)) (&& (== netstandard2.0) (< portable-net45+win8+wpa81)) (&& (== netstandard2.0) (< portable-net451+win81+wpa81))
      Microsoft.NETCore.Platforms (>= 1.1) - restriction: || (&& (== net46) (< net45)) (&& (== net46) (>= netcoreapp5.0)) (&& (== net46) (< netstandard1.1)) (== netcoreapp1.1) (== netstandard1.0) (== netstandard1.6) (== netstandard2.0)
      Microsoft.NETCore.Targets (>= 1.1) - restriction: || (&& (== net46) (< net45)) (&& (== net46) (>= netcoreapp5.0)) (&& (== net46) (< netstandard1.1)) (== netcoreapp1.1) (== netstandard1.0) (== netstandard1.6) (== netstandard2.0)
      System.Runtime (>= 4.3) - restriction: || (&& (== net46) (< net45)) (&& (== net46) (>= netcoreapp5.0)) (&& (== net46) (< netstandard1.1)) (== netcoreapp1.1) (== netstandard1.0) (== netstandard1.6) (== netstandard2.0)
      System.Runtime.Handles (>= 4.3) - restriction: || (&& (== net46) (< net45)) (&& (== net46) (>= netcoreapp5.0)) (== netcoreapp1.1) (&& (== netstandard1.0) (>= netcoreapp5.0)) (&& (== netstandard1.0) (>= netstandard1.3)) (== netstandard1.6) (== netstandard2.0)
    System.Net.Requests (4.3) - restriction: || (&& (== net46) (>= netcoreapp1.1)) (== netcoreapp1.1) (&& (== netstandard1.0) (>= netcoreapp1.1)) (&& (== netstandard1.6) (>= netcoreapp1.1)) (&& (== netstandard2.0) (>= netcoreapp1.1))
      Microsoft.NETCore.Platforms (>= 1.1) - restriction: || (&& (== net46) (< net45)) (== netcoreapp1.1) (&& (== netstandard1.0) (>= netstandard1.3)) (== netstandard1.6) (== netstandard2.0)
      System.Collections (>= 4.3) - restriction: || (&& (== net46) (< net45)) (&& (== net46) (>= netcoreapp5.0)) (== netcoreapp1.1) (&& (== netstandard1.0) (>= netcoreapp5.0)) (&& (== netstandard1.0) (>= netstandard1.3)) (== netstandard1.6) (== netstandard2.0)
      System.Diagnostics.Debug (>= 4.3) - restriction: || (&& (== net46) (< net45)) (&& (== net46) (>= netcoreapp5.0)) (== netcoreapp1.1) (&& (== netstandard1.0) (>= netcoreapp5.0)) (&& (== netstandard1.0) (>= netstandard1.3)) (== netstandard1.6) (== netstandard2.0)
      System.Diagnostics.Tracing (>= 4.3) - restriction: || (&& (== net46) (< net45)) (&& (== net46) (>= netcoreapp5.0)) (== netcoreapp1.1) (&& (== netstandard1.0) (>= netcoreapp5.0)) (&& (== netstandard1.0) (>= netstandard1.3)) (== netstandard1.6) (== netstandard2.0)
      System.Globalization (>= 4.3) - restriction: || (&& (== net46) (< net45)) (&& (== net46) (>= netcoreapp5.0)) (== netcoreapp1.1) (&& (== netstandard1.0) (>= netcoreapp5.0)) (&& (== netstandard1.0) (>= netstandard1.3)) (== netstandard1.6) (== netstandard2.0)
      System.IO (>= 4.3) - restriction: || (&& (== net46) (< net45)) (&& (== net46) (>= netcoreapp5.0)) (&& (== net46) (< netstandard1.1)) (== netcoreapp1.1) (== netstandard1.0) (== netstandard1.6) (== netstandard2.0)
      System.Net.Http (>= 4.3) - restriction: || (&& (== net46) (< net45)) (&& (== net46) (>= netcoreapp5.0)) (== netcoreapp1.1) (&& (== netstandard1.0) (>= netcoreapp5.0)) (&& (== netstandard1.0) (>= netstandard1.3)) (== netstandard1.6) (== netstandard2.0)
      System.Net.Primitives (>= 4.3) - restriction: || (&& (== net46) (< net45)) (&& (== net46) (>= netcoreapp5.0)) (&& (== net46) (< netstandard1.1)) (== netcoreapp1.1) (== netstandard1.0) (== netstandard1.6) (== netstandard2.0)
      System.Net.WebHeaderCollection (>= 4.3) - restriction: || (&& (== net46) (< net45)) (&& (== net46) (>= netcoreapp5.0)) (== netcoreapp1.1) (&& (== netstandard1.0) (>= netcoreapp5.0)) (&& (== netstandard1.0) (>= netstandard1.3)) (== netstandard1.6) (== netstandard2.0)
      System.Resources.ResourceManager (>= 4.3) - restriction: || (&& (== net46) (< net45)) (&& (== net46) (>= netcoreapp5.0)) (== netcoreapp1.1) (&& (== netstandard1.0) (>= netcoreapp5.0)) (&& (== netstandard1.0) (>= netstandard1.3)) (== netstandard1.6) (== netstandard2.0)
      System.Runtime (>= 4.3) - restriction: || (&& (== net46) (< net45)) (&& (== net46) (>= netcoreapp5.0)) (&& (== net46) (< netstandard1.1)) (== netcoreapp1.1) (== netstandard1.0) (== netstandard1.6) (== netstandard2.0)
      System.Threading (>= 4.3) - restriction: || (&& (== net46) (< net45)) (&& (== net46) (>= netcoreapp5.0)) (== netcoreapp1.1) (&& (== netstandard1.0) (>= netcoreapp5.0)) (&& (== netstandard1.0) (>= netstandard1.3)) (== netstandard1.6) (== netstandard2.0)
      System.Threading.Tasks (>= 4.3) - restriction: || (&& (== net46) (< net45)) (&& (== net46) (>= netcoreapp5.0)) (== netcoreapp1.1) (&& (== netstandard1.0) (>= netcoreapp5.0)) (&& (== netstandard1.0) (>= netstandard1.1)) (&& (== netstandard1.0) (>= netstandard1.3)) (== netstandard1.6) (== netstandard2.0)
    System.Net.Security (4.3.2) - restriction: || (&& (== net46) (>= netcoreapp1.1)) (== netcoreapp1.1) (&& (== netstandard1.0) (>= netcoreapp1.1)) (&& (== netstandard1.6) (>= netcoreapp1.1)) (&& (== netstandard2.0) (>= netcoreapp1.1))
      Microsoft.NETCore.Platforms (>= 1.1) - restriction: || (== netcoreapp1.1) (&& (== netstandard1.0) (>= netstandard1.3)) (&& (== netstandard1.0) (>= netstandard1.6)) (== netstandard1.6) (== netstandard2.0)
      Microsoft.Win32.Primitives (>= 4.3) - restriction: || (== netcoreapp1.1) (&& (== netstandard1.0) (>= netstandard1.3)) (&& (== netstandard1.0) (>= netstandard1.6)) (== netstandard1.6) (== netstandard2.0)
      runtime.native.System (>= 4.3) - restriction: || (== netcoreapp1.1) (&& (== netstandard1.0) (>= netstandard1.6)) (== netstandard1.6) (== netstandard2.0)
      runtime.native.System.Net.Security (>= 4.3) - restriction: || (== netcoreapp1.1) (&& (== netstandard1.0) (>= netstandard1.6)) (== netstandard1.6) (== netstandard2.0)
      runtime.native.System.Security.Cryptography.OpenSsl (>= 4.3.2) - restriction: || (== netcoreapp1.1) (&& (== netstandard1.0) (>= netstandard1.6)) (== netstandard1.6) (== netstandard2.0)
      System.Collections (>= 4.3) - restriction: || (== netcoreapp1.1) (&& (== netstandard1.0) (>= netstandard1.3)) (&& (== netstandard1.0) (>= netstandard1.6)) (== netstandard1.6) (== netstandard2.0)
      System.Collections.Concurrent (>= 4.3) - restriction: || (== netcoreapp1.1) (&& (== netstandard1.0) (>= netstandard1.3)) (&& (== netstandard1.0) (>= netstandard1.6)) (== netstandard1.6) (== netstandard2.0)
      System.Diagnostics.Tracing (>= 4.3) - restriction: || (== netcoreapp1.1) (&& (== netstandard1.0) (>= netstandard1.3)) (&& (== netstandard1.0) (>= netstandard1.6)) (== netstandard1.6) (== netstandard2.0)
      System.Globalization (>= 4.3) - restriction: || (== netcoreapp1.1) (&& (== netstandard1.0) (>= netstandard1.3)) (&& (== netstandard1.0) (>= netstandard1.6)) (== netstandard1.6) (== netstandard2.0)
      System.Globalization.Extensions (>= 4.3) - restriction: || (== netcoreapp1.1) (&& (== netstandard1.0) (>= netstandard1.6)) (== netstandard1.6) (== netstandard2.0)
      System.IO (>= 4.3) - restriction: || (== netcoreapp1.1) (&& (== netstandard1.0) (>= netstandard1.3)) (&& (== netstandard1.0) (>= netstandard1.6)) (== netstandard1.6) (== netstandard2.0)
      System.Net.Primitives (>= 4.3) - restriction: || (== netcoreapp1.1) (&& (== netstandard1.0) (>= netstandard1.3)) (&& (== netstandard1.0) (>= netstandard1.6)) (== netstandard1.6) (== netstandard2.0)
      System.Resources.ResourceManager (>= 4.3) - restriction: || (== netcoreapp1.1) (&& (== netstandard1.0) (>= netstandard1.3)) (&& (== netstandard1.0) (>= netstandard1.6)) (== netstandard1.6) (== netstandard2.0)
      System.Runtime (>= 4.3) - restriction: || (== netcoreapp1.1) (&& (== netstandard1.0) (>= netstandard1.3)) (&& (== netstandard1.0) (>= netstandard1.6)) (== netstandard1.6) (== netstandard2.0)
      System.Runtime.Extensions (>= 4.3) - restriction: || (== netcoreapp1.1) (&& (== netstandard1.0) (>= netstandard1.3)) (&& (== netstandard1.0) (>= netstandard1.6)) (== netstandard1.6) (== netstandard2.0)
      System.Runtime.Handles (>= 4.3) - restriction: || (== netcoreapp1.1) (&& (== netstandard1.0) (>= netstandard1.3)) (&& (== netstandard1.0) (>= netstandard1.6)) (== netstandard1.6) (== netstandard2.0)
      System.Runtime.InteropServices (>= 4.3) - restriction: || (== netcoreapp1.1) (&& (== netstandard1.0) (>= netstandard1.3)) (&& (== netstandard1.0) (>= netstandard1.6)) (== netstandard1.6) (== netstandard2.0)
      System.Security.Claims (>= 4.3) - restriction: || (== netcoreapp1.1) (&& (== netstandard1.0) (>= netstandard1.3)) (&& (== netstandard1.0) (>= netstandard1.6)) (== netstandard1.6) (== netstandard2.0)
      System.Security.Cryptography.Algorithms (>= 4.3) - restriction: || (== netcoreapp1.1) (&& (== netstandard1.0) (>= netstandard1.6)) (== netstandard1.6) (== netstandard2.0)
      System.Security.Cryptography.Encoding (>= 4.3) - restriction: || (== netcoreapp1.1) (&& (== netstandard1.0) (>= netstandard1.3)) (&& (== netstandard1.0) (>= netstandard1.6)) (== netstandard1.6) (== netstandard2.0)
      System.Security.Cryptography.OpenSsl (>= 4.3) - restriction: || (== netcoreapp1.1) (&& (== netstandard1.0) (>= netstandard1.6)) (== netstandard1.6) (== netstandard2.0)
      System.Security.Cryptography.Primitives (>= 4.3) - restriction: || (== netcoreapp1.1) (&& (== netstandard1.0) (>= netstandard1.3)) (&& (== netstandard1.0) (>= netstandard1.6)) (== netstandard1.6) (== netstandard2.0)
      System.Security.Cryptography.X509Certificates (>= 4.3) - restriction: || (== net46) (== netcoreapp1.1) (&& (== netstandard1.0) (>= net46)) (&& (== netstandard1.0) (>= netstandard1.3)) (&& (== netstandard1.0) (>= netstandard1.6)) (== netstandard1.6) (== netstandard2.0)
      System.Security.Principal (>= 4.3) - restriction: || (== netcoreapp1.1) (&& (== netstandard1.0) (>= netstandard1.3)) (&& (== netstandard1.0) (>= netstandard1.6)) (== netstandard1.6) (== netstandard2.0)
      System.Text.Encoding (>= 4.3) - restriction: || (== netcoreapp1.1) (&& (== netstandard1.0) (>= netstandard1.6)) (== netstandard1.6) (== netstandard2.0)
      System.Threading (>= 4.3) - restriction: || (== netcoreapp1.1) (&& (== netstandard1.0) (>= netstandard1.3)) (&& (== netstandard1.0) (>= netstandard1.6)) (== netstandard1.6) (== netstandard2.0)
      System.Threading.Tasks (>= 4.3) - restriction: || (== netcoreapp1.1) (&& (== netstandard1.0) (>= netstandard1.3)) (&& (== netstandard1.0) (>= netstandard1.6)) (== netstandard1.6) (== netstandard2.0)
      System.Threading.ThreadPool (>= 4.3) - restriction: || (== netcoreapp1.1) (&& (== netstandard1.0) (>= netstandard1.3)) (&& (== netstandard1.0) (>= netstandard1.6)) (== netstandard1.6) (== netstandard2.0)
    System.Net.Sockets (4.3) - restriction: || (&& (== net46) (== netstandard1.0)) (&& (== net46) (== netstandard2.0)) (&& (== net46) (< net20)) (&& (== net46) (>= uap10.0)) (== netcoreapp1.1) (&& (== netstandard1.0) (== netstandard2.0)) (&& (== netstandard1.0) (>= net46)) (&& (== netstandard1.0) (>= netstandard1.3)) (&& (== netstandard1.0) (>= netstandard1.4)) (&& (== netstandard1.0) (>= netstandard1.5)) (&& (== netstandard1.0) (>= netstandard1.6)) (&& (== netstandard1.0) (>= uap10.0)) (== netstandard1.6) (&& (== netstandard2.0) (< netstandard1.3))
      Microsoft.NETCore.Platforms (>= 1.1) - restriction: || (== netcoreapp1.1) (&& (== netstandard1.0) (>= netstandard1.3)) (== netstandard1.6) (== netstandard2.0)
      Microsoft.NETCore.Targets (>= 1.1) - restriction: || (== netcoreapp1.1) (&& (== netstandard1.0) (>= netstandard1.3)) (== netstandard1.6) (== netstandard2.0)
      System.IO (>= 4.3) - restriction: || (== netcoreapp1.1) (&& (== netstandard1.0) (>= netstandard1.3)) (== netstandard1.6) (== netstandard2.0)
      System.Net.Primitives (>= 4.3) - restriction: || (== netcoreapp1.1) (&& (== netstandard1.0) (>= netstandard1.3)) (== netstandard1.6) (== netstandard2.0)
      System.Runtime (>= 4.3) - restriction: || (== netcoreapp1.1) (&& (== netstandard1.0) (>= netstandard1.3)) (== netstandard1.6) (== netstandard2.0)
      System.Threading.Tasks (>= 4.3) - restriction: || (== netcoreapp1.1) (&& (== netstandard1.0) (>= netstandard1.3)) (== netstandard1.6) (== netstandard2.0)
    System.Net.WebHeaderCollection (4.3) - restriction: || (&& (== net46) (>= netcoreapp1.1)) (== netcoreapp1.1) (&& (== netstandard1.0) (>= netcoreapp1.1)) (&& (== netstandard1.6) (>= netcoreapp1.1)) (&& (== netstandard2.0) (>= netcoreapp1.1))
      System.Collections (>= 4.3) - restriction: || (== netcoreapp1.1) (&& (== netstandard1.0) (>= netstandard1.3)) (== netstandard1.6) (== netstandard2.0)
      System.Resources.ResourceManager (>= 4.3) - restriction: || (== netcoreapp1.1) (&& (== netstandard1.0) (>= netstandard1.3)) (== netstandard1.6) (== netstandard2.0)
      System.Runtime (>= 4.3) - restriction: || (== netcoreapp1.1) (&& (== netstandard1.0) (>= netstandard1.3)) (== netstandard1.6) (== netstandard2.0)
      System.Runtime.Extensions (>= 4.3) - restriction: || (== netcoreapp1.1) (&& (== netstandard1.0) (>= netstandard1.3)) (== netstandard1.6) (== netstandard2.0)
    System.Numerics.Vectors (4.4) - restriction: || (&& (== net46) (>= netcoreapp1.1)) (== netcoreapp1.1) (&& (== netstandard1.0) (>= netcoreapp1.1)) (&& (== netstandard1.6) (>= netcoreapp1.1)) (&& (== netstandard2.0) (>= netcoreapp1.1))
      NETStandard.Library (>= 1.6.1) - restriction: || (== netcoreapp1.1) (== netstandard1.0) (== netstandard1.6)
    System.ObjectModel (4.3) - restriction: || (&& (== net46) (== netstandard2.0)) (&& (== net46) (< net20)) (&& (== net46) (>= netcoreapp1.1)) (&& (== net46) (>= uap10.0)) (== netcoreapp1.1) (== netstandard1.0) (== netstandard1.6) (&& (== netstandard2.0) (>= netcoreapp1.1)) (&& (== netstandard2.0) (< netstandard1.3)) (&& (== netstandard2.0) (< portable-net45+win8+wpa81)) (&& (== netstandard2.0) (< portable-net451+win81+wpa81))
      System.Collections (>= 4.3) - restriction: || (&& (== net46) (< net45)) (&& (== net46) (>= netcoreapp5.0)) (== netcoreapp1.1) (&& (== netstandard1.0) (>= netcoreapp5.0)) (&& (== netstandard1.0) (>= netstandard1.3)) (== netstandard1.6) (== netstandard2.0)
      System.Diagnostics.Debug (>= 4.3) - restriction: || (&& (== net46) (< net45)) (&& (== net46) (>= netcoreapp5.0)) (== netcoreapp1.1) (&& (== netstandard1.0) (>= netcoreapp5.0)) (&& (== netstandard1.0) (>= netstandard1.3)) (== netstandard1.6) (== netstandard2.0)
      System.Resources.ResourceManager (>= 4.3) - restriction: || (&& (== net46) (< net45)) (&& (== net46) (>= netcoreapp5.0)) (== netcoreapp1.1) (&& (== netstandard1.0) (>= netcoreapp5.0)) (&& (== netstandard1.0) (>= netstandard1.3)) (== netstandard1.6) (== netstandard2.0)
      System.Runtime (>= 4.3) - restriction: || (&& (== net46) (< net45)) (&& (== net46) (>= netcoreapp5.0)) (== netcoreapp1.1) (== netstandard1.0) (== netstandard1.6) (== netstandard2.0)
      System.Threading (>= 4.3) - restriction: || (&& (== net46) (< net45)) (&& (== net46) (>= netcoreapp5.0)) (== netcoreapp1.1) (&& (== netstandard1.0) (>= netcoreapp5.0)) (&& (== netstandard1.0) (>= netstandard1.3)) (== netstandard1.6) (== netstandard2.0)
    System.Reflection (4.3) - restriction: || (&& (== net46) (== netstandard2.0)) (&& (== net46) (< net20)) (&& (== net46) (>= netcoreapp1.1)) (== netcoreapp1.1) (== netstandard1.0) (== netstandard1.6) (&& (== netstandard2.0) (>= netcoreapp1.1)) (&& (== netstandard2.0) (< netstandard1.3))
      Microsoft.NETCore.Platforms (>= 1.1) - restriction: || (&& (== net46) (< net45)) (&& (== net46) (>= netcoreapp5.0)) (== netcoreapp1.1) (== netstandard1.0) (== netstandard1.6) (== netstandard2.0)
      Microsoft.NETCore.Targets (>= 1.1) - restriction: || (&& (== net46) (< net45)) (&& (== net46) (>= netcoreapp5.0)) (== netcoreapp1.1) (== netstandard1.0) (== netstandard1.6) (== netstandard2.0)
      System.IO (>= 4.3) - restriction: || (&& (== net46) (< net45)) (&& (== net46) (>= netcoreapp5.0)) (== netcoreapp1.1) (== netstandard1.0) (== netstandard1.6) (== netstandard2.0)
      System.Reflection.Primitives (>= 4.3) - restriction: || (&& (== net46) (< net45)) (&& (== net46) (>= netcoreapp5.0)) (== netcoreapp1.1) (== netstandard1.0) (== netstandard1.6) (== netstandard2.0)
      System.Runtime (>= 4.3) - restriction: || (&& (== net46) (< net45)) (&& (== net46) (>= netcoreapp5.0)) (== netcoreapp1.1) (== netstandard1.0) (== netstandard1.6) (== netstandard2.0)
    System.Reflection.DispatchProxy (4.4) - restriction: || (&& (== net46) (>= netcoreapp1.1)) (== netcoreapp1.1) (&& (== netstandard1.0) (>= netcoreapp1.1)) (&& (== netstandard1.6) (>= netcoreapp1.1)) (&& (== netstandard2.0) (>= netcoreapp1.1))
      NETStandard.Library (>= 1.6.1) - restriction: || (&& (== net46) (>= netcoreapp5.0)) (== netcoreapp1.1) (&& (== netstandard1.0) (>= netcoreapp5.0)) (&& (== netstandard1.0) (>= netstandard1.3)) (== netstandard1.6) (&& (== netstandard2.0) (>= netcoreapp5.0))
      System.Reflection.Emit (>= 4.3) - restriction: || (== netcoreapp1.1) (&& (== netstandard1.0) (>= netstandard1.3)) (== netstandard1.6)
      System.Reflection.Emit.ILGeneration (>= 4.3) - restriction: || (== netcoreapp1.1) (&& (== netstandard1.0) (>= netstandard1.3)) (== netstandard1.6)
    System.Reflection.Emit (4.3) - restriction: || (&& (== net46) (== netstandard1.0)) (&& (== net46) (== netstandard2.0)) (&& (== net46) (< net20)) (&& (== net46) (>= netcoreapp1.1)) (&& (== net46) (>= netcoreapp5.0)) (== netcoreapp1.1) (&& (== netstandard1.0) (== netstandard2.0)) (&& (== netstandard1.0) (>= netcoreapp1.1)) (&& (== netstandard1.0) (>= netstandard1.3)) (== netstandard1.6) (&& (== netstandard2.0) (>= netcoreapp1.1)) (&& (== netstandard2.0) (< netstandard1.3))
      System.IO (>= 4.3) - restriction: || (&& (== net46) (< net45)) (== netcoreapp1.1) (&& (== netstandard1.0) (>= netstandard1.1)) (== netstandard1.6) (== netstandard2.0)
      System.Reflection (>= 4.3) - restriction: || (&& (== net46) (< net45)) (== netcoreapp1.1) (&& (== netstandard1.0) (>= netstandard1.1)) (== netstandard1.6) (== netstandard2.0)
      System.Reflection.Emit.ILGeneration (>= 4.3) - restriction: || (&& (== net46) (< net45)) (== netcoreapp1.1) (&& (== netstandard1.0) (>= netstandard1.1)) (== netstandard1.6) (== netstandard2.0)
      System.Reflection.Primitives (>= 4.3) - restriction: || (&& (== net46) (< net45)) (== netcoreapp1.1) (&& (== netstandard1.0) (>= netstandard1.1)) (== netstandard1.6) (== netstandard2.0)
      System.Runtime (>= 4.3) - restriction: || (&& (== net46) (< net45)) (== netcoreapp1.1) (&& (== netstandard1.0) (>= netstandard1.1)) (== netstandard1.6) (== netstandard2.0)
    System.Reflection.Emit.ILGeneration (4.3) - restriction: || (&& (== net46) (== netstandard1.0)) (&& (== net46) (== netstandard2.0)) (&& (== net46) (< net20)) (&& (== net46) (>= netcoreapp1.1)) (&& (== net46) (>= netcoreapp5.0)) (== netcoreapp1.1) (&& (== netstandard1.0) (== netstandard2.0)) (&& (== netstandard1.0) (>= netcoreapp1.1)) (&& (== netstandard1.0) (>= netcoreapp5.0)) (&& (== netstandard1.0) (>= netstandard1.3)) (== netstandard1.6) (&& (== netstandard2.0) (>= netcoreapp1.1)) (&& (== netstandard2.0) (>= netcoreapp5.0)) (&& (== netstandard2.0) (< netstandard1.3))
      System.Reflection (>= 4.3) - restriction: || (&& (== net46) (< net45)) (== netcoreapp1.1) (== netstandard1.0) (== netstandard1.6) (== netstandard2.0)
      System.Reflection.Primitives (>= 4.3) - restriction: || (&& (== net46) (< net45)) (== netcoreapp1.1) (== netstandard1.0) (== netstandard1.6) (== netstandard2.0)
      System.Runtime (>= 4.3) - restriction: || (&& (== net46) (< net45)) (== netcoreapp1.1) (== netstandard1.0) (== netstandard1.6) (== netstandard2.0)
    System.Reflection.Emit.Lightweight (4.3) - restriction: || (&& (== net46) (>= netcoreapp1.1)) (&& (== net46) (>= netcoreapp5.0)) (== netcoreapp1.1) (&& (== netstandard1.0) (>= netcoreapp1.1)) (&& (== netstandard1.0) (>= netcoreapp5.0)) (&& (== netstandard1.6) (>= netcoreapp1.1)) (&& (== netstandard1.6) (>= netcoreapp5.0)) (&& (== netstandard2.0) (>= netcoreapp1.1)) (&& (== netstandard2.0) (>= netcoreapp5.0))
      System.Reflection (>= 4.3) - restriction: || (&& (== net46) (< net45)) (== netcoreapp1.1) (== netstandard1.0) (== netstandard1.6) (== netstandard2.0)
      System.Reflection.Emit.ILGeneration (>= 4.3) - restriction: || (&& (== net46) (< net45)) (== netcoreapp1.1) (== netstandard1.0) (== netstandard1.6) (== netstandard2.0)
      System.Reflection.Primitives (>= 4.3) - restriction: || (&& (== net46) (< net45)) (== netcoreapp1.1) (== netstandard1.0) (== netstandard1.6) (== netstandard2.0)
      System.Runtime (>= 4.3) - restriction: || (&& (== net46) (< net45)) (== netcoreapp1.1) (== netstandard1.0) (== netstandard1.6) (== netstandard2.0)
    System.Reflection.Extensions (4.3) - restriction: || (&& (== net46) (== netstandard2.0)) (&& (== net46) (< net20)) (&& (== net46) (>= netcoreapp1.1)) (&& (== net46) (>= netcoreapp5.0)) (&& (== net46) (< netstandard1.3) (>= wpa81)) (&& (== net46) (>= uap10.0)) (== netcoreapp1.1) (== netstandard1.0) (== netstandard1.6) (&& (== netstandard2.0) (>= netcoreapp1.1)) (&& (== netstandard2.0) (>= netcoreapp5.0)) (&& (== netstandard2.0) (< netstandard1.0)) (&& (== netstandard2.0) (< netstandard1.3)) (&& (== netstandard2.0) (< portable-net451+win81+wpa81))
      Microsoft.NETCore.Platforms (>= 1.1) - restriction: || (&& (== net46) (< net45)) (&& (== net46) (>= netcoreapp5.0)) (== netcoreapp1.1) (== netstandard1.0) (== netstandard1.6) (== netstandard2.0)
      Microsoft.NETCore.Targets (>= 1.1) - restriction: || (&& (== net46) (< net45)) (&& (== net46) (>= netcoreapp5.0)) (== netcoreapp1.1) (== netstandard1.0) (== netstandard1.6) (== netstandard2.0)
      System.Reflection (>= 4.3) - restriction: || (&& (== net46) (< net45)) (&& (== net46) (>= netcoreapp5.0)) (== netcoreapp1.1) (== netstandard1.0) (== netstandard1.6) (== netstandard2.0)
      System.Runtime (>= 4.3) - restriction: || (&& (== net46) (< net45)) (&& (== net46) (>= netcoreapp5.0)) (== netcoreapp1.1) (== netstandard1.0) (== netstandard1.6) (== netstandard2.0)
    System.Reflection.Metadata (1.5) - restriction: || (&& (== net46) (>= netcoreapp1.0)) (&& (== net46) (>= netcoreapp1.1)) (== netcoreapp1.1) (&& (== netstandard1.0) (>= netcoreapp1.0)) (&& (== netstandard1.0) (>= netcoreapp1.1)) (&& (== netstandard1.6) (>= netcoreapp1.0)) (&& (== netstandard1.6) (>= netcoreapp1.1)) (&& (== netstandard2.0) (>= netcoreapp1.0)) (&& (== netstandard2.0) (>= netcoreapp1.1))
      NETStandard.Library (>= 1.6.1) - restriction: || (== net46) (== netcoreapp1.1) (&& (== netstandard1.0) (>= netstandard1.1)) (== netstandard1.6)
      System.Collections.Immutable (>= 1.4) - restriction: || (== net46) (== netcoreapp1.1) (&& (== netstandard1.0) (>= monoandroid)) (&& (== netstandard1.0) (>= monotouch)) (&& (== netstandard1.0) (>= netstandard1.1)) (&& (== netstandard1.0) (>= netstandard2.0)) (&& (== netstandard1.0) (>= portable-net45+win8)) (&& (== netstandard1.0) (>= portable-net45+win8+wpa81)) (&& (== netstandard1.0) (>= xamarinios)) (&& (== netstandard1.0) (>= xamarinmac)) (&& (== netstandard1.0) (>= xamarintvos)) (&& (== netstandard1.0) (>= xamarinwatchos)) (== netstandard1.6) (== netstandard2.0)
    System.Reflection.Primitives (4.3) - restriction: || (&& (== net46) (== netstandard2.0)) (&& (== net46) (< net20)) (&& (== net46) (>= netcoreapp1.1)) (&& (== net46) (>= netcoreapp5.0)) (== netcoreapp1.1) (== netstandard1.0) (== netstandard1.6) (&& (== netstandard2.0) (>= netcoreapp1.1)) (&& (== netstandard2.0) (>= netcoreapp5.0)) (&& (== netstandard2.0) (< netstandard1.3))
      Microsoft.NETCore.Platforms (>= 1.1) - restriction: || (&& (== net46) (< net45)) (&& (== net46) (>= netcoreapp5.0)) (== netcoreapp1.1) (== netstandard1.0) (== netstandard1.6) (== netstandard2.0)
      Microsoft.NETCore.Targets (>= 1.1) - restriction: || (&& (== net46) (< net45)) (&& (== net46) (>= netcoreapp5.0)) (== netcoreapp1.1) (== netstandard1.0) (== netstandard1.6) (== netstandard2.0)
      System.Runtime (>= 4.3) - restriction: || (&& (== net46) (< net45)) (&& (== net46) (>= netcoreapp5.0)) (== netcoreapp1.1) (== netstandard1.0) (== netstandard1.6) (== netstandard2.0)
    System.Reflection.TypeExtensions (4.4) - restriction: || (&& (== net46) (== netstandard1.0)) (&& (== net46) (== netstandard2.0)) (&& (== net46) (< net20)) (&& (== net46) (>= netcoreapp1.1)) (&& (== net46) (>= netcoreapp5.0)) (== netcoreapp1.1) (&& (== netstandard1.0) (== netstandard2.0)) (&& (== netstandard1.0) (>= netcoreapp1.1)) (&& (== netstandard1.0) (>= netcoreapp5.0)) (&& (== netstandard1.0) (>= netstandard1.3)) (== netstandard1.6) (&& (== netstandard2.0) (>= netcoreapp1.1)) (&& (== netstandard2.0) (< netstandard1.3))
      System.Reflection (>= 4.3) - restriction: || (&& (== net46) (>= netcoreapp5.0)) (== netcoreapp1.1) (&& (== netstandard1.0) (>= netcoreapp5.0)) (&& (== netstandard1.0) (>= netstandard1.3)) (&& (== netstandard1.0) (>= netstandard1.5)) (== netstandard1.6) (&& (== netstandard2.0) (>= netcoreapp5.0)) (&& (== netstandard2.0) (< netstandard1.5))
      System.Resources.ResourceManager (>= 4.3) - restriction: || (&& (== net46) (>= netcoreapp5.0)) (== netcoreapp1.1) (&& (== netstandard1.0) (>= netcoreapp5.0)) (&& (== netstandard1.0) (>= netstandard1.3)) (&& (== netstandard1.0) (>= netstandard1.5)) (== netstandard1.6) (&& (== netstandard2.0) (>= netcoreapp5.0)) (&& (== netstandard2.0) (< netstandard1.5))
      System.Runtime (>= 4.3) - restriction: || (&& (== net46) (>= netcoreapp5.0)) (== netcoreapp1.1) (&& (== netstandard1.0) (>= netcoreapp5.0)) (&& (== netstandard1.0) (>= netstandard1.3)) (&& (== netstandard1.0) (>= netstandard1.5)) (== netstandard1.6) (&& (== netstandard2.0) (>= netcoreapp5.0)) (&& (== netstandard2.0) (< netstandard1.5))
    System.Resources.Reader (4.3) - restriction: || (&& (== net46) (>= netcoreapp1.1)) (== netcoreapp1.1) (&& (== netstandard1.0) (>= netcoreapp1.1)) (&& (== netstandard1.6) (>= netcoreapp1.1)) (&& (== netstandard2.0) (>= netcoreapp1.1))
      System.IO (>= 4.3) - restriction: || (&& (== net46) (< net45)) (== netcoreapp1.1) (== netstandard1.0) (== netstandard1.6) (== netstandard2.0)
      System.Resources.ResourceManager (>= 4.3) - restriction: || (&& (== net46) (< net45)) (== netcoreapp1.1) (== netstandard1.0) (== netstandard1.6) (== netstandard2.0)
      System.Runtime (>= 4.3) - restriction: || (&& (== net46) (< net45)) (== netcoreapp1.1) (== netstandard1.0) (== netstandard1.6) (== netstandard2.0)
      System.Text.Encoding (>= 4.3) - restriction: || (&& (== net46) (< net45)) (== netcoreapp1.1) (== netstandard1.0) (== netstandard1.6) (== netstandard2.0)
      System.Threading (>= 4.3) - restriction: || (&& (== net46) (< net45)) (== netcoreapp1.1) (== netstandard1.0) (== netstandard1.6) (== netstandard2.0)
    System.Resources.ResourceManager (4.3) - restriction: || (&& (== net46) (== netstandard2.0)) (&& (== net46) (< net20)) (&& (== net46) (>= netcoreapp1.1)) (&& (== net46) (>= netcoreapp5.0)) (&& (== net46) (>= netstandard1.6) (>= uap10.0)) (== netcoreapp1.1) (== netstandard1.0) (== netstandard1.6) (&& (== netstandard2.0) (>= netcoreapp1.1)) (&& (== netstandard2.0) (>= netcoreapp5.0)) (&& (== netstandard2.0) (< netstandard1.3)) (&& (== netstandard2.0) (< portable-net45+win8+wpa81)) (&& (== netstandard2.0) (< portable-net451+win81+wpa81))
      Microsoft.NETCore.Platforms (>= 1.1) - restriction: || (&& (== net46) (< net45)) (&& (== net46) (>= netcoreapp5.0)) (== netcoreapp1.1) (== netstandard1.0) (== netstandard1.6) (== netstandard2.0)
      Microsoft.NETCore.Targets (>= 1.1) - restriction: || (&& (== net46) (< net45)) (&& (== net46) (>= netcoreapp5.0)) (== netcoreapp1.1) (== netstandard1.0) (== netstandard1.6) (== netstandard2.0)
      System.Globalization (>= 4.3) - restriction: || (&& (== net46) (< net45)) (&& (== net46) (>= netcoreapp5.0)) (== netcoreapp1.1) (== netstandard1.0) (== netstandard1.6) (== netstandard2.0)
      System.Reflection (>= 4.3) - restriction: || (&& (== net46) (< net45)) (&& (== net46) (>= netcoreapp5.0)) (== netcoreapp1.1) (== netstandard1.0) (== netstandard1.6) (== netstandard2.0)
      System.Runtime (>= 4.3) - restriction: || (&& (== net46) (< net45)) (&& (== net46) (>= netcoreapp5.0)) (== netcoreapp1.1) (== netstandard1.0) (== netstandard1.6) (== netstandard2.0)
    System.Runtime (4.3) - restriction: || (&& (== net46) (== netstandard2.0)) (&& (== net46) (< net20)) (&& (== net46) (>= netcoreapp1.1)) (&& (== net46) (>= netcoreapp5.0)) (== netcoreapp1.1) (== netstandard1.0) (== netstandard1.6) (&& (== netstandard2.0) (>= netcoreapp1.1)) (&& (== netstandard2.0) (>= netcoreapp5.0)) (&& (== netstandard2.0) (< netstandard1.3))
      Microsoft.NETCore.Platforms (>= 1.1) - restriction: || (&& (== net46) (< net45)) (&& (== net46) (>= netcoreapp5.0)) (== netcoreapp1.1) (== netstandard1.0) (== netstandard1.6) (== netstandard2.0)
      Microsoft.NETCore.Targets (>= 1.1) - restriction: || (&& (== net46) (< net45)) (&& (== net46) (>= netcoreapp5.0)) (== netcoreapp1.1) (== netstandard1.0) (== netstandard1.6) (== netstandard2.0)
    System.Runtime.Extensions (4.3) - restriction: || (&& (== net46) (== netstandard2.0)) (&& (== net46) (< net20)) (&& (== net46) (>= netcoreapp1.1)) (&& (== net46) (>= netcoreapp5.0)) (&& (== net46) (>= netstandard1.6) (>= uap10.0)) (== netcoreapp1.1) (== netstandard1.0) (== netstandard1.6) (&& (== netstandard2.0) (>= netcoreapp1.1)) (&& (== netstandard2.0) (>= netcoreapp5.0)) (&& (== netstandard2.0) (< netstandard1.3)) (&& (== netstandard2.0) (< portable-net45+win8+wpa81)) (&& (== netstandard2.0) (< portable-net451+win81+wpa81))
      Microsoft.NETCore.Platforms (>= 1.1) - restriction: || (&& (== net46) (< net45)) (&& (== net46) (>= netcoreapp5.0)) (== netcoreapp1.1) (== netstandard1.0) (== netstandard1.6) (== netstandard2.0)
      Microsoft.NETCore.Targets (>= 1.1) - restriction: || (&& (== net46) (< net45)) (&& (== net46) (>= netcoreapp5.0)) (== netcoreapp1.1) (== netstandard1.0) (== netstandard1.6) (== netstandard2.0)
      System.Runtime (>= 4.3) - restriction: || (&& (== net46) (< net45)) (&& (== net46) (>= netcoreapp5.0)) (== netcoreapp1.1) (== netstandard1.0) (== netstandard1.6) (== netstandard2.0)
    System.Runtime.Handles (4.3) - restriction: || (&& (== net46) (== netstandard1.0)) (&& (== net46) (== netstandard2.0)) (&& (== net46) (< net20)) (&& (== net46) (>= netcoreapp1.1)) (&& (== net46) (>= uap10.0)) (== netcoreapp1.1) (&& (== netstandard1.0) (== netstandard2.0)) (&& (== netstandard1.0) (>= netcoreapp1.1)) (&& (== netstandard1.0) (>= netstandard1.3)) (&& (== netstandard1.0) (>= netstandard1.4)) (&& (== netstandard1.0) (>= netstandard1.5)) (&& (== netstandard1.0) (>= netstandard1.6)) (&& (== netstandard1.0) (>= uap10.0)) (== netstandard1.6) (&& (== netstandard2.0) (>= netcoreapp1.1)) (&& (== netstandard2.0) (< netstandard1.3))
      Microsoft.NETCore.Platforms (>= 1.1) - restriction: || (== netcoreapp1.1) (&& (== netstandard1.0) (>= netstandard1.3)) (== netstandard1.6) (== netstandard2.0)
      Microsoft.NETCore.Targets (>= 1.1) - restriction: || (== netcoreapp1.1) (&& (== netstandard1.0) (>= netstandard1.3)) (== netstandard1.6) (== netstandard2.0)
      System.Runtime (>= 4.3) - restriction: || (== netcoreapp1.1) (&& (== netstandard1.0) (>= netstandard1.3)) (== netstandard1.6) (== netstandard2.0)
    System.Runtime.InteropServices (4.3) - restriction: || (&& (== net46) (== netstandard1.0)) (&& (== net46) (== netstandard2.0)) (&& (== net46) (< net20)) (&& (== net46) (>= netcoreapp1.1)) (&& (== net46) (>= netcoreapp5.0)) (&& (== net46) (>= uap10.0)) (== netcoreapp1.1) (&& (== netstandard1.0) (== netstandard2.0)) (&& (== netstandard1.0) (>= netcoreapp1.1)) (&& (== netstandard1.0) (>= netcoreapp5.0)) (&& (== netstandard1.0) (>= netstandard1.1)) (&& (== netstandard1.0) (>= netstandard1.2)) (&& (== netstandard1.0) (>= netstandard1.3)) (&& (== netstandard1.0) (>= netstandard1.4)) (&& (== netstandard1.0) (>= netstandard1.5)) (&& (== netstandard1.0) (>= netstandard1.6)) (&& (== netstandard1.0) (>= uap10.0)) (== netstandard1.6) (&& (== netstandard2.0) (>= netcoreapp1.1)) (&& (== netstandard2.0) (>= netcoreapp5.0)) (&& (== netstandard2.0) (< netstandard1.3)) (&& (== netstandard2.0) (< portable-net451+win81+wpa81))
      Microsoft.NETCore.Platforms (>= 1.1) - restriction: || (&& (== net46) (< net45)) (&& (== net46) (>= netcoreapp1.1)) (== netcoreapp1.1) (&& (== netstandard1.0) (>= netcoreapp1.1)) (&& (== netstandard1.0) (>= netstandard1.1)) (&& (== netstandard1.0) (>= netstandard1.2)) (&& (== netstandard1.0) (>= netstandard1.3)) (&& (== netstandard1.0) (>= netstandard1.5)) (== netstandard1.6) (== netstandard2.0)
      Microsoft.NETCore.Targets (>= 1.1) - restriction: || (&& (== net46) (< net45)) (&& (== net46) (>= netcoreapp1.1)) (== netcoreapp1.1) (&& (== netstandard1.0) (>= netcoreapp1.1)) (&& (== netstandard1.0) (>= netstandard1.1)) (&& (== netstandard1.0) (>= netstandard1.2)) (&& (== netstandard1.0) (>= netstandard1.3)) (&& (== netstandard1.0) (>= netstandard1.5)) (== netstandard1.6) (== netstandard2.0)
      System.Reflection (>= 4.3) - restriction: || (&& (== net46) (< net45)) (&& (== net46) (>= netcoreapp1.1)) (== netcoreapp1.1) (&& (== netstandard1.0) (>= netcoreapp1.1)) (&& (== netstandard1.0) (>= netstandard1.1)) (&& (== netstandard1.0) (>= netstandard1.2)) (&& (== netstandard1.0) (>= netstandard1.3)) (&& (== netstandard1.0) (>= netstandard1.5)) (== netstandard1.6) (== netstandard2.0)
      System.Reflection.Primitives (>= 4.3) - restriction: || (&& (== net46) (< net45)) (&& (== net46) (>= netcoreapp1.1)) (== netcoreapp1.1) (&& (== netstandard1.0) (>= netcoreapp1.1)) (&& (== netstandard1.0) (>= netstandard1.1)) (&& (== netstandard1.0) (>= netstandard1.2)) (&& (== netstandard1.0) (>= netstandard1.3)) (&& (== netstandard1.0) (>= netstandard1.5)) (== netstandard1.6) (== netstandard2.0)
      System.Runtime (>= 4.3) - restriction: || (&& (== net46) (< net45)) (&& (== net46) (>= net462)) (&& (== net46) (>= netcoreapp1.1)) (== netcoreapp1.1) (&& (== netstandard1.0) (>= net462)) (&& (== netstandard1.0) (>= netcoreapp1.1)) (&& (== netstandard1.0) (>= netstandard1.1)) (&& (== netstandard1.0) (>= netstandard1.2)) (&& (== netstandard1.0) (>= netstandard1.3)) (&& (== netstandard1.0) (>= netstandard1.5)) (== netstandard1.6) (== netstandard2.0)
      System.Runtime.Handles (>= 4.3) - restriction: || (&& (== net46) (< net45)) (&& (== net46) (>= netcoreapp1.1)) (== netcoreapp1.1) (&& (== netstandard1.0) (>= netcoreapp1.1)) (&& (== netstandard1.0) (>= netstandard1.3)) (&& (== netstandard1.0) (>= netstandard1.5)) (== netstandard1.6) (== netstandard2.0)
    System.Runtime.InteropServices.RuntimeInformation (4.3) - restriction: || (&& (== net46) (== netstandard1.0)) (&& (== net46) (== netstandard2.0)) (&& (== net46) (< net20)) (&& (== net46) (< netstandard1.3) (>= wpa81)) (&& (== net46) (>= uap10.0)) (== netcoreapp1.1) (&& (== netstandard1.0) (== netstandard2.0)) (&& (== netstandard1.0) (>= net45)) (&& (== netstandard1.0) (>= net451)) (&& (== netstandard1.0) (>= net46)) (&& (== netstandard1.0) (>= netstandard1.1)) (&& (== netstandard1.0) (>= netstandard1.2)) (&& (== netstandard1.0) (>= netstandard1.3)) (&& (== netstandard1.0) (>= netstandard1.4)) (&& (== netstandard1.0) (>= netstandard1.5)) (&& (== netstandard1.0) (>= netstandard1.6)) (&& (== netstandard1.0) (>= uap10.0)) (&& (== netstandard1.0) (>= wpa81)) (== netstandard1.6) (&& (== netstandard2.0) (< netstandard1.0)) (&& (== netstandard2.0) (< netstandard1.3)) (&& (== netstandard2.0) (< portable-net451+win81+wpa81))
      runtime.native.System (>= 4.3) - restriction: || (&& (== net46) (< net45)) (== netcoreapp1.1) (&& (== netstandard1.0) (>= netstandard1.1)) (== netstandard1.6) (== netstandard2.0)
      System.Reflection (>= 4.3) - restriction: || (&& (== net46) (< net45)) (&& (== net46) (>= netcoreapp5.0)) (== netcoreapp1.1) (&& (== netstandard1.0) (>= netcoreapp5.0)) (&& (== netstandard1.0) (>= netstandard1.1)) (== netstandard1.6) (== netstandard2.0)
      System.Reflection.Extensions (>= 4.3) - restriction: || (&& (== net46) (< net45)) (&& (== net46) (>= netcoreapp5.0)) (== netcoreapp1.1) (&& (== netstandard1.0) (>= netcoreapp5.0)) (&& (== netstandard1.0) (>= netstandard1.1)) (== netstandard1.6) (== netstandard2.0)
      System.Resources.ResourceManager (>= 4.3) - restriction: || (&& (== net46) (< net45)) (&& (== net46) (>= netcoreapp5.0)) (== netcoreapp1.1) (&& (== netstandard1.0) (>= netcoreapp5.0)) (&& (== netstandard1.0) (>= netstandard1.1)) (== netstandard1.6) (== netstandard2.0)
      System.Runtime (>= 4.3) - restriction: || (&& (== net46) (< net45)) (&& (== net46) (>= netcoreapp5.0)) (== netcoreapp1.1) (&& (== netstandard1.0) (>= netcoreapp5.0)) (&& (== netstandard1.0) (>= netstandard1.1)) (== netstandard1.6) (== netstandard2.0)
      System.Runtime.InteropServices (>= 4.3) - restriction: || (&& (== net46) (< net45)) (== netcoreapp1.1) (&& (== netstandard1.0) (>= netstandard1.1)) (== netstandard1.6) (== netstandard2.0)
      System.Threading (>= 4.3) - restriction: || (&& (== net46) (< net45)) (&& (== net46) (>= netcoreapp5.0)) (== netcoreapp1.1) (&& (== netstandard1.0) (>= netcoreapp5.0)) (&& (== netstandard1.0) (>= netstandard1.1)) (== netstandard1.6) (== netstandard2.0)
    System.Runtime.Loader (4.3) - restriction: || (&& (== net46) (>= netcoreapp1.1)) (== netcoreapp1.1) (&& (== netstandard1.0) (>= netcoreapp1.1)) (&& (== netstandard1.6) (>= netcoreapp1.1)) (&& (== netstandard2.0) (>= netcoreapp1.1))
      System.IO (>= 4.3) - restriction: || (&& (== net46) (>= netstandard1.5)) (== netcoreapp1.1) (&& (== netstandard1.0) (>= netstandard1.5)) (== netstandard1.6) (== netstandard2.0)
      System.Reflection (>= 4.3) - restriction: || (&& (== net46) (>= netstandard1.5)) (== netcoreapp1.1) (&& (== netstandard1.0) (>= netstandard1.5)) (== netstandard1.6) (== netstandard2.0)
      System.Runtime (>= 4.3) - restriction: || (&& (== net46) (>= netstandard1.5)) (== netcoreapp1.1) (&& (== netstandard1.0) (>= netstandard1.5)) (== netstandard1.6) (== netstandard2.0)
    System.Runtime.Numerics (4.3) - restriction: || (&& (== net46) (== netstandard1.0)) (&& (== net46) (== netstandard2.0)) (&& (== net46) (< net20)) (&& (== net46) (>= netcoreapp1.1)) (&& (== net46) (>= netcoreapp5.0)) (&& (== net46) (>= uap10.0)) (== netcoreapp1.1) (&& (== netstandard1.0) (== netstandard2.0)) (&& (== netstandard1.0) (>= netcoreapp1.1)) (&& (== netstandard1.0) (>= netcoreapp5.0)) (&& (== netstandard1.0) (>= netstandard1.1)) (&& (== netstandard1.0) (>= netstandard1.2)) (&& (== netstandard1.0) (>= netstandard1.3)) (&& (== netstandard1.0) (>= netstandard1.4)) (&& (== netstandard1.0) (>= netstandard1.5)) (&& (== netstandard1.0) (>= netstandard1.6)) (&& (== netstandard1.0) (>= uap10.0)) (== netstandard1.6) (&& (== netstandard2.0) (>= netcoreapp1.1)) (&& (== netstandard2.0) (>= netcoreapp5.0)) (&& (== netstandard2.0) (< netstandard1.3)) (&& (== netstandard2.0) (< portable-net451+win81+wpa81))
      System.Globalization (>= 4.3) - restriction: || (&& (== net46) (< net45)) (&& (== net46) (>= netcoreapp5.0)) (== netcoreapp1.1) (&& (== netstandard1.0) (>= netcoreapp5.0)) (&& (== netstandard1.0) (>= netstandard1.3)) (== netstandard1.6) (== netstandard2.0)
      System.Resources.ResourceManager (>= 4.3) - restriction: || (&& (== net46) (< net45)) (&& (== net46) (>= netcoreapp5.0)) (== netcoreapp1.1) (&& (== netstandard1.0) (>= netcoreapp5.0)) (&& (== netstandard1.0) (>= netstandard1.3)) (== netstandard1.6) (== netstandard2.0)
      System.Runtime (>= 4.3) - restriction: || (&& (== net46) (< net45)) (&& (== net46) (>= netcoreapp5.0)) (== netcoreapp1.1) (&& (== netstandard1.0) (>= netcoreapp5.0)) (&& (== netstandard1.0) (>= netstandard1.1)) (&& (== netstandard1.0) (>= netstandard1.3)) (== netstandard1.6) (== netstandard2.0)
      System.Runtime.Extensions (>= 4.3) - restriction: || (&& (== net46) (< net45)) (&& (== net46) (>= netcoreapp5.0)) (== netcoreapp1.1) (&& (== netstandard1.0) (>= netcoreapp5.0)) (&& (== netstandard1.0) (>= netstandard1.3)) (== netstandard1.6) (== netstandard2.0)
    System.Runtime.Serialization.Formatters (4.3) - restriction: || (&& (== net46) (== netstandard1.0)) (&& (== net46) (== netstandard2.0)) (&& (== net46) (< net20)) (== netcoreapp1.1) (&& (== netstandard1.0) (== netstandard2.0)) (&& (== netstandard1.0) (>= netstandard1.3)) (== netstandard1.6)
      System.Collections (>= 4.3) - restriction: || (== netcoreapp1.1) (&& (== netstandard1.0) (>= netstandard1.4)) (== netstandard1.6) (== netstandard2.0)
      System.Reflection (>= 4.3) - restriction: || (== netcoreapp1.1) (&& (== netstandard1.0) (>= netstandard1.4)) (== netstandard1.6) (== netstandard2.0)
      System.Resources.ResourceManager (>= 4.3) - restriction: || (== netcoreapp1.1) (&& (== netstandard1.0) (>= netstandard1.4)) (== netstandard1.6) (== netstandard2.0)
      System.Runtime (>= 4.3) - restriction: || (== netcoreapp1.1) (&& (== netstandard1.0) (>= netstandard1.3)) (&& (== netstandard1.0) (>= netstandard1.4)) (== netstandard1.6) (== netstandard2.0)
      System.Runtime.Serialization.Primitives (>= 4.3) - restriction: || (== net46) (== netcoreapp1.1) (&& (== netstandard1.0) (>= net46)) (&& (== netstandard1.0) (>= netstandard1.3)) (&& (== netstandard1.0) (>= netstandard1.4)) (== netstandard1.6) (== netstandard2.0)
    System.Runtime.Serialization.Primitives (4.3) - restriction: || (&& (== net46) (== netstandard2.0)) (&& (== net46) (< net20)) (== netcoreapp1.1) (== netstandard1.0) (== netstandard1.6) (&& (== netstandard2.0) (< netstandard1.3))
      System.Resources.ResourceManager (>= 4.3) - restriction: || (&& (== net46) (< net45)) (&& (== net46) (>= netcoreapp5.0)) (== netcoreapp1.1) (&& (== netstandard1.0) (>= netcoreapp5.0)) (&& (== netstandard1.0) (>= netstandard1.3)) (== netstandard1.6) (== netstandard2.0)
      System.Runtime (>= 4.3) - restriction: || (&& (== net46) (< net45)) (&& (== net46) (>= netcoreapp5.0)) (== netcoreapp1.1) (== netstandard1.0) (== netstandard1.6) (== netstandard2.0)
    System.Security.Claims (4.3) - restriction: || (&& (== net46) (>= netcoreapp1.1)) (== netcoreapp1.1) (&& (== netstandard1.0) (>= netcoreapp1.1)) (&& (== netstandard1.6) (>= netcoreapp1.1)) (&& (== netstandard2.0) (>= netcoreapp1.1))
      System.Collections (>= 4.3) - restriction: || (== netcoreapp1.1) (&& (== netstandard1.0) (>= netstandard1.3)) (== netstandard1.6) (== netstandard2.0)
      System.Globalization (>= 4.3) - restriction: || (== netcoreapp1.1) (&& (== netstandard1.0) (>= netstandard1.3)) (== netstandard1.6) (== netstandard2.0)
      System.IO (>= 4.3) - restriction: || (== netcoreapp1.1) (&& (== netstandard1.0) (>= netstandard1.3)) (== netstandard1.6) (== netstandard2.0)
      System.Resources.ResourceManager (>= 4.3) - restriction: || (== netcoreapp1.1) (&& (== netstandard1.0) (>= netstandard1.3)) (== netstandard1.6) (== netstandard2.0)
      System.Runtime (>= 4.3) - restriction: || (== netcoreapp1.1) (&& (== netstandard1.0) (>= netstandard1.3)) (== netstandard1.6) (== netstandard2.0)
      System.Runtime.Extensions (>= 4.3) - restriction: || (== netcoreapp1.1) (&& (== netstandard1.0) (>= netstandard1.3)) (== netstandard1.6) (== netstandard2.0)
      System.Security.Principal (>= 4.3) - restriction: || (== netcoreapp1.1) (&& (== netstandard1.0) (>= netstandard1.3)) (== netstandard1.6) (== netstandard2.0)
    System.Security.Cryptography.Algorithms (4.3.1) - restriction: || (&& (== net46) (== netstandard1.0)) (&& (== net46) (== netstandard2.0)) (&& (== net46) (< net20)) (&& (== net46) (>= netcoreapp1.1)) (&& (== net46) (>= uap10.0)) (== netcoreapp1.1) (&& (== netstandard1.0) (== netstandard2.0)) (&& (== netstandard1.0) (>= net46)) (&& (== netstandard1.0) (>= netcoreapp1.1)) (&& (== netstandard1.0) (>= netstandard1.3)) (&& (== netstandard1.0) (>= netstandard1.4)) (&& (== netstandard1.0) (>= netstandard1.5)) (&& (== netstandard1.0) (>= netstandard1.6)) (&& (== netstandard1.0) (>= uap10.0)) (== netstandard1.6) (&& (== netstandard2.0) (>= netcoreapp1.1)) (&& (== netstandard2.0) (< netstandard1.3))
      Microsoft.NETCore.Platforms (>= 1.1) - restriction: || (&& (== net46) (>= netcoreapp5.0)) (== netcoreapp1.1) (&& (== netstandard1.0) (>= netcoreapp5.0)) (&& (== netstandard1.0) (>= netstandard1.6)) (== netstandard1.6) (== netstandard2.0)
      runtime.native.System.Security.Cryptography.Apple (>= 4.3.1) - restriction: || (== netcoreapp1.1) (&& (== netstandard1.0) (>= netstandard1.6)) (== netstandard1.6) (== netstandard2.0)
      runtime.native.System.Security.Cryptography.OpenSsl (>= 4.3.2) - restriction: || (== netcoreapp1.1) (&& (== netstandard1.0) (>= netstandard1.6)) (== netstandard1.6) (== netstandard2.0)
      System.Collections (>= 4.3) - restriction: || (== netcoreapp1.1) (&& (== netstandard1.0) (>= netstandard1.6)) (== netstandard1.6) (== netstandard2.0)
      System.IO (>= 4.3) - restriction: || (&& (== net46) (>= net463)) (&& (== net46) (>= netcoreapp5.0)) (== netcoreapp1.1) (&& (== netstandard1.0) (>= net463)) (&& (== netstandard1.0) (>= netcoreapp5.0)) (&& (== netstandard1.0) (>= netstandard1.3)) (&& (== netstandard1.0) (>= netstandard1.4)) (&& (== netstandard1.0) (>= netstandard1.6)) (== netstandard1.6) (== netstandard2.0)
      System.Resources.ResourceManager (>= 4.3) - restriction: || (&& (== net46) (>= netcoreapp5.0)) (== netcoreapp1.1) (&& (== netstandard1.0) (>= netcoreapp5.0)) (&& (== netstandard1.0) (>= netstandard1.6)) (== netstandard1.6) (== netstandard2.0)
      System.Runtime (>= 4.3) - restriction: || (&& (== net46) (>= net463)) (&& (== net46) (>= netcoreapp5.0)) (== netcoreapp1.1) (&& (== netstandard1.0) (>= net463)) (&& (== netstandard1.0) (>= netcoreapp5.0)) (&& (== netstandard1.0) (>= netstandard1.3)) (&& (== netstandard1.0) (>= netstandard1.4)) (&& (== netstandard1.0) (>= netstandard1.6)) (== netstandard1.6) (== netstandard2.0)
      System.Runtime.Extensions (>= 4.3) - restriction: || (&& (== net46) (>= netcoreapp5.0)) (== netcoreapp1.1) (&& (== netstandard1.0) (>= netcoreapp5.0)) (&& (== netstandard1.0) (>= netstandard1.6)) (== netstandard1.6) (== netstandard2.0)
      System.Runtime.Handles (>= 4.3) - restriction: || (&& (== net46) (>= netcoreapp5.0)) (== netcoreapp1.1) (&& (== netstandard1.0) (>= netcoreapp5.0)) (&& (== netstandard1.0) (>= netstandard1.6)) (== netstandard1.6) (== netstandard2.0)
      System.Runtime.InteropServices (>= 4.3) - restriction: || (&& (== net46) (>= netcoreapp5.0)) (== netcoreapp1.1) (&& (== netstandard1.0) (>= netcoreapp5.0)) (&& (== netstandard1.0) (>= netstandard1.6)) (== netstandard1.6) (== netstandard2.0)
      System.Runtime.Numerics (>= 4.3) - restriction: || (== netcoreapp1.1) (&& (== netstandard1.0) (>= netstandard1.6)) (== netstandard1.6) (== netstandard2.0)
      System.Security.Cryptography.Encoding (>= 4.3) - restriction: || (&& (== net46) (>= net463)) (&& (== net46) (>= netcoreapp5.0)) (== netcoreapp1.1) (&& (== netstandard1.0) (>= net463)) (&& (== netstandard1.0) (>= netcoreapp5.0)) (&& (== netstandard1.0) (>= netstandard1.6)) (== netstandard1.6) (== netstandard2.0)
      System.Security.Cryptography.Primitives (>= 4.3) - restriction: || (== net46) (== netcoreapp1.1) (&& (== netstandard1.0) (>= net46)) (&& (== netstandard1.0) (>= net461)) (&& (== netstandard1.0) (>= net463)) (&& (== netstandard1.0) (>= netcoreapp5.0)) (&& (== netstandard1.0) (>= netstandard1.3)) (&& (== netstandard1.0) (>= netstandard1.4)) (&& (== netstandard1.0) (>= netstandard1.6)) (== netstandard1.6) (== netstandard2.0)
      System.Text.Encoding (>= 4.3) - restriction: || (&& (== net46) (>= netcoreapp5.0)) (== netcoreapp1.1) (&& (== netstandard1.0) (>= netcoreapp5.0)) (&& (== netstandard1.0) (>= netstandard1.6)) (== netstandard1.6) (== netstandard2.0)
    System.Security.Cryptography.Cng (4.4) - restriction: || (&& (== net46) (>= netcoreapp1.1)) (&& (== net46) (>= netcoreapp5.0)) (== netcoreapp1.1) (&& (== netstandard1.0) (>= netcoreapp1.1)) (&& (== netstandard1.0) (>= netcoreapp5.0)) (&& (== netstandard1.6) (>= netcoreapp1.1)) (&& (== netstandard1.6) (>= netcoreapp5.0)) (&& (== netstandard2.0) (>= netcoreapp1.1)) (&& (== netstandard2.0) (>= netcoreapp5.0))
      System.IO (>= 4.3) - restriction: || (== netcoreapp1.1) (&& (== netstandard1.0) (>= netstandard1.3)) (&& (== netstandard1.0) (>= netstandard1.4)) (&& (== netstandard1.0) (>= netstandard1.6)) (== netstandard1.6) (&& (== netstandard2.0) (< netstandard1.4)) (&& (== netstandard2.0) (< netstandard1.6))
      System.Resources.ResourceManager (>= 4.3) - restriction: || (== netcoreapp1.1) (&& (== netstandard1.0) (>= netstandard1.3)) (&& (== netstandard1.0) (>= netstandard1.4)) (&& (== netstandard1.0) (>= netstandard1.6)) (== netstandard1.6) (&& (== netstandard2.0) (< netstandard1.4)) (&& (== netstandard2.0) (< netstandard1.6))
      System.Runtime (>= 4.3) - restriction: || (== netcoreapp1.1) (&& (== netstandard1.0) (>= netstandard1.3)) (&& (== netstandard1.0) (>= netstandard1.4)) (&& (== netstandard1.0) (>= netstandard1.6)) (== netstandard1.6) (&& (== netstandard2.0) (< netstandard1.4)) (&& (== netstandard2.0) (< netstandard1.6))
      System.Runtime.Extensions (>= 4.3) - restriction: || (== netcoreapp1.1) (&& (== netstandard1.0) (>= netstandard1.4)) (&& (== netstandard1.0) (>= netstandard1.6)) (== netstandard1.6) (&& (== netstandard2.0) (< netstandard1.6))
      System.Runtime.Handles (>= 4.3) - restriction: || (== netcoreapp1.1) (&& (== netstandard1.0) (>= netstandard1.3)) (&& (== netstandard1.0) (>= netstandard1.4)) (&& (== netstandard1.0) (>= netstandard1.6)) (== netstandard1.6) (&& (== netstandard2.0) (< netstandard1.4)) (&& (== netstandard2.0) (< netstandard1.6))
      System.Runtime.InteropServices (>= 4.3) - restriction: || (== netcoreapp1.1) (&& (== netstandard1.0) (>= netstandard1.3)) (&& (== netstandard1.0) (>= netstandard1.4)) (&& (== netstandard1.0) (>= netstandard1.6)) (== netstandard1.6) (&& (== netstandard2.0) (< netstandard1.4)) (&& (== netstandard2.0) (< netstandard1.6))
      System.Security.Cryptography.Algorithms (>= 4.3) - restriction: || (== net46) (== netcoreapp1.1) (&& (== netstandard1.0) (>= net46)) (&& (== netstandard1.0) (>= netstandard1.3)) (&& (== netstandard1.0) (>= netstandard1.4)) (&& (== netstandard1.0) (>= netstandard1.6)) (== netstandard1.6) (&& (== netstandard2.0) (< netstandard1.4)) (&& (== netstandard2.0) (< netstandard1.6))
      System.Security.Cryptography.Encoding (>= 4.3) - restriction: || (== netcoreapp1.1) (&& (== netstandard1.0) (>= netstandard1.4)) (&& (== netstandard1.0) (>= netstandard1.6)) (== netstandard1.6) (&& (== netstandard2.0) (< netstandard1.6))
      System.Security.Cryptography.Primitives (>= 4.3) - restriction: || (== net46) (== netcoreapp1.1) (&& (== netstandard1.0) (>= net46)) (&& (== netstandard1.0) (>= netstandard1.3)) (&& (== netstandard1.0) (>= netstandard1.4)) (&& (== netstandard1.0) (>= netstandard1.6)) (== netstandard1.6) (&& (== netstandard2.0) (< netstandard1.4)) (&& (== netstandard2.0) (< netstandard1.6))
      System.Text.Encoding (>= 4.3) - restriction: || (== netcoreapp1.1) (&& (== netstandard1.0) (>= netstandard1.4)) (&& (== netstandard1.0) (>= netstandard1.6)) (== netstandard1.6) (&& (== netstandard2.0) (< netstandard1.6))
    System.Security.Cryptography.Csp (4.3) - restriction: || (&& (== net46) (>= netcoreapp1.1)) (== netcoreapp1.1) (&& (== netstandard1.0) (>= netcoreapp1.1)) (&& (== netstandard1.6) (>= netcoreapp1.1)) (&& (== netstandard2.0) (>= netcoreapp1.1))
      Microsoft.NETCore.Platforms (>= 1.1) - restriction: || (== netcoreapp1.1) (&& (== netstandard1.0) (>= netstandard1.3)) (== netstandard1.6) (== netstandard2.0)
      System.IO (>= 4.3) - restriction: || (== netcoreapp1.1) (&& (== netstandard1.0) (>= netstandard1.3)) (== netstandard1.6) (== netstandard2.0)
      System.Reflection (>= 4.3) - restriction: || (== netcoreapp1.1) (&& (== netstandard1.0) (>= netstandard1.3)) (== netstandard1.6) (== netstandard2.0)
      System.Resources.ResourceManager (>= 4.3) - restriction: || (== netcoreapp1.1) (&& (== netstandard1.0) (>= netstandard1.3)) (== netstandard1.6) (== netstandard2.0)
      System.Runtime (>= 4.3) - restriction: || (== netcoreapp1.1) (&& (== netstandard1.0) (>= netstandard1.3)) (== netstandard1.6) (== netstandard2.0)
      System.Runtime.Extensions (>= 4.3) - restriction: || (== netcoreapp1.1) (&& (== netstandard1.0) (>= netstandard1.3)) (== netstandard1.6) (== netstandard2.0)
      System.Runtime.Handles (>= 4.3) - restriction: || (== netcoreapp1.1) (&& (== netstandard1.0) (>= netstandard1.3)) (== netstandard1.6) (== netstandard2.0)
      System.Runtime.InteropServices (>= 4.3) - restriction: || (== netcoreapp1.1) (&& (== netstandard1.0) (>= netstandard1.3)) (== netstandard1.6) (== netstandard2.0)
      System.Security.Cryptography.Algorithms (>= 4.3) - restriction: || (== net46) (== netcoreapp1.1) (&& (== netstandard1.0) (>= net46)) (&& (== netstandard1.0) (>= netstandard1.3)) (== netstandard1.6) (== netstandard2.0)
      System.Security.Cryptography.Encoding (>= 4.3) - restriction: || (== netcoreapp1.1) (&& (== netstandard1.0) (>= netstandard1.3)) (== netstandard1.6) (== netstandard2.0)
      System.Security.Cryptography.Primitives (>= 4.3) - restriction: || (== net46) (== netcoreapp1.1) (&& (== netstandard1.0) (>= net46)) (&& (== netstandard1.0) (>= netstandard1.3)) (== netstandard1.6) (== netstandard2.0)
      System.Text.Encoding (>= 4.3) - restriction: || (== netcoreapp1.1) (&& (== netstandard1.0) (>= netstandard1.3)) (== netstandard1.6) (== netstandard2.0)
      System.Threading (>= 4.3) - restriction: || (== netcoreapp1.1) (&& (== netstandard1.0) (>= netstandard1.3)) (== netstandard1.6) (== netstandard2.0)
    System.Security.Cryptography.Encoding (4.3) - restriction: || (&& (== net46) (== netstandard1.0)) (&& (== net46) (== netstandard2.0)) (&& (== net46) (< net20)) (&& (== net46) (>= netcoreapp1.1)) (&& (== net46) (>= uap10.0)) (== netcoreapp1.1) (&& (== netstandard1.0) (== netstandard2.0)) (&& (== netstandard1.0) (>= net46)) (&& (== netstandard1.0) (>= netcoreapp1.1)) (&& (== netstandard1.0) (>= netstandard1.3)) (&& (== netstandard1.0) (>= netstandard1.4)) (&& (== netstandard1.0) (>= netstandard1.5)) (&& (== netstandard1.0) (>= netstandard1.6)) (&& (== netstandard1.0) (>= uap10.0)) (== netstandard1.6) (&& (== netstandard2.0) (>= netcoreapp1.1)) (&& (== netstandard2.0) (< netstandard1.3))
      Microsoft.NETCore.Platforms (>= 1.1) - restriction: || (== netcoreapp1.1) (&& (== netstandard1.0) (>= netstandard1.3)) (== netstandard1.6) (== netstandard2.0)
      runtime.native.System.Security.Cryptography.OpenSsl (>= 4.3) - restriction: || (== netcoreapp1.1) (&& (== netstandard1.0) (>= netstandard1.3)) (== netstandard1.6) (== netstandard2.0)
      System.Collections (>= 4.3) - restriction: || (== netcoreapp1.1) (&& (== netstandard1.0) (>= netstandard1.3)) (== netstandard1.6) (== netstandard2.0)
      System.Collections.Concurrent (>= 4.3) - restriction: || (== netcoreapp1.1) (&& (== netstandard1.0) (>= netstandard1.3)) (== netstandard1.6) (== netstandard2.0)
      System.Linq (>= 4.3) - restriction: || (== netcoreapp1.1) (&& (== netstandard1.0) (>= netstandard1.3)) (== netstandard1.6) (== netstandard2.0)
      System.Resources.ResourceManager (>= 4.3) - restriction: || (== netcoreapp1.1) (&& (== netstandard1.0) (>= netstandard1.3)) (== netstandard1.6) (== netstandard2.0)
      System.Runtime (>= 4.3) - restriction: || (== netcoreapp1.1) (&& (== netstandard1.0) (>= netstandard1.3)) (== netstandard1.6) (== netstandard2.0)
      System.Runtime.Extensions (>= 4.3) - restriction: || (== netcoreapp1.1) (&& (== netstandard1.0) (>= netstandard1.3)) (== netstandard1.6) (== netstandard2.0)
      System.Runtime.Handles (>= 4.3) - restriction: || (== netcoreapp1.1) (&& (== netstandard1.0) (>= netstandard1.3)) (== netstandard1.6) (== netstandard2.0)
      System.Runtime.InteropServices (>= 4.3) - restriction: || (== netcoreapp1.1) (&& (== netstandard1.0) (>= netstandard1.3)) (== netstandard1.6) (== netstandard2.0)
      System.Security.Cryptography.Primitives (>= 4.3) - restriction: || (== netcoreapp1.1) (&& (== netstandard1.0) (>= netstandard1.3)) (== netstandard1.6) (== netstandard2.0)
      System.Text.Encoding (>= 4.3) - restriction: || (== netcoreapp1.1) (&& (== netstandard1.0) (>= netstandard1.3)) (== netstandard1.6) (== netstandard2.0)
    System.Security.Cryptography.OpenSsl (4.4) - restriction: || (&& (== net46) (>= netcoreapp1.1)) (== netcoreapp1.1) (&& (== netstandard1.0) (>= netcoreapp1.1)) (&& (== netstandard1.6) (>= netcoreapp1.1)) (&& (== netstandard2.0) (>= netcoreapp1.1))
      System.Collections (>= 4.3) - restriction: || (&& (== net46) (>= netstandard1.6)) (== netcoreapp1.1) (&& (== netstandard1.0) (>= netstandard1.6)) (== netstandard1.6)
      System.IO (>= 4.3) - restriction: || (&& (== net46) (>= netstandard1.6)) (== netcoreapp1.1) (&& (== netstandard1.0) (>= netstandard1.6)) (== netstandard1.6)
      System.Resources.ResourceManager (>= 4.3) - restriction: || (&& (== net46) (>= netstandard1.6)) (== netcoreapp1.1) (&& (== netstandard1.0) (>= netstandard1.6)) (== netstandard1.6)
      System.Runtime (>= 4.3) - restriction: || (&& (== net46) (>= netstandard1.6)) (== netcoreapp1.1) (&& (== netstandard1.0) (>= netstandard1.6)) (== netstandard1.6)
      System.Runtime.Extensions (>= 4.3) - restriction: || (&& (== net46) (>= netstandard1.6)) (== netcoreapp1.1) (&& (== netstandard1.0) (>= netstandard1.6)) (== netstandard1.6)
      System.Runtime.Handles (>= 4.3) - restriction: || (&& (== net46) (>= netstandard1.6)) (== netcoreapp1.1) (&& (== netstandard1.0) (>= netstandard1.6)) (== netstandard1.6)
      System.Runtime.InteropServices (>= 4.3) - restriction: || (&& (== net46) (>= netstandard1.6)) (== netcoreapp1.1) (&& (== netstandard1.0) (>= netstandard1.6)) (== netstandard1.6)
      System.Runtime.Numerics (>= 4.3) - restriction: || (&& (== net46) (>= netstandard1.6)) (== netcoreapp1.1) (&& (== netstandard1.0) (>= netstandard1.6)) (== netstandard1.6)
      System.Security.Cryptography.Algorithms (>= 4.3) - restriction: || (&& (== net46) (>= netstandard1.6)) (== netcoreapp1.1) (&& (== netstandard1.0) (>= netstandard1.6)) (== netstandard1.6)
      System.Security.Cryptography.Encoding (>= 4.3) - restriction: || (&& (== net46) (>= netstandard1.6)) (== netcoreapp1.1) (&& (== netstandard1.0) (>= netstandard1.6)) (== netstandard1.6)
      System.Security.Cryptography.Primitives (>= 4.3) - restriction: || (&& (== net46) (>= netstandard1.6)) (== netcoreapp1.1) (&& (== netstandard1.0) (>= netstandard1.6)) (== netstandard1.6)
      System.Text.Encoding (>= 4.3) - restriction: || (&& (== net46) (>= netstandard1.6)) (== netcoreapp1.1) (&& (== netstandard1.0) (>= netstandard1.6)) (== netstandard1.6)
    System.Security.Cryptography.Primitives (4.3) - restriction: || (&& (== net46) (== netstandard1.0)) (&& (== net46) (== netstandard2.0)) (&& (== net46) (< net20)) (&& (== net46) (>= netcoreapp1.1)) (&& (== net46) (>= uap10.0)) (== netcoreapp1.1) (&& (== netstandard1.0) (== netstandard2.0)) (&& (== netstandard1.0) (>= net46)) (&& (== netstandard1.0) (>= netcoreapp1.1)) (&& (== netstandard1.0) (>= netstandard1.3)) (&& (== netstandard1.0) (>= netstandard1.4)) (&& (== netstandard1.0) (>= netstandard1.5)) (&& (== netstandard1.0) (>= netstandard1.6)) (&& (== netstandard1.0) (>= uap10.0)) (== netstandard1.6) (&& (== netstandard2.0) (>= netcoreapp1.1)) (&& (== netstandard2.0) (< netstandard1.3))
      System.Diagnostics.Debug (>= 4.3) - restriction: || (== netcoreapp1.1) (&& (== netstandard1.0) (>= netstandard1.3)) (== netstandard1.6) (== netstandard2.0)
      System.Globalization (>= 4.3) - restriction: || (== netcoreapp1.1) (&& (== netstandard1.0) (>= netstandard1.3)) (== netstandard1.6) (== netstandard2.0)
      System.IO (>= 4.3) - restriction: || (== netcoreapp1.1) (&& (== netstandard1.0) (>= netstandard1.3)) (== netstandard1.6) (== netstandard2.0)
      System.Resources.ResourceManager (>= 4.3) - restriction: || (== netcoreapp1.1) (&& (== netstandard1.0) (>= netstandard1.3)) (== netstandard1.6) (== netstandard2.0)
      System.Runtime (>= 4.3) - restriction: || (== netcoreapp1.1) (&& (== netstandard1.0) (>= netstandard1.3)) (== netstandard1.6) (== netstandard2.0)
      System.Threading (>= 4.3) - restriction: || (== netcoreapp1.1) (&& (== netstandard1.0) (>= netstandard1.3)) (== netstandard1.6) (== netstandard2.0)
      System.Threading.Tasks (>= 4.3) - restriction: || (== netcoreapp1.1) (&& (== netstandard1.0) (>= netstandard1.3)) (== netstandard1.6) (== netstandard2.0)
    System.Security.Cryptography.X509Certificates (4.3.2) - restriction: || (&& (== net46) (== netstandard1.0)) (&& (== net46) (== netstandard2.0)) (&& (== net46) (< net20)) (&& (== net46) (>= netcoreapp1.1)) (&& (== net46) (>= uap10.0)) (== netcoreapp1.1) (&& (== netstandard1.0) (== netstandard2.0)) (&& (== netstandard1.0) (>= net46)) (&& (== netstandard1.0) (>= netcoreapp1.1)) (&& (== netstandard1.0) (>= netstandard1.3)) (&& (== netstandard1.0) (>= netstandard1.4)) (&& (== netstandard1.0) (>= netstandard1.5)) (&& (== netstandard1.0) (>= netstandard1.6)) (&& (== netstandard1.0) (>= uap10.0)) (== netstandard1.6) (&& (== netstandard2.0) (>= netcoreapp1.1)) (&& (== netstandard2.0) (< netstandard1.3))
      Microsoft.NETCore.Platforms (>= 1.1) - restriction: || (&& (== net46) (>= netcoreapp5.0)) (== netcoreapp1.1) (&& (== netstandard1.0) (>= netcoreapp5.0)) (&& (== netstandard1.0) (>= netstandard1.6)) (== netstandard1.6) (== netstandard2.0)
      runtime.native.System (>= 4.3) - restriction: || (== netcoreapp1.1) (&& (== netstandard1.0) (>= netstandard1.6)) (== netstandard1.6) (== netstandard2.0)
      runtime.native.System.Net.Http (>= 4.3) - restriction: || (== netcoreapp1.1) (&& (== netstandard1.0) (>= netstandard1.6)) (== netstandard1.6) (== netstandard2.0)
      runtime.native.System.Security.Cryptography.OpenSsl (>= 4.3.2) - restriction: || (== netcoreapp1.1) (&& (== netstandard1.0) (>= netstandard1.6)) (== netstandard1.6) (== netstandard2.0)
      System.Collections (>= 4.3) - restriction: || (&& (== net46) (>= netcoreapp5.0)) (== netcoreapp1.1) (&& (== netstandard1.0) (>= netcoreapp5.0)) (&& (== netstandard1.0) (>= netstandard1.6)) (== netstandard1.6) (== netstandard2.0)
      System.Diagnostics.Debug (>= 4.3) - restriction: || (== netcoreapp1.1) (&& (== netstandard1.0) (>= netstandard1.6)) (== netstandard1.6) (== netstandard2.0)
      System.Globalization (>= 4.3) - restriction: || (&& (== net46) (>= netcoreapp5.0)) (== netcoreapp1.1) (&& (== netstandard1.0) (>= netcoreapp5.0)) (&& (== netstandard1.0) (>= netstandard1.6)) (== netstandard1.6) (== netstandard2.0)
      System.Globalization.Calendars (>= 4.3) - restriction: || (&& (== net46) (>= netcoreapp5.0)) (== netcoreapp1.1) (&& (== netstandard1.0) (>= netcoreapp5.0)) (&& (== netstandard1.0) (>= netstandard1.6)) (== netstandard1.6) (== netstandard2.0)
      System.IO (>= 4.3) - restriction: || (&& (== net46) (>= netcoreapp5.0)) (== netcoreapp1.1) (&& (== netstandard1.0) (>= netcoreapp5.0)) (&& (== netstandard1.0) (>= netstandard1.6)) (== netstandard1.6) (== netstandard2.0)
      System.IO.FileSystem (>= 4.3) - restriction: || (&& (== net46) (>= netcoreapp5.0)) (== netcoreapp1.1) (&& (== netstandard1.0) (>= netcoreapp5.0)) (&& (== netstandard1.0) (>= netstandard1.6)) (== netstandard1.6) (== netstandard2.0)
      System.IO.FileSystem.Primitives (>= 4.3) - restriction: || (== netcoreapp1.1) (&& (== netstandard1.0) (>= netstandard1.6)) (== netstandard1.6) (== netstandard2.0)
      System.Resources.ResourceManager (>= 4.3) - restriction: || (&& (== net46) (>= netcoreapp5.0)) (== netcoreapp1.1) (&& (== netstandard1.0) (>= netcoreapp5.0)) (&& (== netstandard1.0) (>= netstandard1.6)) (== netstandard1.6) (== netstandard2.0)
      System.Runtime (>= 4.3) - restriction: || (&& (== net46) (>= netcoreapp5.0)) (== netcoreapp1.1) (&& (== netstandard1.0) (>= netcoreapp5.0)) (&& (== netstandard1.0) (>= netstandard1.3)) (&& (== netstandard1.0) (>= netstandard1.4)) (&& (== netstandard1.0) (>= netstandard1.6)) (== netstandard1.6) (== netstandard2.0)
      System.Runtime.Extensions (>= 4.3) - restriction: || (&& (== net46) (>= netcoreapp5.0)) (== netcoreapp1.1) (&& (== netstandard1.0) (>= netcoreapp5.0)) (&& (== netstandard1.0) (>= netstandard1.6)) (== netstandard1.6) (== netstandard2.0)
      System.Runtime.Handles (>= 4.3) - restriction: || (&& (== net46) (>= netcoreapp5.0)) (== netcoreapp1.1) (&& (== netstandard1.0) (>= netcoreapp5.0)) (&& (== netstandard1.0) (>= netstandard1.3)) (&& (== netstandard1.0) (>= netstandard1.4)) (&& (== netstandard1.0) (>= netstandard1.6)) (== netstandard1.6) (== netstandard2.0)
      System.Runtime.InteropServices (>= 4.3) - restriction: || (&& (== net46) (>= netcoreapp5.0)) (== netcoreapp1.1) (&& (== netstandard1.0) (>= netcoreapp5.0)) (&& (== netstandard1.0) (>= netstandard1.6)) (== netstandard1.6) (== netstandard2.0)
      System.Runtime.Numerics (>= 4.3) - restriction: || (&& (== net46) (>= netcoreapp5.0)) (== netcoreapp1.1) (&& (== netstandard1.0) (>= netcoreapp5.0)) (&& (== netstandard1.0) (>= netstandard1.6)) (== netstandard1.6) (== netstandard2.0)
      System.Security.Cryptography.Algorithms (>= 4.3) - restriction: || (== net46) (== netcoreapp1.1) (&& (== netstandard1.0) (>= net46)) (&& (== netstandard1.0) (>= net461)) (&& (== netstandard1.0) (>= netcoreapp5.0)) (&& (== netstandard1.0) (>= netstandard1.3)) (&& (== netstandard1.0) (>= netstandard1.4)) (&& (== netstandard1.0) (>= netstandard1.6)) (== netstandard1.6) (== netstandard2.0)
      System.Security.Cryptography.Cng (>= 4.3) - restriction: || (&& (== net46) (>= netcoreapp5.0)) (== netcoreapp1.1) (&& (== netstandard1.0) (>= netcoreapp5.0)) (&& (== netstandard1.0) (>= netstandard1.6)) (== netstandard1.6) (== netstandard2.0)
      System.Security.Cryptography.Csp (>= 4.3) - restriction: || (== netcoreapp1.1) (&& (== netstandard1.0) (>= netstandard1.6)) (== netstandard1.6) (== netstandard2.0)
      System.Security.Cryptography.Encoding (>= 4.3) - restriction: || (== net46) (== netcoreapp1.1) (&& (== netstandard1.0) (>= net46)) (&& (== netstandard1.0) (>= net461)) (&& (== netstandard1.0) (>= netcoreapp5.0)) (&& (== netstandard1.0) (>= netstandard1.3)) (&& (== netstandard1.0) (>= netstandard1.4)) (&& (== netstandard1.0) (>= netstandard1.6)) (== netstandard1.6) (== netstandard2.0)
      System.Security.Cryptography.OpenSsl (>= 4.3) - restriction: || (== netcoreapp1.1) (&& (== netstandard1.0) (>= netstandard1.6)) (== netstandard1.6) (== netstandard2.0)
      System.Security.Cryptography.Primitives (>= 4.3) - restriction: || (&& (== net46) (>= netcoreapp5.0)) (== netcoreapp1.1) (&& (== netstandard1.0) (>= netcoreapp5.0)) (&& (== netstandard1.0) (>= netstandard1.6)) (== netstandard1.6) (== netstandard2.0)
      System.Text.Encoding (>= 4.3) - restriction: || (&& (== net46) (>= netcoreapp5.0)) (== netcoreapp1.1) (&& (== netstandard1.0) (>= netcoreapp5.0)) (&& (== netstandard1.0) (>= netstandard1.6)) (== netstandard1.6) (== netstandard2.0)
      System.Threading (>= 4.3) - restriction: || (&& (== net46) (>= netcoreapp5.0)) (== netcoreapp1.1) (&& (== netstandard1.0) (>= netcoreapp5.0)) (&& (== netstandard1.0) (>= netstandard1.6)) (== netstandard1.6) (== netstandard2.0)
    System.Security.Principal (4.3) - restriction: || (&& (== net46) (>= netcoreapp1.1)) (== netcoreapp1.1) (&& (== netstandard1.0) (>= netcoreapp1.1)) (&& (== netstandard1.6) (>= netcoreapp1.1)) (&& (== netstandard2.0) (>= netcoreapp1.1))
      System.Runtime (>= 4.3) - restriction: || (&& (== net46) (< net45)) (&& (== net46) (>= netcoreapp5.0)) (== netcoreapp1.1) (== netstandard1.0) (== netstandard1.6) (== netstandard2.0)
    System.Security.Principal.Windows (4.4.1) - restriction: || (&& (== net46) (>= netcoreapp1.1)) (== netcoreapp1.1) (&& (== netstandard1.0) (>= netcoreapp1.1)) (&& (== netstandard1.6) (>= netcoreapp1.1)) (&& (== netstandard2.0) (>= netcoreapp1.1))
      Microsoft.Win32.Primitives (>= 4.3) - restriction: || (== netcoreapp1.1) (&& (== netstandard1.0) (>= netstandard1.3)) (== netstandard1.6)
      System.Collections (>= 4.3) - restriction: || (== netcoreapp1.1) (&& (== netstandard1.0) (>= netstandard1.3)) (== netstandard1.6)
      System.Diagnostics.Debug (>= 4.3) - restriction: || (== netcoreapp1.1) (&& (== netstandard1.0) (>= netstandard1.3)) (== netstandard1.6)
      System.Reflection (>= 4.3) - restriction: || (== netcoreapp1.1) (&& (== netstandard1.0) (>= netstandard1.3)) (== netstandard1.6)
      System.Resources.ResourceManager (>= 4.3) - restriction: || (== netcoreapp1.1) (&& (== netstandard1.0) (>= netstandard1.3)) (== netstandard1.6)
      System.Runtime (>= 4.3) - restriction: || (== netcoreapp1.1) (&& (== netstandard1.0) (>= netstandard1.3)) (== netstandard1.6)
      System.Runtime.Extensions (>= 4.3) - restriction: || (== netcoreapp1.1) (&& (== netstandard1.0) (>= netstandard1.3)) (== netstandard1.6)
      System.Runtime.Handles (>= 4.3) - restriction: || (== netcoreapp1.1) (&& (== netstandard1.0) (>= netstandard1.3)) (== netstandard1.6)
      System.Runtime.InteropServices (>= 4.3) - restriction: || (== netcoreapp1.1) (&& (== netstandard1.0) (>= netstandard1.3)) (== netstandard1.6)
      System.Security.Claims (>= 4.3) - restriction: || (== net46) (== netcoreapp1.1) (&& (== netstandard1.0) (>= net46)) (&& (== netstandard1.0) (>= netstandard1.3)) (== netstandard1.6)
      System.Security.Principal (>= 4.3) - restriction: || (== netcoreapp1.1) (&& (== netstandard1.0) (>= netstandard1.3)) (== netstandard1.6)
      System.Text.Encoding (>= 4.3) - restriction: || (== netcoreapp1.1) (&& (== netstandard1.0) (>= netstandard1.3)) (== netstandard1.6)
      System.Threading (>= 4.3) - restriction: || (== netcoreapp1.1) (&& (== netstandard1.0) (>= netstandard1.3)) (== netstandard1.6)
    System.Text.Encoding (4.3) - restriction: || (&& (== net46) (== netstandard2.0)) (&& (== net46) (< net20)) (&& (== net46) (>= netcoreapp1.1)) (&& (== net46) (>= netcoreapp5.0)) (&& (== net46) (>= uap10.0)) (== netcoreapp1.1) (== netstandard1.0) (== netstandard1.6) (&& (== netstandard2.0) (>= netcoreapp1.1)) (&& (== netstandard2.0) (>= netcoreapp5.0)) (&& (== netstandard2.0) (< netstandard1.3)) (&& (== netstandard2.0) (< portable-net45+win8+wpa81)) (&& (== netstandard2.0) (< portable-net451+win81+wpa81))
      Microsoft.NETCore.Platforms (>= 1.1) - restriction: || (&& (== net46) (< net45)) (&& (== net46) (>= netcoreapp5.0)) (== netcoreapp1.1) (== netstandard1.0) (== netstandard1.6) (== netstandard2.0)
      Microsoft.NETCore.Targets (>= 1.1) - restriction: || (&& (== net46) (< net45)) (&& (== net46) (>= netcoreapp5.0)) (== netcoreapp1.1) (== netstandard1.0) (== netstandard1.6) (== netstandard2.0)
      System.Runtime (>= 4.3) - restriction: || (&& (== net46) (< net45)) (&& (== net46) (>= netcoreapp5.0)) (== netcoreapp1.1) (== netstandard1.0) (== netstandard1.6) (== netstandard2.0)
    System.Text.Encoding.CodePages (4.4) - restriction: || (&& (== net46) (>= netcoreapp1.0)) (&& (== net46) (>= netcoreapp1.1)) (== netcoreapp1.1) (&& (== netstandard1.0) (>= netcoreapp1.0)) (&& (== netstandard1.0) (>= netcoreapp1.1)) (&& (== netstandard1.6) (>= netcoreapp1.0)) (&& (== netstandard1.6) (>= netcoreapp1.1)) (&& (== netstandard2.0) (>= netcoreapp1.0)) (&& (== netstandard2.0) (>= netcoreapp1.1))
      NETStandard.Library (>= 1.6.1) - restriction: || (== netcoreapp1.1) (&& (== netstandard1.0) (>= netstandard1.3)) (== netstandard1.6)
    System.Text.Encoding.Extensions (4.3) - restriction: || (&& (== net46) (== netstandard2.0)) (&& (== net46) (< net20)) (&& (== net46) (>= netcoreapp1.1)) (&& (== net46) (>= netcoreapp5.0)) (&& (== net46) (>= uap10.0)) (== netcoreapp1.1) (== netstandard1.0) (== netstandard1.6) (&& (== netstandard2.0) (>= netcoreapp1.1)) (&& (== netstandard2.0) (>= netcoreapp5.0)) (&& (== netstandard2.0) (< netstandard1.3)) (&& (== netstandard2.0) (< portable-net45+win8+wpa81)) (&& (== netstandard2.0) (< portable-net451+win81+wpa81))
      Microsoft.NETCore.Platforms (>= 1.1) - restriction: || (&& (== net46) (< net45)) (&& (== net46) (>= netcoreapp5.0)) (== netcoreapp1.1) (== netstandard1.0) (== netstandard1.6) (== netstandard2.0)
      Microsoft.NETCore.Targets (>= 1.1) - restriction: || (&& (== net46) (< net45)) (&& (== net46) (>= netcoreapp5.0)) (== netcoreapp1.1) (== netstandard1.0) (== netstandard1.6) (== netstandard2.0)
      System.Runtime (>= 4.3) - restriction: || (&& (== net46) (< net45)) (&& (== net46) (>= netcoreapp5.0)) (== netcoreapp1.1) (== netstandard1.0) (== netstandard1.6) (== netstandard2.0)
      System.Text.Encoding (>= 4.3) - restriction: || (&& (== net46) (< net45)) (&& (== net46) (>= netcoreapp5.0)) (== netcoreapp1.1) (== netstandard1.0) (== netstandard1.6) (== netstandard2.0)
    System.Text.RegularExpressions (4.3) - restriction: || (&& (== net46) (== netstandard2.0)) (&& (== net46) (< net20)) (&& (== net46) (>= netcoreapp1.1)) (&& (== net46) (>= netcoreapp5.0)) (&& (== net46) (>= uap10.0)) (== netcoreapp1.1) (== netstandard1.0) (== netstandard1.6) (&& (== netstandard2.0) (>= netcoreapp1.1)) (&& (== netstandard2.0) (>= netcoreapp5.0)) (&& (== netstandard2.0) (< netstandard1.3)) (&& (== netstandard2.0) (< portable-net45+win8+wpa81)) (&& (== netstandard2.0) (< portable-net451+win81+wpa81))
      System.Collections (>= 4.3) - restriction: || (&& (== net46) (< net45) (>= netstandard1.6)) (&& (== net46) (>= netcoreapp5.0)) (&& (== netcoreapp1.1) (>= netcoreapp5.0)) (&& (== netstandard1.0) (>= netcoreapp5.0)) (&& (== netstandard1.0) (>= netstandard1.6)) (== netstandard1.6) (== netstandard2.0)
      System.Globalization (>= 4.3) - restriction: || (&& (== net46) (< net45) (>= netstandard1.6)) (&& (== net46) (>= netcoreapp5.0)) (&& (== netcoreapp1.1) (>= netcoreapp5.0)) (&& (== netstandard1.0) (>= netcoreapp5.0)) (&& (== netstandard1.0) (>= netstandard1.6)) (== netstandard1.6) (== netstandard2.0)
      System.Resources.ResourceManager (>= 4.3) - restriction: || (&& (== net46) (< net45) (>= netstandard1.6)) (&& (== net46) (>= netcoreapp5.0)) (&& (== netcoreapp1.1) (>= netcoreapp5.0)) (&& (== netstandard1.0) (>= netcoreapp5.0)) (&& (== netstandard1.0) (>= netstandard1.6)) (== netstandard1.6) (== netstandard2.0)
      System.Runtime (>= 4.3) - restriction: || (&& (== net46) (< net45)) (&& (== net46) (>= netcoreapp1.1)) (== netcoreapp1.1) (== netstandard1.0) (== netstandard1.6) (== netstandard2.0)
      System.Runtime.Extensions (>= 4.3) - restriction: || (&& (== net46) (< net45) (>= netstandard1.6)) (&& (== net46) (>= netcoreapp5.0)) (&& (== netcoreapp1.1) (>= netcoreapp5.0)) (&& (== netstandard1.0) (>= netcoreapp5.0)) (&& (== netstandard1.0) (>= netstandard1.6)) (== netstandard1.6) (== netstandard2.0)
      System.Threading (>= 4.3) - restriction: || (&& (== net46) (< net45) (>= netstandard1.6)) (&& (== net46) (>= netcoreapp5.0)) (&& (== netcoreapp1.1) (>= netcoreapp5.0)) (&& (== netstandard1.0) (>= netcoreapp5.0)) (&& (== netstandard1.0) (>= netstandard1.6)) (== netstandard1.6) (== netstandard2.0)
    System.Threading (4.3) - restriction: || (&& (== net46) (== netstandard2.0)) (&& (== net46) (< net20)) (&& (== net46) (>= netcoreapp1.1)) (&& (== net46) (>= netcoreapp5.0)) (&& (== net46) (>= netstandard1.6) (>= uap10.0)) (== netcoreapp1.1) (== netstandard1.0) (== netstandard1.6) (&& (== netstandard2.0) (>= netcoreapp1.1)) (&& (== netstandard2.0) (>= netcoreapp5.0)) (&& (== netstandard2.0) (< netstandard1.3)) (&& (== netstandard2.0) (< portable-net45+win8+wpa81)) (&& (== netstandard2.0) (< portable-net451+win81+wpa81))
      System.Runtime (>= 4.3) - restriction: || (&& (== net46) (< net45)) (&& (== net46) (>= netcoreapp5.0)) (== netcoreapp1.1) (== netstandard1.0) (== netstandard1.6) (== netstandard2.0)
      System.Threading.Tasks (>= 4.3) - restriction: || (&& (== net46) (< net45)) (&& (== net46) (>= netcoreapp5.0)) (== netcoreapp1.1) (== netstandard1.0) (== netstandard1.6) (== netstandard2.0)
    System.Threading.Overlapped (4.3) - restriction: || (&& (== net46) (>= netcoreapp1.1)) (== netcoreapp1.1) (&& (== netstandard1.0) (>= netcoreapp1.1)) (&& (== netstandard1.6) (>= netcoreapp1.1)) (&& (== netstandard2.0) (>= netcoreapp1.1))
      Microsoft.NETCore.Platforms (>= 1.1) - restriction: || (&& (== net46) (>= netcoreapp5.0)) (== netcoreapp1.1) (&& (== netstandard1.0) (>= netcoreapp5.0)) (&& (== netstandard1.0) (>= netstandard1.3)) (== netstandard1.6) (== netstandard2.0)
      System.Resources.ResourceManager (>= 4.3) - restriction: || (&& (== net46) (>= netcoreapp5.0)) (== netcoreapp1.1) (&& (== netstandard1.0) (>= netcoreapp5.0)) (&& (== netstandard1.0) (>= netstandard1.3)) (== netstandard1.6) (== netstandard2.0)
      System.Runtime (>= 4.3) - restriction: || (&& (== net46) (>= netcoreapp5.0)) (== netcoreapp1.1) (&& (== netstandard1.0) (>= netcoreapp5.0)) (&& (== netstandard1.0) (>= netstandard1.3)) (== netstandard1.6) (== netstandard2.0)
      System.Runtime.Handles (>= 4.3) - restriction: || (&& (== net46) (>= netcoreapp5.0)) (== netcoreapp1.1) (&& (== netstandard1.0) (>= netcoreapp5.0)) (&& (== netstandard1.0) (>= netstandard1.3)) (== netstandard1.6) (== netstandard2.0)
    System.Threading.Tasks (4.3) - restriction: || (&& (== net46) (== netstandard2.0)) (&& (== net46) (< net20)) (&& (== net46) (>= netcoreapp1.1)) (&& (== net46) (>= netcoreapp5.0)) (&& (== net46) (>= uap10.0)) (== netcoreapp1.1) (== netstandard1.0) (== netstandard1.6) (&& (== netstandard2.0) (>= netcoreapp1.1)) (&& (== netstandard2.0) (>= netcoreapp5.0)) (&& (== netstandard2.0) (< netstandard1.3)) (&& (== netstandard2.0) (< portable-net45+win8+wpa81)) (&& (== netstandard2.0) (< portable-net451+win81+wpa81))
      Microsoft.NETCore.Platforms (>= 1.1) - restriction: || (&& (== net46) (< net45)) (&& (== net46) (>= netcoreapp5.0)) (== netcoreapp1.1) (== netstandard1.0) (== netstandard1.6) (== netstandard2.0)
      Microsoft.NETCore.Targets (>= 1.1) - restriction: || (&& (== net46) (< net45)) (&& (== net46) (>= netcoreapp5.0)) (== netcoreapp1.1) (== netstandard1.0) (== netstandard1.6) (== netstandard2.0)
      System.Runtime (>= 4.3) - restriction: || (&& (== net46) (< net45)) (&& (== net46) (>= netcoreapp5.0)) (== netcoreapp1.1) (== netstandard1.0) (== netstandard1.6) (== netstandard2.0)
    System.Threading.Tasks.Dataflow (4.8) - restriction: || (&& (== net46) (>= netcoreapp1.1)) (== netcoreapp1.1) (&& (== netstandard1.0) (>= netcoreapp1.1)) (&& (== netstandard1.6) (>= netcoreapp1.1)) (&& (== netstandard2.0) (>= netcoreapp1.1))
      NETStandard.Library (>= 1.6.1) - restriction: || (== net46) (== netcoreapp1.1) (== netstandard1.0) (== netstandard1.6) (&& (== netstandard2.0) (< netstandard1.1))
      System.Dynamic.Runtime (>= 4.3) - restriction: || (== net46) (== netcoreapp1.1) (== netstandard1.0) (== netstandard1.6) (&& (== netstandard2.0) (< netstandard1.1))
    System.Threading.Tasks.Extensions (4.4) - restriction: || (&& (== net46) (>= netcoreapp1.1)) (== netcoreapp1.1) (&& (== netstandard1.0) (>= netcoreapp1.1)) (&& (== netstandard1.6) (>= netcoreapp1.1)) (&& (== netstandard2.0) (>= netcoreapp1.1))
      System.Collections (>= 4.3) - restriction: || (== net46) (== netcoreapp1.1) (== netstandard1.0) (== netstandard1.6)
      System.Runtime (>= 4.3) - restriction: || (== net46) (== netcoreapp1.1) (== netstandard1.0) (== netstandard1.6)
      System.Threading.Tasks (>= 4.3) - restriction: || (== net46) (== netcoreapp1.1) (== netstandard1.0) (== netstandard1.6)
    System.Threading.Tasks.Parallel (4.3) - restriction: || (&& (== net46) (>= netcoreapp1.1)) (== netcoreapp1.1) (&& (== netstandard1.0) (>= netcoreapp1.1)) (&& (== netstandard1.6) (>= netcoreapp1.1)) (&& (== netstandard2.0) (>= netcoreapp1.1))
      System.Collections.Concurrent (>= 4.3) - restriction: || (&& (== net46) (< net45)) (&& (== net46) (>= netcoreapp5.0)) (== netcoreapp1.1) (&& (== netstandard1.0) (>= netcoreapp5.0)) (&& (== netstandard1.0) (>= netstandard1.1)) (&& (== netstandard1.0) (>= netstandard1.3)) (== netstandard1.6) (== netstandard2.0)
      System.Diagnostics.Debug (>= 4.3) - restriction: || (&& (== net46) (< net45)) (&& (== net46) (>= netcoreapp5.0)) (== netcoreapp1.1) (&& (== netstandard1.0) (>= netcoreapp5.0)) (&& (== netstandard1.0) (>= netstandard1.3)) (== netstandard1.6) (== netstandard2.0)
      System.Diagnostics.Tracing (>= 4.3) - restriction: || (&& (== net46) (< net45)) (&& (== net46) (>= netcoreapp5.0)) (== netcoreapp1.1) (&& (== netstandard1.0) (>= netcoreapp5.0)) (&& (== netstandard1.0) (>= netstandard1.3)) (== netstandard1.6) (== netstandard2.0)
      System.Resources.ResourceManager (>= 4.3) - restriction: || (&& (== net46) (< net45)) (&& (== net46) (>= netcoreapp5.0)) (== netcoreapp1.1) (&& (== netstandard1.0) (>= netcoreapp5.0)) (&& (== netstandard1.0) (>= netstandard1.3)) (== netstandard1.6) (== netstandard2.0)
      System.Runtime (>= 4.3) - restriction: || (&& (== net46) (< net45)) (&& (== net46) (>= netcoreapp5.0)) (== netcoreapp1.1) (&& (== netstandard1.0) (>= netcoreapp5.0)) (&& (== netstandard1.0) (>= netstandard1.1)) (&& (== netstandard1.0) (>= netstandard1.3)) (== netstandard1.6) (== netstandard2.0)
      System.Runtime.Extensions (>= 4.3) - restriction: || (&& (== net46) (< net45)) (&& (== net46) (>= netcoreapp5.0)) (== netcoreapp1.1) (&& (== netstandard1.0) (>= netcoreapp5.0)) (&& (== netstandard1.0) (>= netstandard1.3)) (== netstandard1.6) (== netstandard2.0)
      System.Threading (>= 4.3) - restriction: || (&& (== net46) (< net45)) (&& (== net46) (>= netcoreapp5.0)) (== netcoreapp1.1) (&& (== netstandard1.0) (>= netcoreapp5.0)) (&& (== netstandard1.0) (>= netstandard1.3)) (== netstandard1.6) (== netstandard2.0)
      System.Threading.Tasks (>= 4.3) - restriction: || (&& (== net46) (< net45)) (&& (== net46) (>= netcoreapp5.0)) (== netcoreapp1.1) (&& (== netstandard1.0) (>= netcoreapp5.0)) (&& (== netstandard1.0) (>= netstandard1.1)) (&& (== netstandard1.0) (>= netstandard1.3)) (== netstandard1.6) (== netstandard2.0)
    System.Threading.Thread (4.3) - restriction: || (&& (== net46) (>= netcoreapp1.1)) (== netcoreapp1.1) (&& (== netstandard1.0) (>= netcoreapp1.1)) (&& (== netstandard1.6) (>= netcoreapp1.1)) (&& (== netstandard2.0) (>= netcoreapp1.1))
      System.Runtime (>= 4.3) - restriction: || (== netcoreapp1.1) (&& (== netstandard1.0) (>= netstandard1.3)) (== netstandard1.6) (== netstandard2.0)
    System.Threading.ThreadPool (4.3) - restriction: || (&& (== net46) (>= netcoreapp1.1)) (== netcoreapp1.1) (&& (== netstandard1.0) (>= netcoreapp1.1)) (&& (== netstandard1.6) (>= netcoreapp1.1)) (&& (== netstandard2.0) (>= netcoreapp1.1))
      System.Runtime (>= 4.3) - restriction: || (== netcoreapp1.1) (&& (== netstandard1.0) (>= netstandard1.3)) (== netstandard1.6) (== netstandard2.0)
      System.Runtime.Handles (>= 4.3) - restriction: || (== netcoreapp1.1) (&& (== netstandard1.0) (>= netstandard1.3)) (== netstandard1.6) (== netstandard2.0)
    System.Threading.Timer (4.3) - restriction: || (&& (== net46) (== netstandard1.0)) (&& (== net46) (== netstandard2.0)) (&& (== net46) (< net20)) (&& (== net46) (>= uap10.0)) (== netcoreapp1.1) (&& (== netstandard1.0) (== netstandard2.0)) (&& (== netstandard1.0) (>= netstandard1.2)) (&& (== netstandard1.0) (>= netstandard1.3)) (&& (== netstandard1.0) (>= netstandard1.4)) (&& (== netstandard1.0) (>= netstandard1.5)) (&& (== netstandard1.0) (>= netstandard1.6)) (&& (== netstandard1.0) (>= uap10.0)) (== netstandard1.6) (&& (== netstandard2.0) (< netstandard1.3))
      Microsoft.NETCore.Platforms (>= 1.1) - restriction: || (&& (== net46) (< net451)) (&& (== net46) (>= netcoreapp5.0)) (== netcoreapp1.1) (&& (== netstandard1.0) (>= netcoreapp5.0)) (&& (== netstandard1.0) (>= netstandard1.2)) (== netstandard1.6) (== netstandard2.0)
      Microsoft.NETCore.Targets (>= 1.1) - restriction: || (&& (== net46) (< net451)) (&& (== net46) (>= netcoreapp5.0)) (== netcoreapp1.1) (&& (== netstandard1.0) (>= netcoreapp5.0)) (&& (== netstandard1.0) (>= netstandard1.2)) (== netstandard1.6) (== netstandard2.0)
      System.Runtime (>= 4.3) - restriction: || (&& (== net46) (< net451)) (&& (== net46) (>= netcoreapp5.0)) (== netcoreapp1.1) (&& (== netstandard1.0) (>= netcoreapp5.0)) (&& (== netstandard1.0) (>= netstandard1.2)) (== netstandard1.6) (== netstandard2.0)
    System.ValueTuple (4.4) - restriction: || (&& (== net46) (>= netcoreapp1.0)) (&& (== net46) (>= netcoreapp1.1)) (== netcoreapp1.1) (&& (== netstandard1.0) (>= netcoreapp1.0)) (&& (== netstandard1.0) (>= netcoreapp1.1)) (&& (== netstandard1.6) (>= netcoreapp1.0)) (&& (== netstandard1.6) (>= netcoreapp1.1)) (&& (== netstandard2.0) (>= netcoreapp1.0)) (&& (== netstandard2.0) (>= netcoreapp1.1))
      NETStandard.Library (>= 1.6.1) - restriction: || (== net46) (== netcoreapp1.1) (== netstandard1.0) (== netstandard1.6)
    System.Xml.ReaderWriter (4.3.1) - restriction: || (&& (== net46) (== netstandard2.0)) (&& (== net46) (< net20)) (&& (== net46) (>= netcoreapp1.1)) (&& (== net46) (>= uap10.0)) (== netcoreapp1.1) (== netstandard1.0) (== netstandard1.6) (&& (== netstandard2.0) (>= netcoreapp1.1)) (&& (== netstandard2.0) (< netstandard1.3)) (&& (== netstandard2.0) (< portable-net45+win8+wpa81)) (&& (== netstandard2.0) (< portable-net451+win81+wpa81))
      System.Collections (>= 4.3) - restriction: || (&& (== net46) (< net45)) (&& (== net46) (>= netcoreapp5.0)) (== netcoreapp1.1) (&& (== netstandard1.0) (>= netcoreapp5.0)) (&& (== netstandard1.0) (>= netstandard1.3)) (== netstandard1.6) (== netstandard2.0)
      System.Diagnostics.Debug (>= 4.3) - restriction: || (&& (== net46) (< net45)) (&& (== net46) (>= netcoreapp5.0)) (== netcoreapp1.1) (&& (== netstandard1.0) (>= netcoreapp5.0)) (&& (== netstandard1.0) (>= netstandard1.3)) (== netstandard1.6) (== netstandard2.0)
      System.Globalization (>= 4.3) - restriction: || (&& (== net46) (< net45)) (&& (== net46) (>= netcoreapp5.0)) (== netcoreapp1.1) (&& (== netstandard1.0) (>= netcoreapp5.0)) (&& (== netstandard1.0) (>= netstandard1.3)) (== netstandard1.6) (== netstandard2.0)
      System.IO (>= 4.3) - restriction: || (&& (== net46) (< net45)) (&& (== net46) (>= netcoreapp5.0)) (== netcoreapp1.1) (== netstandard1.0) (== netstandard1.6) (== netstandard2.0)
      System.IO.FileSystem (>= 4.3) - restriction: || (&& (== net46) (< net45)) (&& (== net46) (>= netcoreapp5.0)) (== netcoreapp1.1) (&& (== netstandard1.0) (>= netcoreapp5.0)) (&& (== netstandard1.0) (>= netstandard1.3)) (== netstandard1.6) (== netstandard2.0)
      System.IO.FileSystem.Primitives (>= 4.3) - restriction: || (&& (== net46) (< net45)) (&& (== net46) (>= netcoreapp5.0)) (== netcoreapp1.1) (&& (== netstandard1.0) (>= netcoreapp5.0)) (&& (== netstandard1.0) (>= netstandard1.3)) (== netstandard1.6) (== netstandard2.0)
      System.Resources.ResourceManager (>= 4.3) - restriction: || (&& (== net46) (< net45)) (&& (== net46) (>= netcoreapp5.0)) (== netcoreapp1.1) (&& (== netstandard1.0) (>= netcoreapp5.0)) (&& (== netstandard1.0) (>= netstandard1.3)) (== netstandard1.6) (== netstandard2.0)
      System.Runtime (>= 4.3) - restriction: || (&& (== net46) (< net45)) (&& (== net46) (>= netcoreapp5.0)) (== netcoreapp1.1) (== netstandard1.0) (== netstandard1.6) (== netstandard2.0)
      System.Runtime.Extensions (>= 4.3) - restriction: || (&& (== net46) (< net45)) (&& (== net46) (>= netcoreapp5.0)) (== netcoreapp1.1) (&& (== netstandard1.0) (>= netcoreapp5.0)) (&& (== netstandard1.0) (>= netstandard1.3)) (== netstandard1.6) (== netstandard2.0)
      System.Runtime.InteropServices (>= 4.3) - restriction: || (&& (== net46) (< net45)) (&& (== net46) (>= netcoreapp5.0)) (== netcoreapp1.1) (&& (== netstandard1.0) (>= netcoreapp5.0)) (&& (== netstandard1.0) (>= netstandard1.3)) (== netstandard1.6) (== netstandard2.0)
      System.Text.Encoding (>= 4.3) - restriction: || (&& (== net46) (< net45)) (&& (== net46) (>= netcoreapp5.0)) (== netcoreapp1.1) (== netstandard1.0) (== netstandard1.6) (== netstandard2.0)
      System.Text.Encoding.Extensions (>= 4.3) - restriction: || (&& (== net46) (< net45)) (&& (== net46) (>= netcoreapp5.0)) (== netcoreapp1.1) (&& (== netstandard1.0) (>= netcoreapp5.0)) (&& (== netstandard1.0) (>= netstandard1.3)) (== netstandard1.6) (== netstandard2.0)
      System.Text.RegularExpressions (>= 4.3) - restriction: || (&& (== net46) (< net45)) (&& (== net46) (>= netcoreapp5.0)) (== netcoreapp1.1) (&& (== netstandard1.0) (>= netcoreapp5.0)) (&& (== netstandard1.0) (>= netstandard1.3)) (== netstandard1.6) (== netstandard2.0)
      System.Threading.Tasks (>= 4.3) - restriction: || (&& (== net46) (< net45)) (&& (== net46) (>= netcoreapp5.0)) (== netcoreapp1.1) (== netstandard1.0) (== netstandard1.6) (== netstandard2.0)
      System.Threading.Tasks.Extensions (>= 4.3) - restriction: || (&& (== net46) (< net45)) (&& (== net46) (>= netcoreapp5.0)) (== netcoreapp1.1) (&& (== netstandard1.0) (>= netcoreapp5.0)) (&& (== netstandard1.0) (>= netstandard1.3)) (== netstandard1.6) (== netstandard2.0)
    System.Xml.XDocument (4.3) - restriction: || (&& (== net46) (== netstandard2.0)) (&& (== net46) (< net20)) (&& (== net46) (>= netcoreapp1.0)) (&& (== net46) (>= netcoreapp1.1)) (&& (== net46) (>= uap10.0)) (== netcoreapp1.1) (== netstandard1.0) (== netstandard1.6) (&& (== netstandard2.0) (>= netcoreapp1.0)) (&& (== netstandard2.0) (>= netcoreapp1.1)) (&& (== netstandard2.0) (< netstandard1.3)) (&& (== netstandard2.0) (< portable-net45+win8+wpa81)) (&& (== netstandard2.0) (< portable-net451+win81+wpa81))
      System.Collections (>= 4.3) - restriction: || (&& (== net46) (< net45)) (&& (== net46) (>= netcoreapp5.0)) (== netcoreapp1.1) (&& (== netstandard1.0) (>= netcoreapp5.0)) (&& (== netstandard1.0) (>= netstandard1.3)) (== netstandard1.6) (== netstandard2.0)
      System.Diagnostics.Debug (>= 4.3) - restriction: || (&& (== net46) (< net45)) (&& (== net46) (>= netcoreapp5.0)) (== netcoreapp1.1) (&& (== netstandard1.0) (>= netcoreapp5.0)) (&& (== netstandard1.0) (>= netstandard1.3)) (== netstandard1.6) (== netstandard2.0)
      System.Diagnostics.Tools (>= 4.3) - restriction: || (&& (== net46) (< net45)) (&& (== net46) (>= netcoreapp5.0)) (== netcoreapp1.1) (&& (== netstandard1.0) (>= netcoreapp5.0)) (&& (== netstandard1.0) (>= netstandard1.3)) (== netstandard1.6) (== netstandard2.0)
      System.Globalization (>= 4.3) - restriction: || (&& (== net46) (< net45)) (&& (== net46) (>= netcoreapp5.0)) (== netcoreapp1.1) (&& (== netstandard1.0) (>= netcoreapp5.0)) (&& (== netstandard1.0) (>= netstandard1.3)) (== netstandard1.6) (== netstandard2.0)
      System.IO (>= 4.3) - restriction: || (&& (== net46) (< net45)) (&& (== net46) (>= netcoreapp5.0)) (== netcoreapp1.1) (== netstandard1.0) (== netstandard1.6) (== netstandard2.0)
      System.Reflection (>= 4.3) - restriction: || (&& (== net46) (< net45)) (&& (== net46) (>= netcoreapp5.0)) (== netcoreapp1.1) (&& (== netstandard1.0) (>= netcoreapp5.0)) (&& (== netstandard1.0) (>= netstandard1.3)) (== netstandard1.6) (== netstandard2.0)
      System.Resources.ResourceManager (>= 4.3) - restriction: || (&& (== net46) (< net45)) (&& (== net46) (>= netcoreapp5.0)) (== netcoreapp1.1) (&& (== netstandard1.0) (>= netcoreapp5.0)) (&& (== netstandard1.0) (>= netstandard1.3)) (== netstandard1.6) (== netstandard2.0)
      System.Runtime (>= 4.3) - restriction: || (&& (== net46) (< net45)) (&& (== net46) (>= netcoreapp5.0)) (== netcoreapp1.1) (== netstandard1.0) (== netstandard1.6) (== netstandard2.0)
      System.Runtime.Extensions (>= 4.3) - restriction: || (&& (== net46) (< net45)) (&& (== net46) (>= netcoreapp5.0)) (== netcoreapp1.1) (&& (== netstandard1.0) (>= netcoreapp5.0)) (&& (== netstandard1.0) (>= netstandard1.3)) (== netstandard1.6) (== netstandard2.0)
      System.Text.Encoding (>= 4.3) - restriction: || (&& (== net46) (< net45)) (&& (== net46) (>= netcoreapp5.0)) (== netcoreapp1.1) (&& (== netstandard1.0) (>= netcoreapp5.0)) (&& (== netstandard1.0) (>= netstandard1.3)) (== netstandard1.6) (== netstandard2.0)
      System.Threading (>= 4.3) - restriction: || (&& (== net46) (< net45)) (&& (== net46) (>= netcoreapp5.0)) (== netcoreapp1.1) (&& (== netstandard1.0) (>= netcoreapp5.0)) (&& (== netstandard1.0) (>= netstandard1.3)) (== netstandard1.6) (== netstandard2.0)
      System.Xml.ReaderWriter (>= 4.3) - restriction: || (&& (== net46) (< net45)) (&& (== net46) (>= netcoreapp5.0)) (== netcoreapp1.1) (== netstandard1.0) (== netstandard1.6) (== netstandard2.0)
    System.Xml.XmlDocument (4.3) - restriction: || (&& (== net46) (== netstandard1.0)) (&& (== net46) (== netstandard2.0)) (&& (== net46) (< net20)) (&& (== net46) (>= netcoreapp1.0)) (&& (== net46) (>= netcoreapp1.1)) (== netcoreapp1.1) (&& (== netstandard1.0) (== netstandard2.0)) (&& (== netstandard1.0) (>= netcoreapp1.0)) (&& (== netstandard1.0) (>= netcoreapp1.1)) (&& (== netstandard1.0) (>= netstandard1.3)) (== netstandard1.6) (&& (== netstandard2.0) (>= netcoreapp1.0)) (&& (== netstandard2.0) (>= netcoreapp1.1))
      System.Collections (>= 4.3) - restriction: || (== netcoreapp1.1) (&& (== netstandard1.0) (>= netstandard1.3)) (== netstandard1.6) (== netstandard2.0)
      System.Diagnostics.Debug (>= 4.3) - restriction: || (== netcoreapp1.1) (&& (== netstandard1.0) (>= netstandard1.3)) (== netstandard1.6) (== netstandard2.0)
      System.Globalization (>= 4.3) - restriction: || (== netcoreapp1.1) (&& (== netstandard1.0) (>= netstandard1.3)) (== netstandard1.6) (== netstandard2.0)
      System.IO (>= 4.3) - restriction: || (== netcoreapp1.1) (&& (== netstandard1.0) (>= netstandard1.3)) (== netstandard1.6) (== netstandard2.0)
      System.Resources.ResourceManager (>= 4.3) - restriction: || (== netcoreapp1.1) (&& (== netstandard1.0) (>= netstandard1.3)) (== netstandard1.6) (== netstandard2.0)
      System.Runtime (>= 4.3) - restriction: || (== netcoreapp1.1) (&& (== netstandard1.0) (>= netstandard1.3)) (== netstandard1.6) (== netstandard2.0)
      System.Runtime.Extensions (>= 4.3) - restriction: || (== netcoreapp1.1) (&& (== netstandard1.0) (>= netstandard1.3)) (== netstandard1.6) (== netstandard2.0)
      System.Text.Encoding (>= 4.3) - restriction: || (== netcoreapp1.1) (&& (== netstandard1.0) (>= netstandard1.3)) (== netstandard1.6) (== netstandard2.0)
      System.Threading (>= 4.3) - restriction: || (== netcoreapp1.1) (&& (== netstandard1.0) (>= netstandard1.3)) (== netstandard1.6) (== netstandard2.0)
      System.Xml.ReaderWriter (>= 4.3) - restriction: || (== netcoreapp1.1) (&& (== netstandard1.0) (>= netstandard1.3)) (== netstandard1.6) (== netstandard2.0)
    System.Xml.XPath (4.3) - restriction: || (&& (== net46) (>= netcoreapp1.0)) (&& (== net46) (>= netcoreapp1.1)) (== netcoreapp1.1) (&& (== netstandard1.0) (>= netcoreapp1.0)) (&& (== netstandard1.0) (>= netcoreapp1.1)) (&& (== netstandard1.6) (>= netcoreapp1.0)) (&& (== netstandard1.6) (>= netcoreapp1.1)) (&& (== netstandard2.0) (>= netcoreapp1.0)) (&& (== netstandard2.0) (>= netcoreapp1.1))
      System.Collections (>= 4.3) - restriction: || (== netcoreapp1.1) (&& (== netstandard1.0) (>= netstandard1.3)) (== netstandard1.6) (== netstandard2.0)
      System.Diagnostics.Debug (>= 4.3) - restriction: || (== netcoreapp1.1) (&& (== netstandard1.0) (>= netstandard1.3)) (== netstandard1.6) (== netstandard2.0)
      System.Globalization (>= 4.3) - restriction: || (== netcoreapp1.1) (&& (== netstandard1.0) (>= netstandard1.3)) (== netstandard1.6) (== netstandard2.0)
      System.IO (>= 4.3) - restriction: || (== netcoreapp1.1) (&& (== netstandard1.0) (>= netstandard1.3)) (== netstandard1.6) (== netstandard2.0)
      System.Resources.ResourceManager (>= 4.3) - restriction: || (== netcoreapp1.1) (&& (== netstandard1.0) (>= netstandard1.3)) (== netstandard1.6) (== netstandard2.0)
      System.Runtime (>= 4.3) - restriction: || (== netcoreapp1.1) (&& (== netstandard1.0) (>= netstandard1.3)) (== netstandard1.6) (== netstandard2.0)
      System.Runtime.Extensions (>= 4.3) - restriction: || (== netcoreapp1.1) (&& (== netstandard1.0) (>= netstandard1.3)) (== netstandard1.6) (== netstandard2.0)
      System.Threading (>= 4.3) - restriction: || (== netcoreapp1.1) (&& (== netstandard1.0) (>= netstandard1.3)) (== netstandard1.6) (== netstandard2.0)
      System.Xml.ReaderWriter (>= 4.3) - restriction: || (== netcoreapp1.1) (&& (== netstandard1.0) (>= netstandard1.3)) (== netstandard1.6) (== netstandard2.0)
    System.Xml.XPath.XDocument (4.3) - restriction: || (&& (== net46) (>= netcoreapp1.0)) (&& (== net46) (>= netcoreapp1.1)) (== netcoreapp1.1) (&& (== netstandard1.0) (>= netcoreapp1.0)) (&& (== netstandard1.0) (>= netcoreapp1.1)) (&& (== netstandard1.6) (>= netcoreapp1.0)) (&& (== netstandard1.6) (>= netcoreapp1.1)) (&& (== netstandard2.0) (>= netcoreapp1.0)) (&& (== netstandard2.0) (>= netcoreapp1.1))
      System.Diagnostics.Debug (>= 4.3) - restriction: || (== netcoreapp1.1) (&& (== netstandard1.0) (>= netstandard1.3)) (== netstandard1.6) (== netstandard2.0)
      System.Linq (>= 4.3) - restriction: || (== netcoreapp1.1) (&& (== netstandard1.0) (>= netstandard1.3)) (== netstandard1.6) (== netstandard2.0)
      System.Resources.ResourceManager (>= 4.3) - restriction: || (== netcoreapp1.1) (&& (== netstandard1.0) (>= netstandard1.3)) (== netstandard1.6) (== netstandard2.0)
      System.Runtime (>= 4.3) - restriction: || (== netcoreapp1.1) (&& (== netstandard1.0) (>= netstandard1.3)) (== netstandard1.6) (== netstandard2.0)
      System.Runtime.Extensions (>= 4.3) - restriction: || (== netcoreapp1.1) (&& (== netstandard1.0) (>= netstandard1.3)) (== netstandard1.6) (== netstandard2.0)
      System.Threading (>= 4.3) - restriction: || (== netcoreapp1.1) (&& (== netstandard1.0) (>= netstandard1.3)) (== netstandard1.6) (== netstandard2.0)
      System.Xml.ReaderWriter (>= 4.3) - restriction: || (== netcoreapp1.1) (&& (== netstandard1.0) (>= netstandard1.3)) (== netstandard1.6) (== netstandard2.0)
      System.Xml.XDocument (>= 4.3) - restriction: || (== netcoreapp1.1) (&& (== netstandard1.0) (>= netstandard1.3)) (== netstandard1.6) (== netstandard2.0)
      System.Xml.XPath (>= 4.3) - restriction: || (== net46) (== netcoreapp1.1) (&& (== netstandard1.0) (>= net46)) (&& (== netstandard1.0) (>= netstandard1.3)) (== netstandard1.6) (== netstandard2.0)
    xunit (2.4.1)
      xunit.analyzers (>= 0.10)
      xunit.assert (2.4.1)
      xunit.core (2.4.1)
    xunit.abstractions (2.0.3) - restriction: || (== net46) (== netcoreapp1.1) (&& (== netstandard1.0) (>= netstandard1.1)) (== netstandard1.6) (== netstandard2.0)
      NETStandard.Library (>= 1.6) - restriction: || (&& (== net46) (< net35)) (== netcoreapp1.1) (== netstandard1.0) (== netstandard1.6)
    xunit.analyzers (0.10)
    xunit.assert (2.4.1)
      NETStandard.Library (>= 1.6.1) - restriction: || (&& (== net46) (< net452)) (== netcoreapp1.1) (&& (== netstandard1.0) (>= netstandard1.1)) (== netstandard1.6) (== netstandard2.0)
    xunit.core (2.4.1)
      xunit.extensibility.core (2.4.1)
      xunit.extensibility.execution (2.4.1)
    xunit.extensibility.core (2.4.1)
      NETStandard.Library (>= 1.6.1) - restriction: || (&& (== net46) (< net452)) (== netcoreapp1.1) (&& (== netstandard1.0) (>= netstandard1.1)) (== netstandard1.6) (== netstandard2.0)
      xunit.abstractions (>= 2.0.3) - restriction: || (== net46) (== netcoreapp1.1) (&& (== netstandard1.0) (>= netstandard1.1)) (== netstandard1.6) (== netstandard2.0)
    xunit.extensibility.execution (2.4.1)
      NETStandard.Library (>= 1.6.1) - restriction: || (&& (== net46) (< net452)) (== netcoreapp1.1) (&& (== netstandard1.0) (>= netstandard1.1)) (== netstandard1.6) (== netstandard2.0)
      xunit.extensibility.core (2.4.1) - restriction: || (== net46) (== netcoreapp1.1) (&& (== netstandard1.0) (>= netstandard1.1)) (== netstandard1.6) (== netstandard2.0)
    xunit.runner.visualstudio (2.4.3)
