STORAGE: NONE
RESTRICTION: || (== net45) (== net46) (== net50) (== netstandard1.0) (== netstandard1.6) (== netstandard2.0)
NUGET
  remote: https://www.nuget.org/api/v2
    Microsoft.CodeCoverage (16.9.1) - restriction: || (== net45) (== net46) (== net50) (&& (== netstandard1.0) (>= net45)) (&& (== netstandard1.0) (>= netcoreapp1.0)) (&& (== netstandard1.6) (>= net45)) (&& (== netstandard1.6) (>= netcoreapp1.0)) (&& (== netstandard2.0) (>= net45)) (&& (== netstandard2.0) (>= netcoreapp1.0))
    Microsoft.CSharp (4.7) - restriction: || (&& (== net45) (< net20)) (&& (== net46) (< net20)) (== net50) (== netstandard1.0) (== netstandard1.6) (== netstandard2.0)
      NETStandard.Library (>= 1.6.1) - restriction: || (&& (== net46) (< net45)) (&& (== net50) (< netstandard1.3)) (&& (== net50) (< netstandard2.0)) (== netstandard1.0) (== netstandard1.6) (&& (== netstandard2.0) (< netstandard1.3))
      System.Dynamic.Runtime (>= 4.3) - restriction: || (&& (== net46) (< net45)) (&& (== net50) (< netstandard1.3)) (&& (== net50) (< netstandard2.0)) (== netstandard1.0) (== netstandard1.6) (&& (== netstandard2.0) (< netstandard1.3))
      System.Reflection.TypeExtensions (>= 4.7) - restriction: || (&& (== net46) (< net45)) (&& (== net50) (< netstandard2.0)) (&& (== netstandard1.0) (>= netstandard1.3)) (== netstandard1.6)
    Microsoft.NET.Test.Sdk (16.9.1)
      Microsoft.CodeCoverage (>= 16.9.1) - restriction: || (== net45) (== net46) (== net50) (&& (== netstandard1.0) (>= net45)) (&& (== netstandard1.0) (>= netcoreapp1.0)) (&& (== netstandard1.6) (>= net45)) (&& (== netstandard1.6) (>= netcoreapp1.0)) (&& (== netstandard2.0) (>= net45)) (&& (== netstandard2.0) (>= netcoreapp1.0))
      Microsoft.TestPlatform.TestHost (>= 16.9.1) - restriction: || (&& (== net45) (>= netcoreapp1.0)) (&& (== net46) (>= netcoreapp1.0)) (== net50) (&& (== netstandard1.0) (>= netcoreapp1.0)) (&& (== netstandard1.6) (>= netcoreapp1.0)) (&& (== netstandard2.0) (>= netcoreapp1.0))
    Microsoft.NETCore.Platforms (5.0.1) - restriction: || (&& (== net45) (< net20)) (&& (== net45) (>= uap10.0)) (&& (== net46) (< net20)) (&& (== net46) (>= uap10.0)) (== net50) (== netstandard1.0) (== netstandard1.6) (== netstandard2.0)
    Microsoft.NETCore.Targets (5.0) - restriction: || (&& (== net45) (< net20)) (&& (== net45) (>= uap10.0)) (&& (== net46) (< net20)) (&& (== net46) (>= uap10.0)) (== net50) (== netstandard1.0) (== netstandard1.6) (== netstandard2.0)
    Microsoft.TestPlatform.ObjectModel (16.9.1) - restriction: || (&& (== net45) (>= netcoreapp1.0)) (&& (== net46) (>= netcoreapp1.0)) (== net50) (&& (== netstandard1.0) (>= netcoreapp1.0)) (&& (== netstandard1.6) (>= netcoreapp1.0)) (&& (== netstandard2.0) (>= netcoreapp1.0))
      NuGet.Frameworks (>= 5.0) - restriction: || (== net45) (== net46) (== net50) (&& (== netstandard1.0) (>= net45)) (&& (== netstandard1.0) (>= net451)) (&& (== netstandard1.0) (>= netstandard2.0)) (&& (== netstandard1.6) (>= net45) (< netstandard1.3)) (&& (== netstandard1.6) (>= net451)) (&& (== netstandard1.6) (>= netstandard2.0)) (== netstandard2.0)
      System.Reflection.Metadata (>= 1.6) - restriction: || (== net45) (== net46) (== net50) (&& (== netstandard1.0) (>= net45)) (&& (== netstandard1.0) (>= net451)) (&& (== netstandard1.0) (>= netstandard1.3)) (&& (== netstandard1.0) (>= netstandard2.0)) (== netstandard1.6) (== netstandard2.0)
    Microsoft.TestPlatform.TestHost (16.9.1) - restriction: || (&& (== net45) (>= netcoreapp1.0)) (&& (== net46) (>= netcoreapp1.0)) (== net50) (&& (== netstandard1.0) (>= netcoreapp1.0)) (&& (== netstandard1.6) (>= netcoreapp1.0)) (&& (== netstandard2.0) (>= netcoreapp1.0))
      Microsoft.TestPlatform.ObjectModel (>= 16.9.1) - restriction: || (&& (== net45) (>= netcoreapp1.0)) (&& (== net45) (>= uap10.0)) (&& (== net46) (>= netcoreapp1.0)) (&& (== net46) (>= uap10.0)) (== net50) (&& (== netstandard1.0) (>= netcoreapp1.0)) (&& (== netstandard1.0) (>= uap10.0)) (&& (== netstandard1.6) (>= netcoreapp1.0)) (&& (== netstandard1.6) (>= uap10.0)) (&& (== netstandard2.0) (>= netcoreapp1.0)) (&& (== netstandard2.0) (>= uap10.0))
      Newtonsoft.Json (>= 9.0.1) - restriction: || (&& (== net45) (>= netcoreapp1.0)) (&& (== net45) (>= uap10.0)) (&& (== net46) (>= netcoreapp1.0)) (&& (== net46) (>= uap10.0)) (== net50) (&& (== netstandard1.0) (>= netcoreapp1.0)) (&& (== netstandard1.0) (>= uap10.0)) (&& (== netstandard1.6) (>= netcoreapp1.0)) (&& (== netstandard1.6) (>= uap10.0)) (&& (== netstandard2.0) (>= netcoreapp1.0)) (&& (== netstandard2.0) (>= uap10.0))
    Microsoft.Win32.Primitives (4.3) - restriction: || (&& (== net45) (== net50)) (&& (== net45) (== netstandard2.0)) (&& (== net45) (< net20) (>= net46)) (&& (== net45) (< net20) (>= netstandard1.3)) (&& (== net45) (< net20) (>= netstandard1.4)) (&& (== net45) (< net20) (>= netstandard1.5)) (&& (== net45) (< net20) (>= netstandard1.6)) (&& (== net45) (>= uap10.0)) (&& (== net46) (== net50)) (&& (== net46) (== netstandard1.0)) (&& (== net46) (== netstandard2.0)) (&& (== net46) (< net20)) (&& (== net46) (>= uap10.0)) (&& (== net50) (== netstandard1.0)) (&& (== net50) (< netstandard1.3)) (&& (== net50) (< netstandard1.4)) (&& (== net50) (< netstandard1.5)) (&& (== net50) (< netstandard1.6)) (&& (== net50) (< netstandard2.0)) (&& (== netstandard1.0) (== netstandard2.0)) (&& (== netstandard1.0) (>= net46)) (&& (== netstandard1.0) (>= netstandard1.3)) (&& (== netstandard1.0) (>= netstandard1.4)) (&& (== netstandard1.0) (>= netstandard1.5)) (&& (== netstandard1.0) (>= netstandard1.6)) (&& (== netstandard1.0) (>= uap10.0)) (== netstandard1.6) (&& (== netstandard2.0) (< netstandard1.3))
      Microsoft.NETCore.Platforms (>= 1.1) - restriction: || (&& (== net45) (>= netstandard1.3)) (== net50) (&& (== netstandard1.0) (>= netstandard1.3)) (== netstandard1.6) (== netstandard2.0)
      Microsoft.NETCore.Targets (>= 1.1) - restriction: || (&& (== net45) (>= netstandard1.3)) (== net50) (&& (== netstandard1.0) (>= netstandard1.3)) (== netstandard1.6) (== netstandard2.0)
      System.Runtime (>= 4.3) - restriction: || (&& (== net45) (>= netstandard1.3)) (== net50) (&& (== netstandard1.0) (>= netstandard1.3)) (== netstandard1.6) (== netstandard2.0)
    NETStandard.Library (2.0.3) - restriction: || (== net45) (&& (== net46) (< net20)) (&& (== net46) (< net35)) (&& (== net46) (< net452)) (== net50) (== netstandard1.0) (== netstandard1.6) (== netstandard2.0)
      Microsoft.NETCore.Platforms (>= 1.1)
      Microsoft.Win32.Primitives (>= 4.3) - restriction: || (&& (== net45) (>= net46)) (&& (== net45) (>= uap10.0)) (== net46) (&& (== net50) (< netstandard1.4)) (&& (== net50) (< netstandard1.5)) (&& (== net50) (< netstandard1.6)) (&& (== net50) (< netstandard2.0)) (&& (== netstandard1.0) (>= net46)) (&& (== netstandard1.0) (>= netstandard1.3)) (&& (== netstandard1.0) (>= netstandard1.4)) (&& (== netstandard1.0) (>= netstandard1.5)) (&& (== netstandard1.0) (>= netstandard1.6)) (&& (== netstandard1.0) (>= uap10.0)) (== netstandard1.6) (&& (== netstandard2.0) (< netstandard1.4)) (&& (== netstandard2.0) (< netstandard1.5)) (&& (== netstandard2.0) (< netstandard1.6))
      System.AppContext (>= 4.3) - restriction: || (&& (== net45) (>= net46)) (&& (== net45) (>= uap10.0)) (== net46) (&& (== net50) (< netstandard1.4)) (&& (== net50) (< netstandard1.5)) (&& (== net50) (< netstandard1.6)) (&& (== net50) (< netstandard2.0)) (&& (== netstandard1.0) (>= net46)) (&& (== netstandard1.0) (>= netstandard1.3)) (&& (== netstandard1.0) (>= netstandard1.4)) (&& (== netstandard1.0) (>= netstandard1.5)) (&& (== netstandard1.0) (>= netstandard1.6)) (&& (== netstandard1.0) (>= uap10.0)) (== netstandard1.6) (&& (== netstandard2.0) (< netstandard1.4)) (&& (== netstandard2.0) (< netstandard1.5)) (&& (== netstandard2.0) (< netstandard1.6))
      System.Collections (>= 4.3) - restriction: || (&& (== net45) (< portable-net45+win8+wpa81)) (&& (== net45) (>= uap10.0)) (&& (== net46) (< net45)) (&& (== net46) (< portable-net45+win8+wpa81)) (&& (== net46) (>= uap10.0)) (&& (== net50) (< netstandard1.2)) (&& (== net50) (< netstandard1.3)) (&& (== net50) (< netstandard1.4)) (&& (== net50) (< netstandard1.5)) (&& (== net50) (< netstandard1.6)) (&& (== net50) (< netstandard2.0)) (&& (== net50) (< portable-net45+win8+wpa81)) (== netstandard1.0) (== netstandard1.6) (&& (== netstandard2.0) (< netstandard1.2)) (&& (== netstandard2.0) (< netstandard1.3)) (&& (== netstandard2.0) (< netstandard1.4)) (&& (== netstandard2.0) (< netstandard1.5)) (&& (== netstandard2.0) (< netstandard1.6)) (&& (== netstandard2.0) (< portable-net45+win8+wpa81))
      System.Collections.Concurrent (>= 4.3) - restriction: || (&& (== net45) (>= uap10.0)) (&& (== net46) (< net45)) (&& (== net46) (>= uap10.0)) (&& (== net50) (< netstandard1.2)) (&& (== net50) (< netstandard1.3)) (&& (== net50) (< netstandard1.4)) (&& (== net50) (< netstandard1.5)) (&& (== net50) (< netstandard1.6)) (&& (== net50) (< netstandard2.0)) (&& (== netstandard1.0) (>= netstandard1.1)) (&& (== netstandard1.0) (>= netstandard1.2)) (&& (== netstandard1.0) (>= netstandard1.3)) (&& (== netstandard1.0) (>= netstandard1.4)) (&& (== netstandard1.0) (>= netstandard1.5)) (&& (== netstandard1.0) (>= netstandard1.6)) (&& (== netstandard1.0) (>= uap10.0)) (== netstandard1.6) (&& (== netstandard2.0) (< netstandard1.2)) (&& (== netstandard2.0) (< netstandard1.3)) (&& (== netstandard2.0) (< netstandard1.4)) (&& (== netstandard2.0) (< netstandard1.5)) (&& (== netstandard2.0) (< netstandard1.6))
      System.Console (>= 4.3) - restriction: || (&& (== net45) (>= net46)) (&& (== net45) (>= uap10.0)) (== net46) (&& (== net50) (< netstandard1.4)) (&& (== net50) (< netstandard1.5)) (&& (== net50) (< netstandard1.6)) (&& (== net50) (< netstandard2.0)) (&& (== netstandard1.0) (>= net46)) (&& (== netstandard1.0) (>= netstandard1.3)) (&& (== netstandard1.0) (>= netstandard1.4)) (&& (== netstandard1.0) (>= netstandard1.5)) (&& (== netstandard1.0) (>= netstandard1.6)) (&& (== netstandard1.0) (>= uap10.0)) (== netstandard1.6) (&& (== netstandard2.0) (< netstandard1.4)) (&& (== netstandard2.0) (< netstandard1.5)) (&& (== netstandard2.0) (< netstandard1.6))
      System.Diagnostics.Debug (>= 4.3) - restriction: || (&& (== net45) (< portable-net45+win8+wpa81)) (&& (== net45) (>= uap10.0)) (&& (== net46) (< net45)) (&& (== net46) (< portable-net45+win8+wpa81)) (&& (== net46) (>= uap10.0)) (&& (== net50) (< netstandard1.2)) (&& (== net50) (< netstandard1.3)) (&& (== net50) (< netstandard1.4)) (&& (== net50) (< netstandard1.5)) (&& (== net50) (< netstandard1.6)) (&& (== net50) (< netstandard2.0)) (&& (== net50) (< portable-net45+win8+wpa81)) (== netstandard1.0) (== netstandard1.6) (&& (== netstandard2.0) (< netstandard1.2)) (&& (== netstandard2.0) (< netstandard1.3)) (&& (== netstandard2.0) (< netstandard1.4)) (&& (== netstandard2.0) (< netstandard1.5)) (&& (== netstandard2.0) (< netstandard1.6)) (&& (== netstandard2.0) (< portable-net45+win8+wpa81))
      System.Diagnostics.Tools (>= 4.3) - restriction: || (&& (== net45) (< portable-net45+win8+wpa81)) (&& (== net45) (>= uap10.0)) (&& (== net46) (< net45)) (&& (== net46) (< portable-net45+win8+wpa81)) (&& (== net46) (>= uap10.0)) (&& (== net50) (< netstandard1.2)) (&& (== net50) (< netstandard1.3)) (&& (== net50) (< netstandard1.4)) (&& (== net50) (< netstandard1.5)) (&& (== net50) (< netstandard1.6)) (&& (== net50) (< netstandard2.0)) (&& (== net50) (< portable-net45+win8+wpa81)) (== netstandard1.0) (== netstandard1.6) (&& (== netstandard2.0) (< netstandard1.2)) (&& (== netstandard2.0) (< netstandard1.3)) (&& (== netstandard2.0) (< netstandard1.4)) (&& (== netstandard2.0) (< netstandard1.5)) (&& (== netstandard2.0) (< netstandard1.6)) (&& (== netstandard2.0) (< portable-net45+win8+wpa81))
      System.Diagnostics.Tracing (>= 4.3) - restriction: || (&& (== net45) (>= uap10.0)) (&& (== net46) (< net45)) (&& (== net46) (>= uap10.0)) (&& (== net50) (< netstandard1.2)) (&& (== net50) (< netstandard1.3)) (&& (== net50) (< netstandard1.4)) (&& (== net50) (< netstandard1.5)) (&& (== net50) (< netstandard1.6)) (&& (== net50) (< netstandard2.0)) (&& (== netstandard1.0) (>= netstandard1.1)) (&& (== netstandard1.0) (>= netstandard1.2)) (&& (== netstandard1.0) (>= netstandard1.3)) (&& (== netstandard1.0) (>= netstandard1.4)) (&& (== netstandard1.0) (>= netstandard1.5)) (&& (== netstandard1.0) (>= netstandard1.6)) (&& (== netstandard1.0) (>= uap10.0)) (== netstandard1.6) (&& (== netstandard2.0) (< netstandard1.2)) (&& (== netstandard2.0) (< netstandard1.3)) (&& (== netstandard2.0) (< netstandard1.4)) (&& (== netstandard2.0) (< netstandard1.5)) (&& (== netstandard2.0) (< netstandard1.6))
      System.Globalization (>= 4.3) - restriction: || (&& (== net45) (< portable-net45+win8+wpa81)) (&& (== net45) (>= uap10.0)) (&& (== net46) (< net45)) (&& (== net46) (< portable-net45+win8+wpa81)) (&& (== net46) (>= uap10.0)) (&& (== net50) (< netstandard1.2)) (&& (== net50) (< netstandard1.3)) (&& (== net50) (< netstandard1.4)) (&& (== net50) (< netstandard1.5)) (&& (== net50) (< netstandard1.6)) (&& (== net50) (< netstandard2.0)) (&& (== net50) (< portable-net45+win8+wpa81)) (== netstandard1.0) (== netstandard1.6) (&& (== netstandard2.0) (< netstandard1.2)) (&& (== netstandard2.0) (< netstandard1.3)) (&& (== netstandard2.0) (< netstandard1.4)) (&& (== netstandard2.0) (< netstandard1.5)) (&& (== netstandard2.0) (< netstandard1.6)) (&& (== netstandard2.0) (< portable-net45+win8+wpa81))
      System.Globalization.Calendars (>= 4.3) - restriction: || (&& (== net45) (>= net46)) (&& (== net45) (>= uap10.0)) (== net46) (&& (== net50) (< netstandard1.4)) (&& (== net50) (< netstandard1.5)) (&& (== net50) (< netstandard1.6)) (&& (== net50) (< netstandard2.0)) (&& (== netstandard1.0) (>= net46)) (&& (== netstandard1.0) (>= netstandard1.3)) (&& (== netstandard1.0) (>= netstandard1.4)) (&& (== netstandard1.0) (>= netstandard1.5)) (&& (== netstandard1.0) (>= netstandard1.6)) (&& (== netstandard1.0) (>= uap10.0)) (== netstandard1.6) (&& (== netstandard2.0) (< netstandard1.4)) (&& (== netstandard2.0) (< netstandard1.5)) (&& (== netstandard2.0) (< netstandard1.6))
      System.IO (>= 4.3) - restriction: || (&& (== net45) (< portable-net45+win8+wpa81)) (&& (== net45) (>= uap10.0)) (&& (== net46) (< net45)) (&& (== net46) (< portable-net45+win8+wpa81)) (&& (== net46) (>= uap10.0)) (&& (== net50) (< netstandard1.2)) (&& (== net50) (< netstandard1.3)) (&& (== net50) (< netstandard1.4)) (&& (== net50) (< netstandard1.5)) (&& (== net50) (< netstandard1.6)) (&& (== net50) (< netstandard2.0)) (&& (== net50) (< portable-net45+win8+wpa81)) (== netstandard1.0) (== netstandard1.6) (&& (== netstandard2.0) (< netstandard1.2)) (&& (== netstandard2.0) (< netstandard1.3)) (&& (== netstandard2.0) (< netstandard1.4)) (&& (== netstandard2.0) (< netstandard1.5)) (&& (== netstandard2.0) (< netstandard1.6)) (&& (== netstandard2.0) (< portable-net45+win8+wpa81))
      System.IO.Compression (>= 4.3) - restriction: || (&& (== net45) (>= net46)) (&& (== net45) (>= uap10.0)) (== net46) (&& (== net50) (< netstandard1.2)) (&& (== net50) (< netstandard1.3)) (&& (== net50) (< netstandard1.4)) (&& (== net50) (< netstandard1.5)) (&& (== net50) (< netstandard1.6)) (&& (== net50) (< netstandard2.0)) (&& (== netstandard1.0) (>= net46)) (&& (== netstandard1.0) (>= netstandard1.1)) (&& (== netstandard1.0) (>= netstandard1.2)) (&& (== netstandard1.0) (>= netstandard1.3)) (&& (== netstandard1.0) (>= netstandard1.4)) (&& (== netstandard1.0) (>= netstandard1.5)) (&& (== netstandard1.0) (>= netstandard1.6)) (&& (== netstandard1.0) (>= uap10.0)) (== netstandard1.6) (&& (== netstandard2.0) (< netstandard1.2)) (&& (== netstandard2.0) (< netstandard1.3)) (&& (== netstandard2.0) (< netstandard1.4)) (&& (== netstandard2.0) (< netstandard1.5)) (&& (== netstandard2.0) (< netstandard1.6))
      System.IO.Compression.ZipFile (>= 4.3) - restriction: || (&& (== net45) (>= net46)) (&& (== net45) (>= uap10.0)) (== net46) (&& (== net50) (< netstandard1.4)) (&& (== net50) (< netstandard1.5)) (&& (== net50) (< netstandard1.6)) (&& (== net50) (< netstandard2.0)) (&& (== netstandard1.0) (>= net46)) (&& (== netstandard1.0) (>= netstandard1.3)) (&& (== netstandard1.0) (>= netstandard1.4)) (&& (== netstandard1.0) (>= netstandard1.5)) (&& (== netstandard1.0) (>= netstandard1.6)) (&& (== netstandard1.0) (>= uap10.0)) (== netstandard1.6) (&& (== netstandard2.0) (< netstandard1.4)) (&& (== netstandard2.0) (< netstandard1.5)) (&& (== netstandard2.0) (< netstandard1.6))
      System.IO.FileSystem (>= 4.3) - restriction: || (&& (== net45) (>= net46)) (&& (== net45) (>= uap10.0)) (== net46) (&& (== net50) (< netstandard1.4)) (&& (== net50) (< netstandard1.5)) (&& (== net50) (< netstandard1.6)) (&& (== net50) (< netstandard2.0)) (&& (== netstandard1.0) (>= net46)) (&& (== netstandard1.0) (>= netstandard1.3)) (&& (== netstandard1.0) (>= netstandard1.4)) (&& (== netstandard1.0) (>= netstandard1.5)) (&& (== netstandard1.0) (>= netstandard1.6)) (&& (== netstandard1.0) (>= uap10.0)) (== netstandard1.6) (&& (== netstandard2.0) (< netstandard1.4)) (&& (== netstandard2.0) (< netstandard1.5)) (&& (== netstandard2.0) (< netstandard1.6))
      System.IO.FileSystem.Primitives (>= 4.3) - restriction: || (&& (== net45) (>= net46)) (&& (== net45) (>= uap10.0)) (== net46) (&& (== net50) (< netstandard1.4)) (&& (== net50) (< netstandard1.5)) (&& (== net50) (< netstandard1.6)) (&& (== net50) (< netstandard2.0)) (&& (== netstandard1.0) (>= net46)) (&& (== netstandard1.0) (>= netstandard1.3)) (&& (== netstandard1.0) (>= netstandard1.4)) (&& (== netstandard1.0) (>= netstandard1.5)) (&& (== netstandard1.0) (>= netstandard1.6)) (&& (== netstandard1.0) (>= uap10.0)) (== netstandard1.6) (&& (== netstandard2.0) (< netstandard1.4)) (&& (== netstandard2.0) (< netstandard1.5)) (&& (== netstandard2.0) (< netstandard1.6))
      System.Linq (>= 4.3) - restriction: || (&& (== net45) (< portable-net45+win8+wpa81)) (&& (== net45) (>= uap10.0)) (&& (== net46) (< net45)) (&& (== net46) (< portable-net45+win8+wpa81)) (&& (== net46) (>= uap10.0)) (&& (== net50) (< netstandard1.2)) (&& (== net50) (< netstandard1.3)) (&& (== net50) (< netstandard1.4)) (&& (== net50) (< netstandard1.5)) (&& (== net50) (< netstandard1.6)) (&& (== net50) (< netstandard2.0)) (&& (== net50) (< portable-net45+win8+wpa81)) (== netstandard1.0) (== netstandard1.6) (&& (== netstandard2.0) (< netstandard1.2)) (&& (== netstandard2.0) (< netstandard1.3)) (&& (== netstandard2.0) (< netstandard1.4)) (&& (== netstandard2.0) (< netstandard1.5)) (&& (== netstandard2.0) (< netstandard1.6)) (&& (== netstandard2.0) (< portable-net45+win8+wpa81))
      System.Linq.Expressions (>= 4.3) - restriction: || (&& (== net45) (< portable-net45+win8+wpa81)) (&& (== net45) (>= uap10.0)) (&& (== net46) (< net45)) (&& (== net46) (< portable-net45+win8+wpa81)) (&& (== net46) (>= uap10.0)) (&& (== net50) (< netstandard1.2)) (&& (== net50) (< netstandard1.3)) (&& (== net50) (< netstandard1.4)) (&& (== net50) (< netstandard1.5)) (&& (== net50) (< netstandard1.6)) (&& (== net50) (< netstandard2.0)) (&& (== net50) (< portable-net45+win8+wpa81)) (== netstandard1.0) (== netstandard1.6) (&& (== netstandard2.0) (< netstandard1.2)) (&& (== netstandard2.0) (< netstandard1.3)) (&& (== netstandard2.0) (< netstandard1.4)) (&& (== netstandard2.0) (< netstandard1.5)) (&& (== netstandard2.0) (< netstandard1.6)) (&& (== netstandard2.0) (< portable-net45+win8+wpa81))
      System.Net.Http (>= 4.3.2) - restriction: || (&& (== net45) (>= net46)) (&& (== net45) (>= uap10.0)) (== net46) (&& (== net50) (< netstandard1.2)) (&& (== net50) (< netstandard1.3)) (&& (== net50) (< netstandard1.4)) (&& (== net50) (< netstandard1.5)) (&& (== net50) (< netstandard1.6)) (&& (== net50) (< netstandard2.0)) (&& (== netstandard1.0) (>= net46)) (&& (== netstandard1.0) (>= netstandard1.1)) (&& (== netstandard1.0) (>= netstandard1.2)) (&& (== netstandard1.0) (>= netstandard1.3)) (&& (== netstandard1.0) (>= netstandard1.4)) (&& (== netstandard1.0) (>= netstandard1.5)) (&& (== netstandard1.0) (>= netstandard1.6)) (&& (== netstandard1.0) (>= uap10.0)) (== netstandard1.6) (&& (== netstandard2.0) (< netstandard1.2)) (&& (== netstandard2.0) (< netstandard1.3)) (&& (== netstandard2.0) (< netstandard1.4)) (&& (== netstandard2.0) (< netstandard1.5)) (&& (== netstandard2.0) (< netstandard1.6))
      System.Net.Primitives (>= 4.3) - restriction: || (&& (== net45) (< portable-net45+win8+wpa81)) (&& (== net45) (>= uap10.0)) (&& (== net46) (< net45)) (&& (== net46) (< portable-net45+win8+wpa81)) (&& (== net46) (>= uap10.0)) (&& (== net50) (< netstandard1.2)) (&& (== net50) (< netstandard1.3)) (&& (== net50) (< netstandard1.4)) (&& (== net50) (< netstandard1.5)) (&& (== net50) (< netstandard1.6)) (&& (== net50) (< netstandard2.0)) (&& (== net50) (< portable-net45+win8+wpa81)) (== netstandard1.0) (== netstandard1.6) (&& (== netstandard2.0) (< netstandard1.2)) (&& (== netstandard2.0) (< netstandard1.3)) (&& (== netstandard2.0) (< netstandard1.4)) (&& (== netstandard2.0) (< netstandard1.5)) (&& (== netstandard2.0) (< netstandard1.6)) (&& (== netstandard2.0) (< portable-net45+win8+wpa81))
      System.Net.Sockets (>= 4.3) - restriction: || (&& (== net45) (>= net46)) (&& (== net45) (>= uap10.0)) (== net46) (&& (== net50) (< netstandard1.4)) (&& (== net50) (< netstandard1.5)) (&& (== net50) (< netstandard1.6)) (&& (== net50) (< netstandard2.0)) (&& (== netstandard1.0) (>= net46)) (&& (== netstandard1.0) (>= netstandard1.3)) (&& (== netstandard1.0) (>= netstandard1.4)) (&& (== netstandard1.0) (>= netstandard1.5)) (&& (== netstandard1.0) (>= netstandard1.6)) (&& (== netstandard1.0) (>= uap10.0)) (== netstandard1.6) (&& (== netstandard2.0) (< netstandard1.4)) (&& (== netstandard2.0) (< netstandard1.5)) (&& (== netstandard2.0) (< netstandard1.6))
      System.ObjectModel (>= 4.3) - restriction: || (&& (== net45) (< portable-net45+win8+wpa81)) (&& (== net45) (>= uap10.0)) (&& (== net46) (< net45)) (&& (== net46) (< portable-net45+win8+wpa81)) (&& (== net46) (>= uap10.0)) (&& (== net50) (< netstandard1.2)) (&& (== net50) (< netstandard1.3)) (&& (== net50) (< netstandard1.4)) (&& (== net50) (< netstandard1.5)) (&& (== net50) (< netstandard1.6)) (&& (== net50) (< netstandard2.0)) (&& (== net50) (< portable-net45+win8+wpa81)) (== netstandard1.0) (== netstandard1.6) (&& (== netstandard2.0) (< netstandard1.2)) (&& (== netstandard2.0) (< netstandard1.3)) (&& (== netstandard2.0) (< netstandard1.4)) (&& (== netstandard2.0) (< netstandard1.5)) (&& (== netstandard2.0) (< netstandard1.6)) (&& (== netstandard2.0) (< portable-net45+win8+wpa81))
      System.Reflection (>= 4.3) - restriction: || (&& (== net45) (< portable-net45+win8+wpa81)) (&& (== net45) (>= uap10.0)) (&& (== net46) (< net45)) (&& (== net46) (< portable-net45+win8+wpa81)) (&& (== net46) (>= uap10.0)) (&& (== net50) (< netstandard1.2)) (&& (== net50) (< netstandard1.3)) (&& (== net50) (< netstandard1.4)) (&& (== net50) (< netstandard1.5)) (&& (== net50) (< netstandard1.6)) (&& (== net50) (< netstandard2.0)) (&& (== net50) (< portable-net45+win8+wpa81)) (== netstandard1.0) (== netstandard1.6) (&& (== netstandard2.0) (< netstandard1.2)) (&& (== netstandard2.0) (< netstandard1.3)) (&& (== netstandard2.0) (< netstandard1.4)) (&& (== netstandard2.0) (< netstandard1.5)) (&& (== netstandard2.0) (< netstandard1.6)) (&& (== netstandard2.0) (< portable-net45+win8+wpa81))
      System.Reflection.Extensions (>= 4.3) - restriction: || (&& (== net45) (< portable-net45+win8+wpa81)) (&& (== net45) (>= uap10.0)) (&& (== net46) (< net45)) (&& (== net46) (< portable-net45+win8+wpa81)) (&& (== net46) (>= uap10.0)) (&& (== net50) (< netstandard1.2)) (&& (== net50) (< netstandard1.3)) (&& (== net50) (< netstandard1.4)) (&& (== net50) (< netstandard1.5)) (&& (== net50) (< netstandard1.6)) (&& (== net50) (< netstandard2.0)) (&& (== net50) (< portable-net45+win8+wpa81)) (== netstandard1.0) (== netstandard1.6) (&& (== netstandard2.0) (< netstandard1.2)) (&& (== netstandard2.0) (< netstandard1.3)) (&& (== netstandard2.0) (< netstandard1.4)) (&& (== netstandard2.0) (< netstandard1.5)) (&& (== netstandard2.0) (< netstandard1.6)) (&& (== netstandard2.0) (< portable-net45+win8+wpa81))
      System.Reflection.Primitives (>= 4.3) - restriction: || (&& (== net45) (< portable-net45+win8+wpa81)) (&& (== net45) (>= uap10.0)) (&& (== net46) (< net45)) (&& (== net46) (< portable-net45+win8+wpa81)) (&& (== net46) (>= uap10.0)) (&& (== net50) (< netstandard1.2)) (&& (== net50) (< netstandard1.3)) (&& (== net50) (< netstandard1.4)) (&& (== net50) (< netstandard1.5)) (&& (== net50) (< netstandard1.6)) (&& (== net50) (< netstandard2.0)) (&& (== net50) (< portable-net45+win8+wpa81)) (== netstandard1.0) (== netstandard1.6) (&& (== netstandard2.0) (< netstandard1.2)) (&& (== netstandard2.0) (< netstandard1.3)) (&& (== netstandard2.0) (< netstandard1.4)) (&& (== netstandard2.0) (< netstandard1.5)) (&& (== netstandard2.0) (< netstandard1.6)) (&& (== netstandard2.0) (< portable-net45+win8+wpa81))
      System.Resources.ResourceManager (>= 4.3) - restriction: || (&& (== net45) (< portable-net45+win8+wpa81)) (&& (== net45) (>= uap10.0)) (&& (== net46) (< net45)) (&& (== net46) (< portable-net45+win8+wpa81)) (&& (== net46) (>= uap10.0)) (&& (== net50) (< netstandard1.2)) (&& (== net50) (< netstandard1.3)) (&& (== net50) (< netstandard1.4)) (&& (== net50) (< netstandard1.5)) (&& (== net50) (< netstandard1.6)) (&& (== net50) (< netstandard2.0)) (&& (== net50) (< portable-net45+win8+wpa81)) (== netstandard1.0) (== netstandard1.6) (&& (== netstandard2.0) (< netstandard1.2)) (&& (== netstandard2.0) (< netstandard1.3)) (&& (== netstandard2.0) (< netstandard1.4)) (&& (== netstandard2.0) (< netstandard1.5)) (&& (== netstandard2.0) (< netstandard1.6)) (&& (== netstandard2.0) (< portable-net45+win8+wpa81))
      System.Runtime (>= 4.3) - restriction: || (&& (== net45) (< portable-net45+win8+wpa81)) (&& (== net45) (>= uap10.0)) (&& (== net46) (< net45)) (&& (== net46) (< portable-net45+win8+wpa81)) (&& (== net46) (>= uap10.0)) (&& (== net50) (< netstandard1.2)) (&& (== net50) (< netstandard1.3)) (&& (== net50) (< netstandard1.4)) (&& (== net50) (< netstandard1.5)) (&& (== net50) (< netstandard1.6)) (&& (== net50) (< netstandard2.0)) (&& (== net50) (< portable-net45+win8+wpa81)) (== netstandard1.0) (== netstandard1.6) (&& (== netstandard2.0) (< netstandard1.2)) (&& (== netstandard2.0) (< netstandard1.3)) (&& (== netstandard2.0) (< netstandard1.4)) (&& (== netstandard2.0) (< netstandard1.5)) (&& (== netstandard2.0) (< netstandard1.6)) (&& (== netstandard2.0) (< portable-net45+win8+wpa81))
      System.Runtime.Extensions (>= 4.3) - restriction: || (&& (== net45) (< portable-net45+win8+wpa81)) (&& (== net45) (>= uap10.0)) (&& (== net46) (< net45)) (&& (== net46) (< portable-net45+win8+wpa81)) (&& (== net46) (>= uap10.0)) (&& (== net50) (< netstandard1.2)) (&& (== net50) (< netstandard1.3)) (&& (== net50) (< netstandard1.4)) (&& (== net50) (< netstandard1.5)) (&& (== net50) (< netstandard1.6)) (&& (== net50) (< netstandard2.0)) (&& (== net50) (< portable-net45+win8+wpa81)) (== netstandard1.0) (== netstandard1.6) (&& (== netstandard2.0) (< netstandard1.2)) (&& (== netstandard2.0) (< netstandard1.3)) (&& (== netstandard2.0) (< netstandard1.4)) (&& (== netstandard2.0) (< netstandard1.5)) (&& (== netstandard2.0) (< netstandard1.6)) (&& (== netstandard2.0) (< portable-net45+win8+wpa81))
      System.Runtime.Handles (>= 4.3) - restriction: || (&& (== net45) (>= uap10.0)) (&& (== net46) (< net45)) (&& (== net46) (>= uap10.0)) (&& (== net50) (< netstandard1.4)) (&& (== net50) (< netstandard1.5)) (&& (== net50) (< netstandard1.6)) (&& (== net50) (< netstandard2.0)) (&& (== netstandard1.0) (>= netstandard1.3)) (&& (== netstandard1.0) (>= netstandard1.4)) (&& (== netstandard1.0) (>= netstandard1.5)) (&& (== netstandard1.0) (>= netstandard1.6)) (&& (== netstandard1.0) (>= uap10.0)) (== netstandard1.6) (&& (== netstandard2.0) (< netstandard1.4)) (&& (== netstandard2.0) (< netstandard1.5)) (&& (== netstandard2.0) (< netstandard1.6))
      System.Runtime.InteropServices (>= 4.3) - restriction: || (&& (== net45) (>= uap10.0)) (&& (== net46) (< net45)) (&& (== net46) (>= uap10.0)) (&& (== net50) (< netstandard1.2)) (&& (== net50) (< netstandard1.3)) (&& (== net50) (< netstandard1.4)) (&& (== net50) (< netstandard1.5)) (&& (== net50) (< netstandard1.6)) (&& (== net50) (< netstandard2.0)) (&& (== netstandard1.0) (>= netstandard1.1)) (&& (== netstandard1.0) (>= netstandard1.2)) (&& (== netstandard1.0) (>= netstandard1.3)) (&& (== netstandard1.0) (>= netstandard1.4)) (&& (== netstandard1.0) (>= netstandard1.5)) (&& (== netstandard1.0) (>= netstandard1.6)) (&& (== netstandard1.0) (>= uap10.0)) (== netstandard1.6) (&& (== netstandard2.0) (< netstandard1.2)) (&& (== netstandard2.0) (< netstandard1.3)) (&& (== netstandard2.0) (< netstandard1.4)) (&& (== netstandard2.0) (< netstandard1.5)) (&& (== netstandard2.0) (< netstandard1.6))
      System.Runtime.InteropServices.RuntimeInformation (>= 4.3) - restriction: || (== net45) (== net46) (&& (== net50) (< netstandard1.0)) (&& (== net50) (< netstandard1.2)) (&& (== net50) (< netstandard1.3)) (&& (== net50) (< netstandard1.4)) (&& (== net50) (< netstandard1.5)) (&& (== net50) (< netstandard1.6)) (&& (== net50) (< netstandard2.0)) (&& (== netstandard1.0) (>= net45)) (&& (== netstandard1.0) (>= net46)) (&& (== netstandard1.0) (>= netstandard1.1)) (&& (== netstandard1.0) (>= netstandard1.2)) (&& (== netstandard1.0) (>= netstandard1.3)) (&& (== netstandard1.0) (>= netstandard1.4)) (&& (== netstandard1.0) (>= netstandard1.5)) (&& (== netstandard1.0) (>= netstandard1.6)) (&& (== netstandard1.0) (>= uap10.0)) (&& (== netstandard1.0) (>= wpa81)) (== netstandard1.6) (&& (== netstandard2.0) (< netstandard1.0)) (&& (== netstandard2.0) (< netstandard1.2)) (&& (== netstandard2.0) (< netstandard1.3)) (&& (== netstandard2.0) (< netstandard1.4)) (&& (== netstandard2.0) (< netstandard1.5)) (&& (== netstandard2.0) (< netstandard1.6))
      System.Runtime.Numerics (>= 4.3) - restriction: || (&& (== net45) (>= uap10.0)) (&& (== net46) (< net45)) (&& (== net46) (>= uap10.0)) (&& (== net50) (< netstandard1.2)) (&& (== net50) (< netstandard1.3)) (&& (== net50) (< netstandard1.4)) (&& (== net50) (< netstandard1.5)) (&& (== net50) (< netstandard1.6)) (&& (== net50) (< netstandard2.0)) (&& (== netstandard1.0) (>= netstandard1.1)) (&& (== netstandard1.0) (>= netstandard1.2)) (&& (== netstandard1.0) (>= netstandard1.3)) (&& (== netstandard1.0) (>= netstandard1.4)) (&& (== netstandard1.0) (>= netstandard1.5)) (&& (== netstandard1.0) (>= netstandard1.6)) (&& (== netstandard1.0) (>= uap10.0)) (== netstandard1.6) (&& (== netstandard2.0) (< netstandard1.2)) (&& (== netstandard2.0) (< netstandard1.3)) (&& (== netstandard2.0) (< netstandard1.4)) (&& (== netstandard2.0) (< netstandard1.5)) (&& (== netstandard2.0) (< netstandard1.6))
      System.Security.Cryptography.Algorithms (>= 4.3) - restriction: || (&& (== net45) (>= net46)) (&& (== net45) (>= uap10.0)) (== net46) (&& (== net50) (< netstandard1.4)) (&& (== net50) (< netstandard1.5)) (&& (== net50) (< netstandard1.6)) (&& (== net50) (< netstandard2.0)) (&& (== netstandard1.0) (>= net46)) (&& (== netstandard1.0) (>= netstandard1.3)) (&& (== netstandard1.0) (>= netstandard1.4)) (&& (== netstandard1.0) (>= netstandard1.5)) (&& (== netstandard1.0) (>= netstandard1.6)) (&& (== netstandard1.0) (>= uap10.0)) (== netstandard1.6) (&& (== netstandard2.0) (< netstandard1.4)) (&& (== netstandard2.0) (< netstandard1.5)) (&& (== netstandard2.0) (< netstandard1.6))
      System.Security.Cryptography.Encoding (>= 4.3) - restriction: || (&& (== net45) (>= net46)) (&& (== net45) (>= uap10.0)) (== net46) (&& (== net50) (< netstandard1.4)) (&& (== net50) (< netstandard1.5)) (&& (== net50) (< netstandard1.6)) (&& (== net50) (< netstandard2.0)) (&& (== netstandard1.0) (>= net46)) (&& (== netstandard1.0) (>= netstandard1.3)) (&& (== netstandard1.0) (>= netstandard1.4)) (&& (== netstandard1.0) (>= netstandard1.5)) (&& (== netstandard1.0) (>= netstandard1.6)) (&& (== netstandard1.0) (>= uap10.0)) (== netstandard1.6) (&& (== netstandard2.0) (< netstandard1.4)) (&& (== netstandard2.0) (< netstandard1.5)) (&& (== netstandard2.0) (< netstandard1.6))
      System.Security.Cryptography.Primitives (>= 4.3) - restriction: || (&& (== net45) (>= net46)) (&& (== net45) (>= uap10.0)) (== net46) (&& (== net50) (< netstandard1.4)) (&& (== net50) (< netstandard1.5)) (&& (== net50) (< netstandard1.6)) (&& (== net50) (< netstandard2.0)) (&& (== netstandard1.0) (>= net46)) (&& (== netstandard1.0) (>= netstandard1.3)) (&& (== netstandard1.0) (>= netstandard1.4)) (&& (== netstandard1.0) (>= netstandard1.5)) (&& (== netstandard1.0) (>= netstandard1.6)) (&& (== netstandard1.0) (>= uap10.0)) (== netstandard1.6) (&& (== netstandard2.0) (< netstandard1.4)) (&& (== netstandard2.0) (< netstandard1.5)) (&& (== netstandard2.0) (< netstandard1.6))
      System.Security.Cryptography.X509Certificates (>= 4.3) - restriction: || (&& (== net45) (>= net46)) (&& (== net45) (>= uap10.0)) (== net46) (&& (== net50) (< netstandard1.4)) (&& (== net50) (< netstandard1.5)) (&& (== net50) (< netstandard1.6)) (&& (== net50) (< netstandard2.0)) (&& (== netstandard1.0) (>= net46)) (&& (== netstandard1.0) (>= netstandard1.3)) (&& (== netstandard1.0) (>= netstandard1.4)) (&& (== netstandard1.0) (>= netstandard1.5)) (&& (== netstandard1.0) (>= netstandard1.6)) (&& (== netstandard1.0) (>= uap10.0)) (== netstandard1.6) (&& (== netstandard2.0) (< netstandard1.4)) (&& (== netstandard2.0) (< netstandard1.5)) (&& (== netstandard2.0) (< netstandard1.6))
      System.Text.Encoding (>= 4.3) - restriction: || (&& (== net45) (< portable-net45+win8+wpa81)) (&& (== net45) (>= uap10.0)) (&& (== net46) (< net45)) (&& (== net46) (< portable-net45+win8+wpa81)) (&& (== net46) (>= uap10.0)) (&& (== net50) (< netstandard1.2)) (&& (== net50) (< netstandard1.3)) (&& (== net50) (< netstandard1.4)) (&& (== net50) (< netstandard1.5)) (&& (== net50) (< netstandard1.6)) (&& (== net50) (< netstandard2.0)) (&& (== net50) (< portable-net45+win8+wpa81)) (== netstandard1.0) (== netstandard1.6) (&& (== netstandard2.0) (< netstandard1.2)) (&& (== netstandard2.0) (< netstandard1.3)) (&& (== netstandard2.0) (< netstandard1.4)) (&& (== netstandard2.0) (< netstandard1.5)) (&& (== netstandard2.0) (< netstandard1.6)) (&& (== netstandard2.0) (< portable-net45+win8+wpa81))
      System.Text.Encoding.Extensions (>= 4.3) - restriction: || (&& (== net45) (< portable-net45+win8+wpa81)) (&& (== net45) (>= uap10.0)) (&& (== net46) (< net45)) (&& (== net46) (< portable-net45+win8+wpa81)) (&& (== net46) (>= uap10.0)) (&& (== net50) (< netstandard1.2)) (&& (== net50) (< netstandard1.3)) (&& (== net50) (< netstandard1.4)) (&& (== net50) (< netstandard1.5)) (&& (== net50) (< netstandard1.6)) (&& (== net50) (< netstandard2.0)) (&& (== net50) (< portable-net45+win8+wpa81)) (== netstandard1.0) (== netstandard1.6) (&& (== netstandard2.0) (< netstandard1.2)) (&& (== netstandard2.0) (< netstandard1.3)) (&& (== netstandard2.0) (< netstandard1.4)) (&& (== netstandard2.0) (< netstandard1.5)) (&& (== netstandard2.0) (< netstandard1.6)) (&& (== netstandard2.0) (< portable-net45+win8+wpa81))
      System.Text.RegularExpressions (>= 4.3) - restriction: || (&& (== net45) (< portable-net45+win8+wpa81)) (&& (== net45) (>= uap10.0)) (&& (== net46) (< net45)) (&& (== net46) (< portable-net45+win8+wpa81)) (&& (== net46) (>= uap10.0)) (&& (== net50) (< netstandard1.2)) (&& (== net50) (< netstandard1.3)) (&& (== net50) (< netstandard1.4)) (&& (== net50) (< netstandard1.5)) (&& (== net50) (< netstandard1.6)) (&& (== net50) (< netstandard2.0)) (&& (== net50) (< portable-net45+win8+wpa81)) (== netstandard1.0) (== netstandard1.6) (&& (== netstandard2.0) (< netstandard1.2)) (&& (== netstandard2.0) (< netstandard1.3)) (&& (== netstandard2.0) (< netstandard1.4)) (&& (== netstandard2.0) (< netstandard1.5)) (&& (== netstandard2.0) (< netstandard1.6)) (&& (== netstandard2.0) (< portable-net45+win8+wpa81))
      System.Threading (>= 4.3) - restriction: || (&& (== net45) (< portable-net45+win8+wpa81)) (&& (== net45) (>= uap10.0)) (&& (== net46) (< net45)) (&& (== net46) (< portable-net45+win8+wpa81)) (&& (== net46) (>= uap10.0)) (&& (== net50) (< netstandard1.2)) (&& (== net50) (< netstandard1.3)) (&& (== net50) (< netstandard1.4)) (&& (== net50) (< netstandard1.5)) (&& (== net50) (< netstandard1.6)) (&& (== net50) (< netstandard2.0)) (&& (== net50) (< portable-net45+win8+wpa81)) (== netstandard1.0) (== netstandard1.6) (&& (== netstandard2.0) (< netstandard1.2)) (&& (== netstandard2.0) (< netstandard1.3)) (&& (== netstandard2.0) (< netstandard1.4)) (&& (== netstandard2.0) (< netstandard1.5)) (&& (== netstandard2.0) (< netstandard1.6)) (&& (== netstandard2.0) (< portable-net45+win8+wpa81))
      System.Threading.Tasks (>= 4.3) - restriction: || (&& (== net45) (< portable-net45+win8+wpa81)) (&& (== net45) (>= uap10.0)) (&& (== net46) (< net45)) (&& (== net46) (< portable-net45+win8+wpa81)) (&& (== net46) (>= uap10.0)) (&& (== net50) (< netstandard1.2)) (&& (== net50) (< netstandard1.3)) (&& (== net50) (< netstandard1.4)) (&& (== net50) (< netstandard1.5)) (&& (== net50) (< netstandard1.6)) (&& (== net50) (< netstandard2.0)) (&& (== net50) (< portable-net45+win8+wpa81)) (== netstandard1.0) (== netstandard1.6) (&& (== netstandard2.0) (< netstandard1.2)) (&& (== netstandard2.0) (< netstandard1.3)) (&& (== netstandard2.0) (< netstandard1.4)) (&& (== netstandard2.0) (< netstandard1.5)) (&& (== netstandard2.0) (< netstandard1.6)) (&& (== netstandard2.0) (< portable-net45+win8+wpa81))
      System.Threading.Timer (>= 4.3) - restriction: || (&& (== net45) (>= uap10.0)) (&& (== net46) (< net45)) (&& (== net46) (>= uap10.0)) (&& (== net50) (< netstandard1.3)) (&& (== net50) (< netstandard1.4)) (&& (== net50) (< netstandard1.5)) (&& (== net50) (< netstandard1.6)) (&& (== net50) (< netstandard2.0)) (&& (== netstandard1.0) (>= netstandard1.2)) (&& (== netstandard1.0) (>= netstandard1.3)) (&& (== netstandard1.0) (>= netstandard1.4)) (&& (== netstandard1.0) (>= netstandard1.5)) (&& (== netstandard1.0) (>= netstandard1.6)) (&& (== netstandard1.0) (>= uap10.0)) (== netstandard1.6) (&& (== netstandard2.0) (< netstandard1.3)) (&& (== netstandard2.0) (< netstandard1.4)) (&& (== netstandard2.0) (< netstandard1.5)) (&& (== netstandard2.0) (< netstandard1.6))
      System.Xml.ReaderWriter (>= 4.3) - restriction: || (&& (== net45) (>= net46)) (&& (== net45) (< portable-net45+win8+wpa81)) (&& (== net45) (>= uap10.0)) (== net46) (&& (== net50) (< netstandard1.2)) (&& (== net50) (< netstandard1.3)) (&& (== net50) (< netstandard1.4)) (&& (== net50) (< netstandard1.5)) (&& (== net50) (< netstandard1.6)) (&& (== net50) (< netstandard2.0)) (&& (== net50) (< portable-net45+win8+wpa81)) (== netstandard1.0) (== netstandard1.6) (&& (== netstandard2.0) (< netstandard1.2)) (&& (== netstandard2.0) (< netstandard1.3)) (&& (== netstandard2.0) (< netstandard1.4)) (&& (== netstandard2.0) (< netstandard1.5)) (&& (== netstandard2.0) (< netstandard1.6)) (&& (== netstandard2.0) (< portable-net45+win8+wpa81))
      System.Xml.XDocument (>= 4.3) - restriction: || (&& (== net45) (< portable-net45+win8+wpa81)) (&& (== net45) (>= uap10.0)) (&& (== net46) (< net45)) (&& (== net46) (< portable-net45+win8+wpa81)) (&& (== net46) (>= uap10.0)) (&& (== net50) (< netstandard1.2)) (&& (== net50) (< netstandard1.3)) (&& (== net50) (< netstandard1.4)) (&& (== net50) (< netstandard1.5)) (&& (== net50) (< netstandard1.6)) (&& (== net50) (< netstandard2.0)) (&& (== net50) (< portable-net45+win8+wpa81)) (== netstandard1.0) (== netstandard1.6) (&& (== netstandard2.0) (< netstandard1.2)) (&& (== netstandard2.0) (< netstandard1.3)) (&& (== netstandard2.0) (< netstandard1.4)) (&& (== netstandard2.0) (< netstandard1.5)) (&& (== netstandard2.0) (< netstandard1.6)) (&& (== netstandard2.0) (< portable-net45+win8+wpa81))
    Newtonsoft.Json (10.0.1)
      Microsoft.CSharp (>= 4.3) - restriction: || (&& (== net45) (< net20)) (&& (== net46) (< net20)) (== net50) (== netstandard1.0) (== netstandard1.6) (== netstandard2.0)
      System.Collections (>= 4.3) - restriction: || (&& (== net45) (< net20)) (&& (== net46) (< net20)) (== net50) (== netstandard1.0) (== netstandard1.6) (== netstandard2.0)
      System.ComponentModel.TypeConverter (>= 4.3) - restriction: || (&& (== net45) (< net20)) (&& (== net46) (< net20)) (== net50) (== netstandard1.0) (== netstandard1.6) (== netstandard2.0)
      System.Diagnostics.Debug (>= 4.3) - restriction: || (&& (== net45) (< net20)) (&& (== net46) (< net20)) (== net50) (== netstandard1.0) (== netstandard1.6) (== netstandard2.0)
      System.Dynamic.Runtime (>= 4.3) - restriction: || (&& (== net45) (< net20)) (&& (== net46) (< net20)) (== net50) (== netstandard1.0) (== netstandard1.6) (== netstandard2.0)
      System.Globalization (>= 4.3) - restriction: || (&& (== net45) (< net20)) (&& (== net46) (< net20)) (== net50) (== netstandard1.0) (== netstandard1.6) (== netstandard2.0)
      System.IO (>= 4.3) - restriction: || (&& (== net45) (< net20)) (&& (== net46) (< net20)) (== net50) (== netstandard1.0) (== netstandard1.6) (== netstandard2.0)
      System.Linq (>= 4.3) - restriction: || (&& (== net45) (< net20)) (&& (== net46) (< net20)) (== net50) (== netstandard1.0) (== netstandard1.6) (== netstandard2.0)
      System.Linq.Expressions (>= 4.3) - restriction: || (&& (== net45) (< net20)) (&& (== net46) (< net20)) (== net50) (== netstandard1.0) (== netstandard1.6) (== netstandard2.0)
      System.ObjectModel (>= 4.3) - restriction: || (&& (== net45) (< net20)) (&& (== net46) (< net20)) (== net50) (== netstandard1.0) (== netstandard1.6) (== netstandard2.0)
      System.Reflection (>= 4.3) - restriction: || (&& (== net45) (< net20)) (&& (== net46) (< net20)) (== net50) (== netstandard1.0) (== netstandard1.6) (== netstandard2.0)
      System.Reflection.Extensions (>= 4.3) - restriction: || (&& (== net45) (< net20)) (&& (== net46) (< net20)) (== net50) (== netstandard1.0) (== netstandard1.6) (== netstandard2.0)
      System.Resources.ResourceManager (>= 4.3) - restriction: || (&& (== net45) (< net20)) (&& (== net46) (< net20)) (== net50) (== netstandard1.0) (== netstandard1.6) (== netstandard2.0)
      System.Runtime (>= 4.3) - restriction: || (&& (== net45) (< net20)) (&& (== net46) (< net20)) (== net50) (== netstandard1.0) (== netstandard1.6) (== netstandard2.0)
      System.Runtime.Extensions (>= 4.3) - restriction: || (&& (== net45) (< net20)) (&& (== net46) (< net20)) (== net50) (== netstandard1.0) (== netstandard1.6) (== netstandard2.0)
      System.Runtime.Numerics (>= 4.3) - restriction: || (&& (== net45) (< net20) (>= netstandard1.3)) (&& (== net46) (< net20)) (== net50) (&& (== netstandard1.0) (>= netstandard1.3)) (== netstandard1.6) (== netstandard2.0)
      System.Runtime.Serialization.Formatters (>= 4.3) - restriction: || (&& (== net45) (< net20) (>= netstandard1.3)) (&& (== net46) (< net20)) (== net50) (&& (== netstandard1.0) (>= netstandard1.3)) (== netstandard1.6) (== netstandard2.0)
      System.Runtime.Serialization.Primitives (>= 4.3) - restriction: || (&& (== net45) (< net20)) (&& (== net46) (< net20)) (== net50) (== netstandard1.0) (== netstandard1.6) (== netstandard2.0)
      System.Text.Encoding (>= 4.3) - restriction: || (&& (== net45) (< net20)) (&& (== net46) (< net20)) (== net50) (== netstandard1.0) (== netstandard1.6) (== netstandard2.0)
      System.Text.Encoding.Extensions (>= 4.3) - restriction: || (&& (== net45) (< net20)) (&& (== net46) (< net20)) (== net50) (== netstandard1.0) (== netstandard1.6) (== netstandard2.0)
      System.Text.RegularExpressions (>= 4.3) - restriction: || (&& (== net45) (< net20)) (&& (== net46) (< net20)) (== net50) (== netstandard1.0) (== netstandard1.6) (== netstandard2.0)
      System.Threading (>= 4.3) - restriction: || (&& (== net45) (< net20)) (&& (== net46) (< net20)) (== net50) (== netstandard1.0) (== netstandard1.6) (== netstandard2.0)
      System.Threading.Tasks (>= 4.3) - restriction: || (&& (== net45) (< net20)) (&& (== net46) (< net20)) (== net50) (== netstandard1.0) (== netstandard1.6) (== netstandard2.0)
      System.Xml.ReaderWriter (>= 4.3) - restriction: || (&& (== net45) (< net20)) (&& (== net46) (< net20)) (== net50) (== netstandard1.0) (== netstandard1.6) (== netstandard2.0)
      System.Xml.XDocument (>= 4.3) - restriction: || (&& (== net45) (< net20)) (&& (== net46) (< net20)) (== net50) (== netstandard1.0) (== netstandard1.6) (== netstandard2.0)
      System.Xml.XmlDocument (>= 4.3) - restriction: || (&& (== net45) (< net20) (>= netstandard1.3)) (&& (== net46) (< net20)) (== net50) (&& (== netstandard1.0) (>= netstandard1.3)) (== netstandard1.6) (== netstandard2.0)
    NuGet.Frameworks (5.8.1) - restriction: || (&& (== net45) (>= netcoreapp1.0)) (&& (== net46) (>= netcoreapp1.0)) (== net50) (&& (== netstandard1.0) (>= net45) (>= netcoreapp1.0)) (&& (== netstandard1.0) (>= net451) (>= netcoreapp1.0)) (&& (== netstandard1.0) (>= netcoreapp1.0) (>= netstandard2.0)) (&& (== netstandard1.6) (>= net45) (>= netcoreapp1.0) (< netstandard1.3)) (&& (== netstandard1.6) (>= net451) (>= netcoreapp1.0)) (&& (== netstandard1.6) (>= netcoreapp1.0) (>= netstandard2.0)) (&& (== netstandard2.0) (>= netcoreapp1.0))
    runtime.debian.8-x64.runtime.native.System.Security.Cryptography.OpenSsl (4.3.3) - restriction: || (&& (== net45) (== net50)) (&& (== net45) (== netstandard2.0)) (&& (== net45) (< net20) (>= netstandard1.6)) (&& (== net45) (>= netstandard1.6) (>= uap10.0)) (&& (== net46) (== net50)) (&& (== net46) (== netstandard2.0)) (&& (== net46) (< net20) (>= netstandard1.6)) (&& (== net46) (>= netstandard1.6) (>= uap10.0)) (&& (== net50) (== netstandard1.0)) (&& (== net50) (< netstandard1.2)) (&& (== net50) (< netstandard1.3)) (&& (== net50) (< netstandard1.4)) (&& (== net50) (< netstandard1.5)) (&& (== net50) (< netstandard1.6)) (&& (== net50) (< netstandard2.0)) (&& (== netstandard1.0) (== netstandard2.0)) (&& (== netstandard1.0) (>= netstandard1.6)) (== netstandard1.6) (&& (== netstandard2.0) (< netstandard1.2)) (&& (== netstandard2.0) (< netstandard1.3))
    runtime.debian.9-x64.runtime.native.System.Security.Cryptography.OpenSsl (4.3.3) - restriction: || (&& (== net45) (== net50)) (&& (== net45) (== netstandard2.0)) (&& (== net45) (< net20) (>= netstandard1.6)) (&& (== net45) (>= netstandard1.6) (>= uap10.0)) (&& (== net46) (== net50)) (&& (== net46) (== netstandard2.0)) (&& (== net46) (< net20) (>= netstandard1.6)) (&& (== net46) (>= netstandard1.6) (>= uap10.0)) (&& (== net50) (== netstandard1.0)) (&& (== net50) (< netstandard1.2)) (&& (== net50) (< netstandard1.3)) (&& (== net50) (< netstandard1.4)) (&& (== net50) (< netstandard1.5)) (&& (== net50) (< netstandard1.6)) (&& (== net50) (< netstandard2.0)) (&& (== netstandard1.0) (== netstandard2.0)) (&& (== netstandard1.0) (>= netstandard1.6)) (== netstandard1.6) (&& (== netstandard2.0) (< netstandard1.2)) (&& (== netstandard2.0) (< netstandard1.3))
    runtime.fedora.23-x64.runtime.native.System.Security.Cryptography.OpenSsl (4.3.3) - restriction: || (&& (== net45) (== net50)) (&& (== net45) (== netstandard2.0)) (&& (== net45) (< net20) (>= netstandard1.6)) (&& (== net45) (>= netstandard1.6) (>= uap10.0)) (&& (== net46) (== net50)) (&& (== net46) (== netstandard2.0)) (&& (== net46) (< net20) (>= netstandard1.6)) (&& (== net46) (>= netstandard1.6) (>= uap10.0)) (&& (== net50) (== netstandard1.0)) (&& (== net50) (< netstandard1.2)) (&& (== net50) (< netstandard1.3)) (&& (== net50) (< netstandard1.4)) (&& (== net50) (< netstandard1.5)) (&& (== net50) (< netstandard1.6)) (&& (== net50) (< netstandard2.0)) (&& (== netstandard1.0) (== netstandard2.0)) (&& (== netstandard1.0) (>= netstandard1.6)) (== netstandard1.6) (&& (== netstandard2.0) (< netstandard1.2)) (&& (== netstandard2.0) (< netstandard1.3))
    runtime.fedora.24-x64.runtime.native.System.Security.Cryptography.OpenSsl (4.3.3) - restriction: || (&& (== net45) (== net50)) (&& (== net45) (== netstandard2.0)) (&& (== net45) (< net20) (>= netstandard1.6)) (&& (== net45) (>= netstandard1.6) (>= uap10.0)) (&& (== net46) (== net50)) (&& (== net46) (== netstandard2.0)) (&& (== net46) (< net20) (>= netstandard1.6)) (&& (== net46) (>= netstandard1.6) (>= uap10.0)) (&& (== net50) (== netstandard1.0)) (&& (== net50) (< netstandard1.2)) (&& (== net50) (< netstandard1.3)) (&& (== net50) (< netstandard1.4)) (&& (== net50) (< netstandard1.5)) (&& (== net50) (< netstandard1.6)) (&& (== net50) (< netstandard2.0)) (&& (== netstandard1.0) (== netstandard2.0)) (&& (== netstandard1.0) (>= netstandard1.6)) (== netstandard1.6) (&& (== netstandard2.0) (< netstandard1.2)) (&& (== netstandard2.0) (< netstandard1.3))
    runtime.fedora.27-x64.runtime.native.System.Security.Cryptography.OpenSsl (4.3.3) - restriction: || (&& (== net45) (== net50)) (&& (== net45) (== netstandard2.0)) (&& (== net45) (< net20) (>= netstandard1.6)) (&& (== net45) (>= netstandard1.6) (>= uap10.0)) (&& (== net46) (== net50)) (&& (== net46) (== netstandard2.0)) (&& (== net46) (< net20) (>= netstandard1.6)) (&& (== net46) (>= netstandard1.6) (>= uap10.0)) (&& (== net50) (== netstandard1.0)) (&& (== net50) (< netstandard1.2)) (&& (== net50) (< netstandard1.3)) (&& (== net50) (< netstandard1.4)) (&& (== net50) (< netstandard1.5)) (&& (== net50) (< netstandard1.6)) (&& (== net50) (< netstandard2.0)) (&& (== netstandard1.0) (== netstandard2.0)) (&& (== netstandard1.0) (>= netstandard1.6)) (== netstandard1.6) (&& (== netstandard2.0) (< netstandard1.2)) (&& (== netstandard2.0) (< netstandard1.3))
    runtime.fedora.28-x64.runtime.native.System.Security.Cryptography.OpenSsl (4.3.3) - restriction: || (&& (== net45) (== net50)) (&& (== net45) (== netstandard2.0)) (&& (== net45) (< net20) (>= netstandard1.6)) (&& (== net45) (>= netstandard1.6) (>= uap10.0)) (&& (== net46) (== net50)) (&& (== net46) (== netstandard2.0)) (&& (== net46) (< net20) (>= netstandard1.6)) (&& (== net46) (>= netstandard1.6) (>= uap10.0)) (&& (== net50) (== netstandard1.0)) (&& (== net50) (< netstandard1.2)) (&& (== net50) (< netstandard1.3)) (&& (== net50) (< netstandard1.4)) (&& (== net50) (< netstandard1.5)) (&& (== net50) (< netstandard1.6)) (&& (== net50) (< netstandard2.0)) (&& (== netstandard1.0) (== netstandard2.0)) (&& (== netstandard1.0) (>= netstandard1.6)) (== netstandard1.6) (&& (== netstandard2.0) (< netstandard1.2)) (&& (== netstandard2.0) (< netstandard1.3))
    runtime.native.System (4.3.1) - restriction: || (&& (== net45) (== net50)) (&& (== net45) (== netstandard2.0)) (&& (== net45) (< net20) (>= netstandard1.6)) (&& (== net45) (>= netstandard1.6) (>= uap10.0)) (&& (== net46) (== net50)) (&& (== net46) (== netstandard2.0)) (&& (== net46) (< net20) (>= netstandard1.6)) (&& (== net46) (>= netstandard1.6) (>= uap10.0)) (&& (== net50) (== netstandard1.0)) (&& (== net50) (< netstandard1.2)) (&& (== net50) (< netstandard1.3)) (&& (== net50) (< netstandard1.4)) (&& (== net50) (< netstandard1.5)) (&& (== net50) (< netstandard1.6)) (&& (== net50) (< netstandard2.0)) (&& (== netstandard1.0) (== netstandard2.0)) (&& (== netstandard1.0) (>= netstandard1.6)) (== netstandard1.6) (&& (== netstandard2.0) (< netstandard1.2)) (&& (== netstandard2.0) (< netstandard1.3))
      Microsoft.NETCore.Platforms (>= 1.1.1)
      Microsoft.NETCore.Targets (>= 1.1.3)
    runtime.native.System.IO.Compression (4.3.2) - restriction: || (&& (== net45) (== net50)) (&& (== net45) (== netstandard2.0)) (&& (== net45) (< net20) (>= netstandard1.3)) (&& (== net45) (>= uap10.0)) (&& (== net46) (== net50)) (&& (== net46) (== netstandard1.0)) (&& (== net46) (== netstandard2.0)) (&& (== net46) (< net20)) (&& (== net46) (>= uap10.0)) (&& (== net50) (== netstandard1.0)) (&& (== net50) (< netstandard1.2)) (&& (== net50) (< netstandard1.3)) (&& (== net50) (< netstandard1.4)) (&& (== net50) (< netstandard1.5)) (&& (== net50) (< netstandard1.6)) (&& (== net50) (< netstandard2.0)) (&& (== netstandard1.0) (== netstandard2.0)) (&& (== netstandard1.0) (>= net46)) (&& (== netstandard1.0) (>= netstandard1.3)) (&& (== netstandard1.0) (>= netstandard1.4)) (&& (== netstandard1.0) (>= netstandard1.5)) (&& (== netstandard1.0) (>= netstandard1.6)) (&& (== netstandard1.0) (>= uap10.0)) (== netstandard1.6) (&& (== netstandard2.0) (< netstandard1.2)) (&& (== netstandard2.0) (< netstandard1.3))
      Microsoft.NETCore.Platforms (>= 1.1.1)
      Microsoft.NETCore.Targets (>= 1.1.3)
    runtime.native.System.Net.Http (4.3.1) - restriction: || (&& (== net45) (== net50)) (&& (== net45) (== netstandard2.0)) (&& (== net45) (< net20) (>= netstandard1.6)) (&& (== net45) (>= netstandard1.6) (>= uap10.0)) (&& (== net46) (== net50)) (&& (== net46) (== netstandard2.0)) (&& (== net46) (< net20) (>= netstandard1.6)) (&& (== net46) (>= netstandard1.6) (>= uap10.0)) (&& (== net50) (== netstandard1.0)) (&& (== net50) (< netstandard1.2)) (&& (== net50) (< netstandard1.3)) (&& (== net50) (< netstandard1.4)) (&& (== net50) (< netstandard1.5)) (&& (== net50) (< netstandard1.6)) (&& (== net50) (< netstandard2.0)) (&& (== netstandard1.0) (== netstandard2.0)) (&& (== netstandard1.0) (>= netstandard1.6)) (== netstandard1.6) (&& (== netstandard2.0) (< netstandard1.2)) (&& (== netstandard2.0) (< netstandard1.3))
      Microsoft.NETCore.Platforms (>= 1.1.1)
      Microsoft.NETCore.Targets (>= 1.1.3)
    runtime.native.System.Security.Cryptography.Apple (4.3.1) - restriction: || (&& (== net45) (== net50)) (&& (== net45) (== netstandard2.0)) (&& (== net45) (< net20) (>= netstandard1.6)) (&& (== net45) (>= netstandard1.6) (>= uap10.0)) (&& (== net46) (== net50)) (&& (== net46) (== netstandard2.0)) (&& (== net46) (< net20) (>= netstandard1.6)) (&& (== net46) (>= netstandard1.6) (>= uap10.0)) (&& (== net50) (== netstandard1.0)) (&& (== net50) (< netstandard1.3)) (&& (== net50) (< netstandard1.4)) (&& (== net50) (< netstandard1.5)) (&& (== net50) (< netstandard1.6)) (&& (== net50) (< netstandard2.0)) (&& (== netstandard1.0) (== netstandard2.0)) (&& (== netstandard1.0) (>= netstandard1.6)) (== netstandard1.6) (&& (== netstandard2.0) (< netstandard1.3))
      runtime.osx.10.10-x64.runtime.native.System.Security.Cryptography.Apple (>= 4.3.1)
    runtime.native.System.Security.Cryptography.OpenSsl (4.3.3) - restriction: || (&& (== net45) (== net50)) (&& (== net45) (== netstandard2.0)) (&& (== net45) (< net20) (>= netstandard1.6)) (&& (== net45) (>= netstandard1.6) (>= uap10.0)) (&& (== net46) (== net50)) (&& (== net46) (== netstandard2.0)) (&& (== net46) (< net20) (>= netstandard1.6)) (&& (== net46) (>= netstandard1.6) (>= uap10.0)) (&& (== net50) (== netstandard1.0)) (&& (== net50) (< netstandard1.2)) (&& (== net50) (< netstandard1.3)) (&& (== net50) (< netstandard1.4)) (&& (== net50) (< netstandard1.5)) (&& (== net50) (< netstandard1.6)) (&& (== net50) (< netstandard2.0)) (&& (== netstandard1.0) (== netstandard2.0)) (&& (== netstandard1.0) (>= netstandard1.6)) (== netstandard1.6) (&& (== netstandard2.0) (< netstandard1.2)) (&& (== netstandard2.0) (< netstandard1.3))
      runtime.debian.8-x64.runtime.native.System.Security.Cryptography.OpenSsl (>= 4.3.3)
      runtime.debian.9-x64.runtime.native.System.Security.Cryptography.OpenSsl (>= 4.3.3)
      runtime.fedora.23-x64.runtime.native.System.Security.Cryptography.OpenSsl (>= 4.3.3)
      runtime.fedora.24-x64.runtime.native.System.Security.Cryptography.OpenSsl (>= 4.3.3)
      runtime.fedora.27-x64.runtime.native.System.Security.Cryptography.OpenSsl (>= 4.3.3)
      runtime.fedora.28-x64.runtime.native.System.Security.Cryptography.OpenSsl (>= 4.3.3)
      runtime.opensuse.13.2-x64.runtime.native.System.Security.Cryptography.OpenSsl (>= 4.3.3)
      runtime.opensuse.42.1-x64.runtime.native.System.Security.Cryptography.OpenSsl (>= 4.3.3)
      runtime.opensuse.42.3-x64.runtime.native.System.Security.Cryptography.OpenSsl (>= 4.3.3)
      runtime.osx.10.10-x64.runtime.native.System.Security.Cryptography.OpenSsl (>= 4.3.3)
      runtime.rhel.7-x64.runtime.native.System.Security.Cryptography.OpenSsl (>= 4.3.3)
      runtime.ubuntu.14.04-x64.runtime.native.System.Security.Cryptography.OpenSsl (>= 4.3.3)
      runtime.ubuntu.16.04-x64.runtime.native.System.Security.Cryptography.OpenSsl (>= 4.3.3)
      runtime.ubuntu.16.10-x64.runtime.native.System.Security.Cryptography.OpenSsl (>= 4.3.3)
      runtime.ubuntu.18.04-x64.runtime.native.System.Security.Cryptography.OpenSsl (>= 4.3.3)
    runtime.opensuse.13.2-x64.runtime.native.System.Security.Cryptography.OpenSsl (4.3.3) - restriction: || (&& (== net45) (== net50)) (&& (== net45) (== netstandard2.0)) (&& (== net45) (< net20) (>= netstandard1.6)) (&& (== net45) (>= netstandard1.6) (>= uap10.0)) (&& (== net46) (== net50)) (&& (== net46) (== netstandard2.0)) (&& (== net46) (< net20) (>= netstandard1.6)) (&& (== net46) (>= netstandard1.6) (>= uap10.0)) (&& (== net50) (== netstandard1.0)) (&& (== net50) (< netstandard1.2)) (&& (== net50) (< netstandard1.3)) (&& (== net50) (< netstandard1.4)) (&& (== net50) (< netstandard1.5)) (&& (== net50) (< netstandard1.6)) (&& (== net50) (< netstandard2.0)) (&& (== netstandard1.0) (== netstandard2.0)) (&& (== netstandard1.0) (>= netstandard1.6)) (== netstandard1.6) (&& (== netstandard2.0) (< netstandard1.2)) (&& (== netstandard2.0) (< netstandard1.3))
    runtime.opensuse.42.1-x64.runtime.native.System.Security.Cryptography.OpenSsl (4.3.3) - restriction: || (&& (== net45) (== net50)) (&& (== net45) (== netstandard2.0)) (&& (== net45) (< net20) (>= netstandard1.6)) (&& (== net45) (>= netstandard1.6) (>= uap10.0)) (&& (== net46) (== net50)) (&& (== net46) (== netstandard2.0)) (&& (== net46) (< net20) (>= netstandard1.6)) (&& (== net46) (>= netstandard1.6) (>= uap10.0)) (&& (== net50) (== netstandard1.0)) (&& (== net50) (< netstandard1.2)) (&& (== net50) (< netstandard1.3)) (&& (== net50) (< netstandard1.4)) (&& (== net50) (< netstandard1.5)) (&& (== net50) (< netstandard1.6)) (&& (== net50) (< netstandard2.0)) (&& (== netstandard1.0) (== netstandard2.0)) (&& (== netstandard1.0) (>= netstandard1.6)) (== netstandard1.6) (&& (== netstandard2.0) (< netstandard1.2)) (&& (== netstandard2.0) (< netstandard1.3))
    runtime.opensuse.42.3-x64.runtime.native.System.Security.Cryptography.OpenSsl (4.3.3) - restriction: || (&& (== net45) (== net50)) (&& (== net45) (== netstandard2.0)) (&& (== net45) (< net20) (>= netstandard1.6)) (&& (== net45) (>= netstandard1.6) (>= uap10.0)) (&& (== net46) (== net50)) (&& (== net46) (== netstandard2.0)) (&& (== net46) (< net20) (>= netstandard1.6)) (&& (== net46) (>= netstandard1.6) (>= uap10.0)) (&& (== net50) (== netstandard1.0)) (&& (== net50) (< netstandard1.2)) (&& (== net50) (< netstandard1.3)) (&& (== net50) (< netstandard1.4)) (&& (== net50) (< netstandard1.5)) (&& (== net50) (< netstandard1.6)) (&& (== net50) (< netstandard2.0)) (&& (== netstandard1.0) (== netstandard2.0)) (&& (== netstandard1.0) (>= netstandard1.6)) (== netstandard1.6) (&& (== netstandard2.0) (< netstandard1.2)) (&& (== netstandard2.0) (< netstandard1.3))
    runtime.osx.10.10-x64.runtime.native.System.Security.Cryptography.Apple (4.3.1) - restriction: || (&& (== net45) (== net50)) (&& (== net45) (== netstandard2.0)) (&& (== net45) (< net20) (>= netstandard1.6)) (&& (== net45) (>= netstandard1.6) (>= uap10.0)) (&& (== net46) (== net50)) (&& (== net46) (== netstandard2.0)) (&& (== net46) (< net20) (>= netstandard1.6)) (&& (== net46) (>= netstandard1.6) (>= uap10.0)) (&& (== net50) (== netstandard1.0)) (&& (== net50) (< netstandard1.3)) (&& (== net50) (< netstandard1.4)) (&& (== net50) (< netstandard1.5)) (&& (== net50) (< netstandard1.6)) (&& (== net50) (< netstandard2.0)) (&& (== netstandard1.0) (== netstandard2.0)) (&& (== netstandard1.0) (>= netstandard1.6)) (== netstandard1.6) (&& (== netstandard2.0) (< netstandard1.3))
    runtime.osx.10.10-x64.runtime.native.System.Security.Cryptography.OpenSsl (4.3.3) - restriction: || (&& (== net45) (== net50)) (&& (== net45) (== netstandard2.0)) (&& (== net45) (< net20) (>= netstandard1.6)) (&& (== net45) (>= netstandard1.6) (>= uap10.0)) (&& (== net46) (== net50)) (&& (== net46) (== netstandard2.0)) (&& (== net46) (< net20) (>= netstandard1.6)) (&& (== net46) (>= netstandard1.6) (>= uap10.0)) (&& (== net50) (== netstandard1.0)) (&& (== net50) (< netstandard1.2)) (&& (== net50) (< netstandard1.3)) (&& (== net50) (< netstandard1.4)) (&& (== net50) (< netstandard1.5)) (&& (== net50) (< netstandard1.6)) (&& (== net50) (< netstandard2.0)) (&& (== netstandard1.0) (== netstandard2.0)) (&& (== netstandard1.0) (>= netstandard1.6)) (== netstandard1.6) (&& (== netstandard2.0) (< netstandard1.2)) (&& (== netstandard2.0) (< netstandard1.3))
    runtime.rhel.7-x64.runtime.native.System.Security.Cryptography.OpenSsl (4.3.3) - restriction: || (&& (== net45) (== net50)) (&& (== net45) (== netstandard2.0)) (&& (== net45) (< net20) (>= netstandard1.6)) (&& (== net45) (>= netstandard1.6) (>= uap10.0)) (&& (== net46) (== net50)) (&& (== net46) (== netstandard2.0)) (&& (== net46) (< net20) (>= netstandard1.6)) (&& (== net46) (>= netstandard1.6) (>= uap10.0)) (&& (== net50) (== netstandard1.0)) (&& (== net50) (< netstandard1.2)) (&& (== net50) (< netstandard1.3)) (&& (== net50) (< netstandard1.4)) (&& (== net50) (< netstandard1.5)) (&& (== net50) (< netstandard1.6)) (&& (== net50) (< netstandard2.0)) (&& (== netstandard1.0) (== netstandard2.0)) (&& (== netstandard1.0) (>= netstandard1.6)) (== netstandard1.6) (&& (== netstandard2.0) (< netstandard1.2)) (&& (== netstandard2.0) (< netstandard1.3))
    runtime.ubuntu.14.04-x64.runtime.native.System.Security.Cryptography.OpenSsl (4.3.3) - restriction: || (&& (== net45) (== net50)) (&& (== net45) (== netstandard2.0)) (&& (== net45) (< net20) (>= netstandard1.6)) (&& (== net45) (>= netstandard1.6) (>= uap10.0)) (&& (== net46) (== net50)) (&& (== net46) (== netstandard2.0)) (&& (== net46) (< net20) (>= netstandard1.6)) (&& (== net46) (>= netstandard1.6) (>= uap10.0)) (&& (== net50) (== netstandard1.0)) (&& (== net50) (< netstandard1.2)) (&& (== net50) (< netstandard1.3)) (&& (== net50) (< netstandard1.4)) (&& (== net50) (< netstandard1.5)) (&& (== net50) (< netstandard1.6)) (&& (== net50) (< netstandard2.0)) (&& (== netstandard1.0) (== netstandard2.0)) (&& (== netstandard1.0) (>= netstandard1.6)) (== netstandard1.6) (&& (== netstandard2.0) (< netstandard1.2)) (&& (== netstandard2.0) (< netstandard1.3))
    runtime.ubuntu.16.04-x64.runtime.native.System.Security.Cryptography.OpenSsl (4.3.3) - restriction: || (&& (== net45) (== net50)) (&& (== net45) (== netstandard2.0)) (&& (== net45) (< net20) (>= netstandard1.6)) (&& (== net45) (>= netstandard1.6) (>= uap10.0)) (&& (== net46) (== net50)) (&& (== net46) (== netstandard2.0)) (&& (== net46) (< net20) (>= netstandard1.6)) (&& (== net46) (>= netstandard1.6) (>= uap10.0)) (&& (== net50) (== netstandard1.0)) (&& (== net50) (< netstandard1.2)) (&& (== net50) (< netstandard1.3)) (&& (== net50) (< netstandard1.4)) (&& (== net50) (< netstandard1.5)) (&& (== net50) (< netstandard1.6)) (&& (== net50) (< netstandard2.0)) (&& (== netstandard1.0) (== netstandard2.0)) (&& (== netstandard1.0) (>= netstandard1.6)) (== netstandard1.6) (&& (== netstandard2.0) (< netstandard1.2)) (&& (== netstandard2.0) (< netstandard1.3))
    runtime.ubuntu.16.10-x64.runtime.native.System.Security.Cryptography.OpenSsl (4.3.3) - restriction: || (&& (== net45) (== net50)) (&& (== net45) (== netstandard2.0)) (&& (== net45) (< net20) (>= netstandard1.6)) (&& (== net45) (>= netstandard1.6) (>= uap10.0)) (&& (== net46) (== net50)) (&& (== net46) (== netstandard2.0)) (&& (== net46) (< net20) (>= netstandard1.6)) (&& (== net46) (>= netstandard1.6) (>= uap10.0)) (&& (== net50) (== netstandard1.0)) (&& (== net50) (< netstandard1.2)) (&& (== net50) (< netstandard1.3)) (&& (== net50) (< netstandard1.4)) (&& (== net50) (< netstandard1.5)) (&& (== net50) (< netstandard1.6)) (&& (== net50) (< netstandard2.0)) (&& (== netstandard1.0) (== netstandard2.0)) (&& (== netstandard1.0) (>= netstandard1.6)) (== netstandard1.6) (&& (== netstandard2.0) (< netstandard1.2)) (&& (== netstandard2.0) (< netstandard1.3))
    runtime.ubuntu.18.04-x64.runtime.native.System.Security.Cryptography.OpenSsl (4.3.3) - restriction: || (&& (== net45) (== net50)) (&& (== net45) (== netstandard2.0)) (&& (== net45) (< net20) (>= netstandard1.6)) (&& (== net45) (>= netstandard1.6) (>= uap10.0)) (&& (== net46) (== net50)) (&& (== net46) (== netstandard2.0)) (&& (== net46) (< net20) (>= netstandard1.6)) (&& (== net46) (>= netstandard1.6) (>= uap10.0)) (&& (== net50) (== netstandard1.0)) (&& (== net50) (< netstandard1.2)) (&& (== net50) (< netstandard1.3)) (&& (== net50) (< netstandard1.4)) (&& (== net50) (< netstandard1.5)) (&& (== net50) (< netstandard1.6)) (&& (== net50) (< netstandard2.0)) (&& (== netstandard1.0) (== netstandard2.0)) (&& (== netstandard1.0) (>= netstandard1.6)) (== netstandard1.6) (&& (== netstandard2.0) (< netstandard1.2)) (&& (== netstandard2.0) (< netstandard1.3))
    System.AppContext (4.3) - restriction: || (&& (== net45) (== net50)) (&& (== net45) (== netstandard2.0)) (&& (== net45) (< net20) (>= net46)) (&& (== net45) (< net20) (>= netstandard1.3)) (&& (== net45) (< net20) (>= netstandard1.4)) (&& (== net45) (< net20) (>= netstandard1.5)) (&& (== net45) (< net20) (>= netstandard1.6)) (&& (== net45) (>= uap10.0)) (&& (== net46) (== net50)) (&& (== net46) (== netstandard1.0)) (&& (== net46) (== netstandard2.0)) (&& (== net46) (< net20)) (&& (== net46) (>= uap10.0)) (&& (== net50) (== netstandard1.0)) (&& (== net50) (< netstandard1.3)) (&& (== net50) (< netstandard1.4)) (&& (== net50) (< netstandard1.5)) (&& (== net50) (< netstandard1.6)) (&& (== net50) (< netstandard2.0)) (&& (== netstandard1.0) (== netstandard2.0)) (&& (== netstandard1.0) (>= net46)) (&& (== netstandard1.0) (>= netstandard1.3)) (&& (== netstandard1.0) (>= netstandard1.4)) (&& (== netstandard1.0) (>= netstandard1.5)) (&& (== netstandard1.0) (>= netstandard1.6)) (&& (== netstandard1.0) (>= uap10.0)) (== netstandard1.6) (&& (== netstandard2.0) (< netstandard1.3))
      System.Runtime (>= 4.3) - restriction: || (&& (== net45) (>= netstandard1.3)) (&& (== net45) (>= netstandard1.6)) (== net50) (&& (== netstandard1.0) (>= netstandard1.3)) (&& (== netstandard1.0) (>= netstandard1.6)) (== netstandard1.6) (== netstandard2.0)
    System.Buffers (4.5.1) - restriction: || (&& (== net45) (== net50)) (&& (== net45) (== netstandard2.0)) (&& (== net45) (>= monoandroid) (>= net46)) (&& (== net45) (>= monoandroid) (>= netstandard1.3)) (&& (== net45) (>= monoandroid) (>= netstandard1.6)) (&& (== net45) (>= monoandroid) (>= netstandard2.0)) (&& (== net45) (>= monotouch)) (&& (== net45) (< net20) (>= net46)) (&& (== net45) (< net20) (>= net461)) (&& (== net45) (< net20) (>= netstandard1.3)) (&& (== net45) (< net20) (>= netstandard1.6)) (&& (== net45) (< net20) (>= netstandard2.0)) (&& (== net45) (>= net46) (< netstandard1.1) (>= win8)) (&& (== net45) (>= net46) (>= wpa81)) (&& (== net45) (< netstandard1.1) (>= netstandard1.3) (>= win8)) (&& (== net45) (< netstandard1.1) (>= netstandard1.6) (>= win8)) (&& (== net45) (< netstandard1.1) (>= netstandard2.0) (>= win8)) (&& (== net45) (>= netstandard1.3) (>= wpa81)) (&& (== net45) (>= netstandard1.6) (>= wpa81)) (&& (== net45) (>= netstandard2.0) (>= wpa81)) (&& (== net45) (>= uap10.0)) (&& (== net45) (>= uap10.1)) (&& (== net45) (>= xamarinios)) (&& (== net45) (>= xamarinmac)) (&& (== net45) (>= xamarintvos)) (&& (== net45) (>= xamarinwatchos)) (&& (== net46) (== net50)) (&& (== net46) (== netstandard1.0)) (&& (== net46) (== netstandard2.0)) (&& (== net46) (>= monoandroid)) (&& (== net46) (>= monotouch)) (&& (== net46) (< net20)) (&& (== net46) (< netstandard1.1) (>= win8)) (&& (== net46) (>= uap10.0)) (&& (== net46) (>= uap10.1)) (&& (== net46) (>= wpa81)) (&& (== net46) (>= xamarinios)) (&& (== net46) (>= xamarinmac)) (&& (== net46) (>= xamarintvos)) (&& (== net46) (>= xamarinwatchos)) (&& (== net50) (== netstandard1.0)) (&& (== net50) (>= monotouch)) (&& (== net50) (< netstandard1.1)) (&& (== net50) (< netstandard1.2)) (&& (== net50) (< netstandard1.3)) (&& (== net50) (< netstandard1.4)) (&& (== net50) (< netstandard1.5)) (&& (== net50) (< netstandard1.6)) (&& (== net50) (< netstandard2.0)) (&& (== net50) (>= uap10.1)) (&& (== netstandard1.0) (== netstandard2.0)) (&& (== netstandard1.0) (>= monotouch)) (&& (== netstandard1.0) (>= net46)) (&& (== netstandard1.0) (>= net461)) (&& (== netstandard1.0) (>= netstandard1.3)) (&& (== netstandard1.0) (>= netstandard1.4)) (&& (== netstandard1.0) (>= netstandard1.5)) (&& (== netstandard1.0) (>= netstandard1.6)) (&& (== netstandard1.0) (>= netstandard2.0)) (&& (== netstandard1.0) (>= uap10.0)) (&& (== netstandard1.0) (>= uap10.1)) (&& (== netstandard1.0) (>= xamarinios)) (&& (== netstandard1.0) (>= xamarinmac)) (&& (== netstandard1.0) (>= xamarintvos)) (&& (== netstandard1.0) (>= xamarinwatchos)) (== netstandard1.6) (&& (== netstandard2.0) (< netstandard1.1)) (&& (== netstandard2.0) (< netstandard1.2)) (&& (== netstandard2.0) (< netstandard1.3))
      System.Diagnostics.Debug (>= 4.3) - restriction: || (&& (== net46) (< net45)) (&& (== net50) (< netstandard2.0)) (&& (== netstandard1.0) (>= netstandard1.1)) (== netstandard1.6)
      System.Diagnostics.Tracing (>= 4.3) - restriction: || (&& (== net46) (< net45)) (&& (== net50) (< netstandard2.0)) (&& (== netstandard1.0) (>= netstandard1.1)) (== netstandard1.6)
      System.Resources.ResourceManager (>= 4.3) - restriction: || (&& (== net46) (< net45)) (&& (== net50) (< netstandard2.0)) (&& (== netstandard1.0) (>= netstandard1.1)) (== netstandard1.6)
      System.Runtime (>= 4.3) - restriction: || (&& (== net46) (< net45)) (&& (== net50) (< netstandard2.0)) (&& (== netstandard1.0) (>= netstandard1.1)) (== netstandard1.6)
      System.Threading (>= 4.3) - restriction: || (&& (== net46) (< net45)) (&& (== net50) (< netstandard2.0)) (&& (== netstandard1.0) (>= netstandard1.1)) (== netstandard1.6)
    System.Collections (4.3) - restriction: || (&& (== net45) (< net20)) (&& (== net45) (>= uap10.0)) (&& (== net46) (< net20)) (&& (== net46) (>= uap10.0)) (== net50) (== netstandard1.0) (== netstandard1.6) (== netstandard2.0)
      Microsoft.NETCore.Platforms (>= 1.1) - restriction: || (&& (== net46) (< net45)) (== net50) (== netstandard1.0) (== netstandard1.6) (== netstandard2.0)
      Microsoft.NETCore.Targets (>= 1.1) - restriction: || (&& (== net46) (< net45)) (== net50) (== netstandard1.0) (== netstandard1.6) (== netstandard2.0)
      System.Runtime (>= 4.3) - restriction: || (&& (== net46) (< net45)) (== net50) (== netstandard1.0) (== netstandard1.6) (== netstandard2.0)
    System.Collections.Concurrent (4.3) - restriction: || (&& (== net45) (== net50)) (&& (== net45) (== netstandard1.0)) (&& (== net45) (== netstandard2.0)) (&& (== net45) (< net20)) (&& (== net45) (>= uap10.0)) (&& (== net46) (== net50)) (&& (== net46) (== netstandard1.0)) (&& (== net46) (== netstandard2.0)) (&& (== net46) (< net20)) (&& (== net46) (>= uap10.0)) (&& (== net50) (== netstandard1.0)) (&& (== net50) (< netstandard1.2)) (&& (== net50) (< netstandard1.3)) (&& (== net50) (< netstandard1.4)) (&& (== net50) (< netstandard1.5)) (&& (== net50) (< netstandard1.6)) (&& (== net50) (< netstandard2.0)) (&& (== netstandard1.0) (== netstandard2.0)) (&& (== netstandard1.0) (>= netstandard1.1)) (&& (== netstandard1.0) (>= netstandard1.2)) (&& (== netstandard1.0) (>= netstandard1.3)) (&& (== netstandard1.0) (>= netstandard1.4)) (&& (== netstandard1.0) (>= netstandard1.5)) (&& (== netstandard1.0) (>= netstandard1.6)) (&& (== netstandard1.0) (>= uap10.0)) (== netstandard1.6) (&& (== netstandard2.0) (< netstandard1.2)) (&& (== netstandard2.0) (< netstandard1.3))
      System.Collections (>= 4.3) - restriction: || (&& (== net46) (< net45)) (== net50) (&& (== netstandard1.0) (>= netstandard1.3)) (== netstandard1.6) (== netstandard2.0)
      System.Diagnostics.Debug (>= 4.3) - restriction: || (&& (== net46) (< net45)) (== net50) (&& (== netstandard1.0) (>= netstandard1.3)) (== netstandard1.6) (== netstandard2.0)
      System.Diagnostics.Tracing (>= 4.3) - restriction: || (&& (== net46) (< net45)) (== net50) (&& (== netstandard1.0) (>= netstandard1.3)) (== netstandard1.6) (== netstandard2.0)
      System.Globalization (>= 4.3) - restriction: || (&& (== net46) (< net45)) (== net50) (&& (== netstandard1.0) (>= netstandard1.3)) (== netstandard1.6) (== netstandard2.0)
      System.Reflection (>= 4.3) - restriction: || (&& (== net46) (< net45)) (== net50) (&& (== netstandard1.0) (>= netstandard1.3)) (== netstandard1.6) (== netstandard2.0)
      System.Resources.ResourceManager (>= 4.3) - restriction: || (&& (== net46) (< net45)) (== net50) (&& (== netstandard1.0) (>= netstandard1.3)) (== netstandard1.6) (== netstandard2.0)
      System.Runtime (>= 4.3) - restriction: || (&& (== net46) (< net45)) (== net50) (&& (== netstandard1.0) (>= netstandard1.1)) (&& (== netstandard1.0) (>= netstandard1.3)) (== netstandard1.6) (== netstandard2.0)
      System.Runtime.Extensions (>= 4.3) - restriction: || (&& (== net46) (< net45)) (== net50) (&& (== netstandard1.0) (>= netstandard1.3)) (== netstandard1.6) (== netstandard2.0)
      System.Threading (>= 4.3) - restriction: || (&& (== net46) (< net45)) (== net50) (&& (== netstandard1.0) (>= netstandard1.3)) (== netstandard1.6) (== netstandard2.0)
      System.Threading.Tasks (>= 4.3) - restriction: || (&& (== net46) (< net45)) (== net50) (&& (== netstandard1.0) (>= netstandard1.1)) (&& (== netstandard1.0) (>= netstandard1.3)) (== netstandard1.6) (== netstandard2.0)
    System.Collections.NonGeneric (4.3) - restriction: || (&& (== net45) (< net20) (>= net462)) (&& (== net45) (< net20) (>= netstandard1.5)) (&& (== net46) (< net20) (>= net462)) (&& (== net46) (< net20) (>= netstandard1.5)) (== net50) (&& (== netstandard1.0) (>= net462)) (&& (== netstandard1.0) (>= netstandard1.5)) (== netstandard1.6) (== netstandard2.0)
      System.Diagnostics.Debug (>= 4.3) - restriction: || (&& (== net45) (>= netstandard1.3)) (== net50) (&& (== netstandard1.0) (>= netstandard1.3)) (== netstandard1.6) (== netstandard2.0)
      System.Globalization (>= 4.3) - restriction: || (&& (== net45) (>= netstandard1.3)) (== net50) (&& (== netstandard1.0) (>= netstandard1.3)) (== netstandard1.6) (== netstandard2.0)
      System.Resources.ResourceManager (>= 4.3) - restriction: || (&& (== net45) (>= netstandard1.3)) (== net50) (&& (== netstandard1.0) (>= netstandard1.3)) (== netstandard1.6) (== netstandard2.0)
      System.Runtime (>= 4.3) - restriction: || (&& (== net45) (>= netstandard1.3)) (== net50) (&& (== netstandard1.0) (>= netstandard1.3)) (== netstandard1.6) (== netstandard2.0)
      System.Runtime.Extensions (>= 4.3) - restriction: || (&& (== net45) (>= netstandard1.3)) (== net50) (&& (== netstandard1.0) (>= netstandard1.3)) (== netstandard1.6) (== netstandard2.0)
      System.Threading (>= 4.3) - restriction: || (&& (== net45) (>= netstandard1.3)) (== net50) (&& (== netstandard1.0) (>= netstandard1.3)) (== netstandard1.6) (== netstandard2.0)
    System.Collections.Specialized (4.3) - restriction: || (&& (== net45) (< net20) (>= netstandard1.5)) (&& (== net46) (< net20) (>= netstandard1.5)) (== net50) (&& (== netstandard1.0) (>= netstandard1.5)) (== netstandard1.6) (== netstandard2.0)
      System.Collections.NonGeneric (>= 4.3) - restriction: || (&& (== net45) (>= netstandard1.3)) (== net50) (&& (== netstandard1.0) (>= netstandard1.3)) (== netstandard1.6) (== netstandard2.0)
      System.Globalization (>= 4.3) - restriction: || (&& (== net45) (>= netstandard1.3)) (== net50) (&& (== netstandard1.0) (>= netstandard1.3)) (== netstandard1.6) (== netstandard2.0)
      System.Globalization.Extensions (>= 4.3) - restriction: || (&& (== net45) (>= netstandard1.3)) (== net50) (&& (== netstandard1.0) (>= netstandard1.3)) (== netstandard1.6) (== netstandard2.0)
      System.Resources.ResourceManager (>= 4.3) - restriction: || (&& (== net45) (>= netstandard1.3)) (== net50) (&& (== netstandard1.0) (>= netstandard1.3)) (== netstandard1.6) (== netstandard2.0)
      System.Runtime (>= 4.3) - restriction: || (&& (== net45) (>= netstandard1.3)) (== net50) (&& (== netstandard1.0) (>= netstandard1.3)) (== netstandard1.6) (== netstandard2.0)
      System.Runtime.Extensions (>= 4.3) - restriction: || (&& (== net45) (>= netstandard1.3)) (== net50) (&& (== netstandard1.0) (>= netstandard1.3)) (== netstandard1.6) (== netstandard2.0)
      System.Threading (>= 4.3) - restriction: || (&& (== net45) (>= netstandard1.3)) (== net50) (&& (== netstandard1.0) (>= netstandard1.3)) (== netstandard1.6) (== netstandard2.0)
    System.ComponentModel (4.3) - restriction: || (&& (== net45) (< net20)) (&& (== net46) (< net20)) (== net50) (== netstandard1.0) (== netstandard1.6) (== netstandard2.0)
      System.Runtime (>= 4.3) - restriction: || (&& (== net46) (< net45)) (== net50) (== netstandard1.0) (== netstandard1.6) (== netstandard2.0)
    System.ComponentModel.Primitives (4.3) - restriction: || (&& (== net45) (< net20)) (&& (== net45) (< netstandard1.0) (>= win8)) (&& (== net45) (>= wp8)) (&& (== net45) (>= wpa81)) (&& (== net46) (< net20)) (&& (== net46) (< netstandard1.0) (>= win8)) (&& (== net46) (>= wp8)) (&& (== net46) (>= wpa81)) (== net50) (== netstandard1.0) (== netstandard1.6) (== netstandard2.0)
      System.ComponentModel (>= 4.3) - restriction: || (&& (== net46) (< net45)) (== net50) (== netstandard1.0) (== netstandard1.6) (== netstandard2.0)
      System.Resources.ResourceManager (>= 4.3) - restriction: || (&& (== net46) (< net45)) (== net50) (== netstandard1.0) (== netstandard1.6) (== netstandard2.0)
      System.Runtime (>= 4.3) - restriction: || (&& (== net46) (< net45)) (== net50) (== netstandard1.0) (== netstandard1.6) (== netstandard2.0)
    System.ComponentModel.TypeConverter (4.3) - restriction: || (&& (== net45) (< net20)) (&& (== net46) (< net20)) (== net50) (== netstandard1.0) (== netstandard1.6) (== netstandard2.0)
      System.Collections (>= 4.3) - restriction: || (&& (== net46) (< net45)) (== net50) (== netstandard1.0) (== netstandard1.6) (== netstandard2.0)
      System.Collections.NonGeneric (>= 4.3) - restriction: || (&& (== net45) (>= net462)) (&& (== net46) (< net45) (>= netstandard1.5)) (&& (== net46) (>= net462)) (== net50) (&& (== netstandard1.0) (>= net462)) (&& (== netstandard1.0) (>= netstandard1.5)) (== netstandard1.6) (== netstandard2.0)
      System.Collections.Specialized (>= 4.3) - restriction: || (&& (== net46) (< net45) (>= netstandard1.5)) (== net50) (&& (== netstandard1.0) (>= netstandard1.5)) (== netstandard1.6) (== netstandard2.0)
      System.ComponentModel (>= 4.3) - restriction: || (&& (== net46) (< net45)) (== net50) (== netstandard1.0) (== netstandard1.6) (== netstandard2.0)
      System.ComponentModel.Primitives (>= 4.3)
      System.Globalization (>= 4.3) - restriction: || (&& (== net46) (< net45)) (== net50) (== netstandard1.0) (== netstandard1.6) (== netstandard2.0)
      System.Linq (>= 4.3) - restriction: || (&& (== net46) (< net45) (>= netstandard1.5)) (== net50) (&& (== netstandard1.0) (>= netstandard1.5)) (== netstandard1.6) (== netstandard2.0)
      System.Reflection (>= 4.3) - restriction: || (&& (== net46) (< net45)) (== net50) (== netstandard1.0) (== netstandard1.6) (== netstandard2.0)
      System.Reflection.Extensions (>= 4.3) - restriction: || (&& (== net46) (< net45)) (== net50) (== netstandard1.0) (== netstandard1.6) (== netstandard2.0)
      System.Reflection.Primitives (>= 4.3) - restriction: || (&& (== net46) (< net45)) (== net50) (== netstandard1.0) (== netstandard1.6) (== netstandard2.0)
      System.Reflection.TypeExtensions (>= 4.3) - restriction: || (&& (== net46) (< net45) (>= netstandard1.5)) (== net50) (&& (== netstandard1.0) (>= netstandard1.5)) (== netstandard1.6) (== netstandard2.0)
      System.Resources.ResourceManager (>= 4.3) - restriction: || (&& (== net46) (< net45)) (== net50) (== netstandard1.0) (== netstandard1.6) (== netstandard2.0)
      System.Runtime (>= 4.3) - restriction: || (&& (== net46) (< net45)) (== net50) (== netstandard1.0) (== netstandard1.6) (== netstandard2.0)
      System.Runtime.Extensions (>= 4.3) - restriction: || (&& (== net46) (< net45)) (== net50) (== netstandard1.0) (== netstandard1.6) (== netstandard2.0)
      System.Threading (>= 4.3) - restriction: || (&& (== net46) (< net45)) (== net50) (== netstandard1.0) (== netstandard1.6) (== netstandard2.0)
    System.Console (4.3.1) - restriction: || (&& (== net45) (== net50)) (&& (== net45) (== netstandard2.0)) (&& (== net45) (< net20) (>= net46)) (&& (== net45) (< net20) (>= netstandard1.3)) (&& (== net45) (< net20) (>= netstandard1.4)) (&& (== net45) (< net20) (>= netstandard1.5)) (&& (== net45) (< net20) (>= netstandard1.6)) (&& (== net45) (>= uap10.0)) (&& (== net46) (== net50)) (&& (== net46) (== netstandard1.0)) (&& (== net46) (== netstandard2.0)) (&& (== net46) (< net20)) (&& (== net46) (>= uap10.0)) (&& (== net50) (== netstandard1.0)) (&& (== net50) (< netstandard1.3)) (&& (== net50) (< netstandard1.4)) (&& (== net50) (< netstandard1.5)) (&& (== net50) (< netstandard1.6)) (&& (== net50) (< netstandard2.0)) (&& (== netstandard1.0) (== netstandard2.0)) (&& (== netstandard1.0) (>= net46)) (&& (== netstandard1.0) (>= netstandard1.3)) (&& (== netstandard1.0) (>= netstandard1.4)) (&& (== netstandard1.0) (>= netstandard1.5)) (&& (== netstandard1.0) (>= netstandard1.6)) (&& (== netstandard1.0) (>= uap10.0)) (== netstandard1.6) (&& (== netstandard2.0) (< netstandard1.3))
      Microsoft.NETCore.Platforms (>= 1.1) - restriction: || (&& (== net45) (>= netstandard1.3)) (== net50) (&& (== netstandard1.0) (>= netstandard1.3)) (== netstandard1.6) (== netstandard2.0)
      Microsoft.NETCore.Targets (>= 1.1.2) - restriction: || (&& (== net45) (>= netstandard1.3)) (== net50) (&& (== netstandard1.0) (>= netstandard1.3)) (== netstandard1.6) (== netstandard2.0)
      System.IO (>= 4.3) - restriction: || (&& (== net45) (>= netstandard1.3)) (== net50) (&& (== netstandard1.0) (>= netstandard1.3)) (== netstandard1.6) (== netstandard2.0)
      System.Runtime (>= 4.3) - restriction: || (&& (== net45) (>= netstandard1.3)) (== net50) (&& (== netstandard1.0) (>= netstandard1.3)) (== netstandard1.6) (== netstandard2.0)
      System.Text.Encoding (>= 4.3) - restriction: || (&& (== net45) (>= netstandard1.3)) (== net50) (&& (== netstandard1.0) (>= netstandard1.3)) (== netstandard1.6) (== netstandard2.0)
    System.Diagnostics.Debug (4.3) - restriction: || (&& (== net45) (< net20)) (&& (== net45) (>= uap10.0)) (&& (== net46) (< net20)) (&& (== net46) (>= uap10.0)) (== net50) (== netstandard1.0) (== netstandard1.6) (== netstandard2.0)
      Microsoft.NETCore.Platforms (>= 1.1) - restriction: || (&& (== net46) (< net45)) (== net50) (== netstandard1.0) (== netstandard1.6) (== netstandard2.0)
      Microsoft.NETCore.Targets (>= 1.1) - restriction: || (&& (== net46) (< net45)) (== net50) (== netstandard1.0) (== netstandard1.6) (== netstandard2.0)
      System.Runtime (>= 4.3) - restriction: || (&& (== net46) (< net45)) (== net50) (== netstandard1.0) (== netstandard1.6) (== netstandard2.0)
    System.Diagnostics.DiagnosticSource (5.0.1) - restriction: || (&& (== net45) (== net50)) (&& (== net45) (== netstandard2.0)) (&& (== net45) (< net20) (>= netstandard1.3)) (&& (== net45) (< net20) (>= netstandard1.6)) (&& (== net45) (>= uap10.0)) (&& (== net46) (== net50)) (&& (== net46) (== netstandard1.0)) (&& (== net46) (== netstandard2.0)) (&& (== net46) (< net20)) (&& (== net46) (>= uap10.0)) (&& (== net50) (== netstandard1.0)) (&& (== net50) (< netstandard1.2)) (&& (== net50) (< netstandard1.3)) (&& (== net50) (< netstandard1.4)) (&& (== net50) (< netstandard1.5)) (&& (== net50) (< netstandard1.6)) (&& (== net50) (< netstandard2.0)) (&& (== netstandard1.0) (== netstandard2.0)) (&& (== netstandard1.0) (>= net46)) (&& (== netstandard1.0) (>= netstandard1.3)) (&& (== netstandard1.0) (>= netstandard1.4)) (&& (== netstandard1.0) (>= netstandard1.5)) (&& (== netstandard1.0) (>= netstandard1.6)) (&& (== netstandard1.0) (>= uap10.0)) (== netstandard1.6) (&& (== netstandard2.0) (< netstandard1.2)) (&& (== netstandard2.0) (< netstandard1.3))
      System.AppContext (>= 4.3) - restriction: || (&& (== net46) (< net45)) (&& (== net50) (< netstandard2.0)) (&& (== netstandard1.0) (>= netstandard1.3)) (== netstandard1.6)
      System.Collections (>= 4.3) - restriction: || (&& (== net46) (< net45)) (&& (== net50) (< netstandard1.3)) (&& (== net50) (< netstandard2.0)) (&& (== netstandard1.0) (>= netstandard1.1)) (&& (== netstandard1.0) (>= netstandard1.3)) (== netstandard1.6) (&& (== netstandard2.0) (< netstandard1.3))
      System.Collections.Concurrent (>= 4.3) - restriction: || (&& (== net46) (< net45)) (&& (== net50) (< netstandard1.3)) (&& (== net50) (< netstandard2.0)) (&& (== netstandard1.0) (>= netstandard1.1)) (&& (== netstandard1.0) (>= netstandard1.3)) (== netstandard1.6) (&& (== netstandard2.0) (< netstandard1.3))
      System.Diagnostics.Debug (>= 4.3) - restriction: || (&& (== net46) (< net45)) (&& (== net50) (< netstandard2.0)) (&& (== netstandard1.0) (>= netstandard1.3)) (== netstandard1.6)
      System.Diagnostics.Tracing (>= 4.3) - restriction: || (&& (== net46) (< net45)) (&& (== net50) (< netstandard1.3)) (&& (== net50) (< netstandard2.0)) (&& (== netstandard1.0) (>= netstandard1.1)) (&& (== netstandard1.0) (>= netstandard1.3)) (== netstandard1.6) (&& (== netstandard2.0) (< netstandard1.3))
      System.Memory (>= 4.5.4) - restriction: || (== net45) (== net46) (&& (== net50) (>= net45) (< netstandard1.3)) (&& (== net50) (>= net46)) (&& (== net50) (< netcoreapp2.1)) (&& (== net50) (< netstandard2.0)) (&& (== net50) (>= uap10.1)) (&& (== netstandard1.0) (>= net45)) (&& (== netstandard1.0) (>= net46)) (&& (== netstandard1.0) (>= netstandard1.3)) (&& (== netstandard1.0) (>= netstandard2.0)) (&& (== netstandard1.0) (>= uap10.1)) (== netstandard1.6) (== netstandard2.0)
      System.Reflection (>= 4.3) - restriction: || (&& (== net46) (< net45)) (&& (== net50) (< netstandard1.3)) (&& (== net50) (< netstandard2.0)) (&& (== netstandard1.0) (>= netstandard1.1)) (&& (== netstandard1.0) (>= netstandard1.3)) (== netstandard1.6) (&& (== netstandard2.0) (< netstandard1.3))
      System.Resources.ResourceManager (>= 4.3) - restriction: || (&& (== net46) (< net45)) (&& (== net50) (< netstandard1.3)) (&& (== net50) (< netstandard2.0)) (&& (== netstandard1.0) (>= netstandard1.1)) (&& (== netstandard1.0) (>= netstandard1.3)) (== netstandard1.6) (&& (== netstandard2.0) (< netstandard1.3))
      System.Runtime (>= 4.3) - restriction: || (&& (== net46) (< net45)) (&& (== net50) (< netstandard1.3)) (&& (== net50) (< netstandard2.0)) (&& (== netstandard1.0) (>= netstandard1.1)) (&& (== netstandard1.0) (>= netstandard1.3)) (== netstandard1.6) (&& (== netstandard2.0) (< netstandard1.3))
      System.Runtime.CompilerServices.Unsafe (>= 5.0) - restriction: || (== net45) (== net46) (&& (== net50) (>= monotouch)) (&& (== net50) (>= net45) (< netstandard1.3)) (&& (== net50) (>= net46)) (&& (== net50) (< netcoreapp2.1)) (&& (== net50) (< netcoreapp3.0)) (&& (== net50) (< netstandard2.0)) (&& (== net50) (>= uap10.1)) (&& (== netstandard1.0) (>= monoandroid)) (&& (== netstandard1.0) (>= monotouch)) (&& (== netstandard1.0) (>= net45)) (&& (== netstandard1.0) (>= net46)) (&& (== netstandard1.0) (>= netcoreapp2.1)) (&& (== netstandard1.0) (>= netstandard1.3)) (&& (== netstandard1.0) (>= netstandard2.0)) (&& (== netstandard1.0) (>= uap10.1)) (&& (== netstandard1.0) (>= xamarinios)) (&& (== netstandard1.0) (>= xamarinmac)) (&& (== netstandard1.0) (>= xamarintvos)) (&& (== netstandard1.0) (>= xamarinwatchos)) (== netstandard1.6) (== netstandard2.0)
      System.Runtime.Extensions (>= 4.3) - restriction: || (&& (== net46) (< net45)) (&& (== net50) (< netstandard2.0)) (&& (== netstandard1.0) (>= netstandard1.3)) (== netstandard1.6)
      System.Runtime.InteropServices (>= 4.3) - restriction: || (&& (== net46) (< net45)) (&& (== net50) (< netstandard2.0)) (&& (== netstandard1.0) (>= netstandard1.3)) (== netstandard1.6)
      System.Threading (>= 4.3) - restriction: || (&& (== net46) (< net45)) (&& (== net50) (< netstandard1.3)) (&& (== net50) (< netstandard2.0)) (&& (== netstandard1.0) (>= netstandard1.1)) (&& (== netstandard1.0) (>= netstandard1.3)) (== netstandard1.6) (&& (== netstandard2.0) (< netstandard1.3))
    System.Diagnostics.Tools (4.3) - restriction: || (&& (== net45) (< net20)) (&& (== net45) (>= uap10.0)) (&& (== net46) (< net20)) (&& (== net46) (>= uap10.0)) (== net50) (== netstandard1.0) (== netstandard1.6) (== netstandard2.0)
      Microsoft.NETCore.Platforms (>= 1.1) - restriction: || (&& (== net46) (< net45)) (== net50) (== netstandard1.0) (== netstandard1.6) (== netstandard2.0)
      Microsoft.NETCore.Targets (>= 1.1) - restriction: || (&& (== net46) (< net45)) (== net50) (== netstandard1.0) (== netstandard1.6) (== netstandard2.0)
      System.Runtime (>= 4.3) - restriction: || (&& (== net46) (< net45)) (== net50) (== netstandard1.0) (== netstandard1.6) (== netstandard2.0)
    System.Diagnostics.Tracing (4.3) - restriction: || (&& (== net45) (== net50)) (&& (== net45) (== netstandard1.0)) (&& (== net45) (== netstandard2.0)) (&& (== net45) (< net20)) (&& (== net45) (>= uap10.0)) (&& (== net46) (== net50)) (&& (== net46) (== netstandard1.0)) (&& (== net46) (== netstandard2.0)) (&& (== net46) (< net20)) (&& (== net46) (>= uap10.0)) (&& (== net50) (== netstandard1.0)) (&& (== net50) (< netstandard1.2)) (&& (== net50) (< netstandard1.3)) (&& (== net50) (< netstandard1.4)) (&& (== net50) (< netstandard1.5)) (&& (== net50) (< netstandard1.6)) (&& (== net50) (< netstandard2.0)) (&& (== netstandard1.0) (== netstandard2.0)) (&& (== netstandard1.0) (>= netstandard1.1)) (&& (== netstandard1.0) (>= netstandard1.2)) (&& (== netstandard1.0) (>= netstandard1.3)) (&& (== netstandard1.0) (>= netstandard1.4)) (&& (== netstandard1.0) (>= netstandard1.5)) (&& (== netstandard1.0) (>= netstandard1.6)) (&& (== netstandard1.0) (>= uap10.0)) (== netstandard1.6) (&& (== netstandard2.0) (< netstandard1.2)) (&& (== netstandard2.0) (< netstandard1.3))
      Microsoft.NETCore.Platforms (>= 1.1) - restriction: || (&& (== net46) (< net45)) (== net50) (&& (== netstandard1.0) (>= netstandard1.1)) (&& (== netstandard1.0) (>= netstandard1.2)) (&& (== netstandard1.0) (>= netstandard1.3)) (&& (== netstandard1.0) (>= netstandard1.5)) (== netstandard1.6) (== netstandard2.0)
      Microsoft.NETCore.Targets (>= 1.1) - restriction: || (&& (== net46) (< net45)) (== net50) (&& (== netstandard1.0) (>= netstandard1.1)) (&& (== netstandard1.0) (>= netstandard1.2)) (&& (== netstandard1.0) (>= netstandard1.3)) (&& (== netstandard1.0) (>= netstandard1.5)) (== netstandard1.6) (== netstandard2.0)
      System.Runtime (>= 4.3) - restriction: || (&& (== net46) (< net45)) (== net50) (&& (== netstandard1.0) (>= netstandard1.1)) (&& (== netstandard1.0) (>= netstandard1.2)) (&& (== netstandard1.0) (>= netstandard1.3)) (&& (== netstandard1.0) (>= netstandard1.5)) (== netstandard1.6) (== netstandard2.0)
    System.Dynamic.Runtime (4.3) - restriction: || (&& (== net45) (< net20)) (&& (== net46) (< net20)) (== net50) (== netstandard1.0) (== netstandard1.6) (== netstandard2.0)
      System.Collections (>= 4.3) - restriction: || (&& (== net46) (< net45)) (== net50) (&& (== netstandard1.0) (>= netstandard1.3)) (== netstandard1.6) (== netstandard2.0)
      System.Diagnostics.Debug (>= 4.3) - restriction: || (&& (== net46) (< net45)) (== net50) (&& (== netstandard1.0) (>= netstandard1.3)) (== netstandard1.6) (== netstandard2.0)
      System.Linq (>= 4.3) - restriction: || (&& (== net46) (< net45)) (== net50) (&& (== netstandard1.0) (>= netstandard1.3)) (== netstandard1.6) (== netstandard2.0)
      System.Linq.Expressions (>= 4.3) - restriction: || (&& (== net46) (< net45)) (== net50) (== netstandard1.0) (== netstandard1.6) (== netstandard2.0)
      System.ObjectModel (>= 4.3) - restriction: || (&& (== net46) (< net45)) (== net50) (== netstandard1.0) (== netstandard1.6) (== netstandard2.0)
      System.Reflection (>= 4.3) - restriction: || (&& (== net46) (< net45)) (== net50) (== netstandard1.0) (== netstandard1.6) (== netstandard2.0)
      System.Reflection.Emit (>= 4.3) - restriction: || (&& (== net46) (< net45)) (== net50) (&& (== netstandard1.0) (>= netstandard1.3)) (== netstandard1.6) (== netstandard2.0)
      System.Reflection.Emit.ILGeneration (>= 4.3) - restriction: || (&& (== net46) (< net45)) (== net50) (&& (== netstandard1.0) (>= netstandard1.3)) (== netstandard1.6) (== netstandard2.0)
      System.Reflection.Primitives (>= 4.3) - restriction: || (&& (== net46) (< net45)) (== net50) (&& (== netstandard1.0) (>= netstandard1.3)) (== netstandard1.6) (== netstandard2.0)
      System.Reflection.TypeExtensions (>= 4.3) - restriction: || (&& (== net46) (< net45)) (== net50) (&& (== netstandard1.0) (>= netstandard1.3)) (== netstandard1.6) (== netstandard2.0)
      System.Resources.ResourceManager (>= 4.3) - restriction: || (&& (== net46) (< net45)) (== net50) (&& (== netstandard1.0) (>= netstandard1.3)) (== netstandard1.6) (== netstandard2.0)
      System.Runtime (>= 4.3) - restriction: || (&& (== net46) (< net45)) (== net50) (== netstandard1.0) (== netstandard1.6) (== netstandard2.0)
      System.Runtime.Extensions (>= 4.3) - restriction: || (&& (== net46) (< net45)) (== net50) (&& (== netstandard1.0) (>= netstandard1.3)) (== netstandard1.6) (== netstandard2.0)
      System.Threading (>= 4.3) - restriction: || (&& (== net46) (< net45)) (== net50) (&& (== netstandard1.0) (>= netstandard1.3)) (== netstandard1.6) (== netstandard2.0)
    System.Globalization (4.3) - restriction: || (&& (== net45) (< net20)) (&& (== net45) (>= uap10.0)) (&& (== net46) (< net20)) (&& (== net46) (>= uap10.0)) (== net50) (== netstandard1.0) (== netstandard1.6) (== netstandard2.0)
      Microsoft.NETCore.Platforms (>= 1.1) - restriction: || (&& (== net46) (< net45)) (== net50) (== netstandard1.0) (== netstandard1.6) (== netstandard2.0)
      Microsoft.NETCore.Targets (>= 1.1) - restriction: || (&& (== net46) (< net45)) (== net50) (== netstandard1.0) (== netstandard1.6) (== netstandard2.0)
      System.Runtime (>= 4.3) - restriction: || (&& (== net46) (< net45)) (== net50) (== netstandard1.0) (== netstandard1.6) (== netstandard2.0)
    System.Globalization.Calendars (4.3) - restriction: || (&& (== net45) (== net50)) (&& (== net45) (== netstandard2.0)) (&& (== net45) (< net20) (>= net46)) (&& (== net45) (< net20) (>= netstandard1.3)) (&& (== net45) (< net20) (>= netstandard1.4)) (&& (== net45) (< net20) (>= netstandard1.5)) (&& (== net45) (< net20) (>= netstandard1.6)) (&& (== net45) (>= uap10.0)) (&& (== net46) (== net50)) (&& (== net46) (== netstandard1.0)) (&& (== net46) (== netstandard2.0)) (&& (== net46) (< net20)) (&& (== net46) (>= uap10.0)) (&& (== net50) (== netstandard1.0)) (&& (== net50) (< netstandard1.3)) (&& (== net50) (< netstandard1.4)) (&& (== net50) (< netstandard1.5)) (&& (== net50) (< netstandard1.6)) (&& (== net50) (< netstandard2.0)) (&& (== netstandard1.0) (== netstandard2.0)) (&& (== netstandard1.0) (>= net46)) (&& (== netstandard1.0) (>= netstandard1.3)) (&& (== netstandard1.0) (>= netstandard1.4)) (&& (== netstandard1.0) (>= netstandard1.5)) (&& (== netstandard1.0) (>= netstandard1.6)) (&& (== netstandard1.0) (>= uap10.0)) (== netstandard1.6) (&& (== netstandard2.0) (< netstandard1.3))
      Microsoft.NETCore.Platforms (>= 1.1) - restriction: || (&& (== net45) (>= netstandard1.3)) (== net50) (&& (== netstandard1.0) (>= netstandard1.3)) (== netstandard1.6) (== netstandard2.0)
      Microsoft.NETCore.Targets (>= 1.1) - restriction: || (&& (== net45) (>= netstandard1.3)) (== net50) (&& (== netstandard1.0) (>= netstandard1.3)) (== netstandard1.6) (== netstandard2.0)
      System.Globalization (>= 4.3) - restriction: || (&& (== net45) (>= netstandard1.3)) (== net50) (&& (== netstandard1.0) (>= netstandard1.3)) (== netstandard1.6) (== netstandard2.0)
      System.Runtime (>= 4.3) - restriction: || (&& (== net45) (>= netstandard1.3)) (== net50) (&& (== netstandard1.0) (>= netstandard1.3)) (== netstandard1.6) (== netstandard2.0)
    System.Globalization.Extensions (4.3) - restriction: || (&& (== net45) (< net20) (>= netstandard1.5)) (&& (== net45) (< net20) (>= netstandard1.6)) (&& (== net45) (>= netstandard1.6) (>= uap10.0)) (&& (== net46) (< net20) (>= netstandard1.5)) (&& (== net46) (< net20) (>= netstandard1.6)) (&& (== net46) (>= netstandard1.6) (>= uap10.0)) (== net50) (&& (== netstandard1.0) (>= netstandard1.5)) (&& (== netstandard1.0) (>= netstandard1.6)) (== netstandard1.6) (== netstandard2.0)
      Microsoft.NETCore.Platforms (>= 1.1) - restriction: || (&& (== net45) (>= netstandard1.3)) (== net50) (&& (== netstandard1.0) (>= netstandard1.3)) (== netstandard1.6) (== netstandard2.0)
      System.Globalization (>= 4.3) - restriction: || (&& (== net45) (>= netstandard1.3)) (== net50) (&& (== netstandard1.0) (>= netstandard1.3)) (== netstandard1.6) (== netstandard2.0)
      System.Resources.ResourceManager (>= 4.3) - restriction: || (&& (== net45) (>= netstandard1.3)) (== net50) (&& (== netstandard1.0) (>= netstandard1.3)) (== netstandard1.6) (== netstandard2.0)
      System.Runtime (>= 4.3) - restriction: || (&& (== net45) (>= netstandard1.3)) (== net50) (&& (== netstandard1.0) (>= netstandard1.3)) (== netstandard1.6) (== netstandard2.0)
      System.Runtime.Extensions (>= 4.3) - restriction: || (&& (== net45) (>= netstandard1.3)) (== net50) (&& (== netstandard1.0) (>= netstandard1.3)) (== netstandard1.6) (== netstandard2.0)
      System.Runtime.InteropServices (>= 4.3) - restriction: || (&& (== net45) (>= netstandard1.3)) (== net50) (&& (== netstandard1.0) (>= netstandard1.3)) (== netstandard1.6) (== netstandard2.0)
    System.IO (4.3) - restriction: || (&& (== net45) (< net20)) (&& (== net45) (>= uap10.0)) (&& (== net46) (< net20)) (&& (== net46) (>= uap10.0)) (== net50) (== netstandard1.0) (== netstandard1.6) (== netstandard2.0)
      Microsoft.NETCore.Platforms (>= 1.1) - restriction: || (&& (== net46) (< net45)) (== net50) (== netstandard1.0) (== netstandard1.6) (== netstandard2.0)
      Microsoft.NETCore.Targets (>= 1.1) - restriction: || (&& (== net46) (< net45)) (== net50) (== netstandard1.0) (== netstandard1.6) (== netstandard2.0)
      System.Runtime (>= 4.3) - restriction: || (&& (== net46) (< net45)) (== net50) (== netstandard1.0) (== netstandard1.6) (== netstandard2.0)
      System.Text.Encoding (>= 4.3) - restriction: || (&& (== net46) (< net45)) (== net50) (== netstandard1.0) (== netstandard1.6) (== netstandard2.0)
      System.Threading.Tasks (>= 4.3) - restriction: || (&& (== net46) (< net45)) (== net50) (== netstandard1.0) (== netstandard1.6) (== netstandard2.0)
    System.IO.Compression (4.3) - restriction: || (&& (== net45) (== net50)) (&& (== net45) (== netstandard1.0)) (&& (== net45) (== netstandard2.0)) (&& (== net45) (< net20)) (&& (== net45) (>= uap10.0)) (&& (== net46) (== net50)) (&& (== net46) (== netstandard1.0)) (&& (== net46) (== netstandard2.0)) (&& (== net46) (< net20)) (&& (== net46) (>= uap10.0)) (&& (== net50) (== netstandard1.0)) (&& (== net50) (< netstandard1.2)) (&& (== net50) (< netstandard1.3)) (&& (== net50) (< netstandard1.4)) (&& (== net50) (< netstandard1.5)) (&& (== net50) (< netstandard1.6)) (&& (== net50) (< netstandard2.0)) (&& (== netstandard1.0) (== netstandard2.0)) (&& (== netstandard1.0) (>= net46)) (&& (== netstandard1.0) (>= netstandard1.1)) (&& (== netstandard1.0) (>= netstandard1.2)) (&& (== netstandard1.0) (>= netstandard1.3)) (&& (== netstandard1.0) (>= netstandard1.4)) (&& (== netstandard1.0) (>= netstandard1.5)) (&& (== netstandard1.0) (>= netstandard1.6)) (&& (== netstandard1.0) (>= uap10.0)) (== netstandard1.6) (&& (== netstandard2.0) (< netstandard1.2)) (&& (== netstandard2.0) (< netstandard1.3))
      Microsoft.NETCore.Platforms (>= 1.1) - restriction: || (&& (== net46) (< net45)) (== net50) (&& (== netstandard1.0) (>= netstandard1.3)) (== netstandard1.6) (== netstandard2.0)
      runtime.native.System (>= 4.3) - restriction: || (&& (== net46) (< net45)) (== net50) (&& (== netstandard1.0) (>= netstandard1.3)) (== netstandard1.6) (== netstandard2.0)
      runtime.native.System.IO.Compression (>= 4.3) - restriction: || (&& (== net46) (< net45)) (== net50) (&& (== netstandard1.0) (>= netstandard1.3)) (== netstandard1.6) (== netstandard2.0)
      System.Buffers (>= 4.3) - restriction: || (&& (== net46) (< net45)) (== net50) (&& (== netstandard1.0) (>= netstandard1.3)) (== netstandard1.6) (== netstandard2.0)
      System.Collections (>= 4.3) - restriction: || (&& (== net46) (< net45)) (== net50) (&& (== netstandard1.0) (>= netstandard1.3)) (== netstandard1.6) (== netstandard2.0)
      System.Diagnostics.Debug (>= 4.3) - restriction: || (&& (== net46) (< net45)) (== net50) (&& (== netstandard1.0) (>= netstandard1.3)) (== netstandard1.6) (== netstandard2.0)
      System.IO (>= 4.3) - restriction: || (&& (== net46) (< net45)) (== net50) (&& (== netstandard1.0) (>= netstandard1.1)) (&& (== netstandard1.0) (>= netstandard1.3)) (== netstandard1.6) (== netstandard2.0)
      System.Resources.ResourceManager (>= 4.3) - restriction: || (&& (== net46) (< net45)) (== net50) (&& (== netstandard1.0) (>= netstandard1.3)) (== netstandard1.6) (== netstandard2.0)
      System.Runtime (>= 4.3) - restriction: || (&& (== net46) (< net45)) (== net50) (&& (== netstandard1.0) (>= netstandard1.1)) (&& (== netstandard1.0) (>= netstandard1.3)) (== netstandard1.6) (== netstandard2.0)
      System.Runtime.Extensions (>= 4.3) - restriction: || (&& (== net46) (< net45)) (== net50) (&& (== netstandard1.0) (>= netstandard1.3)) (== netstandard1.6) (== netstandard2.0)
      System.Runtime.Handles (>= 4.3) - restriction: || (&& (== net46) (< net45)) (== net50) (&& (== netstandard1.0) (>= netstandard1.3)) (== netstandard1.6) (== netstandard2.0)
      System.Runtime.InteropServices (>= 4.3) - restriction: || (&& (== net46) (< net45)) (== net50) (&& (== netstandard1.0) (>= netstandard1.3)) (== netstandard1.6) (== netstandard2.0)
      System.Text.Encoding (>= 4.3) - restriction: || (&& (== net46) (< net45)) (== net50) (&& (== netstandard1.0) (>= netstandard1.1)) (&& (== netstandard1.0) (>= netstandard1.3)) (== netstandard1.6) (== netstandard2.0)
      System.Threading (>= 4.3) - restriction: || (&& (== net46) (< net45)) (== net50) (&& (== netstandard1.0) (>= netstandard1.3)) (== netstandard1.6) (== netstandard2.0)
      System.Threading.Tasks (>= 4.3) - restriction: || (&& (== net46) (< net45)) (== net50) (&& (== netstandard1.0) (>= netstandard1.3)) (== netstandard1.6) (== netstandard2.0)
    System.IO.Compression.ZipFile (4.3) - restriction: || (&& (== net45) (== net50)) (&& (== net45) (== netstandard2.0)) (&& (== net45) (< net20) (>= net46)) (&& (== net45) (< net20) (>= netstandard1.3)) (&& (== net45) (< net20) (>= netstandard1.4)) (&& (== net45) (< net20) (>= netstandard1.5)) (&& (== net45) (< net20) (>= netstandard1.6)) (&& (== net45) (>= uap10.0)) (&& (== net46) (== net50)) (&& (== net46) (== netstandard1.0)) (&& (== net46) (== netstandard2.0)) (&& (== net46) (< net20)) (&& (== net46) (>= uap10.0)) (&& (== net50) (== netstandard1.0)) (&& (== net50) (< netstandard1.3)) (&& (== net50) (< netstandard1.4)) (&& (== net50) (< netstandard1.5)) (&& (== net50) (< netstandard1.6)) (&& (== net50) (< netstandard2.0)) (&& (== netstandard1.0) (== netstandard2.0)) (&& (== netstandard1.0) (>= net46)) (&& (== netstandard1.0) (>= netstandard1.3)) (&& (== netstandard1.0) (>= netstandard1.4)) (&& (== netstandard1.0) (>= netstandard1.5)) (&& (== netstandard1.0) (>= netstandard1.6)) (&& (== netstandard1.0) (>= uap10.0)) (== netstandard1.6) (&& (== netstandard2.0) (< netstandard1.3))
      System.Buffers (>= 4.3) - restriction: || (&& (== net45) (>= netstandard1.3)) (== net50) (&& (== netstandard1.0) (>= netstandard1.3)) (== netstandard1.6) (== netstandard2.0)
      System.IO (>= 4.3) - restriction: || (&& (== net45) (>= netstandard1.3)) (== net50) (&& (== netstandard1.0) (>= netstandard1.3)) (== netstandard1.6) (== netstandard2.0)
      System.IO.Compression (>= 4.3) - restriction: || (&& (== net45) (>= netstandard1.3)) (== net50) (&& (== netstandard1.0) (>= netstandard1.3)) (== netstandard1.6) (== netstandard2.0)
      System.IO.FileSystem (>= 4.3) - restriction: || (&& (== net45) (>= netstandard1.3)) (== net50) (&& (== netstandard1.0) (>= netstandard1.3)) (== netstandard1.6) (== netstandard2.0)
      System.IO.FileSystem.Primitives (>= 4.3) - restriction: || (&& (== net45) (>= netstandard1.3)) (== net50) (&& (== netstandard1.0) (>= netstandard1.3)) (== netstandard1.6) (== netstandard2.0)
      System.Resources.ResourceManager (>= 4.3) - restriction: || (&& (== net45) (>= netstandard1.3)) (== net50) (&& (== netstandard1.0) (>= netstandard1.3)) (== netstandard1.6) (== netstandard2.0)
      System.Runtime (>= 4.3) - restriction: || (&& (== net45) (>= netstandard1.3)) (== net50) (&& (== netstandard1.0) (>= netstandard1.3)) (== netstandard1.6) (== netstandard2.0)
      System.Runtime.Extensions (>= 4.3) - restriction: || (&& (== net45) (>= netstandard1.3)) (== net50) (&& (== netstandard1.0) (>= netstandard1.3)) (== netstandard1.6) (== netstandard2.0)
      System.Text.Encoding (>= 4.3) - restriction: || (&& (== net45) (>= netstandard1.3)) (== net50) (&& (== netstandard1.0) (>= netstandard1.3)) (== netstandard1.6) (== netstandard2.0)
    System.IO.FileSystem (4.3) - restriction: || (&& (== net45) (< net20) (>= net46)) (&& (== net45) (< net20) (>= netstandard1.3)) (&& (== net45) (< net20) (>= netstandard1.4)) (&& (== net45) (< net20) (>= netstandard1.5)) (&& (== net45) (< net20) (>= netstandard1.6)) (&& (== net45) (>= uap10.0)) (&& (== net46) (== netstandard1.0)) (&& (== net46) (< net20)) (&& (== net46) (>= uap10.0)) (== net50) (&& (== netstandard1.0) (>= net46)) (&& (== netstandard1.0) (>= netstandard1.3)) (&& (== netstandard1.0) (>= netstandard1.4)) (&& (== netstandard1.0) (>= netstandard1.5)) (&& (== netstandard1.0) (>= netstandard1.6)) (&& (== netstandard1.0) (>= uap10.0)) (== netstandard1.6) (== netstandard2.0)
      Microsoft.NETCore.Platforms (>= 1.1) - restriction: || (&& (== net45) (>= netstandard1.3)) (== net50) (&& (== netstandard1.0) (>= netstandard1.3)) (== netstandard1.6) (== netstandard2.0)
      Microsoft.NETCore.Targets (>= 1.1) - restriction: || (&& (== net45) (>= netstandard1.3)) (== net50) (&& (== netstandard1.0) (>= netstandard1.3)) (== netstandard1.6) (== netstandard2.0)
      System.IO (>= 4.3) - restriction: || (&& (== net45) (>= netstandard1.3)) (== net50) (&& (== netstandard1.0) (>= netstandard1.3)) (== netstandard1.6) (== netstandard2.0)
      System.IO.FileSystem.Primitives (>= 4.3) - restriction: || (&& (== net45) (>= net46)) (&& (== net45) (>= netstandard1.3)) (== net46) (== net50) (&& (== netstandard1.0) (>= net46)) (&& (== netstandard1.0) (>= netstandard1.3)) (== netstandard1.6) (== netstandard2.0)
      System.Runtime (>= 4.3) - restriction: || (&& (== net45) (>= netstandard1.3)) (== net50) (&& (== netstandard1.0) (>= netstandard1.3)) (== netstandard1.6) (== netstandard2.0)
      System.Runtime.Handles (>= 4.3) - restriction: || (&& (== net45) (>= netstandard1.3)) (== net50) (&& (== netstandard1.0) (>= netstandard1.3)) (== netstandard1.6) (== netstandard2.0)
      System.Text.Encoding (>= 4.3) - restriction: || (&& (== net45) (>= netstandard1.3)) (== net50) (&& (== netstandard1.0) (>= netstandard1.3)) (== netstandard1.6) (== netstandard2.0)
      System.Threading.Tasks (>= 4.3) - restriction: || (&& (== net45) (>= netstandard1.3)) (== net50) (&& (== netstandard1.0) (>= netstandard1.3)) (== netstandard1.6) (== netstandard2.0)
    System.IO.FileSystem.Primitives (4.3) - restriction: || (&& (== net45) (< net20) (>= net46)) (&& (== net45) (< net20) (>= netstandard1.3)) (&& (== net45) (< net20) (>= netstandard1.4)) (&& (== net45) (< net20) (>= netstandard1.5)) (&& (== net45) (< net20) (>= netstandard1.6)) (&& (== net45) (>= uap10.0)) (&& (== net46) (== netstandard1.0)) (&& (== net46) (< net20)) (&& (== net46) (>= uap10.0)) (== net50) (&& (== netstandard1.0) (>= net46)) (&& (== netstandard1.0) (>= netstandard1.3)) (&& (== netstandard1.0) (>= netstandard1.4)) (&& (== netstandard1.0) (>= netstandard1.5)) (&& (== netstandard1.0) (>= netstandard1.6)) (&& (== netstandard1.0) (>= uap10.0)) (== netstandard1.6) (== netstandard2.0)
      System.Runtime (>= 4.3) - restriction: || (&& (== net45) (>= netstandard1.3)) (== net50) (&& (== netstandard1.0) (>= netstandard1.3)) (== netstandard1.6) (== netstandard2.0)
    System.Linq (4.3) - restriction: || (&& (== net45) (< net20)) (&& (== net45) (>= uap10.0)) (&& (== net46) (< net20)) (&& (== net46) (>= uap10.0)) (== net50) (== netstandard1.0) (== netstandard1.6) (== netstandard2.0)
      System.Collections (>= 4.3) - restriction: || (&& (== net46) (< net45)) (== net50) (== netstandard1.0) (== netstandard1.6) (== netstandard2.0)
      System.Diagnostics.Debug (>= 4.3) - restriction: || (&& (== net46) (< net45) (>= netstandard1.6)) (== net50) (&& (== netstandard1.0) (>= netstandard1.6)) (== netstandard1.6) (== netstandard2.0)
      System.Resources.ResourceManager (>= 4.3) - restriction: || (&& (== net46) (< net45) (>= netstandard1.6)) (== net50) (&& (== netstandard1.0) (>= netstandard1.6)) (== netstandard1.6) (== netstandard2.0)
      System.Runtime (>= 4.3) - restriction: || (&& (== net46) (< net45)) (== net50) (== netstandard1.0) (== netstandard1.6) (== netstandard2.0)
      System.Runtime.Extensions (>= 4.3) - restriction: || (&& (== net46) (< net45) (>= netstandard1.6)) (== net50) (&& (== netstandard1.0) (>= netstandard1.6)) (== netstandard1.6) (== netstandard2.0)
    System.Linq.Expressions (4.3) - restriction: || (&& (== net45) (< net20)) (&& (== net45) (>= uap10.0)) (&& (== net46) (< net20)) (&& (== net46) (>= uap10.0)) (== net50) (== netstandard1.0) (== netstandard1.6) (== netstandard2.0)
      System.Collections (>= 4.3) - restriction: || (&& (== net46) (< net45) (>= netstandard1.6)) (== net50) (&& (== netstandard1.0) (>= netstandard1.6)) (== netstandard1.6) (== netstandard2.0)
      System.Diagnostics.Debug (>= 4.3) - restriction: || (&& (== net46) (< net45) (>= netstandard1.6)) (== net50) (&& (== netstandard1.0) (>= netstandard1.6)) (== netstandard1.6) (== netstandard2.0)
      System.Globalization (>= 4.3) - restriction: || (&& (== net46) (< net45) (>= netstandard1.6)) (== net50) (&& (== netstandard1.0) (>= netstandard1.6)) (== netstandard1.6) (== netstandard2.0)
      System.IO (>= 4.3) - restriction: || (&& (== net46) (< net45) (>= netstandard1.6)) (== net50) (&& (== netstandard1.0) (>= netstandard1.6)) (== netstandard1.6) (== netstandard2.0)
      System.Linq (>= 4.3) - restriction: || (&& (== net46) (< net45) (>= netstandard1.6)) (== net50) (&& (== netstandard1.0) (>= netstandard1.6)) (== netstandard1.6) (== netstandard2.0)
      System.ObjectModel (>= 4.3) - restriction: || (&& (== net46) (< net45) (>= netstandard1.6)) (== net50) (&& (== netstandard1.0) (>= netstandard1.6)) (== netstandard1.6) (== netstandard2.0)
      System.Reflection (>= 4.3) - restriction: || (&& (== net46) (< net45)) (== net50) (== netstandard1.0) (== netstandard1.6) (== netstandard2.0)
      System.Reflection.Emit (>= 4.3) - restriction: || (&& (== net46) (< net45) (>= netstandard1.6)) (== net50) (&& (== netstandard1.0) (>= netstandard1.6)) (== netstandard1.6) (== netstandard2.0)
      System.Reflection.Emit.ILGeneration (>= 4.3) - restriction: || (&& (== net46) (< net45) (>= netstandard1.6)) (== net50) (&& (== netstandard1.0) (>= netstandard1.6)) (== netstandard1.6) (== netstandard2.0)
      System.Reflection.Emit.Lightweight (>= 4.3) - restriction: || (&& (== net46) (< net45) (>= netstandard1.6)) (== net50) (&& (== netstandard1.0) (>= netstandard1.6)) (== netstandard1.6) (== netstandard2.0)
      System.Reflection.Extensions (>= 4.3) - restriction: || (&& (== net46) (< net45) (>= netstandard1.6)) (== net50) (&& (== netstandard1.0) (>= netstandard1.6)) (== netstandard1.6) (== netstandard2.0)
      System.Reflection.Primitives (>= 4.3) - restriction: || (&& (== net46) (< net45) (>= netstandard1.6)) (== net50) (&& (== netstandard1.0) (>= netstandard1.6)) (== netstandard1.6) (== netstandard2.0)
      System.Reflection.TypeExtensions (>= 4.3) - restriction: || (&& (== net46) (< net45) (>= netstandard1.6)) (== net50) (&& (== netstandard1.0) (>= netstandard1.6)) (== netstandard1.6) (== netstandard2.0)
      System.Resources.ResourceManager (>= 4.3) - restriction: || (&& (== net46) (< net45) (>= netstandard1.6)) (== net50) (&& (== netstandard1.0) (>= netstandard1.6)) (== netstandard1.6) (== netstandard2.0)
      System.Runtime (>= 4.3) - restriction: || (&& (== net46) (< net45)) (== net50) (== netstandard1.0) (== netstandard1.6) (== netstandard2.0)
      System.Runtime.Extensions (>= 4.3) - restriction: || (&& (== net46) (< net45) (>= netstandard1.6)) (== net50) (&& (== netstandard1.0) (>= netstandard1.6)) (== netstandard1.6) (== netstandard2.0)
      System.Threading (>= 4.3) - restriction: || (&& (== net46) (< net45) (>= netstandard1.6)) (== net50) (&& (== netstandard1.0) (>= netstandard1.6)) (== netstandard1.6) (== netstandard2.0)
    System.Memory (4.5.4) - restriction: || (&& (== net45) (== net50)) (&& (== net45) (== netstandard2.0)) (&& (== net45) (< net20) (>= net46)) (&& (== net45) (< net20) (>= netstandard1.3)) (&& (== net45) (< net20) (>= netstandard1.6)) (&& (== net45) (< net20) (>= netstandard2.0)) (&& (== net45) (>= uap10.0)) (&& (== net45) (>= uap10.1)) (&& (== net46) (== net50)) (&& (== net46) (== netstandard1.0)) (&& (== net46) (== netstandard2.0)) (&& (== net46) (< net20)) (&& (== net46) (>= uap10.0)) (&& (== net46) (>= uap10.1)) (&& (== net50) (== netstandard1.0)) (&& (== net50) (< netstandard1.2)) (&& (== net50) (< netstandard1.3)) (&& (== net50) (< netstandard1.4)) (&& (== net50) (< netstandard1.5)) (&& (== net50) (< netstandard1.6)) (&& (== net50) (< netstandard2.0)) (&& (== net50) (>= uap10.1)) (&& (== netstandard1.0) (== netstandard2.0)) (&& (== netstandard1.0) (>= net46)) (&& (== netstandard1.0) (>= netstandard1.3)) (&& (== netstandard1.0) (>= netstandard1.4)) (&& (== netstandard1.0) (>= netstandard1.5)) (&& (== netstandard1.0) (>= netstandard1.6)) (&& (== netstandard1.0) (>= netstandard2.0)) (&& (== netstandard1.0) (>= uap10.0)) (&& (== netstandard1.0) (>= uap10.1)) (== netstandard1.6) (&& (== netstandard2.0) (< netstandard1.2)) (&& (== netstandard2.0) (< netstandard1.3))
      System.Buffers (>= 4.5.1) - restriction: || (== net45) (== net46) (&& (== net50) (>= monotouch)) (&& (== net50) (>= net461)) (&& (== net50) (< netcoreapp2.0)) (&& (== net50) (< netstandard1.1)) (&& (== net50) (< netstandard2.0)) (&& (== net50) (>= xamarinios)) (&& (== net50) (>= xamarinmac)) (&& (== net50) (>= xamarintvos)) (&& (== net50) (>= xamarinwatchos)) (&& (== netstandard1.0) (>= monoandroid)) (&& (== netstandard1.0) (>= monotouch)) (&& (== netstandard1.0) (>= net45)) (&& (== netstandard1.0) (>= net461)) (&& (== netstandard1.0) (>= netstandard1.1)) (&& (== netstandard1.0) (>= netstandard2.0)) (&& (== netstandard1.0) (>= portable-net45+win8+wpa81)) (&& (== netstandard1.0) (>= win8)) (&& (== netstandard1.0) (>= wpa81)) (&& (== netstandard1.0) (>= xamarinios)) (&& (== netstandard1.0) (>= xamarinmac)) (&& (== netstandard1.0) (>= xamarintvos)) (&& (== netstandard1.0) (>= xamarinwatchos)) (== netstandard1.6) (== netstandard2.0)
      System.Diagnostics.Debug (>= 4.3) - restriction: || (&& (== net46) (< net45)) (&& (== net50) (< netstandard2.0)) (&& (== netstandard1.0) (>= netstandard1.1)) (== netstandard1.6)
      System.Globalization (>= 4.3) - restriction: || (&& (== net46) (< net45)) (&& (== net50) (< netstandard2.0)) (&& (== netstandard1.0) (>= netstandard1.1)) (== netstandard1.6)
      System.Reflection (>= 4.3) - restriction: || (&& (== net46) (< net45)) (&& (== net50) (< netstandard2.0)) (&& (== netstandard1.0) (>= netstandard1.1)) (== netstandard1.6)
      System.Resources.ResourceManager (>= 4.3) - restriction: || (&& (== net46) (< net45)) (&& (== net50) (< netstandard2.0)) (&& (== netstandard1.0) (>= netstandard1.1)) (== netstandard1.6)
      System.Runtime (>= 4.3) - restriction: || (&& (== net46) (< net45)) (&& (== net50) (< netstandard2.0)) (&& (== netstandard1.0) (>= netstandard1.1)) (== netstandard1.6)
      System.Runtime.CompilerServices.Unsafe (>= 4.5.3) - restriction: || (== net45) (== net46) (&& (== net50) (>= monotouch)) (&& (== net50) (>= net461)) (&& (== net50) (< netcoreapp2.0)) (&& (== net50) (< netcoreapp2.1)) (&& (== net50) (< netstandard1.1)) (&& (== net50) (< netstandard2.0)) (&& (== net50) (>= uap10.1)) (&& (== net50) (>= xamarinios)) (&& (== net50) (>= xamarinmac)) (&& (== net50) (>= xamarintvos)) (&& (== net50) (>= xamarinwatchos)) (&& (== netstandard1.0) (>= monoandroid)) (&& (== netstandard1.0) (>= monotouch)) (&& (== netstandard1.0) (>= net45)) (&& (== netstandard1.0) (>= net461)) (&& (== netstandard1.0) (>= netcoreapp2.0)) (&& (== netstandard1.0) (>= netstandard1.1)) (&& (== netstandard1.0) (>= netstandard2.0)) (&& (== netstandard1.0) (>= portable-net45+win8+wpa81)) (&& (== netstandard1.0) (>= uap10.1)) (&& (== netstandard1.0) (>= win8)) (&& (== netstandard1.0) (>= wpa81)) (&& (== netstandard1.0) (>= xamarinios)) (&& (== netstandard1.0) (>= xamarinmac)) (&& (== netstandard1.0) (>= xamarintvos)) (&& (== netstandard1.0) (>= xamarinwatchos)) (== netstandard1.6) (== netstandard2.0)
      System.Runtime.Extensions (>= 4.3) - restriction: || (&& (== net46) (< net45)) (&& (== net50) (< netstandard2.0)) (&& (== netstandard1.0) (>= netstandard1.1)) (== netstandard1.6)
      System.Runtime.InteropServices (>= 4.3) - restriction: || (&& (== net46) (< net45)) (&& (== net50) (< netstandard2.0)) (&& (== netstandard1.0) (>= netstandard1.1)) (== netstandard1.6)
    System.Net.Http (4.3.4) - restriction: || (&& (== net45) (== net50)) (&& (== net45) (== netstandard1.0)) (&& (== net45) (== netstandard2.0)) (&& (== net45) (< net20)) (&& (== net45) (>= uap10.0)) (&& (== net46) (== net50)) (&& (== net46) (== netstandard1.0)) (&& (== net46) (== netstandard2.0)) (&& (== net46) (< net20)) (&& (== net46) (>= uap10.0)) (&& (== net50) (== netstandard1.0)) (&& (== net50) (< netstandard1.2)) (&& (== net50) (< netstandard1.3)) (&& (== net50) (< netstandard1.4)) (&& (== net50) (< netstandard1.5)) (&& (== net50) (< netstandard1.6)) (&& (== net50) (< netstandard2.0)) (&& (== netstandard1.0) (== netstandard2.0)) (&& (== netstandard1.0) (>= net46)) (&& (== netstandard1.0) (>= netstandard1.1)) (&& (== netstandard1.0) (>= netstandard1.2)) (&& (== netstandard1.0) (>= netstandard1.3)) (&& (== netstandard1.0) (>= netstandard1.4)) (&& (== netstandard1.0) (>= netstandard1.5)) (&& (== netstandard1.0) (>= netstandard1.6)) (&& (== netstandard1.0) (>= uap10.0)) (== netstandard1.6) (&& (== netstandard2.0) (< netstandard1.2)) (&& (== netstandard2.0) (< netstandard1.3))
      Microsoft.NETCore.Platforms (>= 1.1.1) - restriction: || (&& (== net46) (< net45)) (== net50) (&& (== netstandard1.0) (>= netstandard1.3)) (&& (== netstandard1.0) (>= netstandard1.6)) (== netstandard1.6) (== netstandard2.0)
      runtime.native.System (>= 4.3) - restriction: || (&& (== net46) (< net45) (>= netstandard1.6)) (== net50) (&& (== netstandard1.0) (>= netstandard1.6)) (== netstandard1.6) (== netstandard2.0)
      runtime.native.System.Net.Http (>= 4.3) - restriction: || (&& (== net46) (< net45) (>= netstandard1.6)) (== net50) (&& (== netstandard1.0) (>= netstandard1.6)) (== netstandard1.6) (== netstandard2.0)
      runtime.native.System.Security.Cryptography.OpenSsl (>= 4.3.2) - restriction: || (&& (== net46) (< net45) (>= netstandard1.6)) (== net50) (&& (== netstandard1.0) (>= netstandard1.6)) (== netstandard1.6) (== netstandard2.0)
      System.Collections (>= 4.3) - restriction: || (&& (== net46) (< net45)) (== net50) (&& (== netstandard1.0) (>= netstandard1.3)) (&& (== netstandard1.0) (>= netstandard1.6)) (== netstandard1.6) (== netstandard2.0)
      System.Diagnostics.Debug (>= 4.3) - restriction: || (&& (== net46) (< net45)) (== net50) (&& (== netstandard1.0) (>= netstandard1.3)) (&& (== netstandard1.0) (>= netstandard1.6)) (== netstandard1.6) (== netstandard2.0)
      System.Diagnostics.DiagnosticSource (>= 4.3) - restriction: || (&& (== net46) (< net45)) (== net50) (&& (== netstandard1.0) (>= netstandard1.3)) (&& (== netstandard1.0) (>= netstandard1.6)) (== netstandard1.6) (== netstandard2.0)
      System.Diagnostics.Tracing (>= 4.3) - restriction: || (&& (== net46) (< net45)) (== net50) (&& (== netstandard1.0) (>= netstandard1.3)) (&& (== netstandard1.0) (>= netstandard1.6)) (== netstandard1.6) (== netstandard2.0)
      System.Globalization (>= 4.3) - restriction: || (&& (== net46) (< net45)) (== net50) (&& (== netstandard1.0) (>= netstandard1.3)) (&& (== netstandard1.0) (>= netstandard1.6)) (== netstandard1.6) (== netstandard2.0)
      System.Globalization.Extensions (>= 4.3) - restriction: || (&& (== net46) (< net45) (>= netstandard1.6)) (== net50) (&& (== netstandard1.0) (>= netstandard1.6)) (== netstandard1.6) (== netstandard2.0)
      System.IO (>= 4.3) - restriction: || (&& (== net46) (< net45)) (== net50) (&& (== netstandard1.0) (>= netstandard1.1)) (&& (== netstandard1.0) (>= netstandard1.3)) (&& (== netstandard1.0) (>= netstandard1.6)) (== netstandard1.6) (== netstandard2.0)
      System.IO.FileSystem (>= 4.3) - restriction: || (&& (== net46) (< net45) (>= netstandard1.6)) (== net50) (&& (== netstandard1.0) (>= netstandard1.6)) (== netstandard1.6) (== netstandard2.0)
      System.Net.Primitives (>= 4.3) - restriction: || (&& (== net46) (< net45)) (== net50) (&& (== netstandard1.0) (>= netstandard1.1)) (&& (== netstandard1.0) (>= netstandard1.3)) (&& (== netstandard1.0) (>= netstandard1.6)) (== netstandard1.6) (== netstandard2.0)
      System.Resources.ResourceManager (>= 4.3) - restriction: || (&& (== net46) (< net45)) (== net50) (&& (== netstandard1.0) (>= netstandard1.3)) (&& (== netstandard1.0) (>= netstandard1.6)) (== netstandard1.6) (== netstandard2.0)
      System.Runtime (>= 4.3) - restriction: || (&& (== net46) (< net45)) (== net50) (&& (== netstandard1.0) (>= netstandard1.1)) (&& (== netstandard1.0) (>= netstandard1.3)) (&& (== netstandard1.0) (>= netstandard1.6)) (== netstandard1.6) (== netstandard2.0)
      System.Runtime.Extensions (>= 4.3) - restriction: || (&& (== net46) (< net45)) (== net50) (&& (== netstandard1.0) (>= netstandard1.3)) (&& (== netstandard1.0) (>= netstandard1.6)) (== netstandard1.6) (== netstandard2.0)
      System.Runtime.Handles (>= 4.3) - restriction: || (&& (== net46) (< net45)) (== net50) (&& (== netstandard1.0) (>= netstandard1.3)) (&& (== netstandard1.0) (>= netstandard1.6)) (== netstandard1.6) (== netstandard2.0)
      System.Runtime.InteropServices (>= 4.3) - restriction: || (&& (== net46) (< net45)) (== net50) (&& (== netstandard1.0) (>= netstandard1.3)) (&& (== netstandard1.0) (>= netstandard1.6)) (== netstandard1.6) (== netstandard2.0)
      System.Security.Cryptography.Algorithms (>= 4.3) - restriction: || (&& (== net46) (< net45) (>= netstandard1.6)) (== net50) (&& (== netstandard1.0) (>= netstandard1.6)) (== netstandard1.6) (== netstandard2.0)
      System.Security.Cryptography.Encoding (>= 4.3) - restriction: || (&& (== net46) (< net45)) (== net50) (&& (== netstandard1.0) (>= netstandard1.3)) (&& (== netstandard1.0) (>= netstandard1.6)) (== netstandard1.6) (== netstandard2.0)
      System.Security.Cryptography.OpenSsl (>= 4.3) - restriction: || (&& (== net46) (< net45) (>= netstandard1.6)) (== net50) (&& (== netstandard1.0) (>= netstandard1.6)) (== netstandard1.6) (== netstandard2.0)
      System.Security.Cryptography.Primitives (>= 4.3) - restriction: || (&& (== net46) (< net45) (>= netstandard1.6)) (== net50) (&& (== netstandard1.0) (>= netstandard1.6)) (== netstandard1.6) (== netstandard2.0)
      System.Security.Cryptography.X509Certificates (>= 4.3) - restriction: || (&& (== net45) (>= net46)) (== net46) (== net50) (&& (== netstandard1.0) (>= net46)) (&& (== netstandard1.0) (>= netstandard1.3)) (&& (== netstandard1.0) (>= netstandard1.6)) (== netstandard1.6) (== netstandard2.0)
      System.Text.Encoding (>= 4.3) - restriction: || (&& (== net46) (< net45)) (== net50) (&& (== netstandard1.0) (>= netstandard1.1)) (&& (== netstandard1.0) (>= netstandard1.3)) (&& (== netstandard1.0) (>= netstandard1.6)) (== netstandard1.6) (== netstandard2.0)
      System.Threading (>= 4.3) - restriction: || (&& (== net46) (< net45)) (== net50) (&& (== netstandard1.0) (>= netstandard1.3)) (&& (== netstandard1.0) (>= netstandard1.6)) (== netstandard1.6) (== netstandard2.0)
      System.Threading.Tasks (>= 4.3) - restriction: || (&& (== net46) (< net45)) (== net50) (&& (== netstandard1.0) (>= netstandard1.1)) (&& (== netstandard1.0) (>= netstandard1.3)) (&& (== netstandard1.0) (>= netstandard1.6)) (== netstandard1.6) (== netstandard2.0)
    System.Net.Primitives (4.3.1) - restriction: || (&& (== net45) (== net50)) (&& (== net45) (== netstandard2.0)) (&& (== net45) (< net20)) (&& (== net45) (>= uap10.0)) (&& (== net46) (== net50)) (&& (== net46) (== netstandard2.0)) (&& (== net46) (< net20)) (&& (== net46) (>= uap10.0)) (&& (== net50) (< netstandard1.2)) (&& (== net50) (< netstandard1.3)) (&& (== net50) (< netstandard1.4)) (&& (== net50) (< netstandard1.5)) (&& (== net50) (< netstandard1.6)) (&& (== net50) (< netstandard2.0)) (&& (== net50) (< portable-net45+win8+wpa81)) (== netstandard1.0) (== netstandard1.6) (&& (== netstandard2.0) (< netstandard1.2)) (&& (== netstandard2.0) (< netstandard1.3)) (&& (== netstandard2.0) (< portable-net45+win8+wpa81))
      Microsoft.NETCore.Platforms (>= 1.1.1) - restriction: || (&& (== net45) (< netstandard1.1)) (&& (== net46) (< net45)) (&& (== net46) (< netstandard1.1)) (== net50) (== netstandard1.0) (== netstandard1.6) (== netstandard2.0)
      Microsoft.NETCore.Targets (>= 1.1.3) - restriction: || (&& (== net45) (< netstandard1.1)) (&& (== net46) (< net45)) (&& (== net46) (< netstandard1.1)) (== net50) (== netstandard1.0) (== netstandard1.6) (== netstandard2.0)
      System.Runtime (>= 4.3.1) - restriction: || (&& (== net45) (< netstandard1.1)) (&& (== net46) (< net45)) (&& (== net46) (< netstandard1.1)) (== net50) (== netstandard1.0) (== netstandard1.6) (== netstandard2.0)
      System.Runtime.Handles (>= 4.3) - restriction: || (&& (== net46) (< net45)) (== net50) (&& (== netstandard1.0) (>= netstandard1.3)) (== netstandard1.6) (== netstandard2.0)
    System.Net.Sockets (4.3) - restriction: || (&& (== net45) (== net50)) (&& (== net45) (== netstandard2.0)) (&& (== net45) (< net20) (>= net46)) (&& (== net45) (< net20) (>= netstandard1.3)) (&& (== net45) (< net20) (>= netstandard1.4)) (&& (== net45) (< net20) (>= netstandard1.5)) (&& (== net45) (< net20) (>= netstandard1.6)) (&& (== net45) (>= uap10.0)) (&& (== net46) (== net50)) (&& (== net46) (== netstandard1.0)) (&& (== net46) (== netstandard2.0)) (&& (== net46) (< net20)) (&& (== net46) (>= uap10.0)) (&& (== net50) (== netstandard1.0)) (&& (== net50) (< netstandard1.3)) (&& (== net50) (< netstandard1.4)) (&& (== net50) (< netstandard1.5)) (&& (== net50) (< netstandard1.6)) (&& (== net50) (< netstandard2.0)) (&& (== netstandard1.0) (== netstandard2.0)) (&& (== netstandard1.0) (>= net46)) (&& (== netstandard1.0) (>= netstandard1.3)) (&& (== netstandard1.0) (>= netstandard1.4)) (&& (== netstandard1.0) (>= netstandard1.5)) (&& (== netstandard1.0) (>= netstandard1.6)) (&& (== netstandard1.0) (>= uap10.0)) (== netstandard1.6) (&& (== netstandard2.0) (< netstandard1.3))
      Microsoft.NETCore.Platforms (>= 1.1) - restriction: || (&& (== net45) (>= netstandard1.3)) (== net50) (&& (== netstandard1.0) (>= netstandard1.3)) (== netstandard1.6) (== netstandard2.0)
      Microsoft.NETCore.Targets (>= 1.1) - restriction: || (&& (== net45) (>= netstandard1.3)) (== net50) (&& (== netstandard1.0) (>= netstandard1.3)) (== netstandard1.6) (== netstandard2.0)
      System.IO (>= 4.3) - restriction: || (&& (== net45) (>= netstandard1.3)) (== net50) (&& (== netstandard1.0) (>= netstandard1.3)) (== netstandard1.6) (== netstandard2.0)
      System.Net.Primitives (>= 4.3) - restriction: || (&& (== net45) (>= netstandard1.3)) (== net50) (&& (== netstandard1.0) (>= netstandard1.3)) (== netstandard1.6) (== netstandard2.0)
      System.Runtime (>= 4.3) - restriction: || (&& (== net45) (>= netstandard1.3)) (== net50) (&& (== netstandard1.0) (>= netstandard1.3)) (== netstandard1.6) (== netstandard2.0)
      System.Threading.Tasks (>= 4.3) - restriction: || (&& (== net45) (>= netstandard1.3)) (== net50) (&& (== netstandard1.0) (>= netstandard1.3)) (== netstandard1.6) (== netstandard2.0)
    System.ObjectModel (4.3) - restriction: || (&& (== net45) (< net20)) (&& (== net45) (>= uap10.0)) (&& (== net46) (< net20)) (&& (== net46) (>= uap10.0)) (== net50) (== netstandard1.0) (== netstandard1.6) (== netstandard2.0)
      System.Collections (>= 4.3) - restriction: || (&& (== net46) (< net45)) (== net50) (&& (== netstandard1.0) (>= netstandard1.3)) (== netstandard1.6) (== netstandard2.0)
      System.Diagnostics.Debug (>= 4.3) - restriction: || (&& (== net46) (< net45)) (== net50) (&& (== netstandard1.0) (>= netstandard1.3)) (== netstandard1.6) (== netstandard2.0)
      System.Resources.ResourceManager (>= 4.3) - restriction: || (&& (== net46) (< net45)) (== net50) (&& (== netstandard1.0) (>= netstandard1.3)) (== netstandard1.6) (== netstandard2.0)
      System.Runtime (>= 4.3) - restriction: || (&& (== net46) (< net45)) (== net50) (== netstandard1.0) (== netstandard1.6) (== netstandard2.0)
      System.Threading (>= 4.3) - restriction: || (&& (== net46) (< net45)) (== net50) (&& (== netstandard1.0) (>= netstandard1.3)) (== netstandard1.6) (== netstandard2.0)
    System.Reflection (4.3) - restriction: || (&& (== net45) (< net20)) (&& (== net45) (>= uap10.0)) (&& (== net46) (< net20)) (&& (== net46) (>= uap10.0)) (== net50) (== netstandard1.0) (== netstandard1.6) (== netstandard2.0)
      Microsoft.NETCore.Platforms (>= 1.1) - restriction: || (&& (== net46) (< net45)) (== net50) (== netstandard1.0) (== netstandard1.6) (== netstandard2.0)
      Microsoft.NETCore.Targets (>= 1.1) - restriction: || (&& (== net46) (< net45)) (== net50) (== netstandard1.0) (== netstandard1.6) (== netstandard2.0)
      System.IO (>= 4.3) - restriction: || (&& (== net46) (< net45)) (== net50) (== netstandard1.0) (== netstandard1.6) (== netstandard2.0)
      System.Reflection.Primitives (>= 4.3) - restriction: || (&& (== net46) (< net45)) (== net50) (== netstandard1.0) (== netstandard1.6) (== netstandard2.0)
      System.Runtime (>= 4.3) - restriction: || (&& (== net46) (< net45)) (== net50) (== netstandard1.0) (== netstandard1.6) (== netstandard2.0)
    System.Reflection.Emit (4.7) - restriction: || (&& (== net45) (< net20) (>= netstandard1.3)) (&& (== net46) (== netstandard1.0)) (&& (== net46) (< net20)) (== net50) (&& (== netstandard1.0) (>= netstandard1.3)) (== netstandard1.6) (== netstandard2.0)
      System.IO (>= 4.3) - restriction: || (&& (== net46) (< net45)) (&& (== net50) (< netstandard2.0)) (&& (== netstandard1.0) (>= netstandard1.1)) (== netstandard1.6)
      System.Reflection (>= 4.3) - restriction: || (&& (== net46) (< net45)) (&& (== net50) (< netstandard2.0)) (&& (== netstandard1.0) (>= netstandard1.1)) (== netstandard1.6)
      System.Reflection.Emit.ILGeneration (>= 4.7) - restriction: || (&& (== net45) (< netstandard1.1)) (&& (== net45) (>= uap10.1)) (&& (== net45) (>= wpa81)) (&& (== net46) (< net45)) (&& (== net46) (< netstandard1.1)) (&& (== net46) (>= uap10.1)) (&& (== net46) (>= wpa81)) (&& (== net50) (< netcoreapp2.0) (< netstandard2.1)) (&& (== net50) (< netstandard1.1)) (&& (== net50) (< netstandard2.0)) (&& (== net50) (>= uap10.1)) (&& (== netstandard1.0) (>= netstandard1.1)) (&& (== netstandard1.0) (>= netstandard2.0)) (&& (== netstandard1.0) (>= portable-net45+win8+wpa81)) (&& (== netstandard1.0) (>= uap10.1)) (&& (== netstandard1.0) (>= win8)) (&& (== netstandard1.0) (>= wpa81)) (== netstandard1.6) (== netstandard2.0)
      System.Reflection.Primitives (>= 4.3) - restriction: || (&& (== net46) (< net45)) (&& (== net50) (< netstandard2.0)) (&& (== netstandard1.0) (>= netstandard1.1)) (== netstandard1.6)
      System.Resources.ResourceManager (>= 4.3) - restriction: || (&& (== net46) (< net45)) (&& (== net50) (< netstandard2.0)) (&& (== netstandard1.0) (>= netstandard1.1)) (== netstandard1.6)
      System.Runtime (>= 4.3) - restriction: || (&& (== net46) (< net45)) (&& (== net50) (< netstandard2.0)) (&& (== netstandard1.0) (>= netstandard1.1)) (== netstandard1.6)
      System.Runtime.InteropServices (>= 4.3) - restriction: || (&& (== net46) (< net45)) (&& (== net50) (< netstandard2.0)) (&& (== netstandard1.0) (>= netstandard1.1)) (== netstandard1.6)
    System.Reflection.Emit.ILGeneration (4.7) - restriction: || (&& (== net45) (< net20) (>= netstandard1.3)) (&& (== net45) (< net20) (>= netstandard2.0)) (&& (== net45) (< netstandard1.1) (>= netstandard1.3) (>= win8)) (&& (== net45) (>= netstandard1.3) (>= wpa81)) (&& (== net45) (>= uap10.1)) (&& (== net46) (== netstandard1.0)) (&& (== net46) (< net20)) (&& (== net46) (< netstandard1.1) (>= win8)) (&& (== net46) (>= uap10.1)) (&& (== net46) (>= wpa81)) (== net50) (&& (== netstandard1.0) (>= netstandard1.3)) (&& (== netstandard1.0) (>= netstandard2.0)) (&& (== netstandard1.0) (>= uap10.1)) (== netstandard1.6) (== netstandard2.0)
      System.Reflection (>= 4.3) - restriction: || (&& (== net46) (< net45)) (&& (== net50) (< netstandard2.0)) (== netstandard1.0) (== netstandard1.6)
      System.Reflection.Primitives (>= 4.3) - restriction: || (&& (== net46) (< net45)) (&& (== net50) (< netstandard2.0)) (== netstandard1.0) (== netstandard1.6)
      System.Resources.ResourceManager (>= 4.3) - restriction: || (&& (== net46) (< net45)) (&& (== net50) (< netstandard2.0)) (== netstandard1.0) (== netstandard1.6)
      System.Runtime (>= 4.3) - restriction: || (&& (== net46) (< net45)) (&& (== net50) (< netstandard2.0)) (== netstandard1.0) (== netstandard1.6)
    System.Reflection.Emit.Lightweight (4.7) - restriction: || (&& (== net45) (< net20) (>= netstandard1.6)) (&& (== net46) (< net20) (>= netstandard1.6)) (== net50) (&& (== netstandard1.0) (>= netstandard1.6)) (== netstandard1.6) (== netstandard2.0)
      System.Reflection (>= 4.3) - restriction: || (&& (== net46) (< net45)) (&& (== net50) (< netstandard2.0)) (== netstandard1.0) (== netstandard1.6)
      System.Reflection.Emit.ILGeneration (>= 4.7) - restriction: || (&& (== net45) (< portable-net45+wp8)) (&& (== net45) (>= uap10.1)) (&& (== net45) (>= wpa81)) (&& (== net46) (< net45)) (&& (== net46) (< portable-net45+wp8)) (&& (== net46) (>= uap10.1)) (&& (== net46) (>= wpa81)) (&& (== net50) (< netcoreapp2.0) (< netstandard2.1)) (&& (== net50) (< netstandard2.0)) (&& (== net50) (< portable-net45+wp8)) (&& (== net50) (>= uap10.1)) (== netstandard1.0) (== netstandard1.6) (== netstandard2.0)
      System.Reflection.Primitives (>= 4.3) - restriction: || (&& (== net46) (< net45)) (&& (== net50) (< netstandard2.0)) (== netstandard1.0) (== netstandard1.6)
      System.Resources.ResourceManager (>= 4.3) - restriction: || (&& (== net46) (< net45)) (&& (== net50) (< netstandard2.0)) (== netstandard1.0) (== netstandard1.6)
      System.Runtime (>= 4.3) - restriction: || (&& (== net46) (< net45)) (&& (== net50) (< netstandard2.0)) (== netstandard1.0) (== netstandard1.6)
    System.Reflection.Extensions (4.3) - restriction: || (&& (== net45) (< net20)) (&& (== net45) (< netstandard1.0) (>= win8)) (&& (== net45) (>= uap10.0)) (&& (== net45) (>= wpa81)) (&& (== net46) (< net20)) (&& (== net46) (< netstandard1.0) (>= win8)) (&& (== net46) (< netstandard1.3) (>= wpa81)) (&& (== net46) (>= uap10.0)) (== net50) (== netstandard1.0) (== netstandard1.6) (== netstandard2.0)
      Microsoft.NETCore.Platforms (>= 1.1) - restriction: || (&& (== net46) (< net45)) (== net50) (== netstandard1.0) (== netstandard1.6) (== netstandard2.0)
      Microsoft.NETCore.Targets (>= 1.1) - restriction: || (&& (== net46) (< net45)) (== net50) (== netstandard1.0) (== netstandard1.6) (== netstandard2.0)
      System.Reflection (>= 4.3) - restriction: || (&& (== net46) (< net45)) (== net50) (== netstandard1.0) (== netstandard1.6) (== netstandard2.0)
      System.Runtime (>= 4.3) - restriction: || (&& (== net46) (< net45)) (== net50) (== netstandard1.0) (== netstandard1.6) (== netstandard2.0)
    System.Reflection.Metadata (5.0) - restriction: || (&& (== net45) (>= netcoreapp1.0)) (&& (== net46) (>= netcoreapp1.0)) (== net50) (&& (== netstandard1.0) (>= netcoreapp1.0)) (&& (== netstandard1.6) (>= netcoreapp1.0)) (&& (== netstandard2.0) (>= netcoreapp1.0))
    System.Reflection.Primitives (4.3) - restriction: || (&& (== net45) (< net20)) (&& (== net45) (>= uap10.0)) (&& (== net46) (< net20)) (&& (== net46) (>= uap10.0)) (== net50) (== netstandard1.0) (== netstandard1.6) (== netstandard2.0)
      Microsoft.NETCore.Platforms (>= 1.1) - restriction: || (&& (== net46) (< net45)) (== net50) (== netstandard1.0) (== netstandard1.6) (== netstandard2.0)
      Microsoft.NETCore.Targets (>= 1.1) - restriction: || (&& (== net46) (< net45)) (== net50) (== netstandard1.0) (== netstandard1.6) (== netstandard2.0)
      System.Runtime (>= 4.3) - restriction: || (&& (== net46) (< net45)) (== net50) (== netstandard1.0) (== netstandard1.6) (== netstandard2.0)
    System.Reflection.TypeExtensions (4.7) - restriction: || (&& (== net45) (< net20) (>= netstandard1.3)) (&& (== net45) (< net20) (>= netstandard1.5)) (&& (== net46) (== netstandard1.0)) (&& (== net46) (< net20)) (== net50) (&& (== netstandard1.0) (>= netstandard1.3)) (&& (== netstandard1.0) (>= netstandard1.5)) (== netstandard1.6) (== netstandard2.0)
      System.Reflection (>= 4.3) - restriction: || (&& (== net45) (>= netstandard1.3)) (&& (== net45) (>= netstandard1.5)) (&& (== net50) (< netstandard1.5)) (&& (== net50) (< netstandard2.0)) (&& (== netstandard1.0) (>= netstandard1.3)) (&& (== netstandard1.0) (>= netstandard1.5)) (== netstandard1.6) (&& (== netstandard2.0) (< netstandard1.5))
      System.Resources.ResourceManager (>= 4.3) - restriction: || (&& (== net45) (>= netstandard1.3)) (&& (== net45) (>= netstandard1.5)) (&& (== net50) (< netstandard1.5)) (&& (== net50) (< netstandard2.0)) (&& (== netstandard1.0) (>= netstandard1.3)) (&& (== netstandard1.0) (>= netstandard1.5)) (== netstandard1.6) (&& (== netstandard2.0) (< netstandard1.5))
      System.Runtime (>= 4.3) - restriction: || (&& (== net45) (>= netstandard1.3)) (&& (== net45) (>= netstandard1.5)) (&& (== net50) (< netstandard1.5)) (&& (== net50) (< netstandard2.0)) (&& (== netstandard1.0) (>= netstandard1.3)) (&& (== netstandard1.0) (>= netstandard1.5)) (== netstandard1.6) (&& (== netstandard2.0) (< netstandard1.5))
    System.Resources.ResourceManager (4.3) - restriction: || (&& (== net45) (< net20)) (&& (== net45) (>= uap10.0)) (&& (== net46) (< net20)) (&& (== net46) (>= uap10.0)) (== net50) (== netstandard1.0) (== netstandard1.6) (== netstandard2.0)
      Microsoft.NETCore.Platforms (>= 1.1) - restriction: || (&& (== net46) (< net45)) (== net50) (== netstandard1.0) (== netstandard1.6) (== netstandard2.0)
      Microsoft.NETCore.Targets (>= 1.1) - restriction: || (&& (== net46) (< net45)) (== net50) (== netstandard1.0) (== netstandard1.6) (== netstandard2.0)
      System.Globalization (>= 4.3) - restriction: || (&& (== net46) (< net45)) (== net50) (== netstandard1.0) (== netstandard1.6) (== netstandard2.0)
      System.Reflection (>= 4.3) - restriction: || (&& (== net46) (< net45)) (== net50) (== netstandard1.0) (== netstandard1.6) (== netstandard2.0)
      System.Runtime (>= 4.3) - restriction: || (&& (== net46) (< net45)) (== net50) (== netstandard1.0) (== netstandard1.6) (== netstandard2.0)
    System.Runtime (4.3.1) - restriction: || (&& (== net45) (< net20)) (&& (== net45) (>= uap10.0)) (&& (== net46) (< net20)) (&& (== net46) (>= uap10.0)) (== net50) (== netstandard1.0) (== netstandard1.6) (== netstandard2.0)
      Microsoft.NETCore.Platforms (>= 1.1.1) - restriction: || (&& (== net46) (< net45)) (== net50) (== netstandard1.0) (== netstandard1.6) (== netstandard2.0)
      Microsoft.NETCore.Targets (>= 1.1.3) - restriction: || (&& (== net46) (< net45)) (== net50) (== netstandard1.0) (== netstandard1.6) (== netstandard2.0)
    System.Runtime.CompilerServices.Unsafe (5.0) - restriction: || (&& (== net45) (== net50)) (&& (== net45) (>= monoandroid) (>= netstandard1.3)) (&& (== net45) (>= monoandroid) (>= netstandard1.6)) (&& (== net45) (>= monotouch)) (&& (== net45) (< net20) (>= net46)) (&& (== net45) (< net20) (>= net461)) (&& (== net45) (< net20) (>= netstandard1.3)) (&& (== net45) (< net20) (>= netstandard1.6)) (&& (== net45) (< net20) (>= netstandard2.0)) (&& (== net45) (>= netcoreapp2.1)) (&& (== net45) (< netstandard1.0) (>= netstandard1.3) (>= win8)) (&& (== net45) (>= netstandard1.3) (>= wp8)) (&& (== net45) (>= netstandard1.3) (>= wpa81)) (&& (== net45) (>= uap10.0)) (&& (== net45) (>= uap10.1)) (&& (== net45) (>= xamarinios)) (&& (== net45) (>= xamarinmac)) (&& (== net45) (>= xamarintvos)) (&& (== net45) (>= xamarinwatchos)) (&& (== net46) (== net50)) (&& (== net46) (== netstandard1.0)) (&& (== net46) (>= monoandroid)) (&& (== net46) (>= monotouch)) (&& (== net46) (< net20)) (&& (== net46) (>= netcoreapp2.1)) (&& (== net46) (< netstandard1.0) (>= win8)) (&& (== net46) (>= uap10.0)) (&& (== net46) (>= uap10.1)) (&& (== net46) (>= wp8)) (&& (== net46) (>= wpa81)) (&& (== net46) (>= xamarinios)) (&& (== net46) (>= xamarinmac)) (&& (== net46) (>= xamarintvos)) (&& (== net46) (>= xamarinwatchos)) (&& (== net50) (== netstandard1.0)) (&& (== net50) (>= monotouch)) (&& (== net50) (>= net461)) (&& (== net50) (< netcoreapp2.1)) (&& (== net50) (< netstandard1.0)) (&& (== net50) (< netstandard1.2)) (&& (== net50) (< netstandard1.3)) (&& (== net50) (< netstandard1.4)) (&& (== net50) (< netstandard1.5)) (&& (== net50) (< netstandard1.6)) (&& (== net50) (< netstandard2.0)) (&& (== net50) (>= uap10.1)) (&& (== net50) (>= wp8)) (&& (== netstandard1.0) (>= monotouch)) (&& (== netstandard1.0) (>= net46)) (&& (== netstandard1.0) (>= net461)) (&& (== netstandard1.0) (>= netcoreapp2.1)) (&& (== netstandard1.0) (>= netstandard1.3)) (&& (== netstandard1.0) (>= netstandard1.4)) (&& (== netstandard1.0) (>= netstandard1.5)) (&& (== netstandard1.0) (>= netstandard1.6)) (&& (== netstandard1.0) (>= netstandard2.0)) (&& (== netstandard1.0) (>= uap10.0)) (&& (== netstandard1.0) (>= uap10.1)) (&& (== netstandard1.0) (>= xamarinios)) (&& (== netstandard1.0) (>= xamarinmac)) (&& (== netstandard1.0) (>= xamarintvos)) (&& (== netstandard1.0) (>= xamarinwatchos)) (== netstandard1.6) (== netstandard2.0)
      System.Runtime (>= 4.3) - restriction: || (&& (== net46) (< net45)) (&& (== net50) (< netstandard2.0)) (== netstandard1.0) (== netstandard1.6)
    System.Runtime.Extensions (4.3.1) - restriction: || (&& (== net45) (< net20)) (&& (== net45) (>= uap10.0)) (&& (== net46) (< net20)) (&& (== net46) (>= uap10.0)) (== net50) (== netstandard1.0) (== netstandard1.6) (== netstandard2.0)
      Microsoft.NETCore.Platforms (>= 1.1.1) - restriction: || (&& (== net46) (< net45)) (== net50) (== netstandard1.0) (== netstandard1.6) (== netstandard2.0)
      Microsoft.NETCore.Targets (>= 1.1.3) - restriction: || (&& (== net46) (< net45)) (== net50) (== netstandard1.0) (== netstandard1.6) (== netstandard2.0)
      System.Runtime (>= 4.3.1) - restriction: || (&& (== net46) (< net45)) (== net50) (== netstandard1.0) (== netstandard1.6) (== netstandard2.0)
    System.Runtime.Handles (4.3) - restriction: || (&& (== net45) (< net20) (>= netstandard1.3)) (&& (== net45) (< net20) (>= netstandard1.4)) (&& (== net45) (< net20) (>= netstandard1.5)) (&& (== net45) (< net20) (>= netstandard1.6)) (&& (== net45) (>= uap10.0)) (&& (== net46) (== netstandard1.0)) (&& (== net46) (< net20)) (&& (== net46) (>= uap10.0)) (== net50) (&& (== netstandard1.0) (>= netstandard1.3)) (&& (== netstandard1.0) (>= netstandard1.4)) (&& (== netstandard1.0) (>= netstandard1.5)) (&& (== netstandard1.0) (>= netstandard1.6)) (&& (== netstandard1.0) (>= uap10.0)) (== netstandard1.6) (== netstandard2.0)
      Microsoft.NETCore.Platforms (>= 1.1) - restriction: || (&& (== net45) (>= netstandard1.3)) (== net50) (&& (== netstandard1.0) (>= netstandard1.3)) (== netstandard1.6) (== netstandard2.0)
      Microsoft.NETCore.Targets (>= 1.1) - restriction: || (&& (== net45) (>= netstandard1.3)) (== net50) (&& (== netstandard1.0) (>= netstandard1.3)) (== netstandard1.6) (== netstandard2.0)
      System.Runtime (>= 4.3) - restriction: || (&& (== net45) (>= netstandard1.3)) (== net50) (&& (== netstandard1.0) (>= netstandard1.3)) (== netstandard1.6) (== netstandard2.0)
    System.Runtime.InteropServices (4.3) - restriction: || (&& (== net45) (< net20) (>= netstandard1.3)) (&& (== net46) (== netstandard1.0)) (&& (== net46) (< net20)) (== net50) (&& (== netstandard1.0) (>= netstandard1.3)) (== netstandard1.6) (== netstandard2.0)
      Microsoft.NETCore.Platforms (>= 1.1) - restriction: || (&& (== net45) (>= netcoreapp1.1)) (&& (== net46) (< net45)) (&& (== net46) (>= netcoreapp1.1)) (== net50) (&& (== netstandard1.0) (>= netcoreapp1.1)) (&& (== netstandard1.0) (>= netstandard1.1)) (&& (== netstandard1.0) (>= netstandard1.2)) (&& (== netstandard1.0) (>= netstandard1.3)) (&& (== netstandard1.0) (>= netstandard1.5)) (== netstandard1.6) (== netstandard2.0)
      Microsoft.NETCore.Targets (>= 1.1) - restriction: || (&& (== net45) (>= netcoreapp1.1)) (&& (== net46) (< net45)) (&& (== net46) (>= netcoreapp1.1)) (== net50) (&& (== netstandard1.0) (>= netcoreapp1.1)) (&& (== netstandard1.0) (>= netstandard1.1)) (&& (== netstandard1.0) (>= netstandard1.2)) (&& (== netstandard1.0) (>= netstandard1.3)) (&& (== netstandard1.0) (>= netstandard1.5)) (== netstandard1.6) (== netstandard2.0)
      System.Reflection (>= 4.3) - restriction: || (&& (== net45) (>= netcoreapp1.1)) (&& (== net46) (< net45)) (&& (== net46) (>= netcoreapp1.1)) (== net50) (&& (== netstandard1.0) (>= netcoreapp1.1)) (&& (== netstandard1.0) (>= netstandard1.1)) (&& (== netstandard1.0) (>= netstandard1.2)) (&& (== netstandard1.0) (>= netstandard1.3)) (&& (== netstandard1.0) (>= netstandard1.5)) (== netstandard1.6) (== netstandard2.0)
      System.Reflection.Primitives (>= 4.3) - restriction: || (&& (== net45) (>= netcoreapp1.1)) (&& (== net46) (< net45)) (&& (== net46) (>= netcoreapp1.1)) (== net50) (&& (== netstandard1.0) (>= netcoreapp1.1)) (&& (== netstandard1.0) (>= netstandard1.1)) (&& (== netstandard1.0) (>= netstandard1.2)) (&& (== netstandard1.0) (>= netstandard1.3)) (&& (== netstandard1.0) (>= netstandard1.5)) (== netstandard1.6) (== netstandard2.0)
      System.Runtime (>= 4.3) - restriction: || (&& (== net45) (>= net462)) (&& (== net45) (>= netcoreapp1.1)) (&& (== net46) (< net45)) (&& (== net46) (>= net462)) (&& (== net46) (>= netcoreapp1.1)) (== net50) (&& (== netstandard1.0) (>= net462)) (&& (== netstandard1.0) (>= netcoreapp1.1)) (&& (== netstandard1.0) (>= netstandard1.1)) (&& (== netstandard1.0) (>= netstandard1.2)) (&& (== netstandard1.0) (>= netstandard1.3)) (&& (== netstandard1.0) (>= netstandard1.5)) (== netstandard1.6) (== netstandard2.0)
      System.Runtime.Handles (>= 4.3) - restriction: || (&& (== net45) (>= netcoreapp1.1)) (&& (== net46) (< net45)) (&& (== net46) (>= netcoreapp1.1)) (== net50) (&& (== netstandard1.0) (>= netcoreapp1.1)) (&& (== netstandard1.0) (>= netstandard1.3)) (&& (== netstandard1.0) (>= netstandard1.5)) (== netstandard1.6) (== netstandard2.0)
    System.Runtime.InteropServices.RuntimeInformation (4.3) - restriction: || (&& (== net45) (== net50)) (&& (== net45) (== netstandard1.0)) (&& (== net45) (== netstandard2.0)) (&& (== net45) (< net20)) (&& (== net45) (< netstandard1.0) (>= win8)) (&& (== net45) (>= uap10.0)) (&& (== net45) (>= wpa81)) (&& (== net46) (== net50)) (&& (== net46) (== netstandard1.0)) (&& (== net46) (== netstandard2.0)) (&& (== net46) (< net20)) (&& (== net46) (< netstandard1.0) (>= win8)) (&& (== net46) (< netstandard1.3) (>= wpa81)) (&& (== net46) (>= uap10.0)) (&& (== net50) (== netstandard1.0)) (&& (== net50) (< netstandard1.0)) (&& (== net50) (< netstandard1.2)) (&& (== net50) (< netstandard1.3)) (&& (== net50) (< netstandard1.4)) (&& (== net50) (< netstandard1.5)) (&& (== net50) (< netstandard1.6)) (&& (== net50) (< netstandard2.0)) (&& (== netstandard1.0) (== netstandard2.0)) (&& (== netstandard1.0) (>= net45)) (&& (== netstandard1.0) (>= net46)) (&& (== netstandard1.0) (>= netstandard1.1)) (&& (== netstandard1.0) (>= netstandard1.2)) (&& (== netstandard1.0) (>= netstandard1.3)) (&& (== netstandard1.0) (>= netstandard1.4)) (&& (== netstandard1.0) (>= netstandard1.5)) (&& (== netstandard1.0) (>= netstandard1.6)) (&& (== netstandard1.0) (>= uap10.0)) (&& (== netstandard1.0) (>= wpa81)) (== netstandard1.6) (&& (== netstandard2.0) (< netstandard1.0)) (&& (== netstandard2.0) (< netstandard1.2)) (&& (== netstandard2.0) (< netstandard1.3))
      runtime.native.System (>= 4.3) - restriction: || (&& (== net46) (< net45)) (== net50) (&& (== netstandard1.0) (>= netstandard1.1)) (== netstandard1.6) (== netstandard2.0)
      System.Reflection (>= 4.3) - restriction: || (&& (== net46) (< net45)) (== net50) (&& (== netstandard1.0) (>= netstandard1.1)) (== netstandard1.6) (== netstandard2.0)
      System.Reflection.Extensions (>= 4.3) - restriction: || (&& (== net46) (< net45)) (== net50) (&& (== netstandard1.0) (>= netstandard1.1)) (== netstandard1.6) (== netstandard2.0)
      System.Resources.ResourceManager (>= 4.3) - restriction: || (&& (== net46) (< net45)) (== net50) (&& (== netstandard1.0) (>= netstandard1.1)) (== netstandard1.6) (== netstandard2.0)
      System.Runtime (>= 4.3) - restriction: || (&& (== net46) (< net45)) (== net50) (&& (== netstandard1.0) (>= netstandard1.1)) (== netstandard1.6) (== netstandard2.0)
      System.Runtime.InteropServices (>= 4.3) - restriction: || (&& (== net46) (< net45)) (== net50) (&& (== netstandard1.0) (>= netstandard1.1)) (== netstandard1.6) (== netstandard2.0)
      System.Threading (>= 4.3) - restriction: || (&& (== net46) (< net45)) (== net50) (&& (== netstandard1.0) (>= netstandard1.1)) (== netstandard1.6) (== netstandard2.0)
    System.Runtime.Numerics (4.3) - restriction: || (&& (== net45) (== netstandard1.0)) (&& (== net45) (< net20)) (&& (== net45) (>= uap10.0)) (&& (== net46) (== netstandard1.0)) (&& (== net46) (< net20)) (&& (== net46) (>= uap10.0)) (== net50) (&& (== netstandard1.0) (>= netstandard1.1)) (&& (== netstandard1.0) (>= netstandard1.2)) (&& (== netstandard1.0) (>= netstandard1.3)) (&& (== netstandard1.0) (>= netstandard1.4)) (&& (== netstandard1.0) (>= netstandard1.5)) (&& (== netstandard1.0) (>= netstandard1.6)) (&& (== netstandard1.0) (>= uap10.0)) (== netstandard1.6) (== netstandard2.0)
      System.Globalization (>= 4.3) - restriction: || (&& (== net46) (< net45)) (== net50) (&& (== netstandard1.0) (>= netstandard1.3)) (== netstandard1.6) (== netstandard2.0)
      System.Resources.ResourceManager (>= 4.3) - restriction: || (&& (== net46) (< net45)) (== net50) (&& (== netstandard1.0) (>= netstandard1.3)) (== netstandard1.6) (== netstandard2.0)
      System.Runtime (>= 4.3) - restriction: || (&& (== net46) (< net45)) (== net50) (&& (== netstandard1.0) (>= netstandard1.1)) (&& (== netstandard1.0) (>= netstandard1.3)) (== netstandard1.6) (== netstandard2.0)
      System.Runtime.Extensions (>= 4.3) - restriction: || (&& (== net46) (< net45)) (== net50) (&& (== netstandard1.0) (>= netstandard1.3)) (== netstandard1.6) (== netstandard2.0)
    System.Runtime.Serialization.Formatters (4.3) - restriction: || (&& (== net45) (< net20) (>= netstandard1.3)) (&& (== net46) (== netstandard1.0)) (&& (== net46) (< net20)) (== net50) (&& (== netstandard1.0) (>= netstandard1.3)) (== netstandard1.6) (== netstandard2.0)
      System.Collections (>= 4.3) - restriction: || (&& (== net45) (>= netstandard1.4)) (== net50) (&& (== netstandard1.0) (>= netstandard1.4)) (== netstandard1.6) (== netstandard2.0)
      System.Reflection (>= 4.3) - restriction: || (&& (== net45) (>= netstandard1.4)) (== net50) (&& (== netstandard1.0) (>= netstandard1.4)) (== netstandard1.6) (== netstandard2.0)
      System.Resources.ResourceManager (>= 4.3) - restriction: || (&& (== net45) (>= netstandard1.4)) (== net50) (&& (== netstandard1.0) (>= netstandard1.4)) (== netstandard1.6) (== netstandard2.0)
      System.Runtime (>= 4.3) - restriction: || (&& (== net45) (>= netstandard1.3)) (&& (== net45) (>= netstandard1.4)) (== net50) (&& (== netstandard1.0) (>= netstandard1.3)) (&& (== netstandard1.0) (>= netstandard1.4)) (== netstandard1.6) (== netstandard2.0)
      System.Runtime.Serialization.Primitives (>= 4.3) - restriction: || (&& (== net45) (>= net46)) (&& (== net45) (>= netstandard1.3)) (&& (== net45) (>= netstandard1.4)) (== net46) (== net50) (&& (== netstandard1.0) (>= net46)) (&& (== netstandard1.0) (>= netstandard1.3)) (&& (== netstandard1.0) (>= netstandard1.4)) (== netstandard1.6) (== netstandard2.0)
    System.Runtime.Serialization.Primitives (4.3) - restriction: || (&& (== net45) (< net20)) (&& (== net46) (< net20)) (== net50) (== netstandard1.0) (== netstandard1.6) (== netstandard2.0)
      System.Resources.ResourceManager (>= 4.3) - restriction: || (&& (== net46) (< net45)) (== net50) (&& (== netstandard1.0) (>= netstandard1.3)) (== netstandard1.6) (== netstandard2.0)
      System.Runtime (>= 4.3) - restriction: || (&& (== net46) (< net45)) (== net50) (== netstandard1.0) (== netstandard1.6) (== netstandard2.0)
    System.Security.Cryptography.Algorithms (4.3.1) - restriction: || (&& (== net45) (== net50)) (&& (== net45) (== netstandard2.0)) (&& (== net45) (< net20) (>= net46)) (&& (== net45) (< net20) (>= netstandard1.3)) (&& (== net45) (< net20) (>= netstandard1.4)) (&& (== net45) (< net20) (>= netstandard1.5)) (&& (== net45) (< net20) (>= netstandard1.6)) (&& (== net45) (>= uap10.0)) (&& (== net46) (== net50)) (&& (== net46) (== netstandard1.0)) (&& (== net46) (== netstandard2.0)) (&& (== net46) (< net20)) (&& (== net46) (>= uap10.0)) (&& (== net50) (== netstandard1.0)) (&& (== net50) (< netstandard1.2)) (&& (== net50) (< netstandard1.3)) (&& (== net50) (< netstandard1.4)) (&& (== net50) (< netstandard1.5)) (&& (== net50) (< netstandard1.6)) (&& (== net50) (< netstandard2.0)) (&& (== netstandard1.0) (== netstandard2.0)) (&& (== netstandard1.0) (>= net46)) (&& (== netstandard1.0) (>= netstandard1.3)) (&& (== netstandard1.0) (>= netstandard1.4)) (&& (== netstandard1.0) (>= netstandard1.5)) (&& (== netstandard1.0) (>= netstandard1.6)) (&& (== netstandard1.0) (>= uap10.0)) (== netstandard1.6) (&& (== netstandard2.0) (< netstandard1.2)) (&& (== netstandard2.0) (< netstandard1.3))
      Microsoft.NETCore.Platforms (>= 1.1) - restriction: || (&& (== net45) (>= netstandard1.6)) (== net50) (&& (== netstandard1.0) (>= netstandard1.6)) (== netstandard1.6) (== netstandard2.0)
      runtime.native.System.Security.Cryptography.Apple (>= 4.3.1) - restriction: || (&& (== net45) (>= netstandard1.6)) (== net50) (&& (== netstandard1.0) (>= netstandard1.6)) (== netstandard1.6) (== netstandard2.0)
      runtime.native.System.Security.Cryptography.OpenSsl (>= 4.3.2) - restriction: || (&& (== net45) (>= netstandard1.6)) (== net50) (&& (== netstandard1.0) (>= netstandard1.6)) (== netstandard1.6) (== netstandard2.0)
      System.Collections (>= 4.3) - restriction: || (&& (== net45) (>= netstandard1.6)) (== net50) (&& (== netstandard1.0) (>= netstandard1.6)) (== netstandard1.6) (== netstandard2.0)
      System.IO (>= 4.3) - restriction: || (&& (== net45) (>= net463)) (&& (== net45) (>= netstandard1.3)) (&& (== net45) (>= netstandard1.4)) (&& (== net45) (>= netstandard1.6)) (&& (== net46) (>= net463)) (== net50) (&& (== netstandard1.0) (>= net463)) (&& (== netstandard1.0) (>= netstandard1.3)) (&& (== netstandard1.0) (>= netstandard1.4)) (&& (== netstandard1.0) (>= netstandard1.6)) (== netstandard1.6) (== netstandard2.0)
      System.Resources.ResourceManager (>= 4.3) - restriction: || (&& (== net45) (>= netstandard1.6)) (== net50) (&& (== netstandard1.0) (>= netstandard1.6)) (== netstandard1.6) (== netstandard2.0)
      System.Runtime (>= 4.3) - restriction: || (&& (== net45) (>= net463)) (&& (== net45) (>= netstandard1.3)) (&& (== net45) (>= netstandard1.4)) (&& (== net45) (>= netstandard1.6)) (&& (== net46) (>= net463)) (== net50) (&& (== netstandard1.0) (>= net463)) (&& (== netstandard1.0) (>= netstandard1.3)) (&& (== netstandard1.0) (>= netstandard1.4)) (&& (== netstandard1.0) (>= netstandard1.6)) (== netstandard1.6) (== netstandard2.0)
      System.Runtime.Extensions (>= 4.3) - restriction: || (&& (== net45) (>= netstandard1.6)) (== net50) (&& (== netstandard1.0) (>= netstandard1.6)) (== netstandard1.6) (== netstandard2.0)
      System.Runtime.Handles (>= 4.3) - restriction: || (&& (== net45) (>= netstandard1.6)) (== net50) (&& (== netstandard1.0) (>= netstandard1.6)) (== netstandard1.6) (== netstandard2.0)
      System.Runtime.InteropServices (>= 4.3) - restriction: || (&& (== net45) (>= netstandard1.6)) (== net50) (&& (== netstandard1.0) (>= netstandard1.6)) (== netstandard1.6) (== netstandard2.0)
      System.Runtime.Numerics (>= 4.3) - restriction: || (&& (== net45) (>= netstandard1.6)) (== net50) (&& (== netstandard1.0) (>= netstandard1.6)) (== netstandard1.6) (== netstandard2.0)
      System.Security.Cryptography.Encoding (>= 4.3) - restriction: || (&& (== net45) (>= net463)) (&& (== net45) (>= netstandard1.6)) (&& (== net46) (>= net463)) (== net50) (&& (== netstandard1.0) (>= net463)) (&& (== netstandard1.0) (>= netstandard1.6)) (== netstandard1.6) (== netstandard2.0)
      System.Security.Cryptography.Primitives (>= 4.3) - restriction: || (&& (== net45) (>= net46)) (&& (== net45) (>= net461)) (&& (== net45) (>= net463)) (&& (== net45) (>= netstandard1.3)) (&& (== net45) (>= netstandard1.4)) (&& (== net45) (>= netstandard1.6)) (== net46) (== net50) (&& (== netstandard1.0) (>= net46)) (&& (== netstandard1.0) (>= net461)) (&& (== netstandard1.0) (>= net463)) (&& (== netstandard1.0) (>= netstandard1.3)) (&& (== netstandard1.0) (>= netstandard1.4)) (&& (== netstandard1.0) (>= netstandard1.6)) (== netstandard1.6) (== netstandard2.0)
      System.Text.Encoding (>= 4.3) - restriction: || (&& (== net45) (>= netstandard1.6)) (== net50) (&& (== netstandard1.0) (>= netstandard1.6)) (== netstandard1.6) (== netstandard2.0)
    System.Security.Cryptography.Cng (5.0) - restriction: || (&& (== net45) (== net50)) (&& (== net45) (== netstandard2.0)) (&& (== net45) (< net20) (>= netstandard1.6)) (&& (== net45) (>= netstandard1.6) (>= uap10.0)) (&& (== net46) (== net50)) (&& (== net46) (== netstandard2.0)) (&& (== net46) (< net20) (>= netstandard1.6)) (&& (== net46) (>= netstandard1.6) (>= uap10.0)) (&& (== net50) (== netstandard1.0)) (&& (== net50) (< netstandard1.3)) (&& (== net50) (< netstandard1.4)) (&& (== net50) (< netstandard1.5)) (&& (== net50) (< netstandard1.6)) (&& (== net50) (< netstandard2.0)) (&& (== netstandard1.0) (== netstandard2.0)) (&& (== netstandard1.0) (>= netstandard1.6)) (== netstandard1.6) (&& (== netstandard2.0) (< netstandard1.3))
      System.IO (>= 4.3) - restriction: || (&& (== net45) (>= netstandard1.3)) (&& (== net45) (>= netstandard1.4)) (&& (== net45) (>= netstandard1.6)) (&& (== net50) (< netstandard1.4)) (&& (== net50) (< netstandard1.6)) (&& (== net50) (< netstandard2.0)) (&& (== netstandard1.0) (>= netstandard1.3)) (&& (== netstandard1.0) (>= netstandard1.4)) (&& (== netstandard1.0) (>= netstandard1.6)) (== netstandard1.6) (&& (== netstandard2.0) (< netstandard1.4)) (&& (== netstandard2.0) (< netstandard1.6))
      System.Resources.ResourceManager (>= 4.3) - restriction: || (&& (== net45) (>= netstandard1.3)) (&& (== net45) (>= netstandard1.4)) (&& (== net45) (>= netstandard1.6)) (&& (== net50) (< netstandard1.4)) (&& (== net50) (< netstandard1.6)) (&& (== net50) (< netstandard2.0)) (&& (== netstandard1.0) (>= netstandard1.3)) (&& (== netstandard1.0) (>= netstandard1.4)) (&& (== netstandard1.0) (>= netstandard1.6)) (== netstandard1.6) (&& (== netstandard2.0) (< netstandard1.4)) (&& (== netstandard2.0) (< netstandard1.6))
      System.Runtime (>= 4.3) - restriction: || (&& (== net45) (>= netstandard1.3)) (&& (== net45) (>= netstandard1.4)) (&& (== net45) (>= netstandard1.6)) (&& (== net50) (< netstandard1.4)) (&& (== net50) (< netstandard1.6)) (&& (== net50) (< netstandard2.0)) (&& (== netstandard1.0) (>= netstandard1.3)) (&& (== netstandard1.0) (>= netstandard1.4)) (&& (== netstandard1.0) (>= netstandard1.6)) (== netstandard1.6) (&& (== netstandard2.0) (< netstandard1.4)) (&& (== netstandard2.0) (< netstandard1.6))
      System.Runtime.Extensions (>= 4.3) - restriction: || (&& (== net45) (>= netstandard1.4)) (&& (== net45) (>= netstandard1.6)) (&& (== net50) (< netstandard1.6)) (&& (== net50) (< netstandard2.0)) (&& (== netstandard1.0) (>= netstandard1.4)) (&& (== netstandard1.0) (>= netstandard1.6)) (== netstandard1.6) (&& (== netstandard2.0) (< netstandard1.6))
      System.Runtime.Handles (>= 4.3) - restriction: || (&& (== net45) (>= netstandard1.3)) (&& (== net45) (>= netstandard1.4)) (&& (== net45) (>= netstandard1.6)) (&& (== net50) (< netstandard1.4)) (&& (== net50) (< netstandard1.6)) (&& (== net50) (< netstandard2.0)) (&& (== netstandard1.0) (>= netstandard1.3)) (&& (== netstandard1.0) (>= netstandard1.4)) (&& (== netstandard1.0) (>= netstandard1.6)) (== netstandard1.6) (&& (== netstandard2.0) (< netstandard1.4)) (&& (== netstandard2.0) (< netstandard1.6))
      System.Runtime.InteropServices (>= 4.3) - restriction: || (&& (== net45) (>= netstandard1.3)) (&& (== net45) (>= netstandard1.4)) (&& (== net45) (>= netstandard1.6)) (&& (== net50) (< netstandard1.4)) (&& (== net50) (< netstandard1.6)) (&& (== net50) (< netstandard2.0)) (&& (== netstandard1.0) (>= netstandard1.3)) (&& (== netstandard1.0) (>= netstandard1.4)) (&& (== netstandard1.0) (>= netstandard1.6)) (== netstandard1.6) (&& (== netstandard2.0) (< netstandard1.4)) (&& (== netstandard2.0) (< netstandard1.6))
      System.Security.Cryptography.Algorithms (>= 4.3.1) - restriction: || (&& (== net45) (>= net46)) (&& (== net45) (>= net461)) (&& (== net45) (>= net462)) (&& (== net45) (>= net47)) (&& (== net45) (>= netstandard1.3)) (&& (== net45) (>= netstandard1.4)) (&& (== net45) (>= netstandard1.6)) (== net46) (&& (== net50) (>= net47)) (&& (== net50) (< netstandard1.4)) (&& (== net50) (< netstandard1.6)) (&& (== net50) (< netstandard2.0)) (&& (== netstandard1.0) (>= net46)) (&& (== netstandard1.0) (>= net461)) (&& (== netstandard1.0) (>= net462)) (&& (== netstandard1.0) (>= net47)) (&& (== netstandard1.0) (>= netstandard1.3)) (&& (== netstandard1.0) (>= netstandard1.4)) (&& (== netstandard1.0) (>= netstandard1.6)) (== netstandard1.6) (&& (== netstandard2.0) (>= net47)) (&& (== netstandard2.0) (< netstandard1.4)) (&& (== netstandard2.0) (< netstandard1.6))
      System.Security.Cryptography.Encoding (>= 4.3) - restriction: || (&& (== net45) (>= netstandard1.4)) (&& (== net45) (>= netstandard1.6)) (&& (== net50) (< netstandard1.6)) (&& (== net50) (< netstandard2.0)) (&& (== netstandard1.0) (>= netstandard1.4)) (&& (== netstandard1.0) (>= netstandard1.6)) (== netstandard1.6) (&& (== netstandard2.0) (< netstandard1.6))
      System.Security.Cryptography.Primitives (>= 4.3) - restriction: || (&& (== net45) (>= net46)) (&& (== net45) (>= netstandard1.3)) (&& (== net45) (>= netstandard1.4)) (&& (== net45) (>= netstandard1.6)) (== net46) (&& (== net50) (< netstandard1.4)) (&& (== net50) (< netstandard1.6)) (&& (== net50) (< netstandard2.0)) (&& (== netstandard1.0) (>= net46)) (&& (== netstandard1.0) (>= netstandard1.3)) (&& (== netstandard1.0) (>= netstandard1.4)) (&& (== netstandard1.0) (>= netstandard1.6)) (== netstandard1.6) (&& (== netstandard2.0) (< netstandard1.4)) (&& (== netstandard2.0) (< netstandard1.6))
      System.Text.Encoding (>= 4.3) - restriction: || (&& (== net45) (>= netstandard1.4)) (&& (== net45) (>= netstandard1.6)) (&& (== net50) (< netstandard1.6)) (&& (== net50) (< netstandard2.0)) (&& (== netstandard1.0) (>= netstandard1.4)) (&& (== netstandard1.0) (>= netstandard1.6)) (== netstandard1.6) (&& (== netstandard2.0) (< netstandard1.6))
    System.Security.Cryptography.Csp (4.3) - restriction: || (&& (== net45) (== net50)) (&& (== net45) (== netstandard2.0)) (&& (== net45) (< net20) (>= netstandard1.6)) (&& (== net45) (>= netstandard1.6) (>= uap10.0)) (&& (== net46) (== net50)) (&& (== net46) (== netstandard2.0)) (&& (== net46) (< net20) (>= netstandard1.6)) (&& (== net46) (>= netstandard1.6) (>= uap10.0)) (&& (== net50) (== netstandard1.0)) (&& (== net50) (< netstandard1.3)) (&& (== net50) (< netstandard1.4)) (&& (== net50) (< netstandard1.5)) (&& (== net50) (< netstandard1.6)) (&& (== net50) (< netstandard2.0)) (&& (== netstandard1.0) (== netstandard2.0)) (&& (== netstandard1.0) (>= netstandard1.6)) (== netstandard1.6) (&& (== netstandard2.0) (< netstandard1.3))
      Microsoft.NETCore.Platforms (>= 1.1) - restriction: || (&& (== net45) (>= netstandard1.3)) (== net50) (&& (== netstandard1.0) (>= netstandard1.3)) (== netstandard1.6) (== netstandard2.0)
      System.IO (>= 4.3) - restriction: || (&& (== net45) (>= netstandard1.3)) (== net50) (&& (== netstandard1.0) (>= netstandard1.3)) (== netstandard1.6) (== netstandard2.0)
      System.Reflection (>= 4.3) - restriction: || (&& (== net45) (>= netstandard1.3)) (== net50) (&& (== netstandard1.0) (>= netstandard1.3)) (== netstandard1.6) (== netstandard2.0)
      System.Resources.ResourceManager (>= 4.3) - restriction: || (&& (== net45) (>= netstandard1.3)) (== net50) (&& (== netstandard1.0) (>= netstandard1.3)) (== netstandard1.6) (== netstandard2.0)
      System.Runtime (>= 4.3) - restriction: || (&& (== net45) (>= netstandard1.3)) (== net50) (&& (== netstandard1.0) (>= netstandard1.3)) (== netstandard1.6) (== netstandard2.0)
      System.Runtime.Extensions (>= 4.3) - restriction: || (&& (== net45) (>= netstandard1.3)) (== net50) (&& (== netstandard1.0) (>= netstandard1.3)) (== netstandard1.6) (== netstandard2.0)
      System.Runtime.Handles (>= 4.3) - restriction: || (&& (== net45) (>= netstandard1.3)) (== net50) (&& (== netstandard1.0) (>= netstandard1.3)) (== netstandard1.6) (== netstandard2.0)
      System.Runtime.InteropServices (>= 4.3) - restriction: || (&& (== net45) (>= netstandard1.3)) (== net50) (&& (== netstandard1.0) (>= netstandard1.3)) (== netstandard1.6) (== netstandard2.0)
      System.Security.Cryptography.Algorithms (>= 4.3) - restriction: || (&& (== net45) (>= net46)) (&& (== net45) (>= netstandard1.3)) (== net46) (== net50) (&& (== netstandard1.0) (>= net46)) (&& (== netstandard1.0) (>= netstandard1.3)) (== netstandard1.6) (== netstandard2.0)
      System.Security.Cryptography.Encoding (>= 4.3) - restriction: || (&& (== net45) (>= netstandard1.3)) (== net50) (&& (== netstandard1.0) (>= netstandard1.3)) (== netstandard1.6) (== netstandard2.0)
      System.Security.Cryptography.Primitives (>= 4.3) - restriction: || (&& (== net45) (>= net46)) (&& (== net45) (>= netstandard1.3)) (== net46) (== net50) (&& (== netstandard1.0) (>= net46)) (&& (== netstandard1.0) (>= netstandard1.3)) (== netstandard1.6) (== netstandard2.0)
      System.Text.Encoding (>= 4.3) - restriction: || (&& (== net45) (>= netstandard1.3)) (== net50) (&& (== netstandard1.0) (>= netstandard1.3)) (== netstandard1.6) (== netstandard2.0)
      System.Threading (>= 4.3) - restriction: || (&& (== net45) (>= netstandard1.3)) (== net50) (&& (== netstandard1.0) (>= netstandard1.3)) (== netstandard1.6) (== netstandard2.0)
    System.Security.Cryptography.Encoding (4.3) - restriction: || (&& (== net45) (== net50)) (&& (== net45) (== netstandard2.0)) (&& (== net45) (< net20) (>= net46)) (&& (== net45) (< net20) (>= netstandard1.3)) (&& (== net45) (< net20) (>= netstandard1.4)) (&& (== net45) (< net20) (>= netstandard1.5)) (&& (== net45) (< net20) (>= netstandard1.6)) (&& (== net45) (>= uap10.0)) (&& (== net46) (== net50)) (&& (== net46) (== netstandard1.0)) (&& (== net46) (== netstandard2.0)) (&& (== net46) (< net20)) (&& (== net46) (>= uap10.0)) (&& (== net50) (== netstandard1.0)) (&& (== net50) (< netstandard1.3)) (&& (== net50) (< netstandard1.4)) (&& (== net50) (< netstandard1.5)) (&& (== net50) (< netstandard1.6)) (&& (== net50) (< netstandard2.0)) (&& (== netstandard1.0) (== netstandard2.0)) (&& (== netstandard1.0) (>= net46)) (&& (== netstandard1.0) (>= netstandard1.3)) (&& (== netstandard1.0) (>= netstandard1.4)) (&& (== netstandard1.0) (>= netstandard1.5)) (&& (== netstandard1.0) (>= netstandard1.6)) (&& (== netstandard1.0) (>= uap10.0)) (== netstandard1.6) (&& (== netstandard2.0) (< netstandard1.3))
      Microsoft.NETCore.Platforms (>= 1.1) - restriction: || (&& (== net45) (>= netstandard1.3)) (== net50) (&& (== netstandard1.0) (>= netstandard1.3)) (== netstandard1.6) (== netstandard2.0)
      runtime.native.System.Security.Cryptography.OpenSsl (>= 4.3) - restriction: || (&& (== net45) (>= netstandard1.3)) (== net50) (&& (== netstandard1.0) (>= netstandard1.3)) (== netstandard1.6) (== netstandard2.0)
      System.Collections (>= 4.3) - restriction: || (&& (== net45) (>= netstandard1.3)) (== net50) (&& (== netstandard1.0) (>= netstandard1.3)) (== netstandard1.6) (== netstandard2.0)
      System.Collections.Concurrent (>= 4.3) - restriction: || (&& (== net45) (>= netstandard1.3)) (== net50) (&& (== netstandard1.0) (>= netstandard1.3)) (== netstandard1.6) (== netstandard2.0)
      System.Linq (>= 4.3) - restriction: || (&& (== net45) (>= netstandard1.3)) (== net50) (&& (== netstandard1.0) (>= netstandard1.3)) (== netstandard1.6) (== netstandard2.0)
      System.Resources.ResourceManager (>= 4.3) - restriction: || (&& (== net45) (>= netstandard1.3)) (== net50) (&& (== netstandard1.0) (>= netstandard1.3)) (== netstandard1.6) (== netstandard2.0)
      System.Runtime (>= 4.3) - restriction: || (&& (== net45) (>= netstandard1.3)) (== net50) (&& (== netstandard1.0) (>= netstandard1.3)) (== netstandard1.6) (== netstandard2.0)
      System.Runtime.Extensions (>= 4.3) - restriction: || (&& (== net45) (>= netstandard1.3)) (== net50) (&& (== netstandard1.0) (>= netstandard1.3)) (== netstandard1.6) (== netstandard2.0)
      System.Runtime.Handles (>= 4.3) - restriction: || (&& (== net45) (>= netstandard1.3)) (== net50) (&& (== netstandard1.0) (>= netstandard1.3)) (== netstandard1.6) (== netstandard2.0)
      System.Runtime.InteropServices (>= 4.3) - restriction: || (&& (== net45) (>= netstandard1.3)) (== net50) (&& (== netstandard1.0) (>= netstandard1.3)) (== netstandard1.6) (== netstandard2.0)
      System.Security.Cryptography.Primitives (>= 4.3) - restriction: || (&& (== net45) (>= netstandard1.3)) (== net50) (&& (== netstandard1.0) (>= netstandard1.3)) (== netstandard1.6) (== netstandard2.0)
      System.Text.Encoding (>= 4.3) - restriction: || (&& (== net45) (>= netstandard1.3)) (== net50) (&& (== netstandard1.0) (>= netstandard1.3)) (== netstandard1.6) (== netstandard2.0)
    System.Security.Cryptography.OpenSsl (5.0) - restriction: || (&& (== net45) (== net50)) (&& (== net45) (== netstandard2.0)) (&& (== net45) (< net20) (>= netstandard1.6)) (&& (== net45) (>= netstandard1.6) (>= uap10.0)) (&& (== net46) (== net50)) (&& (== net46) (== netstandard2.0)) (&& (== net46) (< net20) (>= netstandard1.6)) (&& (== net46) (>= netstandard1.6) (>= uap10.0)) (&& (== net50) (== netstandard1.0)) (&& (== net50) (< netstandard1.2)) (&& (== net50) (< netstandard1.3)) (&& (== net50) (< netstandard1.4)) (&& (== net50) (< netstandard1.5)) (&& (== net50) (< netstandard1.6)) (&& (== net50) (< netstandard2.0)) (&& (== netstandard1.0) (== netstandard2.0)) (&& (== netstandard1.0) (>= netstandard1.6)) (== netstandard1.6) (&& (== netstandard2.0) (< netstandard1.2)) (&& (== netstandard2.0) (< netstandard1.3))
      System.Collections (>= 4.3) - restriction: || (&& (== net45) (>= netstandard1.6)) (&& (== net46) (>= netstandard1.6)) (&& (== net50) (< netstandard2.0)) (&& (== netstandard1.0) (>= netstandard1.6)) (== netstandard1.6)
      System.IO (>= 4.3) - restriction: || (&& (== net45) (>= netstandard1.6)) (&& (== net46) (>= netstandard1.6)) (&& (== net50) (< netstandard2.0)) (&& (== netstandard1.0) (>= netstandard1.6)) (== netstandard1.6)
      System.Resources.ResourceManager (>= 4.3) - restriction: || (&& (== net45) (>= netstandard1.6)) (&& (== net46) (>= netstandard1.6)) (&& (== net50) (< netstandard2.0)) (&& (== netstandard1.0) (>= netstandard1.6)) (== netstandard1.6)
      System.Runtime (>= 4.3) - restriction: || (&& (== net45) (>= netstandard1.6)) (&& (== net46) (>= netstandard1.6)) (&& (== net50) (< netstandard2.0)) (&& (== netstandard1.0) (>= netstandard1.6)) (== netstandard1.6)
      System.Runtime.Extensions (>= 4.3) - restriction: || (&& (== net45) (>= netstandard1.6)) (&& (== net46) (>= netstandard1.6)) (&& (== net50) (< netstandard2.0)) (&& (== netstandard1.0) (>= netstandard1.6)) (== netstandard1.6)
      System.Runtime.Handles (>= 4.3) - restriction: || (&& (== net45) (>= netstandard1.6)) (&& (== net46) (>= netstandard1.6)) (&& (== net50) (< netstandard2.0)) (&& (== netstandard1.0) (>= netstandard1.6)) (== netstandard1.6)
      System.Runtime.InteropServices (>= 4.3) - restriction: || (&& (== net45) (>= netstandard1.6)) (&& (== net46) (>= netstandard1.6)) (&& (== net50) (< netstandard2.0)) (&& (== netstandard1.0) (>= netstandard1.6)) (== netstandard1.6)
      System.Runtime.Numerics (>= 4.3) - restriction: || (&& (== net45) (>= netstandard1.6)) (&& (== net46) (>= netstandard1.6)) (&& (== net50) (< netstandard2.0)) (&& (== netstandard1.0) (>= netstandard1.6)) (== netstandard1.6)
      System.Security.Cryptography.Algorithms (>= 4.3.1) - restriction: || (&& (== net45) (>= net461)) (&& (== net45) (>= netstandard1.6)) (&& (== net46) (>= net461)) (&& (== net46) (>= netstandard1.6)) (&& (== net50) (>= net461)) (&& (== net50) (< netstandard2.0)) (&& (== netstandard1.0) (>= net461)) (&& (== netstandard1.0) (>= netstandard1.6)) (== netstandard1.6) (&& (== netstandard2.0) (>= net461))
      System.Security.Cryptography.Encoding (>= 4.3) - restriction: || (&& (== net45) (>= netstandard1.6)) (&& (== net46) (>= netstandard1.6)) (&& (== net50) (< netstandard2.0)) (&& (== netstandard1.0) (>= netstandard1.6)) (== netstandard1.6)
      System.Security.Cryptography.Primitives (>= 4.3) - restriction: || (&& (== net45) (>= netstandard1.6)) (&& (== net46) (>= netstandard1.6)) (&& (== net50) (< netstandard2.0)) (&& (== netstandard1.0) (>= netstandard1.6)) (== netstandard1.6)
      System.Text.Encoding (>= 4.3) - restriction: || (&& (== net45) (>= netstandard1.6)) (&& (== net46) (>= netstandard1.6)) (&& (== net50) (< netstandard2.0)) (&& (== netstandard1.0) (>= netstandard1.6)) (== netstandard1.6)
    System.Security.Cryptography.Primitives (4.3) - restriction: || (&& (== net45) (== net50)) (&& (== net45) (== netstandard2.0)) (&& (== net45) (< net20) (>= net46)) (&& (== net45) (< net20) (>= netstandard1.3)) (&& (== net45) (< net20) (>= netstandard1.4)) (&& (== net45) (< net20) (>= netstandard1.5)) (&& (== net45) (< net20) (>= netstandard1.6)) (&& (== net45) (>= uap10.0)) (&& (== net46) (== net50)) (&& (== net46) (== netstandard1.0)) (&& (== net46) (== netstandard2.0)) (&& (== net46) (< net20)) (&& (== net46) (>= uap10.0)) (&& (== net50) (== netstandard1.0)) (&& (== net50) (< netstandard1.3)) (&& (== net50) (< netstandard1.4)) (&& (== net50) (< netstandard1.5)) (&& (== net50) (< netstandard1.6)) (&& (== net50) (< netstandard2.0)) (&& (== netstandard1.0) (== netstandard2.0)) (&& (== netstandard1.0) (>= net46)) (&& (== netstandard1.0) (>= netstandard1.3)) (&& (== netstandard1.0) (>= netstandard1.4)) (&& (== netstandard1.0) (>= netstandard1.5)) (&& (== netstandard1.0) (>= netstandard1.6)) (&& (== netstandard1.0) (>= uap10.0)) (== netstandard1.6) (&& (== netstandard2.0) (< netstandard1.3))
      System.Diagnostics.Debug (>= 4.3) - restriction: || (&& (== net45) (>= netstandard1.3)) (== net50) (&& (== netstandard1.0) (>= netstandard1.3)) (== netstandard1.6) (== netstandard2.0)
      System.Globalization (>= 4.3) - restriction: || (&& (== net45) (>= netstandard1.3)) (== net50) (&& (== netstandard1.0) (>= netstandard1.3)) (== netstandard1.6) (== netstandard2.0)
      System.IO (>= 4.3) - restriction: || (&& (== net45) (>= netstandard1.3)) (== net50) (&& (== netstandard1.0) (>= netstandard1.3)) (== netstandard1.6) (== netstandard2.0)
      System.Resources.ResourceManager (>= 4.3) - restriction: || (&& (== net45) (>= netstandard1.3)) (== net50) (&& (== netstandard1.0) (>= netstandard1.3)) (== netstandard1.6) (== netstandard2.0)
      System.Runtime (>= 4.3) - restriction: || (&& (== net45) (>= netstandard1.3)) (== net50) (&& (== netstandard1.0) (>= netstandard1.3)) (== netstandard1.6) (== netstandard2.0)
      System.Threading (>= 4.3) - restriction: || (&& (== net45) (>= netstandard1.3)) (== net50) (&& (== netstandard1.0) (>= netstandard1.3)) (== netstandard1.6) (== netstandard2.0)
      System.Threading.Tasks (>= 4.3) - restriction: || (&& (== net45) (>= netstandard1.3)) (== net50) (&& (== netstandard1.0) (>= netstandard1.3)) (== netstandard1.6) (== netstandard2.0)
    System.Security.Cryptography.X509Certificates (4.3.2) - restriction: || (&& (== net45) (== net50)) (&& (== net45) (== netstandard2.0)) (&& (== net45) (< net20) (>= net46)) (&& (== net45) (< net20) (>= netstandard1.3)) (&& (== net45) (< net20) (>= netstandard1.4)) (&& (== net45) (< net20) (>= netstandard1.5)) (&& (== net45) (< net20) (>= netstandard1.6)) (&& (== net45) (>= uap10.0)) (&& (== net46) (== net50)) (&& (== net46) (== netstandard1.0)) (&& (== net46) (== netstandard2.0)) (&& (== net46) (< net20)) (&& (== net46) (>= uap10.0)) (&& (== net50) (== netstandard1.0)) (&& (== net50) (< netstandard1.3)) (&& (== net50) (< netstandard1.4)) (&& (== net50) (< netstandard1.5)) (&& (== net50) (< netstandard1.6)) (&& (== net50) (< netstandard2.0)) (&& (== netstandard1.0) (== netstandard2.0)) (&& (== netstandard1.0) (>= net46)) (&& (== netstandard1.0) (>= netstandard1.3)) (&& (== netstandard1.0) (>= netstandard1.4)) (&& (== netstandard1.0) (>= netstandard1.5)) (&& (== netstandard1.0) (>= netstandard1.6)) (&& (== netstandard1.0) (>= uap10.0)) (== netstandard1.6) (&& (== netstandard2.0) (< netstandard1.3))
      Microsoft.NETCore.Platforms (>= 1.1) - restriction: || (&& (== net45) (>= netstandard1.6)) (== net50) (&& (== netstandard1.0) (>= netstandard1.6)) (== netstandard1.6) (== netstandard2.0)
      runtime.native.System (>= 4.3) - restriction: || (&& (== net45) (>= netstandard1.6)) (== net50) (&& (== netstandard1.0) (>= netstandard1.6)) (== netstandard1.6) (== netstandard2.0)
      runtime.native.System.Net.Http (>= 4.3) - restriction: || (&& (== net45) (>= netstandard1.6)) (== net50) (&& (== netstandard1.0) (>= netstandard1.6)) (== netstandard1.6) (== netstandard2.0)
      runtime.native.System.Security.Cryptography.OpenSsl (>= 4.3.2) - restriction: || (&& (== net45) (>= netstandard1.6)) (== net50) (&& (== netstandard1.0) (>= netstandard1.6)) (== netstandard1.6) (== netstandard2.0)
      System.Collections (>= 4.3) - restriction: || (&& (== net45) (>= netstandard1.6)) (== net50) (&& (== netstandard1.0) (>= netstandard1.6)) (== netstandard1.6) (== netstandard2.0)
      System.Diagnostics.Debug (>= 4.3) - restriction: || (&& (== net45) (>= netstandard1.6)) (== net50) (&& (== netstandard1.0) (>= netstandard1.6)) (== netstandard1.6) (== netstandard2.0)
      System.Globalization (>= 4.3) - restriction: || (&& (== net45) (>= netstandard1.6)) (== net50) (&& (== netstandard1.0) (>= netstandard1.6)) (== netstandard1.6) (== netstandard2.0)
      System.Globalization.Calendars (>= 4.3) - restriction: || (&& (== net45) (>= netstandard1.6)) (== net50) (&& (== netstandard1.0) (>= netstandard1.6)) (== netstandard1.6) (== netstandard2.0)
      System.IO (>= 4.3) - restriction: || (&& (== net45) (>= netstandard1.6)) (== net50) (&& (== netstandard1.0) (>= netstandard1.6)) (== netstandard1.6) (== netstandard2.0)
      System.IO.FileSystem (>= 4.3) - restriction: || (&& (== net45) (>= netstandard1.6)) (== net50) (&& (== netstandard1.0) (>= netstandard1.6)) (== netstandard1.6) (== netstandard2.0)
      System.IO.FileSystem.Primitives (>= 4.3) - restriction: || (&& (== net45) (>= netstandard1.6)) (== net50) (&& (== netstandard1.0) (>= netstandard1.6)) (== netstandard1.6) (== netstandard2.0)
      System.Resources.ResourceManager (>= 4.3) - restriction: || (&& (== net45) (>= netstandard1.6)) (== net50) (&& (== netstandard1.0) (>= netstandard1.6)) (== netstandard1.6) (== netstandard2.0)
      System.Runtime (>= 4.3) - restriction: || (&& (== net45) (>= netstandard1.3)) (&& (== net45) (>= netstandard1.4)) (&& (== net45) (>= netstandard1.6)) (== net50) (&& (== netstandard1.0) (>= netstandard1.3)) (&& (== netstandard1.0) (>= netstandard1.4)) (&& (== netstandard1.0) (>= netstandard1.6)) (== netstandard1.6) (== netstandard2.0)
      System.Runtime.Extensions (>= 4.3) - restriction: || (&& (== net45) (>= netstandard1.6)) (== net50) (&& (== netstandard1.0) (>= netstandard1.6)) (== netstandard1.6) (== netstandard2.0)
      System.Runtime.Handles (>= 4.3) - restriction: || (&& (== net45) (>= netstandard1.3)) (&& (== net45) (>= netstandard1.4)) (&& (== net45) (>= netstandard1.6)) (== net50) (&& (== netstandard1.0) (>= netstandard1.3)) (&& (== netstandard1.0) (>= netstandard1.4)) (&& (== netstandard1.0) (>= netstandard1.6)) (== netstandard1.6) (== netstandard2.0)
      System.Runtime.InteropServices (>= 4.3) - restriction: || (&& (== net45) (>= netstandard1.6)) (== net50) (&& (== netstandard1.0) (>= netstandard1.6)) (== netstandard1.6) (== netstandard2.0)
      System.Runtime.Numerics (>= 4.3) - restriction: || (&& (== net45) (>= netstandard1.6)) (== net50) (&& (== netstandard1.0) (>= netstandard1.6)) (== netstandard1.6) (== netstandard2.0)
      System.Security.Cryptography.Algorithms (>= 4.3) - restriction: || (&& (== net45) (>= net46)) (&& (== net45) (>= net461)) (&& (== net45) (>= netstandard1.3)) (&& (== net45) (>= netstandard1.4)) (&& (== net45) (>= netstandard1.6)) (== net46) (== net50) (&& (== netstandard1.0) (>= net46)) (&& (== netstandard1.0) (>= net461)) (&& (== netstandard1.0) (>= netstandard1.3)) (&& (== netstandard1.0) (>= netstandard1.4)) (&& (== netstandard1.0) (>= netstandard1.6)) (== netstandard1.6) (== netstandard2.0)
      System.Security.Cryptography.Cng (>= 4.3) - restriction: || (&& (== net45) (>= netstandard1.6)) (== net50) (&& (== netstandard1.0) (>= netstandard1.6)) (== netstandard1.6) (== netstandard2.0)
      System.Security.Cryptography.Csp (>= 4.3) - restriction: || (&& (== net45) (>= netstandard1.6)) (== net50) (&& (== netstandard1.0) (>= netstandard1.6)) (== netstandard1.6) (== netstandard2.0)
      System.Security.Cryptography.Encoding (>= 4.3) - restriction: || (&& (== net45) (>= net46)) (&& (== net45) (>= net461)) (&& (== net45) (>= netstandard1.3)) (&& (== net45) (>= netstandard1.4)) (&& (== net45) (>= netstandard1.6)) (== net46) (== net50) (&& (== netstandard1.0) (>= net46)) (&& (== netstandard1.0) (>= net461)) (&& (== netstandard1.0) (>= netstandard1.3)) (&& (== netstandard1.0) (>= netstandard1.4)) (&& (== netstandard1.0) (>= netstandard1.6)) (== netstandard1.6) (== netstandard2.0)
      System.Security.Cryptography.OpenSsl (>= 4.3) - restriction: || (&& (== net45) (>= netstandard1.6)) (== net50) (&& (== netstandard1.0) (>= netstandard1.6)) (== netstandard1.6) (== netstandard2.0)
      System.Security.Cryptography.Primitives (>= 4.3) - restriction: || (&& (== net45) (>= netstandard1.6)) (== net50) (&& (== netstandard1.0) (>= netstandard1.6)) (== netstandard1.6) (== netstandard2.0)
      System.Text.Encoding (>= 4.3) - restriction: || (&& (== net45) (>= netstandard1.6)) (== net50) (&& (== netstandard1.0) (>= netstandard1.6)) (== netstandard1.6) (== netstandard2.0)
      System.Threading (>= 4.3) - restriction: || (&& (== net45) (>= netstandard1.6)) (== net50) (&& (== netstandard1.0) (>= netstandard1.6)) (== netstandard1.6) (== netstandard2.0)
    System.Text.Encoding (4.3) - restriction: || (&& (== net45) (< net20)) (&& (== net45) (>= uap10.0)) (&& (== net46) (< net20)) (&& (== net46) (>= uap10.0)) (== net50) (== netstandard1.0) (== netstandard1.6) (== netstandard2.0)
      Microsoft.NETCore.Platforms (>= 1.1) - restriction: || (&& (== net46) (< net45)) (== net50) (== netstandard1.0) (== netstandard1.6) (== netstandard2.0)
      Microsoft.NETCore.Targets (>= 1.1) - restriction: || (&& (== net46) (< net45)) (== net50) (== netstandard1.0) (== netstandard1.6) (== netstandard2.0)
      System.Runtime (>= 4.3) - restriction: || (&& (== net46) (< net45)) (== net50) (== netstandard1.0) (== netstandard1.6) (== netstandard2.0)
    System.Text.Encoding.Extensions (4.3) - restriction: || (&& (== net45) (< net20)) (&& (== net45) (>= uap10.0)) (&& (== net46) (< net20)) (&& (== net46) (>= uap10.0)) (== net50) (== netstandard1.0) (== netstandard1.6) (== netstandard2.0)
      Microsoft.NETCore.Platforms (>= 1.1) - restriction: || (&& (== net46) (< net45)) (== net50) (== netstandard1.0) (== netstandard1.6) (== netstandard2.0)
      Microsoft.NETCore.Targets (>= 1.1) - restriction: || (&& (== net46) (< net45)) (== net50) (== netstandard1.0) (== netstandard1.6) (== netstandard2.0)
      System.Runtime (>= 4.3) - restriction: || (&& (== net46) (< net45)) (== net50) (== netstandard1.0) (== netstandard1.6) (== netstandard2.0)
      System.Text.Encoding (>= 4.3) - restriction: || (&& (== net46) (< net45)) (== net50) (== netstandard1.0) (== netstandard1.6) (== netstandard2.0)
    System.Text.RegularExpressions (4.3.1) - restriction: || (&& (== net45) (< net20)) (&& (== net45) (>= uap10.0)) (&& (== net46) (< net20)) (&& (== net46) (>= uap10.0)) (== net50) (== netstandard1.0) (== netstandard1.6) (== netstandard2.0)
      System.Collections (>= 4.3) - restriction: || (&& (== net46) (< net45) (>= netstandard1.6)) (&& (== net50) (< netcoreapp1.1)) (&& (== netstandard1.0) (>= netstandard1.6)) (== netstandard1.6) (== netstandard2.0)
      System.Globalization (>= 4.3) - restriction: || (&& (== net46) (< net45) (>= netstandard1.6)) (&& (== net50) (< netcoreapp1.1)) (&& (== netstandard1.0) (>= netstandard1.6)) (== netstandard1.6) (== netstandard2.0)
      System.Resources.ResourceManager (>= 4.3) - restriction: || (&& (== net46) (< net45) (>= netstandard1.6)) (&& (== net50) (< netcoreapp1.1)) (&& (== netstandard1.0) (>= netstandard1.6)) (== netstandard1.6) (== netstandard2.0)
      System.Runtime (>= 4.3.1) - restriction: || (&& (== net45) (>= netcoreapp1.1)) (&& (== net46) (< net45)) (&& (== net46) (>= netcoreapp1.1)) (== net50) (== netstandard1.0) (== netstandard1.6) (== netstandard2.0)
      System.Runtime.Extensions (>= 4.3.1) - restriction: || (&& (== net46) (< net45) (>= netstandard1.6)) (&& (== net50) (< netcoreapp1.1)) (&& (== netstandard1.0) (>= netstandard1.6)) (== netstandard1.6) (== netstandard2.0)
      System.Threading (>= 4.3) - restriction: || (&& (== net46) (< net45) (>= netstandard1.6)) (&& (== net50) (< netcoreapp1.1)) (&& (== netstandard1.0) (>= netstandard1.6)) (== netstandard1.6) (== netstandard2.0)
    System.Threading (4.3) - restriction: || (&& (== net45) (< net20)) (&& (== net45) (>= uap10.0)) (&& (== net46) (< net20)) (&& (== net46) (>= uap10.0)) (== net50) (== netstandard1.0) (== netstandard1.6) (== netstandard2.0)
      System.Runtime (>= 4.3) - restriction: || (&& (== net46) (< net45)) (== net50) (== netstandard1.0) (== netstandard1.6) (== netstandard2.0)
      System.Threading.Tasks (>= 4.3) - restriction: || (&& (== net46) (< net45)) (== net50) (== netstandard1.0) (== netstandard1.6) (== netstandard2.0)
    System.Threading.Tasks (4.3) - restriction: || (&& (== net45) (< net20)) (&& (== net45) (>= uap10.0)) (&& (== net46) (< net20)) (&& (== net46) (>= uap10.0)) (== net50) (== netstandard1.0) (== netstandard1.6) (== netstandard2.0)
      Microsoft.NETCore.Platforms (>= 1.1) - restriction: || (&& (== net46) (< net45)) (== net50) (== netstandard1.0) (== netstandard1.6) (== netstandard2.0)
      Microsoft.NETCore.Targets (>= 1.1) - restriction: || (&& (== net46) (< net45)) (== net50) (== netstandard1.0) (== netstandard1.6) (== netstandard2.0)
      System.Runtime (>= 4.3) - restriction: || (&& (== net46) (< net45)) (== net50) (== netstandard1.0) (== netstandard1.6) (== netstandard2.0)
    System.Threading.Tasks.Extensions (4.5.4) - restriction: || (&& (== net45) (< net20) (>= netstandard1.3)) (&& (== net46) (== netstandard1.0)) (&& (== net46) (< net20)) (== net50) (&& (== netstandard1.0) (>= netstandard1.3)) (== netstandard1.6) (== netstandard2.0)
      System.Collections (>= 4.3) - restriction: || (&& (== net46) (< net45)) (&& (== net50) (< netstandard2.0)) (== netstandard1.0) (== netstandard1.6)
      System.Runtime (>= 4.3) - restriction: || (&& (== net46) (< net45)) (&& (== net50) (< netstandard2.0)) (== netstandard1.0) (== netstandard1.6)
      System.Runtime.CompilerServices.Unsafe (>= 4.5.3) - restriction: || (== net45) (== net46) (&& (== net50) (>= net461)) (&& (== net50) (< netcoreapp2.1)) (&& (== net50) (< netstandard1.0)) (&& (== net50) (< netstandard2.0)) (&& (== net50) (>= wp8)) (== netstandard1.0) (== netstandard1.6) (== netstandard2.0)
      System.Threading.Tasks (>= 4.3) - restriction: || (&& (== net46) (< net45)) (&& (== net50) (< netstandard2.0)) (== netstandard1.0) (== netstandard1.6)
    System.Threading.Timer (4.3) - restriction: || (&& (== net45) (== net50)) (&& (== net45) (== netstandard2.0)) (&& (== net45) (< net20) (>= netstandard1.2)) (&& (== net45) (< net20) (>= netstandard1.3)) (&& (== net45) (< net20) (>= netstandard1.4)) (&& (== net45) (< net20) (>= netstandard1.5)) (&& (== net45) (< net20) (>= netstandard1.6)) (&& (== net45) (>= uap10.0)) (&& (== net46) (== net50)) (&& (== net46) (== netstandard1.0)) (&& (== net46) (== netstandard2.0)) (&& (== net46) (< net20)) (&& (== net46) (>= uap10.0)) (&& (== net50) (== netstandard1.0)) (&& (== net50) (< netstandard1.3)) (&& (== net50) (< netstandard1.4)) (&& (== net50) (< netstandard1.5)) (&& (== net50) (< netstandard1.6)) (&& (== net50) (< netstandard2.0)) (&& (== netstandard1.0) (== netstandard2.0)) (&& (== netstandard1.0) (>= netstandard1.2)) (&& (== netstandard1.0) (>= netstandard1.3)) (&& (== netstandard1.0) (>= netstandard1.4)) (&& (== netstandard1.0) (>= netstandard1.5)) (&& (== netstandard1.0) (>= netstandard1.6)) (&& (== netstandard1.0) (>= uap10.0)) (== netstandard1.6) (&& (== netstandard2.0) (< netstandard1.3))
      Microsoft.NETCore.Platforms (>= 1.1) - restriction: || (&& (== net45) (>= netstandard1.2)) (&& (== net46) (< net451)) (== net50) (&& (== netstandard1.0) (>= netstandard1.2)) (== netstandard1.6) (== netstandard2.0)
      Microsoft.NETCore.Targets (>= 1.1) - restriction: || (&& (== net45) (>= netstandard1.2)) (&& (== net46) (< net451)) (== net50) (&& (== netstandard1.0) (>= netstandard1.2)) (== netstandard1.6) (== netstandard2.0)
      System.Runtime (>= 4.3) - restriction: || (&& (== net45) (>= netstandard1.2)) (&& (== net46) (< net451)) (== net50) (&& (== netstandard1.0) (>= netstandard1.2)) (== netstandard1.6) (== netstandard2.0)
    System.Xml.ReaderWriter (4.3.1) - restriction: || (&& (== net45) (< net20)) (&& (== net45) (>= uap10.0)) (&& (== net46) (< net20)) (&& (== net46) (>= uap10.0)) (== net50) (== netstandard1.0) (== netstandard1.6) (== netstandard2.0)
      System.Collections (>= 4.3) - restriction: || (&& (== net46) (< net45)) (== net50) (&& (== netstandard1.0) (>= netstandard1.3)) (== netstandard1.6) (== netstandard2.0)
      System.Diagnostics.Debug (>= 4.3) - restriction: || (&& (== net46) (< net45)) (== net50) (&& (== netstandard1.0) (>= netstandard1.3)) (== netstandard1.6) (== netstandard2.0)
      System.Globalization (>= 4.3) - restriction: || (&& (== net46) (< net45)) (== net50) (&& (== netstandard1.0) (>= netstandard1.3)) (== netstandard1.6) (== netstandard2.0)
      System.IO (>= 4.3) - restriction: || (&& (== net46) (< net45)) (== net50) (== netstandard1.0) (== netstandard1.6) (== netstandard2.0)
      System.IO.FileSystem (>= 4.3) - restriction: || (&& (== net46) (< net45)) (== net50) (&& (== netstandard1.0) (>= netstandard1.3)) (== netstandard1.6) (== netstandard2.0)
      System.IO.FileSystem.Primitives (>= 4.3) - restriction: || (&& (== net46) (< net45)) (== net50) (&& (== netstandard1.0) (>= netstandard1.3)) (== netstandard1.6) (== netstandard2.0)
      System.Resources.ResourceManager (>= 4.3) - restriction: || (&& (== net46) (< net45)) (== net50) (&& (== netstandard1.0) (>= netstandard1.3)) (== netstandard1.6) (== netstandard2.0)
      System.Runtime (>= 4.3) - restriction: || (&& (== net46) (< net45)) (== net50) (== netstandard1.0) (== netstandard1.6) (== netstandard2.0)
      System.Runtime.Extensions (>= 4.3) - restriction: || (&& (== net46) (< net45)) (== net50) (&& (== netstandard1.0) (>= netstandard1.3)) (== netstandard1.6) (== netstandard2.0)
      System.Runtime.InteropServices (>= 4.3) - restriction: || (&& (== net46) (< net45)) (== net50) (&& (== netstandard1.0) (>= netstandard1.3)) (== netstandard1.6) (== netstandard2.0)
      System.Text.Encoding (>= 4.3) - restriction: || (&& (== net46) (< net45)) (== net50) (== netstandard1.0) (== netstandard1.6) (== netstandard2.0)
      System.Text.Encoding.Extensions (>= 4.3) - restriction: || (&& (== net46) (< net45)) (== net50) (&& (== netstandard1.0) (>= netstandard1.3)) (== netstandard1.6) (== netstandard2.0)
      System.Text.RegularExpressions (>= 4.3) - restriction: || (&& (== net46) (< net45)) (== net50) (&& (== netstandard1.0) (>= netstandard1.3)) (== netstandard1.6) (== netstandard2.0)
      System.Threading.Tasks (>= 4.3) - restriction: || (&& (== net46) (< net45)) (== net50) (== netstandard1.0) (== netstandard1.6) (== netstandard2.0)
      System.Threading.Tasks.Extensions (>= 4.3) - restriction: || (&& (== net46) (< net45)) (== net50) (&& (== netstandard1.0) (>= netstandard1.3)) (== netstandard1.6) (== netstandard2.0)
    System.Xml.XDocument (4.3) - restriction: || (&& (== net45) (< net20)) (&& (== net45) (>= uap10.0)) (&& (== net46) (< net20)) (&& (== net46) (>= uap10.0)) (== net50) (== netstandard1.0) (== netstandard1.6) (== netstandard2.0)
      System.Collections (>= 4.3) - restriction: || (&& (== net46) (< net45)) (== net50) (&& (== netstandard1.0) (>= netstandard1.3)) (== netstandard1.6) (== netstandard2.0)
      System.Diagnostics.Debug (>= 4.3) - restriction: || (&& (== net46) (< net45)) (== net50) (&& (== netstandard1.0) (>= netstandard1.3)) (== netstandard1.6) (== netstandard2.0)
      System.Diagnostics.Tools (>= 4.3) - restriction: || (&& (== net46) (< net45)) (== net50) (&& (== netstandard1.0) (>= netstandard1.3)) (== netstandard1.6) (== netstandard2.0)
      System.Globalization (>= 4.3) - restriction: || (&& (== net46) (< net45)) (== net50) (&& (== netstandard1.0) (>= netstandard1.3)) (== netstandard1.6) (== netstandard2.0)
      System.IO (>= 4.3) - restriction: || (&& (== net46) (< net45)) (== net50) (== netstandard1.0) (== netstandard1.6) (== netstandard2.0)
      System.Reflection (>= 4.3) - restriction: || (&& (== net46) (< net45)) (== net50) (&& (== netstandard1.0) (>= netstandard1.3)) (== netstandard1.6) (== netstandard2.0)
      System.Resources.ResourceManager (>= 4.3) - restriction: || (&& (== net46) (< net45)) (== net50) (&& (== netstandard1.0) (>= netstandard1.3)) (== netstandard1.6) (== netstandard2.0)
      System.Runtime (>= 4.3) - restriction: || (&& (== net46) (< net45)) (== net50) (== netstandard1.0) (== netstandard1.6) (== netstandard2.0)
      System.Runtime.Extensions (>= 4.3) - restriction: || (&& (== net46) (< net45)) (== net50) (&& (== netstandard1.0) (>= netstandard1.3)) (== netstandard1.6) (== netstandard2.0)
      System.Text.Encoding (>= 4.3) - restriction: || (&& (== net46) (< net45)) (== net50) (&& (== netstandard1.0) (>= netstandard1.3)) (== netstandard1.6) (== netstandard2.0)
      System.Threading (>= 4.3) - restriction: || (&& (== net46) (< net45)) (== net50) (&& (== netstandard1.0) (>= netstandard1.3)) (== netstandard1.6) (== netstandard2.0)
      System.Xml.ReaderWriter (>= 4.3) - restriction: || (&& (== net46) (< net45)) (== net50) (== netstandard1.0) (== netstandard1.6) (== netstandard2.0)
    System.Xml.XmlDocument (4.3) - restriction: || (&& (== net45) (< net20) (>= netstandard1.3)) (&& (== net46) (== netstandard1.0)) (&& (== net46) (< net20)) (== net50) (&& (== netstandard1.0) (>= netstandard1.3)) (== netstandard1.6) (== netstandard2.0)
      System.Collections (>= 4.3) - restriction: || (&& (== net45) (>= netstandard1.3)) (== net50) (&& (== netstandard1.0) (>= netstandard1.3)) (== netstandard1.6) (== netstandard2.0)
      System.Diagnostics.Debug (>= 4.3) - restriction: || (&& (== net45) (>= netstandard1.3)) (== net50) (&& (== netstandard1.0) (>= netstandard1.3)) (== netstandard1.6) (== netstandard2.0)
      System.Globalization (>= 4.3) - restriction: || (&& (== net45) (>= netstandard1.3)) (== net50) (&& (== netstandard1.0) (>= netstandard1.3)) (== netstandard1.6) (== netstandard2.0)
      System.IO (>= 4.3) - restriction: || (&& (== net45) (>= netstandard1.3)) (== net50) (&& (== netstandard1.0) (>= netstandard1.3)) (== netstandard1.6) (== netstandard2.0)
      System.Resources.ResourceManager (>= 4.3) - restriction: || (&& (== net45) (>= netstandard1.3)) (== net50) (&& (== netstandard1.0) (>= netstandard1.3)) (== netstandard1.6) (== netstandard2.0)
      System.Runtime (>= 4.3) - restriction: || (&& (== net45) (>= netstandard1.3)) (== net50) (&& (== netstandard1.0) (>= netstandard1.3)) (== netstandard1.6) (== netstandard2.0)
      System.Runtime.Extensions (>= 4.3) - restriction: || (&& (== net45) (>= netstandard1.3)) (== net50) (&& (== netstandard1.0) (>= netstandard1.3)) (== netstandard1.6) (== netstandard2.0)
      System.Text.Encoding (>= 4.3) - restriction: || (&& (== net45) (>= netstandard1.3)) (== net50) (&& (== netstandard1.0) (>= netstandard1.3)) (== netstandard1.6) (== netstandard2.0)
      System.Threading (>= 4.3) - restriction: || (&& (== net45) (>= netstandard1.3)) (== net50) (&& (== netstandard1.0) (>= netstandard1.3)) (== netstandard1.6) (== netstandard2.0)
      System.Xml.ReaderWriter (>= 4.3) - restriction: || (&& (== net45) (>= netstandard1.3)) (== net50) (&& (== netstandard1.0) (>= netstandard1.3)) (== netstandard1.6) (== netstandard2.0)
    xunit (2.4.1)
      xunit.analyzers (>= 0.10)
      xunit.assert (2.4.1)
      xunit.core (2.4.1)
    xunit.abstractions (2.0.3) - restriction: || (== net45) (== net46) (== net50) (&& (== netstandard1.0) (>= netstandard1.1)) (== netstandard1.6) (== netstandard2.0)
      NETStandard.Library (>= 1.6) - restriction: || (&& (== net45) (< net35)) (&& (== net46) (< net35)) (&& (== net50) (< netstandard2.0)) (== netstandard1.0) (== netstandard1.6)
    xunit.analyzers (0.10)
    xunit.assert (2.4.1)
      NETStandard.Library (>= 1.6.1) - restriction: || (== net45) (&& (== net46) (< net452)) (== net50) (&& (== netstandard1.0) (>= netstandard1.1)) (== netstandard1.6) (== netstandard2.0)
    xunit.core (2.4.1)
      xunit.extensibility.core (2.4.1)
      xunit.extensibility.execution (2.4.1)
    xunit.extensibility.core (2.4.1)
      NETStandard.Library (>= 1.6.1) - restriction: || (== net45) (&& (== net46) (< net452)) (== net50) (&& (== netstandard1.0) (>= netstandard1.1)) (== netstandard1.6) (== netstandard2.0)
      xunit.abstractions (>= 2.0.3) - restriction: || (== net45) (== net46) (== net50) (&& (== netstandard1.0) (>= netstandard1.1)) (== netstandard1.6) (== netstandard2.0)
    xunit.extensibility.execution (2.4.1)
      NETStandard.Library (>= 1.6.1) - restriction: || (== net45) (&& (== net46) (< net452)) (== net50) (&& (== netstandard1.0) (>= netstandard1.1)) (== netstandard1.6) (== netstandard2.0)
      xunit.extensibility.core (2.4.1) - restriction: || (== net45) (== net46) (== net50) (&& (== netstandard1.0) (>= netstandard1.1)) (== netstandard1.6) (== netstandard2.0)
    xunit.runner.visualstudio (2.4.3)
